{
  "aor": 0.0003081742738589212,
  "aqi": 0.015130367219917014,
  "bids_meta": {
    "BandwidthPerPixelPhaseEncode": 10.965,
    "DeviceSerialNumber": "40482",
    "EchoTime": 0.03,
    "EffectiveEchoSpacing": 0.000949,
    "FlipAngle": 79,
    "ImageType": [
      "ORIGINAL",
      "PRIMARY",
      "M",
      "MB",
      "ND",
      "MOSAIC"
    ],
    "InstitutionAddress": "Frew_4805_Pittsburgh_PA_District_US_15213",
    "InstitutionName": "SIBR",
    "MagneticFieldStrength": 3,
    "Manufacturer": "Siemens",
    "ManufacturersModelName": "Verio",
    "MultibandAccellerationFactor": 3,
    "PhaseEncodingDirection": "j-",
    "PhaseEncodingLines": 96,
    "RepetitionTime": 2.0,
    "ScanningSequence": "EP",
    "SequenceName": "epfid2d1_96",
    "SequenceVariant": "SK_SS",
    "SliceTiming": [
      0,
      0.09,
      0.1825,
      0.2725,
      0.365,
      0.455,
      0.5475,
      0.6375,
      0.73,
      0.82,
      0.9125,
      1.0025,
      1.095,
      1.185,
      1.2775,
      1.3675,
      1.46,
      1.55,
      1.6425,
      1.7325,
      1.825,
      1.915,
      0,
      0.09,
      0.1825,
      0.2725,
      0.365,
      0.455,
      0.5475,
      0.6375,
      0.73,
      0.82,
      0.9125,
      1.0025,
      1.095,
      1.185,
      1.2775,
      1.3675,
      1.46,
      1.55,
      1.6425,
      1.7325,
      1.825,
      1.915,
      0,
      0.09,
      0.1825,
      0.2725,
      0.365,
      0.455,
      0.5475,
      0.6375,
      0.73,
      0.82,
      0.9125,
      1.0025,
      1.095,
      1.185,
      1.2775,
      1.3675,
      1.46,
      1.55,
      1.6425,
      1.7325,
      1.825,
      1.915
    ],
    "SoftwareVersions": "syngo_MR_B17",
    "TaskName": "cuedMFM",
    "TotalReadoutTime": 0.03039,
    "dataset": "ds001597",
    "modality": "bold",
    "run_id": 2,
    "session_id": "pre",
    "subject_id": "07",
    "task_id": "cuedMFM"
  },
  "dummy_trs": 0,
  "dvars_nstd": 31.616985257458325,
  "dvars_std": 1.1151268282916673,
  "dvars_vstd": 0.9615879949583334,
  "efc": 0.5844627351581378,
  "fber": 2735.166015625,
  "fd_mean": 0.13490103544198673,
  "fd_num": 35,
  "fd_perc": 14.522821576763485,
  "fwhm_avg": 2.0530683333333335,
  "fwhm_x": 1.90736,
  "fwhm_y": 2.24818,
  "fwhm_z": 2.003665,
  "gcor": 0.0121364,
  "gsr_x": -0.012337652035057545,
  "gsr_y": 0.05841831490397453,
  "provenance": {
    "md5sum": "e493fe505ed89b10a846e2f6b21bea5b",
    "settings": {
      "fd_thres": 0.2,
      "testing": false
    },
    "software": "mriqc",
    "version": "22.0.6",
    "webapi_port": null,
    "webapi_url": "https://mriqc.nimh.nih.gov/api/v1"
  },
  "size_t": 241,
  "size_x": 96,
  "size_y": 96,
  "size_z": 66,
  "snr": 5.334102809395176,
  "spacing_tr": 2.0,
  "spacing_x": 2.0,
  "spacing_y": 2.0,
  "spacing_z": 2.0,
  "summary_bg_k": 10.29030750885938,
  "summary_bg_mad": 7.948241188296819,
  "summary_bg_mean": 35.314788818359375,
  "summary_bg_median": 10.590215682983398,
  "summary_bg_n": 357003.0,
  "summary_bg_p05": 4.319346952438354,
  "summary_bg_p95": 151.31468963623038,
  "summary_bg_stdv": 54.68501281738281,
  "summary_fg_k": 3.1089865451455925,
  "summary_fg_mad": 88.13001944436368,
  "summary_fg_mean": 575.896240234375,
  "summary_fg_median": 571.3741455078125,
  "summary_fg_n": 161958.0,
  "summary_fg_p05": 417.02748718261716,
  "summary_fg_p95": 746.2956085205078,
  "summary_fg_stdv": 107.11686706542969,
  "tsnr": 45.8689079284668
}