{
  "aor": 0.0007942323651452284,
  "aqi": 0.012689638298755187,
  "bids_meta": {
    "BandwidthPerPixelPhaseEncode": 10.965,
    "DeviceSerialNumber": "40482",
    "EchoTime": 0.03,
    "EffectiveEchoSpacing": 0.000949,
    "FlipAngle": 79,
    "ImageType": [
      "ORIGINAL",
      "PRIMARY",
      "M",
      "MB",
      "ND",
      "MOSAIC"
    ],
    "InstitutionAddress": "Frew_4805_Pittsburgh_PA_District_US_15213",
    "InstitutionName": "SIBR",
    "MagneticFieldStrength": 3,
    "Manufacturer": "Siemens",
    "ManufacturersModelName": "Verio",
    "MultibandAccellerationFactor": 3,
    "PhaseEncodingDirection": "j-",
    "PhaseEncodingLines": 96,
    "RepetitionTime": 2.0,
    "ScanningSequence": "EP",
    "SequenceName": "epfid2d1_96",
    "SequenceVariant": "SK_SS",
    "SliceTiming": [
      0,
      0.09,
      0.1825,
      0.2725,
      0.365,
      0.455,
      0.5475,
      0.6375,
      0.73,
      0.82,
      0.9125,
      1.0025,
      1.095,
      1.185,
      1.2775,
      1.3675,
      1.46,
      1.55,
      1.6425,
      1.7325,
      1.825,
      1.915,
      0,
      0.09,
      0.1825,
      0.2725,
      0.365,
      0.455,
      0.5475,
      0.6375,
      0.73,
      0.82,
      0.9125,
      1.0025,
      1.095,
      1.185,
      1.2775,
      1.3675,
      1.46,
      1.55,
      1.6425,
      1.7325,
      1.825,
      1.915,
      0,
      0.09,
      0.1825,
      0.2725,
      0.365,
      0.455,
      0.5475,
      0.6375,
      0.73,
      0.82,
      0.9125,
      1.0025,
      1.095,
      1.185,
      1.2775,
      1.3675,
      1.46,
      1.55,
      1.6425,
      1.7325,
      1.825,
      1.915
    ],
    "SoftwareVersions": "syngo_MR_B17",
    "TaskName": "cuedMFM",
    "TotalReadoutTime": 0.03039,
    "dataset": "ds001597",
    "modality": "bold",
    "run_id": 1,
    "session_id": "pre",
    "subject_id": "13",
    "task_id": "cuedMFM"
  },
  "dummy_trs": 0,
  "dvars_nstd": 33.68136562491667,
  "dvars_std": 1.194252421416667,
  "dvars_vstd": 1.00113086925,
  "efc": 0.6058731322053861,
  "fber": 1128.262939453125,
  "fd_mean": 0.14175450632105174,
  "fd_num": 35,
  "fd_perc": 14.522821576763485,
  "fwhm_avg": 2.0377949999999996,
  "fwhm_x": 1.941335,
  "fwhm_y": 2.21507,
  "fwhm_z": 1.95698,
  "gcor": 0.0100222,
  "gsr_x": -0.003220398910343647,
  "gsr_y": 0.04456096142530441,
  "provenance": {
    "md5sum": "e2ba30db0d7dd2917016f4ed706ed8d8",
    "settings": {
      "fd_thres": 0.2,
      "testing": false
    },
    "software": "mriqc",
    "version": "22.0.6",
    "webapi_port": null,
    "webapi_url": "https://mriqc.nimh.nih.gov/api/v1"
  },
  "size_t": 241,
  "size_x": 96,
  "size_y": 96,
  "size_z": 66,
  "snr": 6.086556861514708,
  "spacing_tr": 2.0,
  "spacing_x": 2.0,
  "spacing_y": 2.0,
  "spacing_z": 2.0,
  "summary_bg_k": 9.970915351851442,
  "summary_bg_mad": 14.41043337544361,
  "summary_bg_mean": 40.27751541137695,
  "summary_bg_median": 14.991256713867188,
  "summary_bg_n": 350322.0,
  "summary_bg_p05": 4.304259538650513,
  "summary_bg_p95": 168.60823974609383,
  "summary_bg_stdv": 59.75796890258789,
  "summary_fg_k": 3.5332477144682803,
  "summary_fg_mad": 73.36170780403741,
  "summary_fg_mean": 537.6978149414062,
  "summary_fg_median": 536.4786376953125,
  "summary_fg_n": 165031.0,
  "summary_fg_p05": 407.1427764892578,
  "summary_fg_p95": 672.8219604492188,
  "summary_fg_stdv": 88.14129638671875,
  "tsnr": 53.65448760986328
}