{
  "aor": 0.0013619087136929459,
  "aqi": 0.013134049336099586,
  "bids_meta": {
    "BandwidthPerPixelPhaseEncode": 10.965,
    "DeviceSerialNumber": "40482",
    "EchoTime": 0.03,
    "EffectiveEchoSpacing": 0.000949,
    "FlipAngle": 79,
    "ImageType": [
      "ORIGINAL",
      "PRIMARY",
      "M",
      "MB",
      "ND",
      "MOSAIC"
    ],
    "InstitutionAddress": "Frew_4805_Pittsburgh_PA_District_US_15213",
    "InstitutionName": "SIBR",
    "MagneticFieldStrength": 3,
    "Manufacturer": "Siemens",
    "ManufacturersModelName": "Verio",
    "MultibandAccellerationFactor": 3,
    "PhaseEncodingDirection": "j-",
    "PhaseEncodingLines": 96,
    "RepetitionTime": 2.0,
    "ScanningSequence": "EP",
    "SequenceName": "epfid2d1_96",
    "SequenceVariant": "SK_SS",
    "SliceTiming": [
      0,
      0.09,
      0.1825,
      0.2725,
      0.365,
      0.455,
      0.5475,
      0.6375,
      0.73,
      0.82,
      0.9125,
      1.0025,
      1.095,
      1.185,
      1.2775,
      1.3675,
      1.46,
      1.55,
      1.6425,
      1.7325,
      1.825,
      1.915,
      0,
      0.09,
      0.1825,
      0.2725,
      0.365,
      0.455,
      0.5475,
      0.6375,
      0.73,
      0.82,
      0.9125,
      1.0025,
      1.095,
      1.185,
      1.2775,
      1.3675,
      1.46,
      1.55,
      1.6425,
      1.7325,
      1.825,
      1.915,
      0,
      0.09,
      0.1825,
      0.2725,
      0.365,
      0.455,
      0.5475,
      0.6375,
      0.73,
      0.82,
      0.9125,
      1.0025,
      1.095,
      1.185,
      1.2775,
      1.3675,
      1.46,
      1.55,
      1.6425,
      1.7325,
      1.825,
      1.915
    ],
    "SoftwareVersions": "syngo_MR_B17",
    "TaskName": "cuedMFM",
    "TotalReadoutTime": 0.03039,
    "dataset": "ds001597",
    "modality": "bold",
    "run_id": 5,
    "session_id": "pre",
    "subject_id": "20",
    "task_id": "cuedMFM"
  },
  "dummy_trs": 0,
  "dvars_nstd": 36.362811072875,
  "dvars_std": 1.329370181375,
  "dvars_vstd": 0.9858814628333334,
  "efc": 0.5762440041933604,
  "fber": 2928.30029296875,
  "fd_mean": 0.09699468013264884,
  "fd_num": 27,
  "fd_perc": 11.203319502074688,
  "fwhm_avg": 2.0232650000000003,
  "fwhm_x": 1.90655,
  "fwhm_y": 2.16035,
  "fwhm_z": 2.002895,
  "gcor": 0.0113717,
  "gsr_x": -0.014401049353182316,
  "gsr_y": 0.039116159081459045,
  "provenance": {
    "md5sum": "be7d6e6574c0dee9a7e40dda881b6da4",
    "settings": {
      "fd_thres": 0.2,
      "testing": false
    },
    "software": "mriqc",
    "version": "22.0.6",
    "webapi_port": null,
    "webapi_url": "https://mriqc.nimh.nih.gov/api/v1"
  },
  "size_t": 241,
  "size_x": 96,
  "size_y": 96,
  "size_z": 66,
  "snr": 5.750802718739564,
  "spacing_tr": 2.0,
  "spacing_x": 2.0,
  "spacing_y": 2.0,
  "spacing_z": 2.0,
  "summary_bg_k": 20.084121925691658,
  "summary_bg_mad": 8.62839380717332,
  "summary_bg_mean": 31.70750617980957,
  "summary_bg_median": 11.057048797607422,
  "summary_bg_n": 354801.0,
  "summary_bg_p05": 3.95866322517395,
  "summary_bg_p95": 125.43973541259766,
  "summary_bg_stdv": 53.118106842041016,
  "summary_fg_k": 3.00644627970732,
  "summary_fg_mad": 90.16020446772355,
  "summary_fg_mean": 624.7067260742188,
  "summary_fg_median": 620.9420166015625,
  "summary_fg_n": 162565.0,
  "summary_fg_p05": 466.0735778808594,
  "summary_fg_p95": 797.1363891601561,
  "summary_fg_stdv": 107.9745101928711,
  "tsnr": 53.21455001831055
}