{
  "aor": 0.0014525311203319503,
  "aqi": 0.011493246514522824,
  "bids_meta": {
    "BandwidthPerPixelPhaseEncode": 10.965,
    "DeviceSerialNumber": "40482",
    "EchoTime": 0.03,
    "EffectiveEchoSpacing": 0.000949,
    "FlipAngle": 79,
    "ImageType": [
      "ORIGINAL",
      "PRIMARY",
      "M",
      "MB",
      "ND",
      "MOSAIC"
    ],
    "InstitutionAddress": "Frew_4805_Pittsburgh_PA_District_US_15213",
    "InstitutionName": "SIBR",
    "MagneticFieldStrength": 3,
    "Manufacturer": "Siemens",
    "ManufacturersModelName": "Verio",
    "MultibandAccellerationFactor": 3,
    "PhaseEncodingDirection": "j-",
    "PhaseEncodingLines": 96,
    "RepetitionTime": 2.0,
    "ScanningSequence": "EP",
    "SequenceName": "epfid2d1_96",
    "SequenceVariant": "SK_SS",
    "SliceTiming": [
      0,
      0.09,
      0.1825,
      0.2725,
      0.365,
      0.455,
      0.5475,
      0.6375,
      0.73,
      0.82,
      0.9125,
      1.0025,
      1.095,
      1.185,
      1.2775,
      1.3675,
      1.46,
      1.55,
      1.6425,
      1.7325,
      1.825,
      1.915,
      0,
      0.09,
      0.1825,
      0.2725,
      0.365,
      0.455,
      0.5475,
      0.6375,
      0.73,
      0.82,
      0.9125,
      1.0025,
      1.095,
      1.185,
      1.2775,
      1.3675,
      1.46,
      1.55,
      1.6425,
      1.7325,
      1.825,
      1.915,
      0,
      0.09,
      0.1825,
      0.2725,
      0.365,
      0.455,
      0.5475,
      0.6375,
      0.73,
      0.82,
      0.9125,
      1.0025,
      1.095,
      1.185,
      1.2775,
      1.3675,
      1.46,
      1.55,
      1.6425,
      1.7325,
      1.825,
      1.915
    ],
    "SoftwareVersions": "syngo_MR_B17",
    "TaskName": "cuedMFM",
    "TotalReadoutTime": 0.03039,
    "dataset": "ds001597",
    "modality": "bold",
    "run_id": 3,
    "session_id": "pre",
    "subject_id": "20",
    "task_id": "cuedMFM"
  },
  "dummy_trs": 0,
  "dvars_nstd": 39.6886556068333,
  "dvars_std": 1.3818679165833336,
  "dvars_vstd": 1.0067408120000003,
  "efc": 0.5725247857504212,
  "fber": 3000.951416015625,
  "fd_mean": 0.19576782257800737,
  "fd_num": 96,
  "fd_perc": 39.83402489626556,
  "fwhm_avg": 2.0039866666666666,
  "fwhm_x": 1.905595,
  "fwhm_y": 2.113455,
  "fwhm_z": 1.99291,
  "gcor": 0.0290156,
  "gsr_x": -0.01197852287441492,
  "gsr_y": 0.04045702889561653,
  "provenance": {
    "md5sum": "6ae650470a0c186910eaa912ed65b260",
    "settings": {
      "fd_thres": 0.2,
      "testing": false
    },
    "software": "mriqc",
    "version": "22.0.6",
    "webapi_port": null,
    "webapi_url": "https://mriqc.nimh.nih.gov/api/v1"
  },
  "size_t": 241,
  "size_x": 96,
  "size_y": 96,
  "size_z": 66,
  "snr": 5.748804562739466,
  "spacing_tr": 2.0,
  "spacing_x": 2.0,
  "spacing_y": 2.0,
  "spacing_z": 2.0,
  "summary_bg_k": 18.293067671946964,
  "summary_bg_mad": 8.287847722928952,
  "summary_bg_mean": 30.883623123168945,
  "summary_bg_median": 10.588607788085938,
  "summary_bg_n": 358535.0,
  "summary_bg_p05": 3.7910411596298217,
  "summary_bg_p95": 125.44900588989239,
  "summary_bg_stdv": 50.844146728515625,
  "summary_fg_k": 3.2623456209871833,
  "summary_fg_mad": 86.41469736163435,
  "summary_fg_mean": 605.01220703125,
  "summary_fg_median": 602.049560546875,
  "summary_fg_n": 159386.0,
  "summary_fg_p05": 451.53433990478516,
  "summary_fg_p95": 769.5054626464844,
  "summary_fg_stdv": 104.72571563720703,
  "tsnr": 55.35957717895508
}