{
  "aor": 0.0009802904564315353,
  "aqi": 0.01095821755186722,
  "bids_meta": {
    "BandwidthPerPixelPhaseEncode": 10.965,
    "DeviceSerialNumber": "40482",
    "EchoTime": 0.03,
    "EffectiveEchoSpacing": 0.000949,
    "FlipAngle": 79,
    "ImageType": [
      "ORIGINAL",
      "PRIMARY",
      "M",
      "MB",
      "ND",
      "MOSAIC"
    ],
    "InstitutionAddress": "Frew_4805_Pittsburgh_PA_District_US_15213",
    "InstitutionName": "SIBR",
    "MagneticFieldStrength": 3,
    "Manufacturer": "Siemens",
    "ManufacturersModelName": "Verio",
    "MultibandAccellerationFactor": 3,
    "PhaseEncodingDirection": "j-",
    "PhaseEncodingLines": 96,
    "RepetitionTime": 2.0,
    "ScanningSequence": "EP",
    "SequenceName": "epfid2d1_96",
    "SequenceVariant": "SK_SS",
    "SliceTiming": [
      0,
      0.09,
      0.1825,
      0.2725,
      0.365,
      0.455,
      0.5475,
      0.6375,
      0.73,
      0.82,
      0.9125,
      1.0025,
      1.095,
      1.185,
      1.2775,
      1.3675,
      1.46,
      1.55,
      1.6425,
      1.7325,
      1.825,
      1.915,
      0,
      0.09,
      0.1825,
      0.2725,
      0.365,
      0.455,
      0.5475,
      0.6375,
      0.73,
      0.82,
      0.9125,
      1.0025,
      1.095,
      1.185,
      1.2775,
      1.3675,
      1.46,
      1.55,
      1.6425,
      1.7325,
      1.825,
      1.915,
      0,
      0.09,
      0.1825,
      0.2725,
      0.365,
      0.455,
      0.5475,
      0.6375,
      0.73,
      0.82,
      0.9125,
      1.0025,
      1.095,
      1.185,
      1.2775,
      1.3675,
      1.46,
      1.55,
      1.6425,
      1.7325,
      1.825,
      1.915
    ],
    "SoftwareVersions": "syngo_MR_B17",
    "TaskName": "cuedMFM",
    "TotalReadoutTime": 0.03039,
    "dataset": "ds001597",
    "modality": "bold",
    "run_id": 2,
    "session_id": "pre",
    "subject_id": "20",
    "task_id": "cuedMFM"
  },
  "dummy_trs": 0,
  "dvars_nstd": 37.568916392249996,
  "dvars_std": 1.3618550705416672,
  "dvars_vstd": 0.9966058864583329,
  "efc": 0.5719525982976614,
  "fber": 2925.391357421875,
  "fd_mean": 0.13894192810491512,
  "fd_num": 46,
  "fd_perc": 19.08713692946058,
  "fwhm_avg": 2.00268,
  "fwhm_x": 1.911925,
  "fwhm_y": 2.11014,
  "fwhm_z": 1.985975,
  "gcor": 0.0300413,
  "gsr_x": -0.012188062071800232,
  "gsr_y": 0.03984173387289047,
  "provenance": {
    "md5sum": "b432fdcf8e173789b2c48c6df613dd1f",
    "settings": {
      "fd_thres": 0.2,
      "testing": false
    },
    "software": "mriqc",
    "version": "22.0.6",
    "webapi_port": null,
    "webapi_url": "https://mriqc.nimh.nih.gov/api/v1"
  },
  "size_t": 241,
  "size_x": 96,
  "size_y": 96,
  "size_z": 66,
  "snr": 5.714296848502595,
  "spacing_tr": 2.0,
  "spacing_x": 2.0,
  "spacing_y": 2.0,
  "spacing_z": 2.0,
  "summary_bg_k": 18.427079590169864,
  "summary_bg_mad": 8.480631072954157,
  "summary_bg_mean": 31.090909957885742,
  "summary_bg_median": 10.745952606201172,
  "summary_bg_n": 359126.0,
  "summary_bg_p05": 3.8438047766685486,
  "summary_bg_p95": 125.80520248413086,
  "summary_bg_stdv": 50.999488830566406,
  "summary_fg_k": 3.2303134239237856,
  "summary_fg_mad": 87.12486961571345,
  "summary_fg_mean": 607.107177734375,
  "summary_fg_median": 604.074951171875,
  "summary_fg_n": 158893.0,
  "summary_fg_p05": 452.8500183105469,
  "summary_fg_p95": 772.6274658203125,
  "summary_fg_stdv": 105.71257781982422,
  "tsnr": 56.6860237121582
}