{
  "aor": 0.0011723651452282158,
  "aqi": 0.01296192958506224,
  "bids_meta": {
    "BandwidthPerPixelPhaseEncode": 10.965,
    "DeviceSerialNumber": "40482",
    "EchoTime": 0.03,
    "EffectiveEchoSpacing": 0.000949,
    "FlipAngle": 79,
    "ImageType": [
      "ORIGINAL",
      "PRIMARY",
      "M",
      "MB",
      "ND",
      "MOSAIC"
    ],
    "InstitutionAddress": "Frew_4805_Pittsburgh_PA_District_US_15213",
    "InstitutionName": "SIBR",
    "MagneticFieldStrength": 3,
    "Manufacturer": "Siemens",
    "ManufacturersModelName": "Verio",
    "MultibandAccellerationFactor": 3,
    "PhaseEncodingDirection": "j-",
    "PhaseEncodingLines": 96,
    "RepetitionTime": 2.0,
    "ScanningSequence": "EP",
    "SequenceName": "epfid2d1_96",
    "SequenceVariant": "SK_SS",
    "SliceTiming": [
      0,
      0.09,
      0.1825,
      0.2725,
      0.365,
      0.455,
      0.5475,
      0.6375,
      0.73,
      0.82,
      0.9125,
      1.0025,
      1.095,
      1.185,
      1.2775,
      1.3675,
      1.46,
      1.55,
      1.6425,
      1.7325,
      1.825,
      1.915,
      0,
      0.09,
      0.1825,
      0.2725,
      0.365,
      0.455,
      0.5475,
      0.6375,
      0.73,
      0.82,
      0.9125,
      1.0025,
      1.095,
      1.185,
      1.2775,
      1.3675,
      1.46,
      1.55,
      1.6425,
      1.7325,
      1.825,
      1.915,
      0,
      0.09,
      0.1825,
      0.2725,
      0.365,
      0.455,
      0.5475,
      0.6375,
      0.73,
      0.82,
      0.9125,
      1.0025,
      1.095,
      1.185,
      1.2775,
      1.3675,
      1.46,
      1.55,
      1.6425,
      1.7325,
      1.825,
      1.915
    ],
    "SoftwareVersions": "syngo_MR_B17",
    "TaskName": "cuedMFM",
    "TotalReadoutTime": 0.03039,
    "dataset": "ds001597",
    "modality": "bold",
    "run_id": 1,
    "session_id": "pre",
    "subject_id": "01",
    "task_id": "cuedMFM"
  },
  "dummy_trs": 0,
  "dvars_nstd": 36.77392313504163,
  "dvars_std": 1.393487254958334,
  "dvars_vstd": 1.007155804458333,
  "efc": 0.5231590923236171,
  "fber": 3525.716064453125,
  "fd_mean": 0.12797867732702062,
  "fd_num": 27,
  "fd_perc": 11.203319502074688,
  "fwhm_avg": 2.0170483333333333,
  "fwhm_x": 1.92513,
  "fwhm_y": 2.14331,
  "fwhm_z": 1.982705,
  "gcor": 0.00938048,
  "gsr_x": -0.015503620728850365,
  "gsr_y": 0.04293696582317352,
  "provenance": {
    "md5sum": "6419e84750793e835da5e5bb5a0f386c",
    "settings": {
      "fd_thres": 0.2,
      "testing": false
    },
    "software": "mriqc",
    "version": "22.0.6",
    "webapi_port": null,
    "webapi_url": "https://mriqc.nimh.nih.gov/api/v1"
  },
  "size_t": 241,
  "size_x": 96,
  "size_y": 96,
  "size_z": 66,
  "snr": 5.70422431159803,
  "spacing_tr": 2.0,
  "spacing_x": 2.0,
  "spacing_y": 2.0,
  "spacing_z": 2.0,
  "summary_bg_k": 28.598055391956127,
  "summary_bg_mad": 6.2274472364939735,
  "summary_bg_mean": 28.26060676574707,
  "summary_bg_median": 9.049538612365723,
  "summary_bg_n": 398603.0,
  "summary_bg_p05": 4.017530012130737,
  "summary_bg_p95": 119.144632720947,
  "summary_bg_stdv": 50.35059356689453,
  "summary_fg_k": 3.0043030459225966,
  "summary_fg_mad": 81.81640440915862,
  "summary_fg_mean": 555.4915161132812,
  "summary_fg_median": 550.9727172851562,
  "summary_fg_n": 123307.0,
  "summary_fg_p05": 415.3777282714844,
  "summary_fg_p95": 709.3418334960937,
  "summary_fg_stdv": 96.58990478515625,
  "tsnr": 56.25958251953125
}