{
  "aor": 0.0021565145228215764,
  "aqi": 0.013414000331950206,
  "bids_meta": {
    "BandwidthPerPixelPhaseEncode": 10.965,
    "DeviceSerialNumber": "40482",
    "EchoTime": 0.03,
    "EffectiveEchoSpacing": 0.000949,
    "FlipAngle": 79,
    "ImageType": [
      "ORIGINAL",
      "PRIMARY",
      "M",
      "MB",
      "ND",
      "MOSAIC"
    ],
    "InstitutionAddress": "Frew_4805_Pittsburgh_PA_District_US_15213",
    "InstitutionName": "SIBR",
    "MagneticFieldStrength": 3,
    "Manufacturer": "Siemens",
    "ManufacturersModelName": "Verio",
    "MultibandAccellerationFactor": 3,
    "PhaseEncodingDirection": "j-",
    "PhaseEncodingLines": 96,
    "RepetitionTime": 2.0,
    "ScanningSequence": "EP",
    "SequenceName": "epfid2d1_96",
    "SequenceVariant": "SK_SS",
    "SliceTiming": [
      0,
      0.09,
      0.1825,
      0.2725,
      0.365,
      0.455,
      0.5475,
      0.6375,
      0.73,
      0.82,
      0.9125,
      1.0025,
      1.095,
      1.185,
      1.2775,
      1.3675,
      1.46,
      1.55,
      1.6425,
      1.7325,
      1.825,
      1.915,
      0,
      0.09,
      0.1825,
      0.2725,
      0.365,
      0.455,
      0.5475,
      0.6375,
      0.73,
      0.82,
      0.9125,
      1.0025,
      1.095,
      1.185,
      1.2775,
      1.3675,
      1.46,
      1.55,
      1.6425,
      1.7325,
      1.825,
      1.915,
      0,
      0.09,
      0.1825,
      0.2725,
      0.365,
      0.455,
      0.5475,
      0.6375,
      0.73,
      0.82,
      0.9125,
      1.0025,
      1.095,
      1.185,
      1.2775,
      1.3675,
      1.46,
      1.55,
      1.6425,
      1.7325,
      1.825,
      1.915
    ],
    "SoftwareVersions": "syngo_MR_B17",
    "TaskName": "cuedMFM",
    "TotalReadoutTime": 0.03039,
    "dataset": "ds001597",
    "modality": "bold",
    "run_id": 5,
    "session_id": "pre",
    "subject_id": "08",
    "task_id": "cuedMFM"
  },
  "dummy_trs": 0,
  "dvars_nstd": 38.697741858208325,
  "dvars_std": 1.2737443477500012,
  "dvars_vstd": 1.022628590958334,
  "efc": 0.5418731288629082,
  "fber": 3543.65380859375,
  "fd_mean": 0.25098849214702845,
  "fd_num": 141,
  "fd_perc": 58.50622406639004,
  "fwhm_avg": 2.0907966666666664,
  "fwhm_x": 2.0,
  "fwhm_y": 2.240535,
  "fwhm_z": 2.031855,
  "gcor": 0.0217245,
  "gsr_x": -0.012266273610293865,
  "gsr_y": 0.03791378438472748,
  "provenance": {
    "md5sum": "adb2ca4a5bf9d15caab209dbea21ad49",
    "settings": {
      "fd_thres": 0.2,
      "testing": false
    },
    "software": "mriqc",
    "version": "22.0.6",
    "webapi_port": null,
    "webapi_url": "https://mriqc.nimh.nih.gov/api/v1"
  },
  "size_t": 241,
  "size_x": 96,
  "size_y": 96,
  "size_z": 66,
  "snr": 5.744121669092763,
  "spacing_tr": 2.0,
  "spacing_x": 2.0,
  "spacing_y": 2.0,
  "spacing_z": 2.0,
  "summary_bg_k": 27.173937117907133,
  "summary_bg_mad": 6.2097163305123235,
  "summary_bg_mean": 27.9188289642334,
  "summary_bg_median": 9.121700286865234,
  "summary_bg_n": 383576.0,
  "summary_bg_p05": 3.972196340560913,
  "summary_bg_p95": 116.38679313659668,
  "summary_bg_stdv": 49.165321350097656,
  "summary_fg_k": 3.73108215118529,
  "summary_fg_mad": 75.86282987547207,
  "summary_fg_mean": 557.7557373046875,
  "summary_fg_median": 557.5151977539062,
  "summary_fg_n": 137632.0,
  "summary_fg_p05": 410.4616073608398,
  "summary_fg_p95": 705.535025024414,
  "summary_fg_stdv": 97.05803680419922,
  "tsnr": 50.05894470214844
}