{
  "aor": 0.0012052301255230124,
  "aqi": 0.008663200878661088,
  "bids_meta": {
    "BandwidthPerPixelPhaseEncode": 10.965,
    "DeviceSerialNumber": "40482",
    "EchoTime": 0.03,
    "EffectiveEchoSpacing": 0.000949,
    "FlipAngle": 79,
    "ImageType": [
      "ORIGINAL",
      "PRIMARY",
      "M",
      "MB",
      "ND",
      "MOSAIC"
    ],
    "InstitutionAddress": "Frew_4805_Pittsburgh_PA_District_US_15213",
    "InstitutionName": "SIBR",
    "MagneticFieldStrength": 3,
    "Manufacturer": "Siemens",
    "ManufacturersModelName": "Verio",
    "MultibandAccellerationFactor": 3,
    "PhaseEncodingDirection": "j-",
    "PhaseEncodingLines": 96,
    "RepetitionTime": 2.0,
    "ScanningSequence": "EP",
    "SequenceName": "epfid2d1_96",
    "SequenceVariant": "SK_SS",
    "SliceTiming": [
      0,
      0.09,
      0.1825,
      0.2725,
      0.365,
      0.455,
      0.5475,
      0.6375,
      0.73,
      0.82,
      0.9125,
      1.0025,
      1.095,
      1.185,
      1.2775,
      1.3675,
      1.46,
      1.55,
      1.6425,
      1.7325,
      1.825,
      1.915,
      0,
      0.09,
      0.1825,
      0.2725,
      0.365,
      0.455,
      0.5475,
      0.6375,
      0.73,
      0.82,
      0.9125,
      1.0025,
      1.095,
      1.185,
      1.2775,
      1.3675,
      1.46,
      1.55,
      1.6425,
      1.7325,
      1.825,
      1.915,
      0,
      0.09,
      0.1825,
      0.2725,
      0.365,
      0.455,
      0.5475,
      0.6375,
      0.73,
      0.82,
      0.9125,
      1.0025,
      1.095,
      1.185,
      1.2775,
      1.3675,
      1.46,
      1.55,
      1.6425,
      1.7325,
      1.825,
      1.915
    ],
    "SoftwareVersions": "syngo_MR_B17",
    "TaskName": "cuedMFM",
    "TotalReadoutTime": 0.03039,
    "dataset": "ds001597",
    "modality": "bold",
    "run_id": 7,
    "session_id": "pre",
    "subject_id": "17",
    "task_id": "cuedMFM"
  },
  "dummy_trs": 2,
  "dvars_nstd": 33.75767420100844,
  "dvars_std": 1.257005175252101,
  "dvars_vstd": 1.0032432909243696,
  "efc": 0.5829880315284526,
  "fber": 2371.894775390625,
  "fd_mean": 0.11306489136916271,
  "fd_num": 16,
  "fd_perc": 6.694560669456067,
  "fwhm_avg": 2.2671033333333335,
  "fwhm_x": 2.12573,
  "fwhm_y": 2.44916,
  "fwhm_z": 2.22642,
  "gcor": 0.0242403,
  "gsr_x": -0.011516885831952095,
  "gsr_y": 0.055319152772426605,
  "provenance": {
    "md5sum": "4b4a3a7d45d9cb3db50f306394763d20",
    "settings": {
      "fd_thres": 0.2,
      "testing": false
    },
    "software": "mriqc",
    "version": "22.0.6",
    "webapi_port": null,
    "webapi_url": "https://mriqc.nimh.nih.gov/api/v1"
  },
  "size_t": 239,
  "size_x": 96,
  "size_y": 96,
  "size_z": 66,
  "snr": 4.782841160943903,
  "spacing_tr": 2.0,
  "spacing_x": 2.0,
  "spacing_y": 2.0,
  "spacing_z": 2.0,
  "summary_bg_k": 10.643134551578086,
  "summary_bg_mad": 10.712422305000363,
  "summary_bg_mean": 41.22678756713867,
  "summary_bg_median": 13.278732299804688,
  "summary_bg_n": 355820.0,
  "summary_bg_p05": 4.7215426683425905,
  "summary_bg_p95": 178.17069549560532,
  "summary_bg_stdv": 63.06255340576172,
  "summary_fg_k": 2.0129456718136973,
  "summary_fg_mad": 119.80292827945507,
  "summary_fg_mean": 675.984619140625,
  "summary_fg_median": 674.3595581054688,
  "summary_fg_n": 161393.0,
  "summary_fg_p05": 447.4022644042969,
  "summary_fg_p95": 897.7709350585938,
  "summary_fg_stdv": 140.9951629638672,
  "tsnr": 49.95015335083008
}