{
  "aor": 0.0006545643153526971,
  "aqi": 0.016260204730290453,
  "bids_meta": {
    "BandwidthPerPixelPhaseEncode": 10.965,
    "DeviceSerialNumber": "40482",
    "EchoTime": 0.03,
    "EffectiveEchoSpacing": 0.000949,
    "FlipAngle": 79,
    "ImageType": [
      "ORIGINAL",
      "PRIMARY",
      "M",
      "MB",
      "ND",
      "MOSAIC"
    ],
    "InstitutionAddress": "Frew_4805_Pittsburgh_PA_District_US_15213",
    "InstitutionName": "SIBR",
    "MagneticFieldStrength": 3,
    "Manufacturer": "Siemens",
    "ManufacturersModelName": "Verio",
    "MultibandAccellerationFactor": 3,
    "PhaseEncodingDirection": "j-",
    "PhaseEncodingLines": 96,
    "RepetitionTime": 2.0,
    "ScanningSequence": "EP",
    "SequenceName": "epfid2d1_96",
    "SequenceVariant": "SK_SS",
    "SliceTiming": [
      0,
      0.09,
      0.1825,
      0.2725,
      0.365,
      0.455,
      0.5475,
      0.6375,
      0.73,
      0.82,
      0.9125,
      1.0025,
      1.095,
      1.185,
      1.2775,
      1.3675,
      1.46,
      1.55,
      1.6425,
      1.7325,
      1.825,
      1.915,
      0,
      0.09,
      0.1825,
      0.2725,
      0.365,
      0.455,
      0.5475,
      0.6375,
      0.73,
      0.82,
      0.9125,
      1.0025,
      1.095,
      1.185,
      1.2775,
      1.3675,
      1.46,
      1.55,
      1.6425,
      1.7325,
      1.825,
      1.915,
      0,
      0.09,
      0.1825,
      0.2725,
      0.365,
      0.455,
      0.5475,
      0.6375,
      0.73,
      0.82,
      0.9125,
      1.0025,
      1.095,
      1.185,
      1.2775,
      1.3675,
      1.46,
      1.55,
      1.6425,
      1.7325,
      1.825,
      1.915
    ],
    "SoftwareVersions": "syngo_MR_B17",
    "TaskName": "cuedMFM",
    "TotalReadoutTime": 0.03039,
    "dataset": "ds001597",
    "modality": "bold",
    "run_id": 3,
    "session_id": "pre",
    "subject_id": "17",
    "task_id": "cuedMFM"
  },
  "dummy_trs": 0,
  "dvars_nstd": 29.887641795750003,
  "dvars_std": 1.0926013197083333,
  "dvars_vstd": 0.9652167463333343,
  "efc": 0.5859599088504603,
  "fber": 2656.591064453125,
  "fd_mean": 0.12879518066480705,
  "fd_num": 28,
  "fd_perc": 11.618257261410788,
  "fwhm_avg": 2.064035,
  "fwhm_x": 1.923365,
  "fwhm_y": 2.263105,
  "fwhm_z": 2.005635,
  "gcor": 0.0105711,
  "gsr_x": -0.01168987900018692,
  "gsr_y": 0.058272834867239,
  "provenance": {
    "md5sum": "f6ab413ca1d1e714247742e569def2ae",
    "settings": {
      "fd_thres": 0.2,
      "testing": false
    },
    "software": "mriqc",
    "version": "22.0.6",
    "webapi_port": null,
    "webapi_url": "https://mriqc.nimh.nih.gov/api/v1"
  },
  "size_t": 241,
  "size_x": 96,
  "size_y": 96,
  "size_z": 66,
  "snr": 5.311779944272448,
  "spacing_tr": 2.0,
  "spacing_x": 2.0,
  "spacing_y": 2.0,
  "spacing_z": 2.0,
  "summary_bg_k": 9.930907222807313,
  "summary_bg_mad": 8.15528427154516,
  "summary_bg_mean": 35.8148307800293,
  "summary_bg_median": 10.719526290893555,
  "summary_bg_n": 356547.0,
  "summary_bg_p05": 4.295151996612549,
  "summary_bg_p95": 153.20886840820324,
  "summary_bg_stdv": 55.15107345581055,
  "summary_fg_k": 3.10739388706184,
  "summary_fg_mad": 87.72274271493626,
  "summary_fg_mean": 573.5292358398438,
  "summary_fg_median": 568.6339721679688,
  "summary_fg_n": 162187.0,
  "summary_fg_p05": 414.6244598388672,
  "summary_fg_p95": 744.0487487792967,
  "summary_fg_stdv": 107.05116271972656,
  "tsnr": 42.89240264892578
}