{
  "bids_meta": {
    "AccelFactPE": 2,
    "DeviceSerialNumber": "40482",
    "EchoTime": 0.418,
    "EchoTrainLength": 147,
    "FlipAngle": 120,
    "InstitutionAddress": "Frew_4805_Pittsburgh_PA_District_US_15213",
    "InstitutionName": "SIBR",
    "MagneticFieldStrength": 3,
    "Manufacturer": "Siemens",
    "ManufacturersModelName": "Verio",
    "PhaseEncodingDirection": "i-",
    "PhaseEncodingLines": 258,
    "RepetitionTime": 3,
    "ScanningSequence": "SE",
    "SequenceName": "_spc3d1_294ns",
    "SequenceVariant": "SK_SP",
    "SoftwareVersions": "syngo_MR_B17",
    "dataset": "ds001597",
    "modality": "T2w",
    "session_id": "pre",
    "subject_id": "16"
  },
  "cjv": 0.312298948816949,
  "cnr": 2.2334150488532614,
  "efc": 0.5894586384210442,
  "fber": 9560.605829524922,
  "fwhm_avg": 2.3039069300011117,
  "fwhm_x": 2.3648749647606166,
  "fwhm_y": 2.2299464077669904,
  "fwhm_z": 2.316899417475728,
  "icvs_csf": 0.41514816876047794,
  "icvs_gm": 0.4479960845320158,
  "icvs_wm": 0.13685574670750622,
  "inu_med": 0.8843035697937012,
  "inu_range": 0.20571500062942505,
  "provenance": {
    "md5sum": "c7b4ba7d3b315a813ca1fc6d1a65fe9c",
    "settings": {
      "testing": false
    },
    "software": "mriqc",
    "version": "22.0.6",
    "warnings": {
      "large_rot_frame": true,
      "small_air_mask": false
    },
    "webapi_port": null,
    "webapi_url": "https://mriqc.nimh.nih.gov/api/v1"
  },
  "qi_1": 0.0,
  "qi_2": 0.013063231755383327,
  "rpve_csf": 8.565762481139664,
  "rpve_gm": 8.355314804909103,
  "rpve_wm": 29.530383920068438,
  "size_x": 224,
  "size_y": 256,
  "size_z": 256,
  "snr_csf": 10.159399153661743,
  "snr_gm": 9.225520838536545,
  "snr_total": 7.676589108827581,
  "snr_wm": 3.6448473342844534,
  "snrd_csf": 78.1644089805977,
  "snrd_gm": 48.560024252039526,
  "snrd_total": 84.80821255601819,
  "snrd_wm": 127.70020443541735,
  "spacing_x": 0.800000011920929,
  "spacing_y": 0.8046875,
  "spacing_z": 0.8046875,
  "summary_bg_k": 86.65979117830013,
  "summary_bg_mad": 0.0,
  "summary_bg_mean": 2.845366433529792,
  "summary_bg_median": 0.0,
  "summary_bg_n": 3245660.0,
  "summary_bg_p05": 0.0,
  "summary_bg_p95": 12.8328906185925,
  "summary_bg_stdv": 5.131816791280409,
  "summary_csf_k": 0.6431931804837983,
  "summary_csf_mad": 57.257144880646926,
  "summary_csf_mean": 613.1902888316092,
  "summary_csf_median": 612.2777279466391,
  "summary_csf_n": 156068.0,
  "summary_csf_p05": 516.8155040033162,
  "summary_csf_p95": 712.7081712987274,
  "summary_csf_stdv": 60.266926922469075,
  "summary_gm_k": 0.21477385298650464,
  "summary_gm_mad": 40.91500144596228,
  "summary_gm_mean": 380.0761341767971,
  "summary_gm_median": 380.3805556241423,
  "summary_gm_n": 377330.0,
  "summary_gm_p05": 312.1731385588646,
  "summary_gm_p95": 446.5966620761901,
  "summary_gm_stdv": 41.23128203153645,
  "summary_wm_k": 2.4347919875532025,
  "summary_wm_mad": 152.68571968172515,
  "summary_wm_mean": 902.7099304372151,
  "summary_wm_median": 1000.3016980458051,
  "summary_wm_n": 37757.0,
  "summary_wm_p05": 173.4612572360784,
  "summary_wm_p95": 1136.2539044581354,
  "summary_wm_stdv": 274.4390531741361,
  "tpm_overlap_csf": 0.1062019177623773,
  "tpm_overlap_gm": 0.27633300507357,
  "tpm_overlap_wm": 0.02558790546512781,
  "wm2max": 0.8730557213580984
}