{
  "bids_meta": {
    "AccelFactPE": 2,
    "DeviceSerialNumber": "40482",
    "EchoTime": 0.00197,
    "FlipAngle": 9,
    "InstitutionAddress": "Frew_4805_Pittsburgh_PA_District_US_15213",
    "InstitutionName": "SIBR",
    "InversionTime": 0.9,
    "MagneticFieldStrength": 3,
    "Manufacturer": "Siemens",
    "ManufacturersModelName": "Verio",
    "PhaseEncodingDirection": "i-",
    "PhaseEncodingLines": 256,
    "RepetitionTime": 2.3,
    "ScanningSequence": "GR_IR",
    "SequenceName": "_tfl3d1_ns",
    "SequenceVariant": "SP_MP",
    "SoftwareVersions": "syngo_MR_B17",
    "dataset": "ds001597",
    "modality": "T1w",
    "session_id": "pre",
    "subject_id": "16"
  },
  "cjv": 0.28680280100395283,
  "cnr": 4.576357441476708,
  "efc": 0.5251176441364375,
  "fber": -1.0,
  "fwhm_avg": 3.939696666666667,
  "fwhm_x": 3.799,
  "fwhm_y": 4.00555,
  "fwhm_z": 4.01454,
  "icvs_csf": 0.20855432381922956,
  "icvs_gm": 0.47163853397130956,
  "icvs_wm": 0.3198071422094609,
  "inu_med": 0.5267096757888794,
  "inu_range": 0.18647052645683282,
  "provenance": {
    "md5sum": "f68891643408a9b2d3abed37f75c1fd7",
    "settings": {
      "testing": false
    },
    "software": "mriqc",
    "version": "22.0.6",
    "warnings": {
      "large_rot_frame": true,
      "small_air_mask": false
    },
    "webapi_port": null,
    "webapi_url": "https://mriqc.nimh.nih.gov/api/v1"
  },
  "qi_1": 0.0008790777588564942,
  "qi_2": 0.008089872055846483,
  "rpve_csf": 23.176274111448926,
  "rpve_gm": 11.233169410520384,
  "rpve_wm": 18.758666985392114,
  "size_x": 176,
  "size_y": 256,
  "size_z": 256,
  "snr_csf": 1.6229431851166733,
  "snr_gm": 9.72653700175977,
  "snr_total": 11.29152686408751,
  "snr_wm": 22.525100405386095,
  "snrd_csf": 11.159243432438393,
  "snrd_gm": 37.592219361496554,
  "snrd_total": 35.980206243089036,
  "snrd_wm": 59.18915593533217,
  "spacing_x": 1.0,
  "spacing_y": 1.0,
  "spacing_z": 1.0,
  "summary_bg_k": 509.37236092381966,
  "summary_bg_mad": 0.0,
  "summary_bg_mean": 3.2961777680593385,
  "summary_bg_median": 0.0,
  "summary_bg_n": 2899468.0,
  "summary_bg_p05": 0.0,
  "summary_bg_p95": 15.308020982891321,
  "summary_bg_stdv": 11.068520300540184,
  "summary_csf_k": 0.40377070354541944,
  "summary_csf_mad": 102.57907182047211,
  "summary_csf_mean": 213.44272466619933,
  "summary_csf_median": 188.5352614670992,
  "summary_csf_n": 31550.0,
  "summary_csf_p05": 60.02233151346445,
  "summary_csf_p95": 438.3956647440791,
  "summary_csf_stdv": 116.16689684016207,
  "summary_gm_k": 0.0036199300232047094,
  "summary_gm_mad": 65.1208095484369,
  "summary_gm_mean": 633.4161445398206,
  "summary_gm_median": 635.1200195029378,
  "summary_gm_n": 54933.0,
  "summary_gm_p05": 523.1713918894529,
  "summary_gm_p95": 738.9260827638209,
  "summary_gm_stdv": 65.29705675321266,
  "summary_wm_k": 1.1674103238055658,
  "summary_wm_mad": 39.527779524633836,
  "summary_wm_mean": 997.864656678239,
  "summary_wm_median": 999.9999603778124,
  "summary_wm_n": 180535.0,
  "summary_wm_p05": 921.2729953229427,
  "summary_wm_p95": 1066.4432854950428,
  "summary_wm_stdv": 44.394793933477914,
  "tpm_overlap_csf": 0.14550709866642955,
  "tpm_overlap_gm": 0.4698101809130435,
  "tpm_overlap_wm": 0.4977686593439501,
  "wm2max": 0.40515778758059046
}