{
  "bids_meta": {
    "AccelFactPE": 2,
    "DeviceSerialNumber": "40482",
    "EchoTime": 0.00197,
    "FlipAngle": 9,
    "InstitutionAddress": "Frew_4805_Pittsburgh_PA_District_US_15213",
    "InstitutionName": "SIBR",
    "InversionTime": 0.9,
    "MagneticFieldStrength": 3,
    "Manufacturer": "Siemens",
    "ManufacturersModelName": "Verio",
    "PhaseEncodingDirection": "i-",
    "PhaseEncodingLines": 256,
    "RepetitionTime": 2.3,
    "ScanningSequence": "GR_IR",
    "SequenceName": "_tfl3d1_ns",
    "SequenceVariant": "SP_MP",
    "SoftwareVersions": "syngo_MR_B17",
    "dataset": "ds001597",
    "modality": "T1w",
    "session_id": "pre",
    "subject_id": "03"
  },
  "cjv": 0.3373001389577485,
  "cnr": 4.016660711308557,
  "efc": 0.5139080296926697,
  "fber": 14865.10459234279,
  "fwhm_avg": 3.908386666666667,
  "fwhm_x": 3.84171,
  "fwhm_y": 3.93732,
  "fwhm_z": 3.94613,
  "icvs_csf": 0.18879253109095592,
  "icvs_gm": 0.4569111374644338,
  "icvs_wm": 0.35429633144461026,
  "inu_med": 0.5182112157344818,
  "inu_range": 0.16900406330823892,
  "provenance": {
    "md5sum": "ed071750b1bae6e41134876c519bb0b7",
    "settings": {
      "testing": false
    },
    "software": "mriqc",
    "version": "22.0.6",
    "warnings": {
      "large_rot_frame": true,
      "small_air_mask": false
    },
    "webapi_port": null,
    "webapi_url": "https://mriqc.nimh.nih.gov/api/v1"
  },
  "qi_1": 0.0,
  "qi_2": 0.02295004817886292,
  "rpve_csf": 26.479736730125254,
  "rpve_gm": 12.21653422802358,
  "rpve_wm": 18.112516636055272,
  "size_x": 176,
  "size_y": 256,
  "size_z": 256,
  "snr_csf": 1.7552427061256535,
  "snr_gm": 9.9359503929696,
  "snr_total": 11.387614039790478,
  "snr_wm": 22.47164902027618,
  "snrd_csf": 19.494101021602372,
  "snrd_gm": 59.7920436448241,
  "snrd_total": 56.02425641621023,
  "snrd_wm": 88.78662458220421,
  "spacing_x": 1.0,
  "spacing_y": 1.0,
  "spacing_z": 1.0,
  "summary_bg_k": 65.03573756458032,
  "summary_bg_mad": 7.378773773649741,
  "summary_bg_mean": 4.820756434468916,
  "summary_bg_median": 4.976907279342413,
  "summary_bg_n": 3178000.0,
  "summary_bg_p05": 0.0,
  "summary_bg_p95": 15.567765969783068,
  "summary_bg_stdv": 6.01023573578925,
  "summary_csf_k": 11.244811940650365,
  "summary_csf_mad": 102.21077431259621,
  "summary_csf_mean": 240.68107342119845,
  "summary_csf_median": 219.5612415354699,
  "summary_csf_n": 20528.0,
  "summary_csf_p05": 82.06123798470946,
  "summary_csf_p95": 468.5718388242646,
  "summary_csf_stdv": 125.0857746659493,
  "summary_gm_k": -0.032974434647180306,
  "summary_gm_mad": 67.94374890776682,
  "summary_gm_mean": 672.8702520222655,
  "summary_gm_median": 673.4352777823806,
  "summary_gm_n": 40552.0,
  "summary_gm_p05": 560.0633207218722,
  "summary_gm_p95": 783.9405362499876,
  "summary_gm_stdv": 67.77680521160922,
  "summary_wm_k": 0.47079246560851784,
  "summary_wm_mad": 42.20658598527652,
  "summary_wm_mean": 1000.8825740346607,
  "summary_wm_median": 1000.0000258237123,
  "summary_wm_n": 194984.0,
  "summary_wm_p05": 929.4473882317543,
  "summary_wm_p95": 1075.2906791456044,
  "summary_wm_stdv": 44.50040406937162,
  "tpm_overlap_csf": 0.15618966189231775,
  "tpm_overlap_gm": 0.47154750350848246,
  "tpm_overlap_wm": 0.504135020685829,
  "wm2max": 0.4475981496745751
}