{
  "bids_meta": {
    "AccelFactPE": 2,
    "DeviceSerialNumber": "40482",
    "EchoTime": 0.418,
    "EchoTrainLength": 147,
    "FlipAngle": 120,
    "InstitutionAddress": "Frew_4805_Pittsburgh_PA_District_US_15213",
    "InstitutionName": "SIBR",
    "MagneticFieldStrength": 3,
    "Manufacturer": "Siemens",
    "ManufacturersModelName": "Verio",
    "PhaseEncodingDirection": "i-",
    "PhaseEncodingLines": 258,
    "RepetitionTime": 3,
    "ScanningSequence": "SE",
    "SequenceName": "_spc3d1_294ns",
    "SequenceVariant": "SK_SP",
    "SoftwareVersions": "syngo_MR_B17",
    "dataset": "ds001597",
    "modality": "T2w",
    "session_id": "pre",
    "subject_id": "03"
  },
  "cjv": 0.2615428191897601,
  "cnr": 2.1594926840053525,
  "efc": 0.5596870653321824,
  "fber": -1.0,
  "fwhm_avg": 2.218480595785586,
  "fwhm_x": 2.21671246696841,
  "fwhm_y": 2.1955852427184466,
  "fwhm_z": 2.243144077669903,
  "icvs_csf": 0.391752722292671,
  "icvs_gm": 0.4743793347370344,
  "icvs_wm": 0.13386794297029456,
  "inu_med": 0.9198146164417267,
  "inu_range": 0.24645088315010055,
  "provenance": {
    "md5sum": "e903c93c5429b17851234aa1b6423db7",
    "settings": {
      "testing": false
    },
    "software": "mriqc",
    "version": "22.0.6",
    "warnings": {
      "large_rot_frame": true,
      "small_air_mask": false
    },
    "webapi_port": null,
    "webapi_url": "https://mriqc.nimh.nih.gov/api/v1"
  },
  "qi_1": 0.0,
  "qi_2": 0.03319965279708002,
  "rpve_csf": 9.200135913996077,
  "rpve_gm": 8.277595651627339,
  "rpve_wm": 30.913390699717816,
  "size_x": 224,
  "size_y": 256,
  "size_z": 256,
  "snr_csf": 10.338565663992904,
  "snr_gm": 10.356832478497854,
  "snr_total": 8.14551288783379,
  "snr_wm": 3.7411405210106143,
  "snrd_csf": 82.31382924816367,
  "snrd_gm": 54.66764328949182,
  "snrd_total": 89.44420357324447,
  "snrd_wm": 131.3511381820779,
  "spacing_x": 0.800000011920929,
  "spacing_y": 0.8046875,
  "spacing_z": 0.8046875,
  "summary_bg_k": 1568.8907272778317,
  "summary_bg_mad": 0.0,
  "summary_bg_mean": 2.046681561279888,
  "summary_bg_median": 0.0,
  "summary_bg_n": 3889277.0,
  "summary_bg_p05": 0.0,
  "summary_bg_p95": 8.781970189884305,
  "summary_bg_stdv": 4.9875735412638855,
  "summary_csf_k": 0.6087653351319093,
  "summary_csf_mad": 57.610588201500036,
  "summary_csf_mean": 628.0316124324333,
  "summary_csf_median": 626.657711032778,
  "summary_csf_n": 110709.0,
  "summary_csf_p05": 532.3452716227621,
  "summary_csf_p95": 729.5942425169051,
  "summary_csf_stdv": 60.61332888823209,
  "summary_gm_k": 0.2175394695824453,
  "summary_gm_mad": 39.61642276527733,
  "summary_gm_mean": 415.83437321235687,
  "summary_gm_median": 416.18644794262946,
  "summary_gm_n": 371124.0,
  "summary_gm_p05": 349.40400497056544,
  "summary_gm_p95": 480.9362101741135,
  "summary_gm_stdv": 40.184669211898324,
  "summary_wm_k": 2.161319655842507,
  "summary_wm_mad": 113.07065419232956,
  "summary_wm_mean": 888.8272906689695,
  "summary_wm_median": 999.9802505429834,
  "summary_wm_n": 30808.0,
  "summary_wm_p05": 207.80608314825227,
  "summary_wm_p95": 1126.5846850579603,
  "summary_wm_stdv": 267.2885489238233,
  "tpm_overlap_csf": 0.10580324506186738,
  "tpm_overlap_gm": 0.2996612802728621,
  "tpm_overlap_wm": 0.032744142734071544,
  "wm2max": 0.882278172447416
}