{
  "aor": 0.002041825726141079,
  "aqi": 0.013305539958506224,
  "bids_meta": {
    "BandwidthPerPixelPhaseEncode": 10.965,
    "DeviceSerialNumber": "40482",
    "EchoTime": 0.03,
    "EffectiveEchoSpacing": 0.000949,
    "FlipAngle": 79,
    "ImageType": [
      "ORIGINAL",
      "PRIMARY",
      "M",
      "MB",
      "ND",
      "MOSAIC"
    ],
    "InstitutionAddress": "Frew_4805_Pittsburgh_PA_District_US_15213",
    "InstitutionName": "SIBR",
    "MagneticFieldStrength": 3,
    "Manufacturer": "Siemens",
    "ManufacturersModelName": "Verio",
    "MultibandAccellerationFactor": 3,
    "PhaseEncodingDirection": "j-",
    "PhaseEncodingLines": 96,
    "RepetitionTime": 2.0,
    "ScanningSequence": "EP",
    "SequenceName": "epfid2d1_96",
    "SequenceVariant": "SK_SS",
    "SliceTiming": [
      0,
      0.09,
      0.1825,
      0.2725,
      0.365,
      0.455,
      0.5475,
      0.6375,
      0.73,
      0.82,
      0.9125,
      1.0025,
      1.095,
      1.185,
      1.2775,
      1.3675,
      1.46,
      1.55,
      1.6425,
      1.7325,
      1.825,
      1.915,
      0,
      0.09,
      0.1825,
      0.2725,
      0.365,
      0.455,
      0.5475,
      0.6375,
      0.73,
      0.82,
      0.9125,
      1.0025,
      1.095,
      1.185,
      1.2775,
      1.3675,
      1.46,
      1.55,
      1.6425,
      1.7325,
      1.825,
      1.915,
      0,
      0.09,
      0.1825,
      0.2725,
      0.365,
      0.455,
      0.5475,
      0.6375,
      0.73,
      0.82,
      0.9125,
      1.0025,
      1.095,
      1.185,
      1.2775,
      1.3675,
      1.46,
      1.55,
      1.6425,
      1.7325,
      1.825,
      1.915
    ],
    "SoftwareVersions": "syngo_MR_B17",
    "TaskName": "cuedMFM",
    "TotalReadoutTime": 0.03039,
    "dataset": "ds001597",
    "modality": "bold",
    "run_id": 4,
    "session_id": "pre",
    "subject_id": "20",
    "task_id": "cuedMFM"
  },
  "dummy_trs": 0,
  "dvars_nstd": 41.96720635083332,
  "dvars_std": 1.3791221721249984,
  "dvars_vstd": 1.0154803911250003,
  "efc": 0.572652178783364,
  "fber": 2911.798583984375,
  "fd_mean": 0.25541778570353835,
  "fd_num": 120,
  "fd_perc": 49.79253112033195,
  "fwhm_avg": 2.0149150000000002,
  "fwhm_x": 1.91777,
  "fwhm_y": 2.125015,
  "fwhm_z": 2.00196,
  "gcor": 0.0394364,
  "gsr_x": -0.012112199328839779,
  "gsr_y": 0.04040882736444473,
  "provenance": {
    "md5sum": "dbb325a71075c90dd2e96a8112aa6e06",
    "settings": {
      "fd_thres": 0.2,
      "testing": false
    },
    "software": "mriqc",
    "version": "22.0.6",
    "webapi_port": null,
    "webapi_url": "https://mriqc.nimh.nih.gov/api/v1"
  },
  "size_t": 241,
  "size_x": 96,
  "size_y": 96,
  "size_z": 66,
  "snr": 5.747276789498526,
  "spacing_tr": 2.0,
  "spacing_x": 2.0,
  "spacing_y": 2.0,
  "spacing_z": 2.0,
  "summary_bg_k": 18.34952181728125,
  "summary_bg_mad": 8.285330238979244,
  "summary_bg_mean": 30.83753204345703,
  "summary_bg_median": 10.675262451171875,
  "summary_bg_n": 358589.0,
  "summary_bg_p05": 3.872235155105591,
  "summary_bg_p95": 125.31398315429655,
  "summary_bg_stdv": 50.481014251708984,
  "summary_fg_k": 3.1837811865038477,
  "summary_fg_mad": 86.48347041376229,
  "summary_fg_mean": 602.8809814453125,
  "summary_fg_median": 600.0841064453125,
  "summary_fg_n": 159337.0,
  "summary_fg_p05": 449.4297302246094,
  "summary_fg_p95": 766.6604370117187,
  "summary_fg_stdv": 104.41157531738281,
  "tsnr": 51.38573455810547
}