{
  "aor": 0.0005864315352697095,
  "aqi": 0.01119117713692946,
  "bids_meta": {
    "BandwidthPerPixelPhaseEncode": 10.965,
    "DeviceSerialNumber": "40482",
    "EchoTime": 0.03,
    "EffectiveEchoSpacing": 0.000949,
    "FlipAngle": 79,
    "ImageType": [
      "ORIGINAL",
      "PRIMARY",
      "M",
      "MB",
      "ND",
      "MOSAIC"
    ],
    "InstitutionAddress": "Frew_4805_Pittsburgh_PA_District_US_15213",
    "InstitutionName": "SIBR",
    "MagneticFieldStrength": 3,
    "Manufacturer": "Siemens",
    "ManufacturersModelName": "Verio",
    "MultibandAccellerationFactor": 3,
    "PhaseEncodingDirection": "j-",
    "PhaseEncodingLines": 96,
    "RepetitionTime": 2.0,
    "ScanningSequence": "EP",
    "SequenceName": "epfid2d1_96",
    "SequenceVariant": "SK_SS",
    "SliceTiming": [
      0,
      0.09,
      0.1825,
      0.2725,
      0.365,
      0.455,
      0.5475,
      0.6375,
      0.73,
      0.82,
      0.9125,
      1.0025,
      1.095,
      1.185,
      1.2775,
      1.3675,
      1.46,
      1.55,
      1.6425,
      1.7325,
      1.825,
      1.915,
      0,
      0.09,
      0.1825,
      0.2725,
      0.365,
      0.455,
      0.5475,
      0.6375,
      0.73,
      0.82,
      0.9125,
      1.0025,
      1.095,
      1.185,
      1.2775,
      1.3675,
      1.46,
      1.55,
      1.6425,
      1.7325,
      1.825,
      1.915,
      0,
      0.09,
      0.1825,
      0.2725,
      0.365,
      0.455,
      0.5475,
      0.6375,
      0.73,
      0.82,
      0.9125,
      1.0025,
      1.095,
      1.185,
      1.2775,
      1.3675,
      1.46,
      1.55,
      1.6425,
      1.7325,
      1.825,
      1.915
    ],
    "SoftwareVersions": "syngo_MR_B17",
    "TaskName": "cuedMFM",
    "TotalReadoutTime": 0.03039,
    "dataset": "ds001597",
    "modality": "bold",
    "run_id": 6,
    "session_id": "pre",
    "subject_id": "12",
    "task_id": "cuedMFM"
  },
  "dummy_trs": 0,
  "dvars_nstd": 30.909818411041687,
  "dvars_std": 1.1676392789166659,
  "dvars_vstd": 1.0026420547916668,
  "efc": 0.6043884157653624,
  "fber": 1296.966552734375,
  "fd_mean": 0.13132694421111535,
  "fd_num": 43,
  "fd_perc": 17.842323651452283,
  "fwhm_avg": 2.01026,
  "fwhm_x": 1.924205,
  "fwhm_y": 2.16846,
  "fwhm_z": 1.938115,
  "gcor": 0.0117806,
  "gsr_x": -0.004606164991855621,
  "gsr_y": 0.05141984298825264,
  "provenance": {
    "md5sum": "d8dadab7b50945573e7353b7b5db7ebb",
    "settings": {
      "fd_thres": 0.2,
      "testing": false
    },
    "software": "mriqc",
    "version": "22.0.6",
    "webapi_port": null,
    "webapi_url": "https://mriqc.nimh.nih.gov/api/v1"
  },
  "size_t": 241,
  "size_x": 96,
  "size_y": 96,
  "size_z": 66,
  "snr": 5.6990938473686885,
  "spacing_tr": 2.0,
  "spacing_x": 2.0,
  "spacing_y": 2.0,
  "spacing_z": 2.0,
  "summary_bg_k": 13.379998852786635,
  "summary_bg_mad": 13.529832194600118,
  "summary_bg_mean": 41.68730926513672,
  "summary_bg_median": 14.659111022949219,
  "summary_bg_n": 350938.0,
  "summary_bg_p05": 4.713723206520081,
  "summary_bg_p95": 170.3866447448726,
  "summary_bg_stdv": 63.11225128173828,
  "summary_fg_k": 3.2165969758462625,
  "summary_fg_mad": 81.11003277111817,
  "summary_fg_mean": 559.78125,
  "summary_fg_median": 556.623291015625,
  "summary_fg_n": 166114.0,
  "summary_fg_p05": 416.1656433105469,
  "summary_fg_p95": 712.1169067382814,
  "summary_fg_stdv": 97.66844177246094,
  "tsnr": 52.565650939941406
}