{
  "aor": 0.000687489539748954,
  "aqi": 0.010649172677824267,
  "bids_meta": {
    "BandwidthPerPixelPhaseEncode": 10.965,
    "DeviceSerialNumber": "40482",
    "EchoTime": 0.03,
    "EffectiveEchoSpacing": 0.000949,
    "FlipAngle": 79,
    "ImageType": [
      "ORIGINAL",
      "PRIMARY",
      "M",
      "MB",
      "ND",
      "MOSAIC"
    ],
    "InstitutionAddress": "Frew_4805_Pittsburgh_PA_District_US_15213",
    "InstitutionName": "SIBR",
    "MagneticFieldStrength": 3,
    "Manufacturer": "Siemens",
    "ManufacturersModelName": "Verio",
    "MultibandAccellerationFactor": 3,
    "PhaseEncodingDirection": "j-",
    "PhaseEncodingLines": 96,
    "RepetitionTime": 2.0,
    "ScanningSequence": "EP",
    "SequenceName": "epfid2d1_96",
    "SequenceVariant": "SK_SS",
    "SliceTiming": [
      0,
      0.09,
      0.1825,
      0.2725,
      0.365,
      0.455,
      0.5475,
      0.6375,
      0.73,
      0.82,
      0.9125,
      1.0025,
      1.095,
      1.185,
      1.2775,
      1.3675,
      1.46,
      1.55,
      1.6425,
      1.7325,
      1.825,
      1.915,
      0,
      0.09,
      0.1825,
      0.2725,
      0.365,
      0.455,
      0.5475,
      0.6375,
      0.73,
      0.82,
      0.9125,
      1.0025,
      1.095,
      1.185,
      1.2775,
      1.3675,
      1.46,
      1.55,
      1.6425,
      1.7325,
      1.825,
      1.915,
      0,
      0.09,
      0.1825,
      0.2725,
      0.365,
      0.455,
      0.5475,
      0.6375,
      0.73,
      0.82,
      0.9125,
      1.0025,
      1.095,
      1.185,
      1.2775,
      1.3675,
      1.46,
      1.55,
      1.6425,
      1.7325,
      1.825,
      1.915
    ],
    "SoftwareVersions": "syngo_MR_B17",
    "TaskName": "cuedMFM",
    "TotalReadoutTime": 0.03039,
    "dataset": "ds001597",
    "modality": "bold",
    "run_id": 7,
    "session_id": "pre",
    "subject_id": "12",
    "task_id": "cuedMFM"
  },
  "dummy_trs": 2,
  "dvars_nstd": 30.848229287857134,
  "dvars_std": 1.1676455622689073,
  "dvars_vstd": 1.0066748215966388,
  "efc": 0.6063716103313362,
  "fber": 1237.8170166015625,
  "fd_mean": 0.13339606220785016,
  "fd_num": 40,
  "fd_perc": 16.736401673640167,
  "fwhm_avg": 2.014276666666667,
  "fwhm_x": 1.926185,
  "fwhm_y": 2.173215,
  "fwhm_z": 1.94343,
  "gcor": 0.017058,
  "gsr_x": -0.002769619459286332,
  "gsr_y": 0.047918785363435745,
  "provenance": {
    "md5sum": "5af65343aa8597aba5dd743a16a6a72b",
    "settings": {
      "fd_thres": 0.2,
      "testing": false
    },
    "software": "mriqc",
    "version": "22.0.6",
    "webapi_port": null,
    "webapi_url": "https://mriqc.nimh.nih.gov/api/v1"
  },
  "size_t": 239,
  "size_x": 96,
  "size_y": 96,
  "size_z": 66,
  "snr": 5.7132760016962285,
  "spacing_tr": 2.0,
  "spacing_x": 2.0,
  "spacing_y": 2.0,
  "spacing_z": 2.0,
  "summary_bg_k": 10.42974455190026,
  "summary_bg_mad": 13.7801641955543,
  "summary_bg_mean": 41.76869583129883,
  "summary_bg_median": 14.944915771484375,
  "summary_bg_n": 349369.0,
  "summary_bg_p05": 4.829888534545899,
  "summary_bg_p95": 170.39806213378904,
  "summary_bg_stdv": 61.85700988769531,
  "summary_fg_k": 3.1891200675213467,
  "summary_fg_mad": 80.9028087061537,
  "summary_fg_mean": 558.676025390625,
  "summary_fg_median": 556.0414428710938,
  "summary_fg_n": 166658.0,
  "summary_fg_p05": 414.3214614868164,
  "summary_fg_p95": 709.1058319091796,
  "summary_fg_stdv": 97.32415771484375,
  "tsnr": 53.57146072387695
}