{
  "aor": 0.0004906250000000001,
  "aqi": 0.01056527925,
  "bids_meta": {
    "BandwidthPerPixelPhaseEncode": 10.965,
    "DeviceSerialNumber": "40482",
    "EchoTime": 0.03,
    "EffectiveEchoSpacing": 0.000949,
    "FlipAngle": 79,
    "ImageType": [
      "ORIGINAL",
      "PRIMARY",
      "M",
      "MB",
      "ND",
      "MOSAIC"
    ],
    "InstitutionAddress": "Frew_4805_Pittsburgh_PA_District_US_15213",
    "InstitutionName": "SIBR",
    "MagneticFieldStrength": 3,
    "Manufacturer": "Siemens",
    "ManufacturersModelName": "Verio",
    "MultibandAccellerationFactor": 3,
    "PhaseEncodingDirection": "j-",
    "PhaseEncodingLines": 96,
    "RepetitionTime": 2.0,
    "ScanningSequence": "EP",
    "SequenceName": "epfid2d1_96",
    "SequenceVariant": "SK_SS",
    "SliceTiming": [
      0,
      0.09,
      0.1825,
      0.2725,
      0.365,
      0.455,
      0.5475,
      0.6375,
      0.73,
      0.82,
      0.9125,
      1.0025,
      1.095,
      1.185,
      1.2775,
      1.3675,
      1.46,
      1.55,
      1.6425,
      1.7325,
      1.825,
      1.915,
      0,
      0.09,
      0.1825,
      0.2725,
      0.365,
      0.455,
      0.5475,
      0.6375,
      0.73,
      0.82,
      0.9125,
      1.0025,
      1.095,
      1.185,
      1.2775,
      1.3675,
      1.46,
      1.55,
      1.6425,
      1.7325,
      1.825,
      1.915,
      0,
      0.09,
      0.1825,
      0.2725,
      0.365,
      0.455,
      0.5475,
      0.6375,
      0.73,
      0.82,
      0.9125,
      1.0025,
      1.095,
      1.185,
      1.2775,
      1.3675,
      1.46,
      1.55,
      1.6425,
      1.7325,
      1.825,
      1.915
    ],
    "SoftwareVersions": "syngo_MR_B17",
    "TaskName": "cuedMFM",
    "TotalReadoutTime": 0.03039,
    "dataset": "ds001597",
    "modality": "bold",
    "run_id": 4,
    "session_id": "pre",
    "subject_id": "12",
    "task_id": "cuedMFM"
  },
  "dummy_trs": 1,
  "dvars_nstd": 35.22973288054393,
  "dvars_std": 1.2189854702928875,
  "dvars_vstd": 0.9983186976150618,
  "efc": 0.6055479274076377,
  "fber": 1271.978515625,
  "fd_mean": 0.17218116797528688,
  "fd_num": 74,
  "fd_perc": 30.833333333333332,
  "fwhm_avg": 2.024341666666667,
  "fwhm_x": 1.940325,
  "fwhm_y": 2.177725,
  "fwhm_z": 1.954975,
  "gcor": 0.0114473,
  "gsr_x": -0.0041422597132623196,
  "gsr_y": 0.04993726313114166,
  "provenance": {
    "md5sum": "762e79ce336b04bfd0c606f171263b6e",
    "settings": {
      "fd_thres": 0.2,
      "testing": false
    },
    "software": "mriqc",
    "version": "22.0.6",
    "webapi_port": null,
    "webapi_url": "https://mriqc.nimh.nih.gov/api/v1"
  },
  "size_t": 240,
  "size_x": 96,
  "size_y": 96,
  "size_z": 66,
  "snr": 5.635102358311916,
  "spacing_tr": 2.0,
  "spacing_x": 2.0,
  "spacing_y": 2.0,
  "spacing_z": 2.0,
  "summary_bg_k": 13.54145014911862,
  "summary_bg_mad": 13.257473446265687,
  "summary_bg_mean": 40.35750198364258,
  "summary_bg_median": 14.246516227722168,
  "summary_bg_n": 349505.0,
  "summary_bg_p05": 4.4475971221923825,
  "summary_bg_p95": 167.53286132812468,
  "summary_bg_stdv": 61.10383987426758,
  "summary_fg_k": 3.281398184581926,
  "summary_fg_mad": 78.53090758003313,
  "summary_fg_mean": 538.5753173828125,
  "summary_fg_median": 536.9556884765625,
  "summary_fg_n": 166552.0,
  "summary_fg_p05": 392.20604095458987,
  "summary_fg_p95": 683.6516235351562,
  "summary_fg_stdv": 95.28736877441406,
  "tsnr": 52.39016342163086
}