{
  "aor": 0.000592448132780083,
  "aqi": 0.008539425477178422,
  "bids_meta": {
    "BandwidthPerPixelPhaseEncode": 10.965,
    "DeviceSerialNumber": "40482",
    "EchoTime": 0.03,
    "EffectiveEchoSpacing": 0.000949,
    "FlipAngle": 79,
    "ImageType": [
      "ORIGINAL",
      "PRIMARY",
      "M",
      "MB",
      "ND",
      "MOSAIC"
    ],
    "InstitutionAddress": "Frew_4805_Pittsburgh_PA_District_US_15213",
    "InstitutionName": "SIBR",
    "MagneticFieldStrength": 3,
    "Manufacturer": "Siemens",
    "ManufacturersModelName": "Verio",
    "MultibandAccellerationFactor": 3,
    "PhaseEncodingDirection": "j-",
    "PhaseEncodingLines": 96,
    "RepetitionTime": 2.0,
    "ScanningSequence": "EP",
    "SequenceName": "epfid2d1_96",
    "SequenceVariant": "SK_SS",
    "SliceTiming": [
      0,
      0.09,
      0.1825,
      0.2725,
      0.365,
      0.455,
      0.5475,
      0.6375,
      0.73,
      0.82,
      0.9125,
      1.0025,
      1.095,
      1.185,
      1.2775,
      1.3675,
      1.46,
      1.55,
      1.6425,
      1.7325,
      1.825,
      1.915,
      0,
      0.09,
      0.1825,
      0.2725,
      0.365,
      0.455,
      0.5475,
      0.6375,
      0.73,
      0.82,
      0.9125,
      1.0025,
      1.095,
      1.185,
      1.2775,
      1.3675,
      1.46,
      1.55,
      1.6425,
      1.7325,
      1.825,
      1.915,
      0,
      0.09,
      0.1825,
      0.2725,
      0.365,
      0.455,
      0.5475,
      0.6375,
      0.73,
      0.82,
      0.9125,
      1.0025,
      1.095,
      1.185,
      1.2775,
      1.3675,
      1.46,
      1.55,
      1.6425,
      1.7325,
      1.825,
      1.915
    ],
    "SoftwareVersions": "syngo_MR_B17",
    "TaskName": "cuedMFM",
    "TotalReadoutTime": 0.03039,
    "dataset": "ds001597",
    "modality": "bold",
    "run_id": 3,
    "session_id": "pre",
    "subject_id": "16",
    "task_id": "cuedMFM"
  },
  "dummy_trs": 0,
  "dvars_nstd": 33.15009427887499,
  "dvars_std": 1.2659318878333332,
  "dvars_vstd": 0.9983287372499998,
  "efc": 0.5707043816173185,
  "fber": 2890.3662109375,
  "fd_mean": 0.14005986547704988,
  "fd_num": 23,
  "fd_perc": 9.54356846473029,
  "fwhm_avg": 2.13699,
  "fwhm_x": 2.018175,
  "fwhm_y": 2.361475,
  "fwhm_z": 2.03132,
  "gcor": 0.0139768,
  "gsr_x": -0.006008877884596586,
  "gsr_y": 0.04465094208717346,
  "provenance": {
    "md5sum": "b67984a62b76727c1671933f3eb1793f",
    "settings": {
      "fd_thres": 0.2,
      "testing": false
    },
    "software": "mriqc",
    "version": "22.0.6",
    "webapi_port": null,
    "webapi_url": "https://mriqc.nimh.nih.gov/api/v1"
  },
  "size_t": 241,
  "size_x": 96,
  "size_y": 96,
  "size_z": 66,
  "snr": 5.712090460181295,
  "spacing_tr": 2.0,
  "spacing_x": 2.0,
  "spacing_y": 2.0,
  "spacing_z": 2.0,
  "summary_bg_k": 14.470233164261526,
  "summary_bg_mad": 9.708740478434244,
  "summary_bg_mean": 35.02589797973633,
  "summary_bg_median": 11.440553665161133,
  "summary_bg_n": 363170.0,
  "summary_bg_p05": 3.887201154232025,
  "summary_bg_p95": 140.86357727050768,
  "summary_bg_stdv": 56.55394744873047,
  "summary_fg_k": 2.5512407832114707,
  "summary_fg_mad": 103.74885465962493,
  "summary_fg_mean": 648.0031127929688,
  "summary_fg_median": 644.902587890625,
  "summary_fg_n": 155386.0,
  "summary_fg_p05": 482.3951950073242,
  "summary_fg_p95": 820.4651947021484,
  "summary_fg_stdv": 112.90096282958984,
  "tsnr": 57.43730926513672
}