{
  "aor": 0.0012178423236514522,
  "aqi": 0.01184549887966805,
  "bids_meta": {
    "BandwidthPerPixelPhaseEncode": 10.965,
    "DeviceSerialNumber": "40482",
    "EchoTime": 0.03,
    "EffectiveEchoSpacing": 0.000949,
    "FlipAngle": 79,
    "ImageType": [
      "ORIGINAL",
      "PRIMARY",
      "M",
      "MB",
      "ND",
      "MOSAIC"
    ],
    "InstitutionAddress": "Frew_4805_Pittsburgh_PA_District_US_15213",
    "InstitutionName": "SIBR",
    "MagneticFieldStrength": 3,
    "Manufacturer": "Siemens",
    "ManufacturersModelName": "Verio",
    "MultibandAccellerationFactor": 3,
    "PhaseEncodingDirection": "j-",
    "PhaseEncodingLines": 96,
    "RepetitionTime": 2.0,
    "ScanningSequence": "EP",
    "SequenceName": "epfid2d1_96",
    "SequenceVariant": "SK_SS",
    "SliceTiming": [
      0,
      0.09,
      0.1825,
      0.2725,
      0.365,
      0.455,
      0.5475,
      0.6375,
      0.73,
      0.82,
      0.9125,
      1.0025,
      1.095,
      1.185,
      1.2775,
      1.3675,
      1.46,
      1.55,
      1.6425,
      1.7325,
      1.825,
      1.915,
      0,
      0.09,
      0.1825,
      0.2725,
      0.365,
      0.455,
      0.5475,
      0.6375,
      0.73,
      0.82,
      0.9125,
      1.0025,
      1.095,
      1.185,
      1.2775,
      1.3675,
      1.46,
      1.55,
      1.6425,
      1.7325,
      1.825,
      1.915,
      0,
      0.09,
      0.1825,
      0.2725,
      0.365,
      0.455,
      0.5475,
      0.6375,
      0.73,
      0.82,
      0.9125,
      1.0025,
      1.095,
      1.185,
      1.2775,
      1.3675,
      1.46,
      1.55,
      1.6425,
      1.7325,
      1.825,
      1.915
    ],
    "SoftwareVersions": "syngo_MR_B17",
    "TaskName": "cuedMFM",
    "TotalReadoutTime": 0.03039,
    "dataset": "ds001597",
    "modality": "bold",
    "run_id": 5,
    "session_id": "pre",
    "subject_id": "16",
    "task_id": "cuedMFM"
  },
  "dummy_trs": 0,
  "dvars_nstd": 30.69072144049999,
  "dvars_std": 1.1973493595833333,
  "dvars_vstd": 0.986687147333333,
  "efc": 0.5667685480098775,
  "fber": 2763.529052734375,
  "fd_mean": 0.13299575534440636,
  "fd_num": 23,
  "fd_perc": 9.54356846473029,
  "fwhm_avg": 2.1090716666666665,
  "fwhm_x": 1.984,
  "fwhm_y": 2.34382,
  "fwhm_z": 1.999395,
  "gcor": 0.00576394,
  "gsr_x": -0.006985765881836414,
  "gsr_y": 0.04404517263174057,
  "provenance": {
    "md5sum": "daa7d7070b1e927e1d0b49f768c17411",
    "settings": {
      "fd_thres": 0.2,
      "testing": false
    },
    "software": "mriqc",
    "version": "22.0.6",
    "webapi_port": null,
    "webapi_url": "https://mriqc.nimh.nih.gov/api/v1"
  },
  "size_t": 241,
  "size_x": 96,
  "size_y": 96,
  "size_z": 66,
  "snr": 5.699066931907516,
  "spacing_tr": 2.0,
  "spacing_x": 2.0,
  "spacing_y": 2.0,
  "spacing_z": 2.0,
  "summary_bg_k": 16.000117834447554,
  "summary_bg_mad": 10.13037238066168,
  "summary_bg_mean": 35.56857681274414,
  "summary_bg_median": 12.007787704467773,
  "summary_bg_n": 366022.0,
  "summary_bg_p05": 4.123519349098205,
  "summary_bg_p95": 141.71987075805663,
  "summary_bg_stdv": 58.67765426635742,
  "summary_fg_k": 2.952757890546679,
  "summary_fg_mad": 104.02611864873022,
  "summary_fg_mean": 660.2904663085938,
  "summary_fg_median": 658.057373046875,
  "summary_fg_n": 152913.0,
  "summary_fg_p05": 493.54083251953125,
  "summary_fg_p95": 835.4255493164062,
  "summary_fg_stdv": 115.4671859741211,
  "tsnr": 51.794334411621094
}