{
  "aor": 0.002243734439834025,
  "aqi": 0.01682417033195021,
  "bids_meta": {
    "BandwidthPerPixelPhaseEncode": 10.965,
    "DeviceSerialNumber": "40482",
    "EchoTime": 0.03,
    "EffectiveEchoSpacing": 0.000949,
    "FlipAngle": 79,
    "ImageType": [
      "ORIGINAL",
      "PRIMARY",
      "M",
      "MB",
      "ND",
      "MOSAIC"
    ],
    "InstitutionAddress": "Frew_4805_Pittsburgh_PA_District_US_15213",
    "InstitutionName": "SIBR",
    "MagneticFieldStrength": 3,
    "Manufacturer": "Siemens",
    "ManufacturersModelName": "Verio",
    "MultibandAccellerationFactor": 3,
    "PhaseEncodingDirection": "j-",
    "PhaseEncodingLines": 96,
    "RepetitionTime": 2.0,
    "ScanningSequence": "EP",
    "SequenceName": "epfid2d1_96",
    "SequenceVariant": "SK_SS",
    "SliceTiming": [
      0,
      0.09,
      0.1825,
      0.2725,
      0.365,
      0.455,
      0.5475,
      0.6375,
      0.73,
      0.82,
      0.9125,
      1.0025,
      1.095,
      1.185,
      1.2775,
      1.3675,
      1.46,
      1.55,
      1.6425,
      1.7325,
      1.825,
      1.915,
      0,
      0.09,
      0.1825,
      0.2725,
      0.365,
      0.455,
      0.5475,
      0.6375,
      0.73,
      0.82,
      0.9125,
      1.0025,
      1.095,
      1.185,
      1.2775,
      1.3675,
      1.46,
      1.55,
      1.6425,
      1.7325,
      1.825,
      1.915,
      0,
      0.09,
      0.1825,
      0.2725,
      0.365,
      0.455,
      0.5475,
      0.6375,
      0.73,
      0.82,
      0.9125,
      1.0025,
      1.095,
      1.185,
      1.2775,
      1.3675,
      1.46,
      1.55,
      1.6425,
      1.7325,
      1.825,
      1.915
    ],
    "SoftwareVersions": "syngo_MR_B17",
    "TaskName": "cuedMFM",
    "TotalReadoutTime": 0.03039,
    "dataset": "ds001597",
    "modality": "bold",
    "run_id": 7,
    "session_id": "post",
    "subject_id": "08",
    "task_id": "cuedMFM"
  },
  "dummy_trs": 0,
  "dvars_nstd": 35.98519048704167,
  "dvars_std": 1.235987881458333,
  "dvars_vstd": 1.0103064624583342,
  "efc": 0.5411920697259065,
  "fber": 3512.850341796875,
  "fd_mean": 0.22488772912382335,
  "fd_num": 118,
  "fd_perc": 48.96265560165975,
  "fwhm_avg": 2.1385416666666663,
  "fwhm_x": 2.027355,
  "fwhm_y": 2.304535,
  "fwhm_z": 2.083735,
  "gcor": 0.018739,
  "gsr_x": -0.010907149873673916,
  "gsr_y": 0.03967196121811867,
  "provenance": {
    "md5sum": "fb3d5afc4d0a175dee054edd449e9887",
    "settings": {
      "fd_thres": 0.2,
      "testing": false
    },
    "software": "mriqc",
    "version": "22.0.6",
    "webapi_port": null,
    "webapi_url": "https://mriqc.nimh.nih.gov/api/v1"
  },
  "size_t": 241,
  "size_x": 96,
  "size_y": 96,
  "size_z": 66,
  "snr": 5.687072717948469,
  "spacing_tr": 2.0,
  "spacing_x": 2.0,
  "spacing_y": 2.0,
  "spacing_z": 2.0,
  "summary_bg_k": 26.506319634449543,
  "summary_bg_mad": 6.653362961802918,
  "summary_bg_mean": 29.41732406616211,
  "summary_bg_median": 9.586091041564941,
  "summary_bg_n": 384361.0,
  "summary_bg_p05": 4.0803070068359375,
  "summary_bg_p95": 122.30863952636719,
  "summary_bg_stdv": 50.30466842651367,
  "summary_fg_k": 3.7090873589958866,
  "summary_fg_mad": 79.04485040840243,
  "summary_fg_mean": 577.4793701171875,
  "summary_fg_median": 578.444091796875,
  "summary_fg_n": 136107.0,
  "summary_fg_p05": 419.8762725830078,
  "summary_fg_p95": 730.1850524902344,
  "summary_fg_stdv": 101.71172332763672,
  "tsnr": 45.544944763183594
}