{
  "aor": 0.001635186721991701,
  "aqi": 0.012392867261410787,
  "bids_meta": {
    "BandwidthPerPixelPhaseEncode": 10.965,
    "DeviceSerialNumber": "40482",
    "EchoTime": 0.03,
    "EffectiveEchoSpacing": 0.000949,
    "FlipAngle": 79,
    "ImageType": [
      "ORIGINAL",
      "PRIMARY",
      "M",
      "MB",
      "ND",
      "MOSAIC"
    ],
    "InstitutionAddress": "Frew_4805_Pittsburgh_PA_District_US_15213",
    "InstitutionName": "SIBR",
    "MagneticFieldStrength": 3,
    "Manufacturer": "Siemens",
    "ManufacturersModelName": "Verio",
    "MultibandAccellerationFactor": 3,
    "PhaseEncodingDirection": "j-",
    "PhaseEncodingLines": 96,
    "RepetitionTime": 2.0,
    "ScanningSequence": "EP",
    "SequenceName": "epfid2d1_96",
    "SequenceVariant": "SK_SS",
    "SliceTiming": [
      0,
      0.09,
      0.1825,
      0.2725,
      0.365,
      0.455,
      0.5475,
      0.6375,
      0.73,
      0.82,
      0.9125,
      1.0025,
      1.095,
      1.185,
      1.2775,
      1.3675,
      1.46,
      1.55,
      1.6425,
      1.7325,
      1.825,
      1.915,
      0,
      0.09,
      0.1825,
      0.2725,
      0.365,
      0.455,
      0.5475,
      0.6375,
      0.73,
      0.82,
      0.9125,
      1.0025,
      1.095,
      1.185,
      1.2775,
      1.3675,
      1.46,
      1.55,
      1.6425,
      1.7325,
      1.825,
      1.915,
      0,
      0.09,
      0.1825,
      0.2725,
      0.365,
      0.455,
      0.5475,
      0.6375,
      0.73,
      0.82,
      0.9125,
      1.0025,
      1.095,
      1.185,
      1.2775,
      1.3675,
      1.46,
      1.55,
      1.6425,
      1.7325,
      1.825,
      1.915
    ],
    "SoftwareVersions": "syngo_MR_B17",
    "TaskName": "cuedMFM",
    "TotalReadoutTime": 0.03039,
    "dataset": "ds001597",
    "modality": "bold",
    "run_id": 8,
    "session_id": "post",
    "subject_id": "08",
    "task_id": "cuedMFM"
  },
  "dummy_trs": 0,
  "dvars_nstd": 35.75081268158333,
  "dvars_std": 1.2648601400833335,
  "dvars_vstd": 1.0183419969583332,
  "efc": 0.5415678086603388,
  "fber": 3560.97216796875,
  "fd_mean": 0.21632112782167384,
  "fd_num": 114,
  "fd_perc": 47.302904564315355,
  "fwhm_avg": 2.1127249999999997,
  "fwhm_x": 2.00004,
  "fwhm_y": 2.270785,
  "fwhm_z": 2.06735,
  "gcor": 0.0206373,
  "gsr_x": -0.013462885282933712,
  "gsr_y": 0.0388922318816185,
  "provenance": {
    "md5sum": "27f21623746632f412217203ef58b452",
    "settings": {
      "fd_thres": 0.2,
      "testing": false
    },
    "software": "mriqc",
    "version": "22.0.6",
    "webapi_port": null,
    "webapi_url": "https://mriqc.nimh.nih.gov/api/v1"
  },
  "size_t": 241,
  "size_x": 96,
  "size_y": 96,
  "size_z": 66,
  "snr": 5.719759397653582,
  "spacing_tr": 2.0,
  "spacing_x": 2.0,
  "spacing_y": 2.0,
  "spacing_z": 2.0,
  "summary_bg_k": 26.570478455171646,
  "summary_bg_mad": 6.16264234988406,
  "summary_bg_mean": 29.634872436523438,
  "summary_bg_median": 9.400184631347656,
  "summary_bg_n": 385485.0,
  "summary_bg_p05": 4.241226768493652,
  "summary_bg_p95": 124.28485412597655,
  "summary_bg_stdv": 51.62617874145508,
  "summary_fg_k": 3.7384291968082737,
  "summary_fg_mad": 77.9572407853422,
  "summary_fg_mean": 574.328857421875,
  "summary_fg_median": 575.7909545898438,
  "summary_fg_n": 135911.0,
  "summary_fg_p05": 417.321533203125,
  "summary_fg_p95": 724.4086608886719,
  "summary_fg_stdv": 100.66661834716797,
  "tsnr": 51.68855667114258
}