{
  "aor": 0.0010509958506224066,
  "aqi": 0.008507501991701243,
  "bids_meta": {
    "BandwidthPerPixelPhaseEncode": 10.965,
    "DeviceSerialNumber": "40482",
    "EchoTime": 0.03,
    "EffectiveEchoSpacing": 0.000949,
    "FlipAngle": 79,
    "ImageType": [
      "ORIGINAL",
      "PRIMARY",
      "M",
      "MB",
      "ND",
      "MOSAIC"
    ],
    "InstitutionAddress": "Frew_4805_Pittsburgh_PA_District_US_15213",
    "InstitutionName": "SIBR",
    "MagneticFieldStrength": 3,
    "Manufacturer": "Siemens",
    "ManufacturersModelName": "Verio",
    "MultibandAccellerationFactor": 3,
    "PhaseEncodingDirection": "j-",
    "PhaseEncodingLines": 96,
    "RepetitionTime": 2.0,
    "ScanningSequence": "EP",
    "SequenceName": "epfid2d1_96",
    "SequenceVariant": "SK_SS",
    "SliceTiming": [
      0,
      0.09,
      0.1825,
      0.2725,
      0.365,
      0.455,
      0.5475,
      0.6375,
      0.73,
      0.82,
      0.9125,
      1.0025,
      1.095,
      1.185,
      1.2775,
      1.3675,
      1.46,
      1.55,
      1.6425,
      1.7325,
      1.825,
      1.915,
      0,
      0.09,
      0.1825,
      0.2725,
      0.365,
      0.455,
      0.5475,
      0.6375,
      0.73,
      0.82,
      0.9125,
      1.0025,
      1.095,
      1.185,
      1.2775,
      1.3675,
      1.46,
      1.55,
      1.6425,
      1.7325,
      1.825,
      1.915,
      0,
      0.09,
      0.1825,
      0.2725,
      0.365,
      0.455,
      0.5475,
      0.6375,
      0.73,
      0.82,
      0.9125,
      1.0025,
      1.095,
      1.185,
      1.2775,
      1.3675,
      1.46,
      1.55,
      1.6425,
      1.7325,
      1.825,
      1.915
    ],
    "SoftwareVersions": "syngo_MR_B17",
    "TaskName": "cuedMFM",
    "TotalReadoutTime": 0.03039,
    "dataset": "ds001597",
    "modality": "bold",
    "run_id": 8,
    "session_id": "post",
    "subject_id": "19",
    "task_id": "cuedMFM"
  },
  "dummy_trs": 0,
  "dvars_nstd": 26.031034874708343,
  "dvars_std": 1.1515957400416665,
  "dvars_vstd": 1.0115621543333333,
  "efc": 0.6077653653253288,
  "fber": 1435.4610595703125,
  "fd_mean": 0.10957707075649366,
  "fd_num": 13,
  "fd_perc": 5.394190871369295,
  "fwhm_avg": 2.066275,
  "fwhm_x": 2.023185,
  "fwhm_y": 2.137845,
  "fwhm_z": 2.037795,
  "gcor": 0.0179542,
  "gsr_x": 0.018974825739860535,
  "gsr_y": 0.036310359835624695,
  "provenance": {
    "md5sum": "5c17614c39dc026f94628e4937a851e3",
    "settings": {
      "fd_thres": 0.2,
      "testing": false
    },
    "software": "mriqc",
    "version": "22.0.6",
    "webapi_port": null,
    "webapi_url": "https://mriqc.nimh.nih.gov/api/v1"
  },
  "size_t": 241,
  "size_x": 96,
  "size_y": 96,
  "size_z": 66,
  "snr": 5.407299230073891,
  "spacing_tr": 2.0,
  "spacing_x": 2.0,
  "spacing_y": 2.0,
  "spacing_z": 2.0,
  "summary_bg_k": 16.85829845911285,
  "summary_bg_mad": 13.159644345181547,
  "summary_bg_mean": 45.515201568603516,
  "summary_bg_median": 14.340381622314453,
  "summary_bg_n": 349192.0,
  "summary_bg_p05": 4.58228759765625,
  "summary_bg_p95": 193.199870300293,
  "summary_bg_stdv": 68.70816040039062,
  "summary_fg_k": 2.957528515308991,
  "summary_fg_mad": 85.96821546795107,
  "summary_fg_mean": 576.619873046875,
  "summary_fg_median": 572.0672607421875,
  "summary_fg_n": 166438.0,
  "summary_fg_p05": 420.0287322998047,
  "summary_fg_p95": 747.2199554443358,
  "summary_fg_stdv": 105.79505920410156,
  "tsnr": 60.6277961730957
}