{
  "bids_meta": {
    "AccelFactPE": 2,
    "DeviceSerialNumber": "40482",
    "EchoTime": 0.418,
    "EchoTrainLength": 147,
    "FlipAngle": 120,
    "InstitutionAddress": "Frew_4805_Pittsburgh_PA_District_US_15213",
    "InstitutionName": "SIBR",
    "MagneticFieldStrength": 3,
    "Manufacturer": "Siemens",
    "ManufacturersModelName": "Verio",
    "PhaseEncodingDirection": "i-",
    "PhaseEncodingLines": 258,
    "RepetitionTime": 3,
    "ScanningSequence": "SE",
    "SequenceName": "_spc3d1_294ns",
    "SequenceVariant": "SK_SP",
    "SoftwareVersions": "syngo_MR_B17",
    "dataset": "ds001597",
    "modality": "T2w",
    "session_id": "pre",
    "subject_id": "04"
  },
  "cjv": 0.41754854698274857,
  "cnr": 1.924947174383722,
  "efc": 0.6086042369918498,
  "fber": -1.0,
  "fwhm_avg": 2.3616948102668416,
  "fwhm_x": 2.363499964781106,
  "fwhm_y": 2.4055176699029124,
  "fwhm_z": 2.316066796116505,
  "icvs_csf": 0.38926245245674174,
  "icvs_gm": 0.4625350518675813,
  "icvs_wm": 0.14820249567567698,
  "inu_med": 0.9262857437133789,
  "inu_range": 0.2142974108457565,
  "provenance": {
    "md5sum": "54fedae7f252ad200ded4e569de41853",
    "settings": {
      "testing": false
    },
    "software": "mriqc",
    "version": "22.0.6",
    "warnings": {
      "large_rot_frame": true,
      "small_air_mask": false
    },
    "webapi_port": null,
    "webapi_url": "https://mriqc.nimh.nih.gov/api/v1"
  },
  "qi_1": 0.0,
  "qi_2": 0.02054596384635162,
  "rpve_csf": 8.446606477911722,
  "rpve_gm": 7.587023832506776,
  "rpve_wm": 26.53092853582272,
  "size_x": 224,
  "size_y": 256,
  "size_z": 256,
  "snr_csf": 10.025736199987335,
  "snr_gm": 9.660935755419517,
  "snr_total": 7.632259963100893,
  "snr_wm": 3.2101079338958276,
  "snrd_csf": 63.000947708061965,
  "snrd_gm": 41.340410606220736,
  "snrd_total": 69.65899554958658,
  "snrd_wm": 104.63562833447702,
  "spacing_x": 0.800000011920929,
  "spacing_y": 0.8046875,
  "spacing_z": 0.8046875,
  "summary_bg_k": 15.939668106080479,
  "summary_bg_mad": 0.0,
  "summary_bg_mean": 3.7099995296020056,
  "summary_bg_median": 0.0,
  "summary_bg_n": 3560211.0,
  "summary_bg_p05": 0.0,
  "summary_bg_p95": 17.636111890897155,
  "summary_bg_stdv": 6.262883020577023,
  "summary_csf_k": 0.773793000794404,
  "summary_csf_mad": 56.08042687051472,
  "summary_csf_mean": 603.8796868752338,
  "summary_csf_median": 602.2678112238646,
  "summary_csf_n": 130013.0,
  "summary_csf_p05": 509.45641993544996,
  "summary_csf_p95": 704.9467694107443,
  "summary_csf_stdv": 60.07194713911695,
  "summary_gm_k": 0.3629207277892865,
  "summary_gm_mad": 39.493710227462024,
  "summary_gm_mean": 394.99207619848335,
  "summary_gm_median": 395.20038216374815,
  "summary_gm_n": 359547.0,
  "summary_gm_p05": 327.40413853898644,
  "summary_gm_p95": 461.30875250324607,
  "summary_gm_stdv": 40.906993130628585,
  "summary_wm_k": 1.1703031603159424,
  "summary_wm_mad": 213.1569543064644,
  "summary_wm_mean": 901.0550735587034,
  "summary_wm_median": 1000.281315529719,
  "summary_wm_n": 46863.0,
  "summary_wm_p05": 136.3715056888759,
  "summary_wm_p95": 1175.4717428395525,
  "summary_wm_stdv": 311.6003149026031,
  "tpm_overlap_csf": 0.10678671344185567,
  "tpm_overlap_gm": 0.3005389563169746,
  "tpm_overlap_wm": 0.03186090481397507,
  "wm2max": 0.8500367782272894
}