{
  "aor": 0.0010111618257261411,
  "aqi": 0.010239339543568465,
  "bids_meta": {
    "BandwidthPerPixelPhaseEncode": 10.965,
    "DeviceSerialNumber": "40482",
    "EchoTime": 0.03,
    "EffectiveEchoSpacing": 0.000949,
    "FlipAngle": 79,
    "ImageType": [
      "ORIGINAL",
      "PRIMARY",
      "M",
      "MB",
      "ND",
      "MOSAIC"
    ],
    "InstitutionAddress": "Frew_4805_Pittsburgh_PA_District_US_15213",
    "InstitutionName": "SIBR",
    "MagneticFieldStrength": 3,
    "Manufacturer": "Siemens",
    "ManufacturersModelName": "Verio",
    "MultibandAccellerationFactor": 3,
    "PhaseEncodingDirection": "j-",
    "PhaseEncodingLines": 96,
    "RepetitionTime": 2.0,
    "ScanningSequence": "EP",
    "SequenceName": "epfid2d1_96",
    "SequenceVariant": "SK_SS",
    "SliceTiming": [
      0,
      0.09,
      0.1825,
      0.2725,
      0.365,
      0.455,
      0.5475,
      0.6375,
      0.73,
      0.82,
      0.9125,
      1.0025,
      1.095,
      1.185,
      1.2775,
      1.3675,
      1.46,
      1.55,
      1.6425,
      1.7325,
      1.825,
      1.915,
      0,
      0.09,
      0.1825,
      0.2725,
      0.365,
      0.455,
      0.5475,
      0.6375,
      0.73,
      0.82,
      0.9125,
      1.0025,
      1.095,
      1.185,
      1.2775,
      1.3675,
      1.46,
      1.55,
      1.6425,
      1.7325,
      1.825,
      1.915,
      0,
      0.09,
      0.1825,
      0.2725,
      0.365,
      0.455,
      0.5475,
      0.6375,
      0.73,
      0.82,
      0.9125,
      1.0025,
      1.095,
      1.185,
      1.2775,
      1.3675,
      1.46,
      1.55,
      1.6425,
      1.7325,
      1.825,
      1.915
    ],
    "SoftwareVersions": "syngo_MR_B17",
    "TaskName": "cuedMFM",
    "TotalReadoutTime": 0.03039,
    "dataset": "ds001597",
    "modality": "bold",
    "run_id": 7,
    "session_id": "post",
    "subject_id": "12",
    "task_id": "cuedMFM"
  },
  "dummy_trs": 0,
  "dvars_nstd": 32.22178975741665,
  "dvars_std": 1.1820018395833336,
  "dvars_vstd": 1.0079551826666668,
  "efc": 0.6036020575900611,
  "fber": 1388.7529296875,
  "fd_mean": 0.08886526553740522,
  "fd_num": 6,
  "fd_perc": 2.4896265560165975,
  "fwhm_avg": 2.1124716666666665,
  "fwhm_x": 2.034485,
  "fwhm_y": 2.265645,
  "fwhm_z": 2.037285,
  "gcor": 0.00714246,
  "gsr_x": -0.004559983499348164,
  "gsr_y": 0.05251381918787956,
  "provenance": {
    "md5sum": "4cf7525437ca3e42474af50b9ef463a1",
    "settings": {
      "fd_thres": 0.2,
      "testing": false
    },
    "software": "mriqc",
    "version": "22.0.6",
    "webapi_port": null,
    "webapi_url": "https://mriqc.nimh.nih.gov/api/v1"
  },
  "size_t": 241,
  "size_x": 96,
  "size_y": 96,
  "size_z": 66,
  "snr": 5.364474158531046,
  "spacing_tr": 2.0,
  "spacing_x": 2.0,
  "spacing_y": 2.0,
  "spacing_z": 2.0,
  "summary_bg_k": 13.035984063308348,
  "summary_bg_mad": 13.164846155600518,
  "summary_bg_mean": 40.24104309082031,
  "summary_bg_median": 14.018476486206055,
  "summary_bg_n": 348169.0,
  "summary_bg_p05": 4.333140277862549,
  "summary_bg_p95": 164.69340515136705,
  "summary_bg_stdv": 60.0225715637207,
  "summary_fg_k": 2.955169403739978,
  "summary_fg_mad": 84.5160408004692,
  "summary_fg_mean": 556.9505615234375,
  "summary_fg_median": 557.7042236328125,
  "summary_fg_n": 167286.0,
  "summary_fg_p05": 391.1476058959961,
  "summary_fg_p95": 713.7892761230469,
  "summary_fg_stdv": 103.96220397949219,
  "tsnr": 52.23876953125
}