{
  "aor": 0.0004512033195020747,
  "aqi": 0.011478273195020747,
  "bids_meta": {
    "BandwidthPerPixelPhaseEncode": 10.965,
    "DeviceSerialNumber": "40482",
    "EchoTime": 0.03,
    "EffectiveEchoSpacing": 0.000949,
    "FlipAngle": 79,
    "ImageType": [
      "ORIGINAL",
      "PRIMARY",
      "M",
      "MB",
      "ND",
      "MOSAIC"
    ],
    "InstitutionAddress": "Frew_4805_Pittsburgh_PA_District_US_15213",
    "InstitutionName": "SIBR",
    "MagneticFieldStrength": 3,
    "Manufacturer": "Siemens",
    "ManufacturersModelName": "Verio",
    "MultibandAccellerationFactor": 3,
    "PhaseEncodingDirection": "j-",
    "PhaseEncodingLines": 96,
    "RepetitionTime": 2.0,
    "ScanningSequence": "EP",
    "SequenceName": "epfid2d1_96",
    "SequenceVariant": "SK_SS",
    "SliceTiming": [
      0,
      0.09,
      0.1825,
      0.2725,
      0.365,
      0.455,
      0.5475,
      0.6375,
      0.73,
      0.82,
      0.9125,
      1.0025,
      1.095,
      1.185,
      1.2775,
      1.3675,
      1.46,
      1.55,
      1.6425,
      1.7325,
      1.825,
      1.915,
      0,
      0.09,
      0.1825,
      0.2725,
      0.365,
      0.455,
      0.5475,
      0.6375,
      0.73,
      0.82,
      0.9125,
      1.0025,
      1.095,
      1.185,
      1.2775,
      1.3675,
      1.46,
      1.55,
      1.6425,
      1.7325,
      1.825,
      1.915,
      0,
      0.09,
      0.1825,
      0.2725,
      0.365,
      0.455,
      0.5475,
      0.6375,
      0.73,
      0.82,
      0.9125,
      1.0025,
      1.095,
      1.185,
      1.2775,
      1.3675,
      1.46,
      1.55,
      1.6425,
      1.7325,
      1.825,
      1.915
    ],
    "SoftwareVersions": "syngo_MR_B17",
    "TaskName": "cuedMFM",
    "TotalReadoutTime": 0.03039,
    "dataset": "ds001597",
    "modality": "bold",
    "run_id": 6,
    "session_id": "post",
    "subject_id": "12",
    "task_id": "cuedMFM"
  },
  "dummy_trs": 0,
  "dvars_nstd": 34.007713182749995,
  "dvars_std": 1.2056827815416666,
  "dvars_vstd": 0.9890486226666672,
  "efc": 0.6021046018467432,
  "fber": 1437.5374755859375,
  "fd_mean": 0.09604973411583509,
  "fd_num": 12,
  "fd_perc": 4.979253112033195,
  "fwhm_avg": 2.1346849999999997,
  "fwhm_x": 2.0579,
  "fwhm_y": 2.28079,
  "fwhm_z": 2.065365,
  "gcor": 0.00628157,
  "gsr_x": -0.004105220083147287,
  "gsr_y": 0.049982212483882904,
  "provenance": {
    "md5sum": "81500686ace9e4eda00ac8ab8cadaaa9",
    "settings": {
      "fd_thres": 0.2,
      "testing": false
    },
    "software": "mriqc",
    "version": "22.0.6",
    "webapi_port": null,
    "webapi_url": "https://mriqc.nimh.nih.gov/api/v1"
  },
  "size_t": 241,
  "size_x": 96,
  "size_y": 96,
  "size_z": 66,
  "snr": 5.349363862975672,
  "spacing_tr": 2.0,
  "spacing_x": 2.0,
  "spacing_y": 2.0,
  "spacing_z": 2.0,
  "summary_bg_k": 14.186460540863926,
  "summary_bg_mad": 12.686351353477862,
  "summary_bg_mean": 39.390811920166016,
  "summary_bg_median": 13.74731731414795,
  "summary_bg_n": 347814.0,
  "summary_bg_p05": 4.4107523441314695,
  "summary_bg_p95": 160.17751693725566,
  "summary_bg_stdv": 59.280029296875,
  "summary_fg_k": 3.004726389613343,
  "summary_fg_mad": 84.47638318192304,
  "summary_fg_mean": 559.1983642578125,
  "summary_fg_median": 559.8915405273438,
  "summary_fg_n": 167341.0,
  "summary_fg_p05": 392.5968322753906,
  "summary_fg_p95": 716.8778686523438,
  "summary_fg_stdv": 104.66475677490234,
  "tsnr": 49.93769836425781
}