{
  "aor": 0.0007397095435684646,
  "aqi": 0.01186638161825726,
  "bids_meta": {
    "BandwidthPerPixelPhaseEncode": 10.965,
    "DeviceSerialNumber": "40482",
    "EchoTime": 0.03,
    "EffectiveEchoSpacing": 0.000949,
    "FlipAngle": 79,
    "ImageType": [
      "ORIGINAL",
      "PRIMARY",
      "M",
      "MB",
      "ND",
      "MOSAIC"
    ],
    "InstitutionAddress": "Frew_4805_Pittsburgh_PA_District_US_15213",
    "InstitutionName": "SIBR",
    "MagneticFieldStrength": 3,
    "Manufacturer": "Siemens",
    "ManufacturersModelName": "Verio",
    "MultibandAccellerationFactor": 3,
    "PhaseEncodingDirection": "j-",
    "PhaseEncodingLines": 96,
    "RepetitionTime": 2.0,
    "ScanningSequence": "EP",
    "SequenceName": "epfid2d1_96",
    "SequenceVariant": "SK_SS",
    "SliceTiming": [
      0,
      0.09,
      0.1825,
      0.2725,
      0.365,
      0.455,
      0.5475,
      0.6375,
      0.73,
      0.82,
      0.9125,
      1.0025,
      1.095,
      1.185,
      1.2775,
      1.3675,
      1.46,
      1.55,
      1.6425,
      1.7325,
      1.825,
      1.915,
      0,
      0.09,
      0.1825,
      0.2725,
      0.365,
      0.455,
      0.5475,
      0.6375,
      0.73,
      0.82,
      0.9125,
      1.0025,
      1.095,
      1.185,
      1.2775,
      1.3675,
      1.46,
      1.55,
      1.6425,
      1.7325,
      1.825,
      1.915,
      0,
      0.09,
      0.1825,
      0.2725,
      0.365,
      0.455,
      0.5475,
      0.6375,
      0.73,
      0.82,
      0.9125,
      1.0025,
      1.095,
      1.185,
      1.2775,
      1.3675,
      1.46,
      1.55,
      1.6425,
      1.7325,
      1.825,
      1.915
    ],
    "SoftwareVersions": "syngo_MR_B17",
    "TaskName": "cuedMFM",
    "TotalReadoutTime": 0.03039,
    "dataset": "ds001597",
    "modality": "bold",
    "run_id": 5,
    "session_id": "post",
    "subject_id": "12",
    "task_id": "cuedMFM"
  },
  "dummy_trs": 0,
  "dvars_nstd": 36.09866528512498,
  "dvars_std": 1.2555607661666666,
  "dvars_vstd": 0.9947088656666666,
  "efc": 0.6000869970593251,
  "fber": 1516.6480712890625,
  "fd_mean": 0.07894927673550824,
  "fd_num": 8,
  "fd_perc": 3.319502074688797,
  "fwhm_avg": 2.1317,
  "fwhm_x": 2.055295,
  "fwhm_y": 2.274635,
  "fwhm_z": 2.06517,
  "gcor": 0.0113893,
  "gsr_x": -0.005678306799381971,
  "gsr_y": 0.050382647663354874,
  "provenance": {
    "md5sum": "8059365799857d2dd7ee2d8f041155d5",
    "settings": {
      "fd_thres": 0.2,
      "testing": false
    },
    "software": "mriqc",
    "version": "22.0.6",
    "webapi_port": null,
    "webapi_url": "https://mriqc.nimh.nih.gov/api/v1"
  },
  "size_t": 241,
  "size_x": 96,
  "size_y": 96,
  "size_z": 66,
  "snr": 5.347219049624509,
  "spacing_tr": 2.0,
  "spacing_x": 2.0,
  "spacing_y": 2.0,
  "spacing_z": 2.0,
  "summary_bg_k": 14.10179659776967,
  "summary_bg_mad": 12.359636231320577,
  "summary_bg_mean": 38.33498764038086,
  "summary_bg_median": 13.454989433288574,
  "summary_bg_n": 348390.0,
  "summary_bg_p05": 4.33999342918396,
  "summary_bg_p95": 154.9679748535156,
  "summary_bg_stdv": 57.48811340332031,
  "summary_fg_k": 2.93299609946997,
  "summary_fg_mad": 84.18577179125344,
  "summary_fg_mean": 556.0626831054688,
  "summary_fg_median": 556.8944702148438,
  "summary_fg_n": 166766.0,
  "summary_fg_p05": 387.9956283569336,
  "summary_fg_p95": 712.5188140869141,
  "summary_fg_stdv": 104.14624786376953,
  "tsnr": 48.21234893798828
}