{
  "aor": 0.000755933609958506,
  "aqi": 0.019079641908713692,
  "bids_meta": {
    "BandwidthPerPixelPhaseEncode": 10.965,
    "DeviceSerialNumber": "40482",
    "EchoTime": 0.03,
    "EffectiveEchoSpacing": 0.000949,
    "FlipAngle": 79,
    "ImageType": [
      "ORIGINAL",
      "PRIMARY",
      "M",
      "MB",
      "ND",
      "MOSAIC"
    ],
    "InstitutionAddress": "Frew_4805_Pittsburgh_PA_District_US_15213",
    "InstitutionName": "SIBR",
    "MagneticFieldStrength": 3,
    "Manufacturer": "Siemens",
    "ManufacturersModelName": "Verio",
    "MultibandAccellerationFactor": 3,
    "PhaseEncodingDirection": "j-",
    "PhaseEncodingLines": 96,
    "RepetitionTime": 2.0,
    "ScanningSequence": "EP",
    "SequenceName": "epfid2d1_96",
    "SequenceVariant": "SK_SS",
    "SliceTiming": [
      0,
      0.09,
      0.1825,
      0.2725,
      0.365,
      0.455,
      0.5475,
      0.6375,
      0.73,
      0.82,
      0.9125,
      1.0025,
      1.095,
      1.185,
      1.2775,
      1.3675,
      1.46,
      1.55,
      1.6425,
      1.7325,
      1.825,
      1.915,
      0,
      0.09,
      0.1825,
      0.2725,
      0.365,
      0.455,
      0.5475,
      0.6375,
      0.73,
      0.82,
      0.9125,
      1.0025,
      1.095,
      1.185,
      1.2775,
      1.3675,
      1.46,
      1.55,
      1.6425,
      1.7325,
      1.825,
      1.915,
      0,
      0.09,
      0.1825,
      0.2725,
      0.365,
      0.455,
      0.5475,
      0.6375,
      0.73,
      0.82,
      0.9125,
      1.0025,
      1.095,
      1.185,
      1.2775,
      1.3675,
      1.46,
      1.55,
      1.6425,
      1.7325,
      1.825,
      1.915
    ],
    "SoftwareVersions": "syngo_MR_B17",
    "TaskName": "cuedMFM",
    "TotalReadoutTime": 0.03039,
    "dataset": "ds001597",
    "modality": "bold",
    "run_id": 5,
    "session_id": "pre",
    "subject_id": "09",
    "task_id": "cuedMFM"
  },
  "dummy_trs": 0,
  "dvars_nstd": 34.41620045483334,
  "dvars_std": 1.229845447208333,
  "dvars_vstd": 0.9662550257500004,
  "efc": 0.5399073744501528,
  "fber": 3530.06689453125,
  "fd_mean": 0.2528943415648635,
  "fd_num": 138,
  "fd_perc": 57.261410788381745,
  "fwhm_avg": 2.1032433333333334,
  "fwhm_x": 2.020285,
  "fwhm_y": 2.206055,
  "fwhm_z": 2.08339,
  "gcor": 0.0161712,
  "gsr_x": -0.0036333829630166292,
  "gsr_y": 0.018005507066845894,
  "provenance": {
    "md5sum": "1f113a6785c9a839cba4c44430d20c46",
    "settings": {
      "fd_thres": 0.2,
      "testing": false
    },
    "software": "mriqc",
    "version": "22.0.6",
    "webapi_port": null,
    "webapi_url": "https://mriqc.nimh.nih.gov/api/v1"
  },
  "size_t": 241,
  "size_x": 96,
  "size_y": 96,
  "size_z": 66,
  "snr": 6.154267973186771,
  "spacing_tr": 2.0,
  "spacing_x": 2.0,
  "spacing_y": 2.0,
  "spacing_z": 2.0,
  "summary_bg_k": 17.076778647540806,
  "summary_bg_mad": 7.55839384648413,
  "summary_bg_mean": 30.798402786254883,
  "summary_bg_median": 9.74174690246582,
  "summary_bg_n": 386920.0,
  "summary_bg_p05": 3.9011450290679934,
  "summary_bg_p95": 128.72904891967772,
  "summary_bg_stdv": 53.50196075439453,
  "summary_fg_k": 3.474576849671596,
  "summary_fg_mad": 78.22192654517673,
  "summary_fg_mean": 590.0908813476562,
  "summary_fg_median": 587.658935546875,
  "summary_fg_n": 135172.0,
  "summary_fg_p05": 449.93314971923826,
  "summary_fg_p95": 740.0324188232422,
  "summary_fg_stdv": 95.48767852783203,
  "tsnr": 44.11219787597656
}