{
  "aor": 0.0005243750000000001,
  "aqi": 0.017138619583333334,
  "bids_meta": {
    "BandwidthPerPixelPhaseEncode": 10.965,
    "DeviceSerialNumber": "40482",
    "EchoTime": 0.03,
    "EffectiveEchoSpacing": 0.000949,
    "FlipAngle": 79,
    "ImageType": [
      "ORIGINAL",
      "PRIMARY",
      "M",
      "MB",
      "ND",
      "MOSAIC"
    ],
    "InstitutionAddress": "Frew_4805_Pittsburgh_PA_District_US_15213",
    "InstitutionName": "SIBR",
    "MagneticFieldStrength": 3,
    "Manufacturer": "Siemens",
    "ManufacturersModelName": "Verio",
    "MultibandAccellerationFactor": 3,
    "PhaseEncodingDirection": "j-",
    "PhaseEncodingLines": 96,
    "RepetitionTime": 2.0,
    "ScanningSequence": "EP",
    "SequenceName": "epfid2d1_96",
    "SequenceVariant": "SK_SS",
    "SliceTiming": [
      0,
      0.09,
      0.1825,
      0.2725,
      0.365,
      0.455,
      0.5475,
      0.6375,
      0.73,
      0.82,
      0.9125,
      1.0025,
      1.095,
      1.185,
      1.2775,
      1.3675,
      1.46,
      1.55,
      1.6425,
      1.7325,
      1.825,
      1.915,
      0,
      0.09,
      0.1825,
      0.2725,
      0.365,
      0.455,
      0.5475,
      0.6375,
      0.73,
      0.82,
      0.9125,
      1.0025,
      1.095,
      1.185,
      1.2775,
      1.3675,
      1.46,
      1.55,
      1.6425,
      1.7325,
      1.825,
      1.915,
      0,
      0.09,
      0.1825,
      0.2725,
      0.365,
      0.455,
      0.5475,
      0.6375,
      0.73,
      0.82,
      0.9125,
      1.0025,
      1.095,
      1.185,
      1.2775,
      1.3675,
      1.46,
      1.55,
      1.6425,
      1.7325,
      1.825,
      1.915
    ],
    "SoftwareVersions": "syngo_MR_B17",
    "TaskName": "cuedMFM",
    "TotalReadoutTime": 0.03039,
    "dataset": "ds001597",
    "modality": "bold",
    "run_id": 6,
    "session_id": "pre",
    "subject_id": "09",
    "task_id": "cuedMFM"
  },
  "dummy_trs": 1,
  "dvars_nstd": 34.882821924853566,
  "dvars_std": 1.222599353430962,
  "dvars_vstd": 0.9555569353556493,
  "efc": 0.5382262565003008,
  "fber": 3708.400634765625,
  "fd_mean": 0.2658220063094818,
  "fd_num": 151,
  "fd_perc": 62.916666666666664,
  "fwhm_avg": 2.1009766666666665,
  "fwhm_x": 2.025985,
  "fwhm_y": 2.197925,
  "fwhm_z": 2.07902,
  "gcor": 0.00742708,
  "gsr_x": -0.000857462000567466,
  "gsr_y": 0.01844152994453907,
  "provenance": {
    "md5sum": "f0d2667b523f18b5314a0a7d88988d47",
    "settings": {
      "fd_thres": 0.2,
      "testing": false
    },
    "software": "mriqc",
    "version": "22.0.6",
    "webapi_port": null,
    "webapi_url": "https://mriqc.nimh.nih.gov/api/v1"
  },
  "size_t": 240,
  "size_x": 96,
  "size_y": 96,
  "size_z": 66,
  "snr": 6.0796682737803085,
  "spacing_tr": 2.0,
  "spacing_x": 2.0,
  "spacing_y": 2.0,
  "spacing_z": 2.0,
  "summary_bg_k": 17.411239430717163,
  "summary_bg_mad": 7.2125264756097565,
  "summary_bg_mean": 30.638004302978516,
  "summary_bg_median": 9.570877075195312,
  "summary_bg_n": 387906.0,
  "summary_bg_p05": 3.9435179829597473,
  "summary_bg_p95": 127.3919734954834,
  "summary_bg_stdv": 53.54587936401367,
  "summary_fg_k": 3.4634637086410196,
  "summary_fg_mad": 79.87754728429894,
  "summary_fg_mean": 593.578369140625,
  "summary_fg_median": 591.2850952148438,
  "summary_fg_n": 134605.0,
  "summary_fg_p05": 450.47527465820315,
  "summary_fg_p95": 745.606701660156,
  "summary_fg_stdv": 97.25578308105469,
  "tsnr": 46.708221435546875
}