{
  "aor": 0.0009403734439834024,
  "aqi": 0.012654072531120332,
  "bids_meta": {
    "BandwidthPerPixelPhaseEncode": 10.965,
    "DeviceSerialNumber": "40482",
    "EchoTime": 0.03,
    "EffectiveEchoSpacing": 0.000949,
    "FlipAngle": 79,
    "ImageType": [
      "ORIGINAL",
      "PRIMARY",
      "M",
      "MB",
      "ND",
      "MOSAIC"
    ],
    "InstitutionAddress": "Frew_4805_Pittsburgh_PA_District_US_15213",
    "InstitutionName": "SIBR",
    "MagneticFieldStrength": 3,
    "Manufacturer": "Siemens",
    "ManufacturersModelName": "Verio",
    "MultibandAccellerationFactor": 3,
    "PhaseEncodingDirection": "j-",
    "PhaseEncodingLines": 96,
    "RepetitionTime": 2.0,
    "ScanningSequence": "EP",
    "SequenceName": "epfid2d1_96",
    "SequenceVariant": "SK_SS",
    "SliceTiming": [
      0,
      0.09,
      0.1825,
      0.2725,
      0.365,
      0.455,
      0.5475,
      0.6375,
      0.73,
      0.82,
      0.9125,
      1.0025,
      1.095,
      1.185,
      1.2775,
      1.3675,
      1.46,
      1.55,
      1.6425,
      1.7325,
      1.825,
      1.915,
      0,
      0.09,
      0.1825,
      0.2725,
      0.365,
      0.455,
      0.5475,
      0.6375,
      0.73,
      0.82,
      0.9125,
      1.0025,
      1.095,
      1.185,
      1.2775,
      1.3675,
      1.46,
      1.55,
      1.6425,
      1.7325,
      1.825,
      1.915,
      0,
      0.09,
      0.1825,
      0.2725,
      0.365,
      0.455,
      0.5475,
      0.6375,
      0.73,
      0.82,
      0.9125,
      1.0025,
      1.095,
      1.185,
      1.2775,
      1.3675,
      1.46,
      1.55,
      1.6425,
      1.7325,
      1.825,
      1.915
    ],
    "SoftwareVersions": "syngo_MR_B17",
    "TaskName": "cuedMFM",
    "TotalReadoutTime": 0.03039,
    "dataset": "ds001597",
    "modality": "bold",
    "run_id": 3,
    "session_id": "pre",
    "subject_id": "09",
    "task_id": "cuedMFM"
  },
  "dummy_trs": 0,
  "dvars_nstd": 34.684301654208326,
  "dvars_std": 1.3516944557500008,
  "dvars_vstd": 1.0011781105416668,
  "efc": 0.5399699897711416,
  "fber": 3247.444091796875,
  "fd_mean": 0.1691031662839791,
  "fd_num": 67,
  "fd_perc": 27.800829875518673,
  "fwhm_avg": 2.0359200000000004,
  "fwhm_x": 1.967055,
  "fwhm_y": 2.13354,
  "fwhm_z": 2.007165,
  "gcor": 0.0130737,
  "gsr_x": -0.002822290174663067,
  "gsr_y": 0.018400607630610466,
  "provenance": {
    "md5sum": "c237844ef355984c4acb3a8895d43902",
    "settings": {
      "fd_thres": 0.2,
      "testing": false
    },
    "software": "mriqc",
    "version": "22.0.6",
    "webapi_port": null,
    "webapi_url": "https://mriqc.nimh.nih.gov/api/v1"
  },
  "size_t": 241,
  "size_x": 96,
  "size_y": 96,
  "size_z": 66,
  "snr": 6.326670591042436,
  "spacing_tr": 2.0,
  "spacing_x": 2.0,
  "spacing_y": 2.0,
  "spacing_z": 2.0,
  "summary_bg_k": 16.14153818384105,
  "summary_bg_mad": 8.111133923288147,
  "summary_bg_mean": 31.752965927124023,
  "summary_bg_median": 10.394126892089844,
  "summary_bg_n": 387788.0,
  "summary_bg_p05": 4.060096716880799,
  "summary_bg_p95": 134.0165687561032,
  "summary_bg_stdv": 54.25788879394531,
  "summary_fg_k": 3.789642597909456,
  "summary_fg_mad": 78.64574047891519,
  "summary_fg_mean": 608.2971801757812,
  "summary_fg_median": 605.5684814453125,
  "summary_fg_n": 134510.0,
  "summary_fg_p05": 472.2671157836914,
  "summary_fg_p95": 759.1198822021485,
  "summary_fg_stdv": 95.71641540527344,
  "tsnr": 55.07088851928711
}