{
  "aor": 0.0021112448132780083,
  "aqi": 0.012658053609958508,
  "bids_meta": {
    "BandwidthPerPixelPhaseEncode": 10.965,
    "DeviceSerialNumber": "40482",
    "EchoTime": 0.03,
    "EffectiveEchoSpacing": 0.000949,
    "FlipAngle": 79,
    "ImageType": [
      "ORIGINAL",
      "PRIMARY",
      "M",
      "MB",
      "ND",
      "MOSAIC"
    ],
    "InstitutionAddress": "Frew_4805_Pittsburgh_PA_District_US_15213",
    "InstitutionName": "SIBR",
    "MagneticFieldStrength": 3,
    "Manufacturer": "Siemens",
    "ManufacturersModelName": "Verio",
    "MultibandAccellerationFactor": 3,
    "PhaseEncodingDirection": "j-",
    "PhaseEncodingLines": 96,
    "RepetitionTime": 2.0,
    "ScanningSequence": "EP",
    "SequenceName": "epfid2d1_96",
    "SequenceVariant": "SK_SS",
    "SliceTiming": [
      0,
      0.09,
      0.1825,
      0.2725,
      0.365,
      0.455,
      0.5475,
      0.6375,
      0.73,
      0.82,
      0.9125,
      1.0025,
      1.095,
      1.185,
      1.2775,
      1.3675,
      1.46,
      1.55,
      1.6425,
      1.7325,
      1.825,
      1.915,
      0,
      0.09,
      0.1825,
      0.2725,
      0.365,
      0.455,
      0.5475,
      0.6375,
      0.73,
      0.82,
      0.9125,
      1.0025,
      1.095,
      1.185,
      1.2775,
      1.3675,
      1.46,
      1.55,
      1.6425,
      1.7325,
      1.825,
      1.915,
      0,
      0.09,
      0.1825,
      0.2725,
      0.365,
      0.455,
      0.5475,
      0.6375,
      0.73,
      0.82,
      0.9125,
      1.0025,
      1.095,
      1.185,
      1.2775,
      1.3675,
      1.46,
      1.55,
      1.6425,
      1.7325,
      1.825,
      1.915
    ],
    "SoftwareVersions": "syngo_MR_B17",
    "TaskName": "cuedMFM",
    "TotalReadoutTime": 0.03039,
    "dataset": "ds001597",
    "modality": "bold",
    "run_id": 2,
    "session_id": "pre",
    "subject_id": "02",
    "task_id": "cuedMFM"
  },
  "dummy_trs": 0,
  "dvars_nstd": 33.101046641666656,
  "dvars_std": 1.1895357175833332,
  "dvars_vstd": 1.0147668490416661,
  "efc": 0.6043070440531765,
  "fber": 1502.6392822265625,
  "fd_mean": 0.19512658588863566,
  "fd_num": 78,
  "fd_perc": 32.365145228215766,
  "fwhm_avg": 2.1199583333333334,
  "fwhm_x": 1.98425,
  "fwhm_y": 2.290305,
  "fwhm_z": 2.08532,
  "gcor": 0.00968977,
  "gsr_x": 0.009473753161728382,
  "gsr_y": 0.06201893091201782,
  "provenance": {
    "md5sum": "e0a64f82e8b7efd53d85855ab8771954",
    "settings": {
      "fd_thres": 0.2,
      "testing": false
    },
    "software": "mriqc",
    "version": "22.0.6",
    "webapi_port": null,
    "webapi_url": "https://mriqc.nimh.nih.gov/api/v1"
  },
  "size_t": 241,
  "size_x": 96,
  "size_y": 96,
  "size_z": 66,
  "snr": 5.374343463610974,
  "spacing_tr": 2.0,
  "spacing_x": 2.0,
  "spacing_y": 2.0,
  "spacing_z": 2.0,
  "summary_bg_k": 8.911926307526645,
  "summary_bg_mad": 14.160133894641543,
  "summary_bg_mean": 51.387813568115234,
  "summary_bg_median": 14.789549827575684,
  "summary_bg_n": 356575.0,
  "summary_bg_p05": 4.483198451995849,
  "summary_bg_p95": 222.04330596923828,
  "summary_bg_stdv": 77.47528839111328,
  "summary_fg_k": 3.7855385017598158,
  "summary_fg_mad": 84.63012714977222,
  "summary_fg_mean": 615.750732421875,
  "summary_fg_median": 607.5543212890625,
  "summary_fg_n": 158583.0,
  "summary_fg_p05": 459.3476196289063,
  "summary_fg_p95": 802.3256469726563,
  "summary_fg_stdv": 113.04681396484375,
  "tsnr": 47.116180419921875
}