{
  "aor": 0.0007990871369294606,
  "aqi": 0.010546519875518672,
  "bids_meta": {
    "BandwidthPerPixelPhaseEncode": 10.965,
    "DeviceSerialNumber": "40482",
    "EchoTime": 0.03,
    "EffectiveEchoSpacing": 0.000949,
    "FlipAngle": 79,
    "ImageType": [
      "ORIGINAL",
      "PRIMARY",
      "M",
      "MB",
      "ND",
      "MOSAIC"
    ],
    "InstitutionAddress": "Frew_4805_Pittsburgh_PA_District_US_15213",
    "InstitutionName": "SIBR",
    "MagneticFieldStrength": 3,
    "Manufacturer": "Siemens",
    "ManufacturersModelName": "Verio",
    "MultibandAccellerationFactor": 3,
    "PhaseEncodingDirection": "j-",
    "PhaseEncodingLines": 96,
    "RepetitionTime": 2.0,
    "ScanningSequence": "EP",
    "SequenceName": "epfid2d1_96",
    "SequenceVariant": "SK_SS",
    "SliceTiming": [
      0,
      0.09,
      0.1825,
      0.2725,
      0.365,
      0.455,
      0.5475,
      0.6375,
      0.73,
      0.82,
      0.9125,
      1.0025,
      1.095,
      1.185,
      1.2775,
      1.3675,
      1.46,
      1.55,
      1.6425,
      1.7325,
      1.825,
      1.915,
      0,
      0.09,
      0.1825,
      0.2725,
      0.365,
      0.455,
      0.5475,
      0.6375,
      0.73,
      0.82,
      0.9125,
      1.0025,
      1.095,
      1.185,
      1.2775,
      1.3675,
      1.46,
      1.55,
      1.6425,
      1.7325,
      1.825,
      1.915,
      0,
      0.09,
      0.1825,
      0.2725,
      0.365,
      0.455,
      0.5475,
      0.6375,
      0.73,
      0.82,
      0.9125,
      1.0025,
      1.095,
      1.185,
      1.2775,
      1.3675,
      1.46,
      1.55,
      1.6425,
      1.7325,
      1.825,
      1.915
    ],
    "SoftwareVersions": "syngo_MR_B17",
    "TaskName": "cuedMFM",
    "TotalReadoutTime": 0.03039,
    "dataset": "ds001597",
    "modality": "bold",
    "run_id": 6,
    "session_id": "pre",
    "subject_id": "02",
    "task_id": "cuedMFM"
  },
  "dummy_trs": 0,
  "dvars_nstd": 33.102928964291664,
  "dvars_std": 1.1766937827499997,
  "dvars_vstd": 1.0067378307083328,
  "efc": 0.6053590942661872,
  "fber": 1396.23876953125,
  "fd_mean": 0.1525356509812526,
  "fd_num": 61,
  "fd_perc": 25.311203319502074,
  "fwhm_avg": 1.9983167096476777,
  "fwhm_x": 1.87885,
  "fwhm_y": 2.1633051289430334,
  "fwhm_z": 1.952795,
  "gcor": 0.0127958,
  "gsr_x": 0.0038820146583020687,
  "gsr_y": 0.050662700086832047,
  "provenance": {
    "md5sum": "3ae1c3ccc5af5abd86d8b9a559a7b6db",
    "settings": {
      "fd_thres": 0.2,
      "testing": false
    },
    "software": "mriqc",
    "version": "22.0.6",
    "webapi_port": null,
    "webapi_url": "https://mriqc.nimh.nih.gov/api/v1"
  },
  "size_t": 241,
  "size_x": 96,
  "size_y": 96,
  "size_z": 66,
  "snr": 5.635938500126207,
  "spacing_tr": 2.0,
  "spacing_x": 2.0,
  "spacing_y": 1.9999998807907104,
  "spacing_z": 2.0,
  "summary_bg_k": 8.450895932107962,
  "summary_bg_mad": 12.405931495697617,
  "summary_bg_mean": 44.89168930053711,
  "summary_bg_median": 13.474454879760742,
  "summary_bg_n": 357078.0,
  "summary_bg_p05": 4.416884660720825,
  "summary_bg_p95": 193.67309799194322,
  "summary_bg_stdv": 67.84564208984375,
  "summary_fg_k": 3.708668504424261,
  "summary_fg_mad": 74.28095918567126,
  "summary_fg_mean": 537.1146850585938,
  "summary_fg_median": 529.684326171875,
  "summary_fg_n": 160463.0,
  "summary_fg_p05": 409.399365234375,
  "summary_fg_p95": 692.8501525878906,
  "summary_fg_stdv": 93.98304748535156,
  "tsnr": 51.2020263671875
}