{
  "bids_meta": {
    "AccelFactPE": 2,
    "DeviceSerialNumber": "40482",
    "EchoTime": 0.00197,
    "FlipAngle": 9,
    "InstitutionAddress": "Frew_4805_Pittsburgh_PA_District_US_15213",
    "InstitutionName": "SIBR",
    "InversionTime": 0.9,
    "MagneticFieldStrength": 3,
    "Manufacturer": "Siemens",
    "ManufacturersModelName": "Verio",
    "PhaseEncodingDirection": "i-",
    "PhaseEncodingLines": 256,
    "RepetitionTime": 2.3,
    "ScanningSequence": "GR_IR",
    "SequenceName": "_tfl3d1_ns",
    "SequenceVariant": "SP_MP",
    "SoftwareVersions": "syngo_MR_B17",
    "dataset": "ds001597",
    "modality": "T1w",
    "session_id": "pre",
    "subject_id": "07"
  },
  "cjv": 0.34590111555925995,
  "cnr": 3.8413379230595215,
  "efc": 0.5229117386651355,
  "fber": 16332.84,
  "fwhm_avg": 3.96997,
  "fwhm_x": 3.79966,
  "fwhm_y": 4.09851,
  "fwhm_z": 4.01174,
  "icvs_csf": 0.21453877249059622,
  "icvs_gm": 0.43246292406511466,
  "icvs_wm": 0.3529983034442891,
  "inu_med": 0.5043539106845856,
  "inu_range": 0.15343297123908994,
  "provenance": {
    "md5sum": "c376fb623d8393268e2b7faa481f198f",
    "settings": {
      "testing": false
    },
    "software": "mriqc",
    "version": "22.0.6",
    "warnings": {
      "large_rot_frame": true,
      "small_air_mask": false
    },
    "webapi_port": null,
    "webapi_url": "https://mriqc.nimh.nih.gov/api/v1"
  },
  "qi_1": 0.0,
  "qi_2": 0.01417747483069914,
  "rpve_csf": 21.700880578117854,
  "rpve_gm": 11.486891416083209,
  "rpve_wm": 16.827957320969755,
  "size_x": 176,
  "size_y": 256,
  "size_z": 256,
  "snr_csf": 1.8715593746215489,
  "snr_gm": 9.298258188262414,
  "snr_total": 11.24738199388513,
  "snr_wm": 22.572328418771427,
  "snrd_csf": 19.373254777897994,
  "snrd_gm": 71.95034762071708,
  "snrd_total": 66.06205652233417,
  "snrd_wm": 106.86256716838743,
  "spacing_x": 1.0,
  "spacing_y": 1.0,
  "spacing_z": 1.0,
  "summary_bg_k": 10.211736696560134,
  "summary_bg_mad": 6.1306444809104015,
  "summary_bg_mean": 4.1138923390347575,
  "summary_bg_median": 4.1350568644702435,
  "summary_bg_n": 3098365.0,
  "summary_bg_p05": 0.0,
  "summary_bg_p95": 13.512193690985441,
  "summary_bg_stdv": 5.239349428871929,
  "summary_csf_k": 3.632303143566567,
  "summary_csf_mad": 74.87109913300813,
  "summary_csf_mean": 200.3866687045471,
  "summary_csf_median": 181.29131197929382,
  "summary_csf_n": 27657.0,
  "summary_csf_p05": 79.77078203111887,
  "summary_csf_p95": 401.1395872570573,
  "summary_csf_stdv": 96.86469845081209,
  "summary_gm_k": -0.025307660704211088,
  "summary_gm_mad": 71.82991328814707,
  "summary_gm_mean": 670.5345790223148,
  "summary_gm_median": 673.2979598455131,
  "summary_gm_n": 33706.0,
  "summary_gm_p05": 545.4123724484816,
  "summary_gm_p95": 785.7747625093907,
  "summary_gm_stdv": 72.41011793107896,
  "summary_wm_k": 0.8727838880622345,
  "summary_wm_mad": 41.17669088359506,
  "summary_wm_mean": 999.2118936743393,
  "summary_wm_median": 1000.0000116415322,
  "summary_wm_n": 217310.0,
  "summary_wm_p05": 926.3504161499441,
  "summary_wm_p95": 1069.742466788739,
  "summary_wm_stdv": 44.30192987741248,
  "tpm_overlap_csf": 0.15751890893734596,
  "tpm_overlap_gm": 0.4587118969533484,
  "tpm_overlap_wm": 0.5132911105844998,
  "wm2max": 0.5231410452592336
}