{
  "bids_meta": {
    "AccelFactPE": 2,
    "DeviceSerialNumber": "40482",
    "EchoTime": 0.418,
    "EchoTrainLength": 147,
    "FlipAngle": 120,
    "InstitutionAddress": "Frew_4805_Pittsburgh_PA_District_US_15213",
    "InstitutionName": "SIBR",
    "MagneticFieldStrength": 3,
    "Manufacturer": "Siemens",
    "ManufacturersModelName": "Verio",
    "PhaseEncodingDirection": "i-",
    "PhaseEncodingLines": 258,
    "RepetitionTime": 3,
    "ScanningSequence": "SE",
    "SequenceName": "_spc3d1_294ns",
    "SequenceVariant": "SK_SP",
    "SoftwareVersions": "syngo_MR_B17",
    "dataset": "ds001597",
    "modality": "T2w",
    "session_id": "pre",
    "subject_id": "07"
  },
  "cjv": 0.3128609520233595,
  "cnr": 2.684622123300993,
  "efc": 0.5683736498420068,
  "fber": 8073.420854667669,
  "fwhm_avg": 2.2599688962951454,
  "fwhm_x": 2.309587465584465,
  "fwhm_y": 2.166493203883495,
  "fwhm_z": 2.303826019417476,
  "icvs_csf": 0.3523657502971516,
  "icvs_gm": 0.15302404724257337,
  "icvs_wm": 0.494610202460275,
  "inu_med": 0.8980485498905182,
  "inu_range": 0.21238053739070895,
  "provenance": {
    "md5sum": "f6acc1616be42de5be5635b8c9fc9bc4",
    "settings": {
      "testing": false
    },
    "software": "mriqc",
    "version": "22.0.6",
    "warnings": {
      "large_rot_frame": true,
      "small_air_mask": false
    },
    "webapi_port": null,
    "webapi_url": "https://mriqc.nimh.nih.gov/api/v1"
  },
  "qi_1": 0.0,
  "qi_2": 0.011600799574921614,
  "rpve_csf": 8.990932780940962,
  "rpve_gm": 24.508741783360687,
  "rpve_wm": 7.506916933797257,
  "size_x": 224,
  "size_y": 256,
  "size_z": 256,
  "snr_csf": 8.851104908328171,
  "snr_gm": 4.373948883287521,
  "snr_total": 7.583955227369821,
  "snr_wm": 9.526811890493772,
  "snrd_csf": 59.558114451780305,
  "snrd_gm": 101.98860939441008,
  "snrd_total": 66.66111458718927,
  "snrd_wm": 38.43661991537744,
  "spacing_x": 0.800000011920929,
  "spacing_y": 0.8046875,
  "spacing_z": 0.8046875,
  "summary_bg_k": 58.18779241372802,
  "summary_bg_mad": 0.0,
  "summary_bg_mean": 9.992172519477327,
  "summary_bg_median": 0.0,
  "summary_bg_n": 3541875.0,
  "summary_bg_p05": 0.0,
  "summary_bg_p95": 45.045534800738096,
  "summary_bg_stdv": 17.045513745535725,
  "summary_csf_k": 0.44997296378102947,
  "summary_csf_mad": 169.4930711553428,
  "summary_csf_mean": 1556.345671052212,
  "summary_csf_median": 1549.5989209972322,
  "summary_csf_n": 72569.0,
  "summary_csf_p05": 1282.5238909572363,
  "summary_csf_p95": 1851.8322348780925,
  "summary_csf_stdv": 175.07285929631266,
  "summary_gm_k": 3.599006727860833,
  "summary_gm_mad": 413.0037423742564,
  "summary_gm_mean": 2476.2843029398173,
  "summary_gm_median": 2653.5668653436005,
  "summary_gm_n": 51110.0,
  "summary_gm_p05": 1086.5351597592237,
  "summary_gm_p95": 3033.7463004840533,
  "summary_gm_stdv": 606.669391127305,
  "summary_wm_k": 0.11609234946927538,
  "summary_wm_mad": 104.31579248915835,
  "summary_wm_mean": 1000.4708263640473,
  "summary_wm_median": 1000.0542377121747,
  "summary_wm_n": 483409.0,
  "summary_wm_p05": 828.8703641854227,
  "summary_wm_p95": 1172.7016845718026,
  "summary_wm_stdv": 104.97249392869814,
  "tpm_overlap_csf": 0.10709080499840169,
  "tpm_overlap_gm": 0.10238793394737929,
  "tpm_overlap_wm": 0.4430398251832481,
  "wm2max": 0.32391102059448357
}