{
  "aor": 0.0007355416666666668,
  "aqi": 0.011253487583333333,
  "bids_meta": {
    "BandwidthPerPixelPhaseEncode": 10.965,
    "DeviceSerialNumber": "40482",
    "EchoTime": 0.03,
    "EffectiveEchoSpacing": 0.000949,
    "FlipAngle": 79,
    "ImageType": [
      "ORIGINAL",
      "PRIMARY",
      "M",
      "MB",
      "ND",
      "MOSAIC"
    ],
    "InstitutionAddress": "Frew_4805_Pittsburgh_PA_District_US_15213",
    "InstitutionName": "SIBR",
    "MagneticFieldStrength": 3,
    "Manufacturer": "Siemens",
    "ManufacturersModelName": "Verio",
    "MultibandAccellerationFactor": 3,
    "PhaseEncodingDirection": "j-",
    "PhaseEncodingLines": 96,
    "RepetitionTime": 2.0,
    "ScanningSequence": "EP",
    "SequenceName": "epfid2d1_96",
    "SequenceVariant": "SK_SS",
    "SliceTiming": [
      0,
      0.09,
      0.1825,
      0.2725,
      0.365,
      0.455,
      0.5475,
      0.6375,
      0.73,
      0.82,
      0.9125,
      1.0025,
      1.095,
      1.185,
      1.2775,
      1.3675,
      1.46,
      1.55,
      1.6425,
      1.7325,
      1.825,
      1.915,
      0,
      0.09,
      0.1825,
      0.2725,
      0.365,
      0.455,
      0.5475,
      0.6375,
      0.73,
      0.82,
      0.9125,
      1.0025,
      1.095,
      1.185,
      1.2775,
      1.3675,
      1.46,
      1.55,
      1.6425,
      1.7325,
      1.825,
      1.915,
      0,
      0.09,
      0.1825,
      0.2725,
      0.365,
      0.455,
      0.5475,
      0.6375,
      0.73,
      0.82,
      0.9125,
      1.0025,
      1.095,
      1.185,
      1.2775,
      1.3675,
      1.46,
      1.55,
      1.6425,
      1.7325,
      1.825,
      1.915
    ],
    "SoftwareVersions": "syngo_MR_B17",
    "TaskName": "cuedMFM",
    "TotalReadoutTime": 0.03039,
    "dataset": "ds001597",
    "modality": "bold",
    "run_id": 5,
    "session_id": "post",
    "subject_id": "19",
    "task_id": "cuedMFM"
  },
  "dummy_trs": 1,
  "dvars_nstd": 27.512368070543946,
  "dvars_std": 1.1260731245606685,
  "dvars_vstd": 0.9803684235564857,
  "efc": 0.6029658445613352,
  "fber": 1560.8609619140625,
  "fd_mean": 0.12977134612557328,
  "fd_num": 27,
  "fd_perc": 11.25,
  "fwhm_avg": 2.114501666666667,
  "fwhm_x": 2.059035,
  "fwhm_y": 2.18746,
  "fwhm_z": 2.09701,
  "gcor": 0.0144556,
  "gsr_x": 0.015717465430498123,
  "gsr_y": 0.03708651289343834,
  "provenance": {
    "md5sum": "ccba080aba5c0dd4d54fe809d727b44c",
    "settings": {
      "fd_thres": 0.2,
      "testing": false
    },
    "software": "mriqc",
    "version": "22.0.6",
    "webapi_port": null,
    "webapi_url": "https://mriqc.nimh.nih.gov/api/v1"
  },
  "size_t": 240,
  "size_x": 96,
  "size_y": 96,
  "size_z": 66,
  "snr": 5.305186696000267,
  "spacing_tr": 2.0,
  "spacing_x": 2.0,
  "spacing_y": 2.0,
  "spacing_z": 2.0,
  "summary_bg_k": 19.945105790520703,
  "summary_bg_mad": 12.84544417939037,
  "summary_bg_mean": 42.701011657714844,
  "summary_bg_median": 13.90772819519043,
  "summary_bg_n": 348834.0,
  "summary_bg_p05": 4.319254589080811,
  "summary_bg_p95": 177.18572692871086,
  "summary_bg_stdv": 64.94439697265625,
  "summary_fg_k": 3.0755187849346397,
  "summary_fg_mad": 88.18008351158709,
  "summary_fg_mean": 580.9727783203125,
  "summary_fg_median": 576.25634765625,
  "summary_fg_n": 166275.0,
  "summary_fg_p05": 420.6078735351563,
  "summary_fg_p95": 755.557861328125,
  "summary_fg_stdv": 108.62098693847656,
  "tsnr": 52.1265983581543
}