{
  "aor": 0.001747666666666667,
  "aqi": 0.010752237375000001,
  "bids_meta": {
    "BandwidthPerPixelPhaseEncode": 10.965,
    "DeviceSerialNumber": "40482",
    "EchoTime": 0.03,
    "EffectiveEchoSpacing": 0.000949,
    "FlipAngle": 79,
    "ImageType": [
      "ORIGINAL",
      "PRIMARY",
      "M",
      "MB",
      "ND",
      "MOSAIC"
    ],
    "InstitutionAddress": "Frew_4805_Pittsburgh_PA_District_US_15213",
    "InstitutionName": "SIBR",
    "MagneticFieldStrength": 3,
    "Manufacturer": "Siemens",
    "ManufacturersModelName": "Verio",
    "MultibandAccellerationFactor": 3,
    "PhaseEncodingDirection": "j-",
    "PhaseEncodingLines": 96,
    "RepetitionTime": 2.0,
    "ScanningSequence": "EP",
    "SequenceName": "epfid2d1_96",
    "SequenceVariant": "SK_SS",
    "SliceTiming": [
      0,
      0.09,
      0.1825,
      0.2725,
      0.365,
      0.455,
      0.5475,
      0.6375,
      0.73,
      0.82,
      0.9125,
      1.0025,
      1.095,
      1.185,
      1.2775,
      1.3675,
      1.46,
      1.55,
      1.6425,
      1.7325,
      1.825,
      1.915,
      0,
      0.09,
      0.1825,
      0.2725,
      0.365,
      0.455,
      0.5475,
      0.6375,
      0.73,
      0.82,
      0.9125,
      1.0025,
      1.095,
      1.185,
      1.2775,
      1.3675,
      1.46,
      1.55,
      1.6425,
      1.7325,
      1.825,
      1.915,
      0,
      0.09,
      0.1825,
      0.2725,
      0.365,
      0.455,
      0.5475,
      0.6375,
      0.73,
      0.82,
      0.9125,
      1.0025,
      1.095,
      1.185,
      1.2775,
      1.3675,
      1.46,
      1.55,
      1.6425,
      1.7325,
      1.825,
      1.915
    ],
    "SoftwareVersions": "syngo_MR_B17",
    "TaskName": "cuedMFM",
    "TotalReadoutTime": 0.03039,
    "dataset": "ds001597",
    "modality": "bold",
    "run_id": 2,
    "session_id": "post",
    "subject_id": "17",
    "task_id": "cuedMFM"
  },
  "dummy_trs": 1,
  "dvars_nstd": 33.28571511117155,
  "dvars_std": 1.1975420298326362,
  "dvars_vstd": 1.000064326066946,
  "efc": 0.6153439815559434,
  "fber": 1122.052734375,
  "fd_mean": 0.13807234898894363,
  "fd_num": 38,
  "fd_perc": 15.833333333333334,
  "fwhm_avg": 2.2294899999999997,
  "fwhm_x": 2.137445,
  "fwhm_y": 2.429425,
  "fwhm_z": 2.1216,
  "gcor": 0.0173034,
  "gsr_x": -0.002751203253865242,
  "gsr_y": 0.0456061027944088,
  "provenance": {
    "md5sum": "3197722a977fb0b004b25e19e136a2a5",
    "settings": {
      "fd_thres": 0.2,
      "testing": false
    },
    "software": "mriqc",
    "version": "22.0.6",
    "webapi_port": null,
    "webapi_url": "https://mriqc.nimh.nih.gov/api/v1"
  },
  "size_t": 240,
  "size_x": 96,
  "size_y": 96,
  "size_z": 66,
  "snr": 5.238135279537002,
  "spacing_tr": 2.0,
  "spacing_x": 2.0,
  "spacing_y": 2.0,
  "spacing_z": 2.0,
  "summary_bg_k": 8.44946369995436,
  "summary_bg_mad": 16.823649940908446,
  "summary_bg_mean": 49.24507141113281,
  "summary_bg_median": 17.56167221069336,
  "summary_bg_n": 342016.0,
  "summary_bg_p05": 4.947492003440857,
  "summary_bg_p95": 202.43245697021484,
  "summary_bg_stdv": 70.60662078857422,
  "summary_fg_k": 1.7587355149022912,
  "summary_fg_mad": 108.05884373831165,
  "summary_fg_mean": 626.3678588867188,
  "summary_fg_median": 622.5296020507812,
  "summary_fg_n": 171988.0,
  "summary_fg_p05": 443.21471710205077,
  "summary_fg_p95": 815.7107818603515,
  "summary_fg_stdv": 118.84530639648438,
  "tsnr": 47.664146423339844
}