{
  "aor": 0.0022911618257261414,
  "aqi": 0.00978244917012448,
  "bids_meta": {
    "BandwidthPerPixelPhaseEncode": 10.965,
    "DeviceSerialNumber": "40482",
    "EchoTime": 0.03,
    "EffectiveEchoSpacing": 0.000949,
    "FlipAngle": 79,
    "ImageType": [
      "ORIGINAL",
      "PRIMARY",
      "M",
      "MB",
      "ND",
      "MOSAIC"
    ],
    "InstitutionAddress": "Frew_4805_Pittsburgh_PA_District_US_15213",
    "InstitutionName": "SIBR",
    "MagneticFieldStrength": 3,
    "Manufacturer": "Siemens",
    "ManufacturersModelName": "Verio",
    "MultibandAccellerationFactor": 3,
    "PhaseEncodingDirection": "j-",
    "PhaseEncodingLines": 96,
    "RepetitionTime": 2.0,
    "ScanningSequence": "EP",
    "SequenceName": "epfid2d1_96",
    "SequenceVariant": "SK_SS",
    "SliceTiming": [
      0,
      0.09,
      0.1825,
      0.2725,
      0.365,
      0.455,
      0.5475,
      0.6375,
      0.73,
      0.82,
      0.9125,
      1.0025,
      1.095,
      1.185,
      1.2775,
      1.3675,
      1.46,
      1.55,
      1.6425,
      1.7325,
      1.825,
      1.915,
      0,
      0.09,
      0.1825,
      0.2725,
      0.365,
      0.455,
      0.5475,
      0.6375,
      0.73,
      0.82,
      0.9125,
      1.0025,
      1.095,
      1.185,
      1.2775,
      1.3675,
      1.46,
      1.55,
      1.6425,
      1.7325,
      1.825,
      1.915,
      0,
      0.09,
      0.1825,
      0.2725,
      0.365,
      0.455,
      0.5475,
      0.6375,
      0.73,
      0.82,
      0.9125,
      1.0025,
      1.095,
      1.185,
      1.2775,
      1.3675,
      1.46,
      1.55,
      1.6425,
      1.7325,
      1.825,
      1.915
    ],
    "SoftwareVersions": "syngo_MR_B17",
    "TaskName": "cuedMFM",
    "TotalReadoutTime": 0.03039,
    "dataset": "ds001597",
    "modality": "bold",
    "run_id": 2,
    "session_id": "pre",
    "subject_id": "05",
    "task_id": "cuedMFM"
  },
  "dummy_trs": 0,
  "dvars_nstd": 33.749357676666655,
  "dvars_std": 1.2232245322083337,
  "dvars_vstd": 1.0038849616249996,
  "efc": 0.6112575327169345,
  "fber": 1959.81201171875,
  "fd_mean": 0.10192716237422574,
  "fd_num": 13,
  "fd_perc": 5.394190871369295,
  "fwhm_avg": 2.236965,
  "fwhm_x": 2.05187,
  "fwhm_y": 2.491145,
  "fwhm_z": 2.16788,
  "gcor": 0.0117492,
  "gsr_x": -0.010093897581100464,
  "gsr_y": 0.057671841233968735,
  "provenance": {
    "md5sum": "95fec14a3d717f5faaa844bd9ff2b1cb",
    "settings": {
      "fd_thres": 0.2,
      "testing": false
    },
    "software": "mriqc",
    "version": "22.0.6",
    "webapi_port": null,
    "webapi_url": "https://mriqc.nimh.nih.gov/api/v1"
  },
  "size_t": 241,
  "size_x": 96,
  "size_y": 96,
  "size_z": 66,
  "snr": 5.2355925697952435,
  "spacing_tr": 2.0,
  "spacing_x": 2.0,
  "spacing_y": 2.0,
  "spacing_z": 2.0,
  "summary_bg_k": 9.701825473340701,
  "summary_bg_mad": 11.311303528938781,
  "summary_bg_mean": 45.98244094848633,
  "summary_bg_median": 13.192194938659668,
  "summary_bg_n": 342649.0,
  "summary_bg_p05": 4.6500848770141605,
  "summary_bg_p95": 200.141519165039,
  "summary_bg_stdv": 70.89421081542969,
  "summary_fg_k": 1.7048140928657256,
  "summary_fg_mad": 107.64801524270524,
  "summary_fg_mean": 628.7578125,
  "summary_fg_median": 624.0474243164062,
  "summary_fg_n": 173879.0,
  "summary_fg_p05": 441.9985900878906,
  "summary_fg_p95": 816.7704223632812,
  "summary_fg_stdv": 119.19293212890625,
  "tsnr": 49.555084228515625
}