{
  "aor": 0.0006920168067226891,
  "aqi": 0.008860125966386554,
  "bids_meta": {
    "BandwidthPerPixelPhaseEncode": 10.965,
    "DeviceSerialNumber": "40482",
    "EchoTime": 0.03,
    "EffectiveEchoSpacing": 0.000949,
    "FlipAngle": 79,
    "ImageType": [
      "ORIGINAL",
      "PRIMARY",
      "M",
      "MB",
      "ND",
      "MOSAIC"
    ],
    "InstitutionAddress": "Frew_4805_Pittsburgh_PA_District_US_15213",
    "InstitutionName": "SIBR",
    "MagneticFieldStrength": 3,
    "Manufacturer": "Siemens",
    "ManufacturersModelName": "Verio",
    "MultibandAccellerationFactor": 3,
    "PhaseEncodingDirection": "j-",
    "PhaseEncodingLines": 96,
    "RepetitionTime": 2.0,
    "ScanningSequence": "EP",
    "SequenceName": "epfid2d1_96",
    "SequenceVariant": "SK_SS",
    "SliceTiming": [
      0,
      0.09,
      0.1825,
      0.2725,
      0.365,
      0.455,
      0.5475,
      0.6375,
      0.73,
      0.82,
      0.9125,
      1.0025,
      1.095,
      1.185,
      1.2775,
      1.3675,
      1.46,
      1.55,
      1.6425,
      1.7325,
      1.825,
      1.915,
      0,
      0.09,
      0.1825,
      0.2725,
      0.365,
      0.455,
      0.5475,
      0.6375,
      0.73,
      0.82,
      0.9125,
      1.0025,
      1.095,
      1.185,
      1.2775,
      1.3675,
      1.46,
      1.55,
      1.6425,
      1.7325,
      1.825,
      1.915,
      0,
      0.09,
      0.1825,
      0.2725,
      0.365,
      0.455,
      0.5475,
      0.6375,
      0.73,
      0.82,
      0.9125,
      1.0025,
      1.095,
      1.185,
      1.2775,
      1.3675,
      1.46,
      1.55,
      1.6425,
      1.7325,
      1.825,
      1.915
    ],
    "SoftwareVersions": "syngo_MR_B17",
    "TaskName": "cuedMFM",
    "TotalReadoutTime": 0.03039,
    "dataset": "ds001597",
    "modality": "bold",
    "run_id": 3,
    "session_id": "pre",
    "subject_id": "05",
    "task_id": "cuedMFM"
  },
  "dummy_trs": 3,
  "dvars_nstd": 32.64103947430382,
  "dvars_std": 1.2246775811814345,
  "dvars_vstd": 0.9989745739662438,
  "efc": 0.613785743823107,
  "fber": 1797.873046875,
  "fd_mean": 0.0807017612640632,
  "fd_num": 4,
  "fd_perc": 1.680672268907563,
  "fwhm_avg": 2.214043333333333,
  "fwhm_x": 2.04316,
  "fwhm_y": 2.47163,
  "fwhm_z": 2.12734,
  "gcor": 0.00922956,
  "gsr_x": -0.012311199679970741,
  "gsr_y": 0.05656890943646431,
  "provenance": {
    "md5sum": "2ff856d11c3933fb22c1611ba28feda7",
    "settings": {
      "fd_thres": 0.2,
      "testing": false
    },
    "software": "mriqc",
    "version": "22.0.6",
    "webapi_port": null,
    "webapi_url": "https://mriqc.nimh.nih.gov/api/v1"
  },
  "size_t": 238,
  "size_x": 96,
  "size_y": 96,
  "size_z": 66,
  "snr": 5.234470981441811,
  "spacing_tr": 2.0,
  "spacing_x": 2.0,
  "spacing_y": 2.0,
  "spacing_z": 2.0,
  "summary_bg_k": 9.238097294802268,
  "summary_bg_mad": 12.067682677416345,
  "summary_bg_mean": 47.37681579589844,
  "summary_bg_median": 13.769906997680664,
  "summary_bg_n": 342182.0,
  "summary_bg_p05": 4.714350438117981,
  "summary_bg_p95": 205.3790473937989,
  "summary_bg_stdv": 72.2697982788086,
  "summary_fg_k": 1.7421789821996398,
  "summary_fg_mad": 107.45223827128575,
  "summary_fg_mean": 626.4898071289062,
  "summary_fg_median": 621.62548828125,
  "summary_fg_n": 173846.0,
  "summary_fg_p05": 440.53076171875,
  "summary_fg_p95": 813.5299530029297,
  "summary_fg_stdv": 118.75578308105469,
  "tsnr": 51.60146713256836
}