{
  "aor": 0.0013354356846473029,
  "aqi": 0.012867066099585062,
  "bids_meta": {
    "BandwidthPerPixelPhaseEncode": 10.965,
    "DeviceSerialNumber": "40482",
    "EchoTime": 0.03,
    "EffectiveEchoSpacing": 0.000949,
    "FlipAngle": 79,
    "ImageType": [
      "ORIGINAL",
      "PRIMARY",
      "M",
      "MB",
      "ND",
      "MOSAIC"
    ],
    "InstitutionAddress": "Frew_4805_Pittsburgh_PA_District_US_15213",
    "InstitutionName": "SIBR",
    "MagneticFieldStrength": 3,
    "Manufacturer": "Siemens",
    "ManufacturersModelName": "Verio",
    "MultibandAccellerationFactor": 3,
    "PhaseEncodingDirection": "j-",
    "PhaseEncodingLines": 96,
    "RepetitionTime": 2.0,
    "ScanningSequence": "EP",
    "SequenceName": "epfid2d1_96",
    "SequenceVariant": "SK_SS",
    "SliceTiming": [
      0,
      0.09,
      0.1825,
      0.2725,
      0.365,
      0.455,
      0.5475,
      0.6375,
      0.73,
      0.82,
      0.9125,
      1.0025,
      1.095,
      1.185,
      1.2775,
      1.3675,
      1.46,
      1.55,
      1.6425,
      1.7325,
      1.825,
      1.915,
      0,
      0.09,
      0.1825,
      0.2725,
      0.365,
      0.455,
      0.5475,
      0.6375,
      0.73,
      0.82,
      0.9125,
      1.0025,
      1.095,
      1.185,
      1.2775,
      1.3675,
      1.46,
      1.55,
      1.6425,
      1.7325,
      1.825,
      1.915,
      0,
      0.09,
      0.1825,
      0.2725,
      0.365,
      0.455,
      0.5475,
      0.6375,
      0.73,
      0.82,
      0.9125,
      1.0025,
      1.095,
      1.185,
      1.2775,
      1.3675,
      1.46,
      1.55,
      1.6425,
      1.7325,
      1.825,
      1.915
    ],
    "SoftwareVersions": "syngo_MR_B17",
    "TaskName": "cuedMFM",
    "TotalReadoutTime": 0.03039,
    "dataset": "ds001597",
    "modality": "bold",
    "run_id": 8,
    "session_id": "post",
    "subject_id": "04",
    "task_id": "cuedMFM"
  },
  "dummy_trs": 0,
  "dvars_nstd": 35.52473270912498,
  "dvars_std": 1.2147338504999998,
  "dvars_vstd": 1.0015990111250002,
  "efc": 0.6019906062360841,
  "fber": 1302.307373046875,
  "fd_mean": 0.10208944889488247,
  "fd_num": 21,
  "fd_perc": 8.71369294605809,
  "fwhm_avg": 1.9969966666666668,
  "fwhm_x": 1.84448,
  "fwhm_y": 2.216175,
  "fwhm_z": 1.930335,
  "gcor": 0.00800552,
  "gsr_x": -0.01614839769899845,
  "gsr_y": 0.06731726974248886,
  "provenance": {
    "md5sum": "9508c69c377b16f0401040268c0df04f",
    "settings": {
      "fd_thres": 0.2,
      "testing": false
    },
    "software": "mriqc",
    "version": "22.0.6",
    "webapi_port": null,
    "webapi_url": "https://mriqc.nimh.nih.gov/api/v1"
  },
  "size_t": 241,
  "size_x": 96,
  "size_y": 96,
  "size_z": 66,
  "snr": 5.949393028071803,
  "spacing_tr": 2.0,
  "spacing_x": 2.0,
  "spacing_y": 2.0,
  "spacing_z": 2.0,
  "summary_bg_k": 9.069758755179208,
  "summary_bg_mad": 13.02489179268844,
  "summary_bg_mean": 41.81076431274414,
  "summary_bg_median": 13.706581115722656,
  "summary_bg_n": 359144.0,
  "summary_bg_p05": 4.208946299552918,
  "summary_bg_p95": 174.6103202819824,
  "summary_bg_stdv": 61.165401458740234,
  "summary_fg_k": 3.0760388941240766,
  "summary_fg_mad": 74.66319257012974,
  "summary_fg_mean": 528.7003784179688,
  "summary_fg_median": 527.4655151367188,
  "summary_fg_n": 159079.0,
  "summary_fg_p05": 396.48060302734376,
  "summary_fg_p95": 664.95927734375,
  "summary_fg_stdv": 88.65843200683594,
  "tsnr": 48.41434860229492
}