{
  "aor": 0.0007906224066390041,
  "aqi": 0.011252062697095434,
  "bids_meta": {
    "BandwidthPerPixelPhaseEncode": 10.965,
    "DeviceSerialNumber": "40482",
    "EchoTime": 0.03,
    "EffectiveEchoSpacing": 0.000949,
    "FlipAngle": 79,
    "ImageType": [
      "ORIGINAL",
      "PRIMARY",
      "M",
      "MB",
      "ND",
      "MOSAIC"
    ],
    "InstitutionAddress": "Frew_4805_Pittsburgh_PA_District_US_15213",
    "InstitutionName": "SIBR",
    "MagneticFieldStrength": 3,
    "Manufacturer": "Siemens",
    "ManufacturersModelName": "Verio",
    "MultibandAccellerationFactor": 3,
    "PhaseEncodingDirection": "j-",
    "PhaseEncodingLines": 96,
    "RepetitionTime": 2.0,
    "ScanningSequence": "EP",
    "SequenceName": "epfid2d1_96",
    "SequenceVariant": "SK_SS",
    "SliceTiming": [
      0,
      0.09,
      0.1825,
      0.2725,
      0.365,
      0.455,
      0.5475,
      0.6375,
      0.73,
      0.82,
      0.9125,
      1.0025,
      1.095,
      1.185,
      1.2775,
      1.3675,
      1.46,
      1.55,
      1.6425,
      1.7325,
      1.825,
      1.915,
      0,
      0.09,
      0.1825,
      0.2725,
      0.365,
      0.455,
      0.5475,
      0.6375,
      0.73,
      0.82,
      0.9125,
      1.0025,
      1.095,
      1.185,
      1.2775,
      1.3675,
      1.46,
      1.55,
      1.6425,
      1.7325,
      1.825,
      1.915,
      0,
      0.09,
      0.1825,
      0.2725,
      0.365,
      0.455,
      0.5475,
      0.6375,
      0.73,
      0.82,
      0.9125,
      1.0025,
      1.095,
      1.185,
      1.2775,
      1.3675,
      1.46,
      1.55,
      1.6425,
      1.7325,
      1.825,
      1.915
    ],
    "SoftwareVersions": "syngo_MR_B17",
    "TaskName": "cuedMFM",
    "TotalReadoutTime": 0.03039,
    "dataset": "ds001597",
    "modality": "bold",
    "run_id": 1,
    "session_id": "post",
    "subject_id": "04",
    "task_id": "cuedMFM"
  },
  "dummy_trs": 0,
  "dvars_nstd": 33.47481890491665,
  "dvars_std": 1.188136207333333,
  "dvars_vstd": 1.0070865951666663,
  "efc": 0.5957234801257906,
  "fber": 1597.2520751953125,
  "fd_mean": 0.11179176285967328,
  "fd_num": 11,
  "fd_perc": 4.564315352697095,
  "fwhm_avg": 2.0122466666666665,
  "fwhm_x": 1.860935,
  "fwhm_y": 2.23488,
  "fwhm_z": 1.940925,
  "gcor": 0.0162141,
  "gsr_x": -0.015764910727739334,
  "gsr_y": 0.06985479593276978,
  "provenance": {
    "md5sum": "a7e9ab6598e2c4775fd4ac1db4677bb1",
    "settings": {
      "fd_thres": 0.2,
      "testing": false
    },
    "software": "mriqc",
    "version": "22.0.6",
    "webapi_port": null,
    "webapi_url": "https://mriqc.nimh.nih.gov/api/v1"
  },
  "size_t": 241,
  "size_x": 96,
  "size_y": 96,
  "size_z": 66,
  "snr": 5.873951929294219,
  "spacing_tr": 2.0,
  "spacing_x": 2.0,
  "spacing_y": 2.0,
  "spacing_z": 2.0,
  "summary_bg_k": 9.942835524444398,
  "summary_bg_mad": 12.277609449805619,
  "summary_bg_mean": 43.01693344116211,
  "summary_bg_median": 13.510711669921875,
  "summary_bg_n": 360022.0,
  "summary_bg_p05": 4.466439247131348,
  "summary_bg_p95": 182.10613632202157,
  "summary_bg_stdv": 65.41569519042969,
  "summary_fg_k": 2.9173777321872523,
  "summary_fg_mad": 82.481059761632,
  "summary_fg_mean": 575.176513671875,
  "summary_fg_median": 573.36279296875,
  "summary_fg_n": 157927.0,
  "summary_fg_p05": 429.4863647460937,
  "summary_fg_p95": 726.2826110839842,
  "summary_fg_stdv": 97.61077117919922,
  "tsnr": 50.63118362426758
}