{
  "aor": 0.000782448132780083,
  "aqi": 0.009369728298755186,
  "bids_meta": {
    "BandwidthPerPixelPhaseEncode": 10.965,
    "DeviceSerialNumber": "40482",
    "EchoTime": 0.03,
    "EffectiveEchoSpacing": 0.000949,
    "FlipAngle": 79,
    "ImageType": [
      "ORIGINAL",
      "PRIMARY",
      "M",
      "MB",
      "ND",
      "MOSAIC"
    ],
    "InstitutionAddress": "Frew_4805_Pittsburgh_PA_District_US_15213",
    "InstitutionName": "SIBR",
    "MagneticFieldStrength": 3,
    "Manufacturer": "Siemens",
    "ManufacturersModelName": "Verio",
    "MultibandAccellerationFactor": 3,
    "PhaseEncodingDirection": "j-",
    "PhaseEncodingLines": 96,
    "RepetitionTime": 2.0,
    "ScanningSequence": "EP",
    "SequenceName": "epfid2d1_96",
    "SequenceVariant": "SK_SS",
    "SliceTiming": [
      0,
      0.09,
      0.1825,
      0.2725,
      0.365,
      0.455,
      0.5475,
      0.6375,
      0.73,
      0.82,
      0.9125,
      1.0025,
      1.095,
      1.185,
      1.2775,
      1.3675,
      1.46,
      1.55,
      1.6425,
      1.7325,
      1.825,
      1.915,
      0,
      0.09,
      0.1825,
      0.2725,
      0.365,
      0.455,
      0.5475,
      0.6375,
      0.73,
      0.82,
      0.9125,
      1.0025,
      1.095,
      1.185,
      1.2775,
      1.3675,
      1.46,
      1.55,
      1.6425,
      1.7325,
      1.825,
      1.915,
      0,
      0.09,
      0.1825,
      0.2725,
      0.365,
      0.455,
      0.5475,
      0.6375,
      0.73,
      0.82,
      0.9125,
      1.0025,
      1.095,
      1.185,
      1.2775,
      1.3675,
      1.46,
      1.55,
      1.6425,
      1.7325,
      1.825,
      1.915
    ],
    "SoftwareVersions": "syngo_MR_B17",
    "TaskName": "cuedMFM",
    "TotalReadoutTime": 0.03039,
    "dataset": "ds001597",
    "modality": "bold",
    "run_id": 4,
    "session_id": "post",
    "subject_id": "04",
    "task_id": "cuedMFM"
  },
  "dummy_trs": 0,
  "dvars_nstd": 34.05304999370832,
  "dvars_std": 1.2319158343749996,
  "dvars_vstd": 1.0081987016250007,
  "efc": 0.6013279744307848,
  "fber": 1388.25048828125,
  "fd_mean": 0.09138045827017818,
  "fd_num": 5,
  "fd_perc": 2.074688796680498,
  "fwhm_avg": 2.008691666666667,
  "fwhm_x": 1.86252,
  "fwhm_y": 2.22995,
  "fwhm_z": 1.933605,
  "gcor": 0.0120125,
  "gsr_x": -0.013882250525057316,
  "gsr_y": 0.07097093760967255,
  "provenance": {
    "md5sum": "7e9471db39279856525e0dda0f7de3e1",
    "settings": {
      "fd_thres": 0.2,
      "testing": false
    },
    "software": "mriqc",
    "version": "22.0.6",
    "webapi_port": null,
    "webapi_url": "https://mriqc.nimh.nih.gov/api/v1"
  },
  "size_t": 241,
  "size_x": 96,
  "size_y": 96,
  "size_z": 66,
  "snr": 5.9037614230395405,
  "spacing_tr": 2.0,
  "spacing_x": 2.0,
  "spacing_y": 2.0,
  "spacing_z": 2.0,
  "summary_bg_k": 9.032537670927919,
  "summary_bg_mad": 13.027555970802586,
  "summary_bg_mean": 45.5719108581543,
  "summary_bg_median": 14.300298690795898,
  "summary_bg_n": 359374.0,
  "summary_bg_p05": 4.713559317588806,
  "summary_bg_p95": 194.28683471679685,
  "summary_bg_stdv": 68.43307495117188,
  "summary_fg_k": 2.916799648371539,
  "summary_fg_mad": 81.62791195181322,
  "summary_fg_mean": 571.2113037109375,
  "summary_fg_median": 569.7601318359375,
  "summary_fg_n": 158523.0,
  "summary_fg_p05": 426.44992370605473,
  "summary_fg_p95": 720.53671875,
  "summary_fg_stdv": 96.50768280029297,
  "tsnr": 54.68313980102539
}