{
  "aor": 0.0004568879668049793,
  "aqi": 0.007245965850622406,
  "bids_meta": {
    "BandwidthPerPixelPhaseEncode": 10.965,
    "DeviceSerialNumber": "40482",
    "EchoTime": 0.03,
    "EffectiveEchoSpacing": 0.000949,
    "FlipAngle": 79,
    "ImageType": [
      "ORIGINAL",
      "PRIMARY",
      "M",
      "MB",
      "ND",
      "MOSAIC"
    ],
    "InstitutionAddress": "Frew_4805_Pittsburgh_PA_District_US_15213",
    "InstitutionName": "SIBR",
    "MagneticFieldStrength": 3,
    "Manufacturer": "Siemens",
    "ManufacturersModelName": "Verio",
    "MultibandAccellerationFactor": 3,
    "PhaseEncodingDirection": "j-",
    "PhaseEncodingLines": 96,
    "RepetitionTime": 2.0,
    "ScanningSequence": "EP",
    "SequenceName": "epfid2d1_96",
    "SequenceVariant": "SK_SS",
    "SliceTiming": [
      0,
      0.09,
      0.1825,
      0.2725,
      0.365,
      0.455,
      0.5475,
      0.6375,
      0.73,
      0.82,
      0.9125,
      1.0025,
      1.095,
      1.185,
      1.2775,
      1.3675,
      1.46,
      1.55,
      1.6425,
      1.7325,
      1.825,
      1.915,
      0,
      0.09,
      0.1825,
      0.2725,
      0.365,
      0.455,
      0.5475,
      0.6375,
      0.73,
      0.82,
      0.9125,
      1.0025,
      1.095,
      1.185,
      1.2775,
      1.3675,
      1.46,
      1.55,
      1.6425,
      1.7325,
      1.825,
      1.915,
      0,
      0.09,
      0.1825,
      0.2725,
      0.365,
      0.455,
      0.5475,
      0.6375,
      0.73,
      0.82,
      0.9125,
      1.0025,
      1.095,
      1.185,
      1.2775,
      1.3675,
      1.46,
      1.55,
      1.6425,
      1.7325,
      1.825,
      1.915
    ],
    "SoftwareVersions": "syngo_MR_B17",
    "TaskName": "cuedMFM",
    "TotalReadoutTime": 0.03039,
    "dataset": "ds001597",
    "modality": "bold",
    "run_id": 3,
    "session_id": "pre",
    "subject_id": "11",
    "task_id": "cuedMFM"
  },
  "dummy_trs": 0,
  "dvars_nstd": 31.802657723541653,
  "dvars_std": 1.3151524901666674,
  "dvars_vstd": 0.998383061875,
  "efc": 0.5542578470474101,
  "fber": 2759.46142578125,
  "fd_mean": 0.09061257896515586,
  "fd_num": 9,
  "fd_perc": 3.7344398340248963,
  "fwhm_avg": 2.103195,
  "fwhm_x": 1.984405,
  "fwhm_y": 2.339455,
  "fwhm_z": 1.985725,
  "gcor": 0.0134082,
  "gsr_x": -0.011432038620114326,
  "gsr_y": 0.05077243223786354,
  "provenance": {
    "md5sum": "577fb21ce6a7b4fe38cbc957cd70fd0d",
    "settings": {
      "fd_thres": 0.2,
      "testing": false
    },
    "software": "mriqc",
    "version": "22.0.6",
    "webapi_port": null,
    "webapi_url": "https://mriqc.nimh.nih.gov/api/v1"
  },
  "size_t": 241,
  "size_x": 96,
  "size_y": 96,
  "size_z": 66,
  "snr": 5.763801483200906,
  "spacing_tr": 2.0,
  "spacing_x": 2.0,
  "spacing_y": 2.0,
  "spacing_z": 2.0,
  "summary_bg_k": 23.392570928479063,
  "summary_bg_mad": 9.877197340756709,
  "summary_bg_mean": 34.93157958984375,
  "summary_bg_median": 12.245538711547852,
  "summary_bg_n": 375597.0,
  "summary_bg_p05": 4.246822738647461,
  "summary_bg_p95": 138.78711242675786,
  "summary_bg_stdv": 57.399253845214844,
  "summary_fg_k": 2.3718902112309,
  "summary_fg_mad": 105.89955088321028,
  "summary_fg_mean": 670.7894897460938,
  "summary_fg_median": 669.5974731445312,
  "summary_fg_n": 143705.0,
  "summary_fg_p05": 494.1226440429688,
  "summary_fg_p95": 848.0076416015625,
  "summary_fg_stdv": 116.1724853515625,
  "tsnr": 62.432960510253906
}