{
  "aor": 0.00042406639004149386,
  "aqi": 0.007353392282157676,
  "bids_meta": {
    "BandwidthPerPixelPhaseEncode": 10.965,
    "DeviceSerialNumber": "40482",
    "EchoTime": 0.03,
    "EffectiveEchoSpacing": 0.000949,
    "FlipAngle": 79,
    "ImageType": [
      "ORIGINAL",
      "PRIMARY",
      "M",
      "MB",
      "ND",
      "MOSAIC"
    ],
    "InstitutionAddress": "Frew_4805_Pittsburgh_PA_District_US_15213",
    "InstitutionName": "SIBR",
    "MagneticFieldStrength": 3,
    "Manufacturer": "Siemens",
    "ManufacturersModelName": "Verio",
    "MultibandAccellerationFactor": 3,
    "PhaseEncodingDirection": "j-",
    "PhaseEncodingLines": 96,
    "RepetitionTime": 2.0,
    "ScanningSequence": "EP",
    "SequenceName": "epfid2d1_96",
    "SequenceVariant": "SK_SS",
    "SliceTiming": [
      0,
      0.09,
      0.1825,
      0.2725,
      0.365,
      0.455,
      0.5475,
      0.6375,
      0.73,
      0.82,
      0.9125,
      1.0025,
      1.095,
      1.185,
      1.2775,
      1.3675,
      1.46,
      1.55,
      1.6425,
      1.7325,
      1.825,
      1.915,
      0,
      0.09,
      0.1825,
      0.2725,
      0.365,
      0.455,
      0.5475,
      0.6375,
      0.73,
      0.82,
      0.9125,
      1.0025,
      1.095,
      1.185,
      1.2775,
      1.3675,
      1.46,
      1.55,
      1.6425,
      1.7325,
      1.825,
      1.915,
      0,
      0.09,
      0.1825,
      0.2725,
      0.365,
      0.455,
      0.5475,
      0.6375,
      0.73,
      0.82,
      0.9125,
      1.0025,
      1.095,
      1.185,
      1.2775,
      1.3675,
      1.46,
      1.55,
      1.6425,
      1.7325,
      1.825,
      1.915
    ],
    "SoftwareVersions": "syngo_MR_B17",
    "TaskName": "cuedMFM",
    "TotalReadoutTime": 0.03039,
    "dataset": "ds001597",
    "modality": "bold",
    "run_id": 1,
    "session_id": "pre",
    "subject_id": "11",
    "task_id": "cuedMFM"
  },
  "dummy_trs": 0,
  "dvars_nstd": 32.36129868016666,
  "dvars_std": 1.3329859114583325,
  "dvars_vstd": 0.9972965586249999,
  "efc": 0.5517868452848138,
  "fber": 2904.489013671875,
  "fd_mean": 0.0782660442184427,
  "fd_num": 1,
  "fd_perc": 0.4149377593360996,
  "fwhm_avg": 2.087195,
  "fwhm_x": 1.97528,
  "fwhm_y": 2.317995,
  "fwhm_z": 1.96831,
  "gcor": 0.0130894,
  "gsr_x": -0.011563406325876713,
  "gsr_y": 0.04953893646597862,
  "provenance": {
    "md5sum": "061c3126ef7617319a6fd32e553e2814",
    "settings": {
      "fd_thres": 0.2,
      "testing": false
    },
    "software": "mriqc",
    "version": "22.0.6",
    "webapi_port": null,
    "webapi_url": "https://mriqc.nimh.nih.gov/api/v1"
  },
  "size_t": 241,
  "size_x": 96,
  "size_y": 96,
  "size_z": 66,
  "snr": 5.77548096995403,
  "spacing_tr": 2.0,
  "spacing_x": 2.0,
  "spacing_y": 2.0,
  "spacing_z": 2.0,
  "summary_bg_k": 25.056217361224355,
  "summary_bg_mad": 9.583042667426074,
  "summary_bg_mean": 34.45248794555664,
  "summary_bg_median": 12.092239379882812,
  "summary_bg_n": 376198.0,
  "summary_bg_p05": 4.335275006294251,
  "summary_bg_p95": 136.11302947998033,
  "summary_bg_stdv": 57.25111389160156,
  "summary_fg_k": 2.365708248812889,
  "summary_fg_mad": 106.78654227394466,
  "summary_fg_mean": 680.1357421875,
  "summary_fg_median": 678.2362670898438,
  "summary_fg_n": 143243.0,
  "summary_fg_p05": 503.1265167236328,
  "summary_fg_p95": 860.284747314453,
  "summary_fg_stdv": 117.43331909179688,
  "tsnr": 63.214412689208984
}