{
  "aor": 0.000982157676348548,
  "aqi": 0.014708843900414938,
  "bids_meta": {
    "BandwidthPerPixelPhaseEncode": 10.965,
    "DeviceSerialNumber": "40482",
    "EchoTime": 0.03,
    "EffectiveEchoSpacing": 0.000949,
    "FlipAngle": 79,
    "ImageType": [
      "ORIGINAL",
      "PRIMARY",
      "M",
      "MB",
      "ND",
      "MOSAIC"
    ],
    "InstitutionAddress": "Frew_4805_Pittsburgh_PA_District_US_15213",
    "InstitutionName": "SIBR",
    "MagneticFieldStrength": 3,
    "Manufacturer": "Siemens",
    "ManufacturersModelName": "Verio",
    "MultibandAccellerationFactor": 3,
    "PhaseEncodingDirection": "j-",
    "PhaseEncodingLines": 96,
    "RepetitionTime": 2.0,
    "ScanningSequence": "EP",
    "SequenceName": "epfid2d1_96",
    "SequenceVariant": "SK_SS",
    "SliceTiming": [
      0,
      0.09,
      0.1825,
      0.2725,
      0.365,
      0.455,
      0.5475,
      0.6375,
      0.73,
      0.82,
      0.9125,
      1.0025,
      1.095,
      1.185,
      1.2775,
      1.3675,
      1.46,
      1.55,
      1.6425,
      1.7325,
      1.825,
      1.915,
      0,
      0.09,
      0.1825,
      0.2725,
      0.365,
      0.455,
      0.5475,
      0.6375,
      0.73,
      0.82,
      0.9125,
      1.0025,
      1.095,
      1.185,
      1.2775,
      1.3675,
      1.46,
      1.55,
      1.6425,
      1.7325,
      1.825,
      1.915,
      0,
      0.09,
      0.1825,
      0.2725,
      0.365,
      0.455,
      0.5475,
      0.6375,
      0.73,
      0.82,
      0.9125,
      1.0025,
      1.095,
      1.185,
      1.2775,
      1.3675,
      1.46,
      1.55,
      1.6425,
      1.7325,
      1.825,
      1.915
    ],
    "SoftwareVersions": "syngo_MR_B17",
    "TaskName": "cuedMFM",
    "TotalReadoutTime": 0.03039,
    "dataset": "ds001597",
    "modality": "bold",
    "run_id": 6,
    "session_id": "post",
    "subject_id": "18",
    "task_id": "cuedMFM"
  },
  "dummy_trs": 0,
  "dvars_nstd": 33.48440613729166,
  "dvars_std": 1.134659215125,
  "dvars_vstd": 0.9604380002500004,
  "efc": 0.5803936324553489,
  "fber": 2105.903564453125,
  "fd_mean": 0.1266933460071916,
  "fd_num": 26,
  "fd_perc": 10.78838174273859,
  "fwhm_avg": 2.176975,
  "fwhm_x": 2.0567,
  "fwhm_y": 2.380025,
  "fwhm_z": 2.0942,
  "gcor": 0.017047,
  "gsr_x": -0.007078716531395912,
  "gsr_y": 0.05136173591017723,
  "provenance": {
    "md5sum": "0b3477eb60bdc78243ff8e6930b7cd10",
    "settings": {
      "fd_thres": 0.2,
      "testing": false
    },
    "software": "mriqc",
    "version": "22.0.6",
    "webapi_port": null,
    "webapi_url": "https://mriqc.nimh.nih.gov/api/v1"
  },
  "size_t": 241,
  "size_x": 96,
  "size_y": 96,
  "size_z": 66,
  "snr": 5.293671112988578,
  "spacing_tr": 2.0,
  "spacing_x": 2.0,
  "spacing_y": 2.0,
  "spacing_z": 2.0,
  "summary_bg_k": 20.472870080108407,
  "summary_bg_mad": 9.609613045624847,
  "summary_bg_mean": 37.542301177978516,
  "summary_bg_median": 11.265172004699707,
  "summary_bg_n": 366055.0,
  "summary_bg_p05": 4.116981935501099,
  "summary_bg_p95": 162.91754913330078,
  "summary_bg_stdv": 61.15470504760742,
  "summary_fg_k": 2.62044985167653,
  "summary_fg_mad": 89.27307734070207,
  "summary_fg_mean": 548.7100219726562,
  "summary_fg_median": 543.711181640625,
  "summary_fg_n": 152679.0,
  "summary_fg_p05": 397.7861022949219,
  "summary_fg_p95": 710.8353271484376,
  "summary_fg_stdv": 102.7093276977539,
  "tsnr": 44.74107360839844
}