{
  "aor": 0.0006974058577405857,
  "aqi": 0.013597252092050208,
  "bids_meta": {
    "BandwidthPerPixelPhaseEncode": 10.965,
    "DeviceSerialNumber": "40482",
    "EchoTime": 0.03,
    "EffectiveEchoSpacing": 0.000949,
    "FlipAngle": 79,
    "ImageType": [
      "ORIGINAL",
      "PRIMARY",
      "M",
      "MB",
      "ND",
      "MOSAIC"
    ],
    "InstitutionAddress": "Frew_4805_Pittsburgh_PA_District_US_15213",
    "InstitutionName": "SIBR",
    "MagneticFieldStrength": 3,
    "Manufacturer": "Siemens",
    "ManufacturersModelName": "Verio",
    "MultibandAccellerationFactor": 3,
    "PhaseEncodingDirection": "j-",
    "PhaseEncodingLines": 96,
    "RepetitionTime": 2.0,
    "ScanningSequence": "EP",
    "SequenceName": "epfid2d1_96",
    "SequenceVariant": "SK_SS",
    "SliceTiming": [
      0,
      0.09,
      0.1825,
      0.2725,
      0.365,
      0.455,
      0.5475,
      0.6375,
      0.73,
      0.82,
      0.9125,
      1.0025,
      1.095,
      1.185,
      1.2775,
      1.3675,
      1.46,
      1.55,
      1.6425,
      1.7325,
      1.825,
      1.915,
      0,
      0.09,
      0.1825,
      0.2725,
      0.365,
      0.455,
      0.5475,
      0.6375,
      0.73,
      0.82,
      0.9125,
      1.0025,
      1.095,
      1.185,
      1.2775,
      1.3675,
      1.46,
      1.55,
      1.6425,
      1.7325,
      1.825,
      1.915,
      0,
      0.09,
      0.1825,
      0.2725,
      0.365,
      0.455,
      0.5475,
      0.6375,
      0.73,
      0.82,
      0.9125,
      1.0025,
      1.095,
      1.185,
      1.2775,
      1.3675,
      1.46,
      1.55,
      1.6425,
      1.7325,
      1.825,
      1.915
    ],
    "SoftwareVersions": "syngo_MR_B17",
    "TaskName": "cuedMFM",
    "TotalReadoutTime": 0.03039,
    "dataset": "ds001597",
    "modality": "bold",
    "run_id": 2,
    "session_id": "post",
    "subject_id": "13",
    "task_id": "cuedMFM"
  },
  "dummy_trs": 2,
  "dvars_nstd": 30.92258311516806,
  "dvars_std": 1.1768431316386558,
  "dvars_vstd": 0.9947528342857143,
  "efc": 0.6047202017530044,
  "fber": 1158.044189453125,
  "fd_mean": 0.12646322104278995,
  "fd_num": 17,
  "fd_perc": 7.112970711297071,
  "fwhm_avg": 2.0690150000000003,
  "fwhm_x": 1.963585,
  "fwhm_y": 2.25457,
  "fwhm_z": 1.98889,
  "gcor": 0.00862516,
  "gsr_x": -0.0043099853210151196,
  "gsr_y": 0.04667908698320389,
  "provenance": {
    "md5sum": "06272ef5b7f66b2fdabb326a2137197f",
    "settings": {
      "fd_thres": 0.2,
      "testing": false
    },
    "software": "mriqc",
    "version": "22.0.6",
    "webapi_port": null,
    "webapi_url": "https://mriqc.nimh.nih.gov/api/v1"
  },
  "size_t": 239,
  "size_x": 96,
  "size_y": 96,
  "size_z": 66,
  "snr": 6.010327070308805,
  "spacing_tr": 2.0,
  "spacing_x": 2.0,
  "spacing_y": 2.0,
  "spacing_z": 2.0,
  "summary_bg_k": 9.11555325353947,
  "summary_bg_mad": 15.603513274895597,
  "summary_bg_mean": 41.881351470947266,
  "summary_bg_median": 15.341597557067871,
  "summary_bg_n": 351529.0,
  "summary_bg_p05": 3.710378313064575,
  "summary_bg_p95": 177.28347778320287,
  "summary_bg_stdv": 61.67087936401367,
  "summary_fg_k": 3.4098552374770446,
  "summary_fg_mad": 77.31376029365559,
  "summary_fg_mean": 556.9017333984375,
  "summary_fg_median": 555.5066528320312,
  "summary_fg_n": 163725.0,
  "summary_fg_p05": 421.04193115234375,
  "summary_fg_p95": 698.6295654296874,
  "summary_fg_stdv": 92.42507934570312,
  "tsnr": 52.699649810791016
}