{
  "aor": 0.0007860165975103735,
  "aqi": 0.014702062572614107,
  "bids_meta": {
    "BandwidthPerPixelPhaseEncode": 10.965,
    "DeviceSerialNumber": "40482",
    "EchoTime": 0.03,
    "EffectiveEchoSpacing": 0.000949,
    "FlipAngle": 79,
    "ImageType": [
      "ORIGINAL",
      "PRIMARY",
      "M",
      "MB",
      "ND",
      "MOSAIC"
    ],
    "InstitutionAddress": "Frew_4805_Pittsburgh_PA_District_US_15213",
    "InstitutionName": "SIBR",
    "MagneticFieldStrength": 3,
    "Manufacturer": "Siemens",
    "ManufacturersModelName": "Verio",
    "MultibandAccellerationFactor": 3,
    "PhaseEncodingDirection": "j-",
    "PhaseEncodingLines": 96,
    "RepetitionTime": 2.0,
    "ScanningSequence": "EP",
    "SequenceName": "epfid2d1_96",
    "SequenceVariant": "SK_SS",
    "SliceTiming": [
      0,
      0.09,
      0.1825,
      0.2725,
      0.365,
      0.455,
      0.5475,
      0.6375,
      0.73,
      0.82,
      0.9125,
      1.0025,
      1.095,
      1.185,
      1.2775,
      1.3675,
      1.46,
      1.55,
      1.6425,
      1.7325,
      1.825,
      1.915,
      0,
      0.09,
      0.1825,
      0.2725,
      0.365,
      0.455,
      0.5475,
      0.6375,
      0.73,
      0.82,
      0.9125,
      1.0025,
      1.095,
      1.185,
      1.2775,
      1.3675,
      1.46,
      1.55,
      1.6425,
      1.7325,
      1.825,
      1.915,
      0,
      0.09,
      0.1825,
      0.2725,
      0.365,
      0.455,
      0.5475,
      0.6375,
      0.73,
      0.82,
      0.9125,
      1.0025,
      1.095,
      1.185,
      1.2775,
      1.3675,
      1.46,
      1.55,
      1.6425,
      1.7325,
      1.825,
      1.915
    ],
    "SoftwareVersions": "syngo_MR_B17",
    "TaskName": "cuedMFM",
    "TotalReadoutTime": 0.03039,
    "dataset": "ds001597",
    "modality": "bold",
    "run_id": 4,
    "session_id": "pre",
    "subject_id": "07",
    "task_id": "cuedMFM"
  },
  "dummy_trs": 0,
  "dvars_nstd": 30.62310481070832,
  "dvars_std": 1.1093168883333329,
  "dvars_vstd": 0.97207927125,
  "efc": 0.586055665163414,
  "fber": 2670.267578125,
  "fd_mean": 0.12927815387196478,
  "fd_num": 28,
  "fd_perc": 11.618257261410788,
  "fwhm_avg": 2.060465039853953,
  "fwhm_x": 1.923945,
  "fwhm_y": 2.251535,
  "fwhm_z": 2.005915119561858,
  "gcor": 0.0116535,
  "gsr_x": -0.01050721388310194,
  "gsr_y": 0.05874122679233551,
  "provenance": {
    "md5sum": "185614bd00e3713fad44c811ffbfc55a",
    "settings": {
      "fd_thres": 0.2,
      "testing": false
    },
    "software": "mriqc",
    "version": "22.0.6",
    "webapi_port": null,
    "webapi_url": "https://mriqc.nimh.nih.gov/api/v1"
  },
  "size_t": 241,
  "size_x": 96,
  "size_y": 96,
  "size_z": 66,
  "snr": 5.312249833755127,
  "spacing_tr": 2.0,
  "spacing_x": 2.0,
  "spacing_y": 2.0,
  "spacing_z": 1.9999998807907104,
  "summary_bg_k": 9.742466957332192,
  "summary_bg_mad": 7.8497341127370355,
  "summary_bg_mean": 35.739341735839844,
  "summary_bg_median": 10.584183692932129,
  "summary_bg_n": 356839.0,
  "summary_bg_p05": 4.375452280044556,
  "summary_bg_p95": 154.363424682617,
  "summary_bg_stdv": 55.11274719238281,
  "summary_fg_k": 3.095184606590429,
  "summary_fg_mad": 87.10984813327497,
  "summary_fg_mean": 569.5406494140625,
  "summary_fg_median": 565.0859985351562,
  "summary_fg_n": 161913.0,
  "summary_fg_p05": 410.5927429199219,
  "summary_fg_p95": 738.9012451171875,
  "summary_fg_stdv": 106.37380981445312,
  "tsnr": 45.39630889892578
}