{
  "aor": 0.0012459751037344397,
  "aqi": 0.007028856099585062,
  "bids_meta": {
    "BandwidthPerPixelPhaseEncode": 10.965,
    "DeviceSerialNumber": "40482",
    "EchoTime": 0.03,
    "EffectiveEchoSpacing": 0.000949,
    "FlipAngle": 79,
    "ImageType": [
      "ORIGINAL",
      "PRIMARY",
      "M",
      "MB",
      "ND",
      "MOSAIC"
    ],
    "InstitutionAddress": "Frew_4805_Pittsburgh_PA_District_US_15213",
    "InstitutionName": "SIBR",
    "MagneticFieldStrength": 3,
    "Manufacturer": "Siemens",
    "ManufacturersModelName": "Verio",
    "MultibandAccellerationFactor": 3,
    "PhaseEncodingDirection": "j-",
    "PhaseEncodingLines": 96,
    "RepetitionTime": 2.0,
    "ScanningSequence": "EP",
    "SequenceName": "epfid2d1_96",
    "SequenceVariant": "SK_SS",
    "SliceTiming": [
      0,
      0.09,
      0.1825,
      0.2725,
      0.365,
      0.455,
      0.5475,
      0.6375,
      0.73,
      0.82,
      0.9125,
      1.0025,
      1.095,
      1.185,
      1.2775,
      1.3675,
      1.46,
      1.55,
      1.6425,
      1.7325,
      1.825,
      1.915,
      0,
      0.09,
      0.1825,
      0.2725,
      0.365,
      0.455,
      0.5475,
      0.6375,
      0.73,
      0.82,
      0.9125,
      1.0025,
      1.095,
      1.185,
      1.2775,
      1.3675,
      1.46,
      1.55,
      1.6425,
      1.7325,
      1.825,
      1.915,
      0,
      0.09,
      0.1825,
      0.2725,
      0.365,
      0.455,
      0.5475,
      0.6375,
      0.73,
      0.82,
      0.9125,
      1.0025,
      1.095,
      1.185,
      1.2775,
      1.3675,
      1.46,
      1.55,
      1.6425,
      1.7325,
      1.825,
      1.915
    ],
    "SoftwareVersions": "syngo_MR_B17",
    "TaskName": "cuedMFM",
    "TotalReadoutTime": 0.03039,
    "dataset": "ds001597",
    "modality": "bold",
    "run_id": 6,
    "session_id": "pre",
    "subject_id": "07",
    "task_id": "cuedMFM"
  },
  "dummy_trs": 0,
  "dvars_nstd": 32.84152624616668,
  "dvars_std": 1.2516014002499998,
  "dvars_vstd": 1.0105490507083337,
  "efc": 0.5815591141770279,
  "fber": 2495.34521484375,
  "fd_mean": 0.11105520301603011,
  "fd_num": 20,
  "fd_perc": 8.298755186721992,
  "fwhm_avg": 2.2545066666666664,
  "fwhm_x": 2.123075,
  "fwhm_y": 2.43208,
  "fwhm_z": 2.208365,
  "gcor": 0.0258558,
  "gsr_x": -0.012097570113837719,
  "gsr_y": 0.05472887307405472,
  "provenance": {
    "md5sum": "ad773607c2d7735361941a400184f8cd",
    "settings": {
      "fd_thres": 0.2,
      "testing": false
    },
    "software": "mriqc",
    "version": "22.0.6",
    "webapi_port": null,
    "webapi_url": "https://mriqc.nimh.nih.gov/api/v1"
  },
  "size_t": 241,
  "size_x": 96,
  "size_y": 96,
  "size_z": 66,
  "snr": 4.787274002552581,
  "spacing_tr": 2.0,
  "spacing_x": 2.0,
  "spacing_y": 2.0,
  "spacing_z": 2.0,
  "summary_bg_k": 11.223752915915915,
  "summary_bg_mad": 9.968430506639843,
  "summary_bg_mean": 40.52375411987305,
  "summary_bg_median": 12.983480453491211,
  "summary_bg_n": 355979.0,
  "summary_bg_p05": 4.973219490051269,
  "summary_bg_p95": 174.96252288818349,
  "summary_bg_stdv": 62.25261688232422,
  "summary_fg_k": 2.058310271195883,
  "summary_fg_mad": 119.5410477362205,
  "summary_fg_mean": 677.95849609375,
  "summary_fg_median": 675.839599609375,
  "summary_fg_n": 161331.0,
  "summary_fg_p05": 449.79066467285156,
  "summary_fg_p95": 900.5417175292969,
  "summary_fg_stdv": 141.17376708984375,
  "tsnr": 54.58366775512695
}