{
  "bids_meta": {
    "AccelFactPE": 2,
    "DeviceSerialNumber": "40482",
    "EchoTime": 0.00197,
    "FlipAngle": 9,
    "InstitutionAddress": "Frew_4805_Pittsburgh_PA_District_US_15213",
    "InstitutionName": "SIBR",
    "InversionTime": 0.9,
    "MagneticFieldStrength": 3,
    "Manufacturer": "Siemens",
    "ManufacturersModelName": "Verio",
    "PhaseEncodingDirection": "i-",
    "PhaseEncodingLines": 256,
    "RepetitionTime": 2.3,
    "ScanningSequence": "GR_IR",
    "SequenceName": "_tfl3d1_ns",
    "SequenceVariant": "SP_MP",
    "SoftwareVersions": "syngo_MR_B17",
    "dataset": "ds001597",
    "modality": "T1w",
    "session_id": "pre",
    "subject_id": "01"
  },
  "cjv": 0.31559833051072583,
  "cnr": 4.108929876699997,
  "efc": 0.5170764164139454,
  "fber": 15456.743761526592,
  "fwhm_avg": 3.9768900000000005,
  "fwhm_x": 3.86801,
  "fwhm_y": 4.08893,
  "fwhm_z": 3.97373,
  "icvs_csf": 0.22125950039381986,
  "icvs_gm": 0.4568520814684316,
  "icvs_wm": 0.32188841813774854,
  "inu_med": 0.5678913295269012,
  "inu_range": 0.1719893291592598,
  "provenance": {
    "md5sum": "edb4b6df11c5b0acf5a48474547d4a61",
    "settings": {
      "testing": false
    },
    "software": "mriqc",
    "version": "22.0.6",
    "warnings": {
      "large_rot_frame": true,
      "small_air_mask": false
    },
    "webapi_port": null,
    "webapi_url": "https://mriqc.nimh.nih.gov/api/v1"
  },
  "qi_1": 0.000477218474167896,
  "qi_2": 0.00791654005445085,
  "rpve_csf": 27.226750859714958,
  "rpve_gm": 14.0430911755534,
  "rpve_wm": 22.768166975991743,
  "size_x": 176,
  "size_y": 256,
  "size_z": 256,
  "snr_csf": 1.7844396510109768,
  "snr_gm": 9.389105974303948,
  "snr_total": 11.370948489225603,
  "snr_wm": 22.93929984236188,
  "snrd_csf": 20.87571253723393,
  "snrd_gm": 70.15214153952027,
  "snrd_total": 66.1665320901288,
  "snrd_wm": 107.47174219363217,
  "spacing_x": 1.0,
  "spacing_y": 1.0,
  "spacing_z": 1.0,
  "summary_bg_k": 569.2476091404009,
  "summary_bg_mad": 6.096078768145492,
  "summary_bg_mean": 5.296950782592743,
  "summary_bg_median": 4.1117426455020905,
  "summary_bg_n": 2663421.0,
  "summary_bg_p05": 0.0,
  "summary_bg_p95": 17.142338823527098,
  "summary_bg_stdv": 20.21404492293471,
  "summary_csf_k": 0.5872803152301538,
  "summary_csf_mad": 102.69203277809795,
  "summary_csf_mean": 208.50860971071853,
  "summary_csf_median": 194.2496065981686,
  "summary_csf_n": 27277.0,
  "summary_csf_p05": 56.11319375038147,
  "summary_csf_p95": 416.3320828981695,
  "summary_csf_stdv": 108.85548624215794,
  "summary_gm_k": 0.030472688796081115,
  "summary_gm_mad": 68.80500668458332,
  "summary_gm_mean": 650.8011754590977,
  "summary_gm_median": 652.769378375262,
  "summary_gm_n": 38602.0,
  "summary_gm_p05": 532.2000836463645,
  "summary_gm_p95": 762.032892499119,
  "summary_gm_stdv": 69.52322457358225,
  "summary_wm_k": 0.6441316741758683,
  "summary_wm_mad": 40.78993881626763,
  "summary_wm_mean": 999.8638392870763,
  "summary_wm_median": 1000.0302315093577,
  "summary_wm_n": 146274.0,
  "summary_wm_p05": 928.0142684094608,
  "summary_wm_p95": 1070.5451062096286,
  "summary_wm_stdv": 43.59447847274555,
  "tpm_overlap_csf": 0.15503887225854238,
  "tpm_overlap_gm": 0.47935634496101825,
  "tpm_overlap_wm": 0.508115788526619,
  "wm2max": 0.5810423876192317
}