{
  "aor": 0.000765311203319502,
  "aqi": 0.012444655020746887,
  "bids_meta": {
    "BandwidthPerPixelPhaseEncode": 10.965,
    "DeviceSerialNumber": "40482",
    "EchoTime": 0.03,
    "EffectiveEchoSpacing": 0.000949,
    "FlipAngle": 79,
    "ImageType": [
      "ORIGINAL",
      "PRIMARY",
      "M",
      "MB",
      "ND",
      "MOSAIC"
    ],
    "InstitutionAddress": "Frew_4805_Pittsburgh_PA_District_US_15213",
    "InstitutionName": "SIBR",
    "MagneticFieldStrength": 3,
    "Manufacturer": "Siemens",
    "ManufacturersModelName": "Verio",
    "MultibandAccellerationFactor": 3,
    "PhaseEncodingDirection": "j-",
    "PhaseEncodingLines": 96,
    "RepetitionTime": 2.0,
    "ScanningSequence": "EP",
    "SequenceName": "epfid2d1_96",
    "SequenceVariant": "SK_SS",
    "SliceTiming": [
      0,
      0.09,
      0.1825,
      0.2725,
      0.365,
      0.455,
      0.5475,
      0.6375,
      0.73,
      0.82,
      0.9125,
      1.0025,
      1.095,
      1.185,
      1.2775,
      1.3675,
      1.46,
      1.55,
      1.6425,
      1.7325,
      1.825,
      1.915,
      0,
      0.09,
      0.1825,
      0.2725,
      0.365,
      0.455,
      0.5475,
      0.6375,
      0.73,
      0.82,
      0.9125,
      1.0025,
      1.095,
      1.185,
      1.2775,
      1.3675,
      1.46,
      1.55,
      1.6425,
      1.7325,
      1.825,
      1.915,
      0,
      0.09,
      0.1825,
      0.2725,
      0.365,
      0.455,
      0.5475,
      0.6375,
      0.73,
      0.82,
      0.9125,
      1.0025,
      1.095,
      1.185,
      1.2775,
      1.3675,
      1.46,
      1.55,
      1.6425,
      1.7325,
      1.825,
      1.915
    ],
    "SoftwareVersions": "syngo_MR_B17",
    "TaskName": "cuedMFM",
    "TotalReadoutTime": 0.03039,
    "dataset": "ds001597",
    "modality": "bold",
    "run_id": 2,
    "session_id": "pre",
    "subject_id": "06",
    "task_id": "cuedMFM"
  },
  "dummy_trs": 0,
  "dvars_nstd": 35.16397185333333,
  "dvars_std": 1.2867557529583324,
  "dvars_vstd": 1.0039385586250007,
  "efc": 0.5680663116484201,
  "fber": 2561.42333984375,
  "fd_mean": 0.15644116503413988,
  "fd_num": 44,
  "fd_perc": 18.25726141078838,
  "fwhm_avg": 1.9400783701012554,
  "fwhm_x": 1.839025,
  "fwhm_y": 2.13062,
  "fwhm_z": 1.850590110303766,
  "gcor": 0.0139024,
  "gsr_x": -0.01989312842488289,
  "gsr_y": 0.054545845836400986,
  "provenance": {
    "md5sum": "ea49671fa7470774891de79a52842c38",
    "settings": {
      "fd_thres": 0.2,
      "testing": false
    },
    "software": "mriqc",
    "version": "22.0.6",
    "webapi_port": null,
    "webapi_url": "https://mriqc.nimh.nih.gov/api/v1"
  },
  "size_t": 241,
  "size_x": 96,
  "size_y": 96,
  "size_z": 66,
  "snr": 6.17785793086585,
  "spacing_tr": 2.0,
  "spacing_x": 2.0,
  "spacing_y": 2.0,
  "spacing_z": 1.9999998807907104,
  "summary_bg_k": 14.424431166828924,
  "summary_bg_mad": 9.126914306881318,
  "summary_bg_mean": 35.74836730957031,
  "summary_bg_median": 11.10111141204834,
  "summary_bg_n": 372387.0,
  "summary_bg_p05": 4.085546875,
  "summary_bg_p95": 150.56318054199224,
  "summary_bg_stdv": 58.26911163330078,
  "summary_fg_k": 4.424526617413584,
  "summary_fg_mad": 72.5116819288218,
  "summary_fg_mean": 586.999267578125,
  "summary_fg_median": 587.6484985351562,
  "summary_fg_n": 146197.0,
  "summary_fg_p05": 439.83690185546874,
  "summary_fg_p95": 728.5694213867187,
  "summary_fg_stdv": 95.12139892578125,
  "tsnr": 55.83796691894531
}