{
  "aor": 0.0023550207468879666,
  "aqi": 0.015626063236514522,
  "bids_meta": {
    "BandwidthPerPixelPhaseEncode": 10.965,
    "DeviceSerialNumber": "40482",
    "EchoTime": 0.03,
    "EffectiveEchoSpacing": 0.000949,
    "FlipAngle": 79,
    "ImageType": [
      "ORIGINAL",
      "PRIMARY",
      "M",
      "MB",
      "ND",
      "MOSAIC"
    ],
    "InstitutionAddress": "Frew_4805_Pittsburgh_PA_District_US_15213",
    "InstitutionName": "SIBR",
    "MagneticFieldStrength": 3,
    "Manufacturer": "Siemens",
    "ManufacturersModelName": "Verio",
    "MultibandAccellerationFactor": 3,
    "PhaseEncodingDirection": "j-",
    "PhaseEncodingLines": 96,
    "RepetitionTime": 2.0,
    "ScanningSequence": "EP",
    "SequenceName": "epfid2d1_96",
    "SequenceVariant": "SK_SS",
    "SliceTiming": [
      0,
      0.09,
      0.1825,
      0.2725,
      0.365,
      0.455,
      0.5475,
      0.6375,
      0.73,
      0.82,
      0.9125,
      1.0025,
      1.095,
      1.185,
      1.2775,
      1.3675,
      1.46,
      1.55,
      1.6425,
      1.7325,
      1.825,
      1.915,
      0,
      0.09,
      0.1825,
      0.2725,
      0.365,
      0.455,
      0.5475,
      0.6375,
      0.73,
      0.82,
      0.9125,
      1.0025,
      1.095,
      1.185,
      1.2775,
      1.3675,
      1.46,
      1.55,
      1.6425,
      1.7325,
      1.825,
      1.915,
      0,
      0.09,
      0.1825,
      0.2725,
      0.365,
      0.455,
      0.5475,
      0.6375,
      0.73,
      0.82,
      0.9125,
      1.0025,
      1.095,
      1.185,
      1.2775,
      1.3675,
      1.46,
      1.55,
      1.6425,
      1.7325,
      1.825,
      1.915
    ],
    "SoftwareVersions": "syngo_MR_B17",
    "TaskName": "cuedMFM",
    "TotalReadoutTime": 0.03039,
    "dataset": "ds001597",
    "modality": "bold",
    "run_id": 6,
    "session_id": "pre",
    "subject_id": "06",
    "task_id": "cuedMFM"
  },
  "dummy_trs": 0,
  "dvars_nstd": 34.20228246025,
  "dvars_std": 1.255162139791667,
  "dvars_vstd": 1.0458740954999999,
  "efc": 0.5728225845931122,
  "fber": 2457.206787109375,
  "fd_mean": 0.18371803602918424,
  "fd_num": 80,
  "fd_perc": 33.19502074688797,
  "fwhm_avg": 2.0563083333333334,
  "fwhm_x": 1.942815,
  "fwhm_y": 2.242825,
  "fwhm_z": 1.983285,
  "gcor": 0.0153453,
  "gsr_x": -0.01780925877392292,
  "gsr_y": 0.052193086594343185,
  "provenance": {
    "md5sum": "737500740afe7c3c7f245e6605077f64",
    "settings": {
      "fd_thres": 0.2,
      "testing": false
    },
    "software": "mriqc",
    "version": "22.0.6",
    "webapi_port": null,
    "webapi_url": "https://mriqc.nimh.nih.gov/api/v1"
  },
  "size_t": 241,
  "size_x": 96,
  "size_y": 96,
  "size_z": 66,
  "snr": 5.996709594477281,
  "spacing_tr": 2.0,
  "spacing_x": 2.0,
  "spacing_y": 2.0,
  "spacing_z": 2.0,
  "summary_bg_k": 14.499571525455895,
  "summary_bg_mad": 10.782011188770534,
  "summary_bg_mean": 38.84467697143555,
  "summary_bg_median": 12.137365341186523,
  "summary_bg_n": 368449.0,
  "summary_bg_p05": 3.808137607574463,
  "summary_bg_p95": 163.72590026855465,
  "summary_bg_stdv": 63.46233367919922,
  "summary_fg_k": 4.054410903829887,
  "summary_fg_mad": 80.52378774715648,
  "summary_fg_mean": 628.8832397460938,
  "summary_fg_median": 630.5889892578125,
  "summary_fg_n": 148946.0,
  "summary_fg_p05": 462.76092529296875,
  "summary_fg_p95": 786.2419586181641,
  "summary_fg_stdv": 105.15547943115234,
  "tsnr": 47.929962158203125
}