{
  "aor": 0.001633900414937759,
  "aqi": 0.017273327385892115,
  "bids_meta": {
    "BandwidthPerPixelPhaseEncode": 10.965,
    "DeviceSerialNumber": "40482",
    "EchoTime": 0.03,
    "EffectiveEchoSpacing": 0.000949,
    "FlipAngle": 79,
    "ImageType": [
      "ORIGINAL",
      "PRIMARY",
      "M",
      "MB",
      "ND",
      "MOSAIC"
    ],
    "InstitutionAddress": "Frew_4805_Pittsburgh_PA_District_US_15213",
    "InstitutionName": "SIBR",
    "MagneticFieldStrength": 3,
    "Manufacturer": "Siemens",
    "ManufacturersModelName": "Verio",
    "MultibandAccellerationFactor": 3,
    "PhaseEncodingDirection": "j-",
    "PhaseEncodingLines": 96,
    "RepetitionTime": 2.0,
    "ScanningSequence": "EP",
    "SequenceName": "epfid2d1_96",
    "SequenceVariant": "SK_SS",
    "SliceTiming": [
      0,
      0.09,
      0.1825,
      0.2725,
      0.365,
      0.455,
      0.5475,
      0.6375,
      0.73,
      0.82,
      0.9125,
      1.0025,
      1.095,
      1.185,
      1.2775,
      1.3675,
      1.46,
      1.55,
      1.6425,
      1.7325,
      1.825,
      1.915,
      0,
      0.09,
      0.1825,
      0.2725,
      0.365,
      0.455,
      0.5475,
      0.6375,
      0.73,
      0.82,
      0.9125,
      1.0025,
      1.095,
      1.185,
      1.2775,
      1.3675,
      1.46,
      1.55,
      1.6425,
      1.7325,
      1.825,
      1.915,
      0,
      0.09,
      0.1825,
      0.2725,
      0.365,
      0.455,
      0.5475,
      0.6375,
      0.73,
      0.82,
      0.9125,
      1.0025,
      1.095,
      1.185,
      1.2775,
      1.3675,
      1.46,
      1.55,
      1.6425,
      1.7325,
      1.825,
      1.915
    ],
    "SoftwareVersions": "syngo_MR_B17",
    "TaskName": "cuedMFM",
    "TotalReadoutTime": 0.03039,
    "dataset": "ds001597",
    "modality": "bold",
    "run_id": 1,
    "session_id": "pre",
    "subject_id": "06",
    "task_id": "cuedMFM"
  },
  "dummy_trs": 0,
  "dvars_nstd": 36.98073771804168,
  "dvars_std": 1.279656263624999,
  "dvars_vstd": 0.998266281333333,
  "efc": 0.5658024293334791,
  "fber": 2664.4951171875,
  "fd_mean": 0.18907906462442886,
  "fd_num": 77,
  "fd_perc": 31.95020746887967,
  "fwhm_avg": 1.952098333333333,
  "fwhm_x": 1.852595,
  "fwhm_y": 2.137695,
  "fwhm_z": 1.866005,
  "gcor": 0.0129483,
  "gsr_x": -0.01878870651125908,
  "gsr_y": 0.0526927188038826,
  "provenance": {
    "md5sum": "cd7d96547e89d858a35712eb77073108",
    "settings": {
      "fd_thres": 0.2,
      "testing": false
    },
    "software": "mriqc",
    "version": "22.0.6",
    "webapi_port": null,
    "webapi_url": "https://mriqc.nimh.nih.gov/api/v1"
  },
  "size_t": 241,
  "size_x": 96,
  "size_y": 96,
  "size_z": 66,
  "snr": 6.164705954302043,
  "spacing_tr": 2.0,
  "spacing_x": 2.0,
  "spacing_y": 2.0,
  "spacing_z": 2.0,
  "summary_bg_k": 14.887153708534957,
  "summary_bg_mad": 9.032073878472659,
  "summary_bg_mean": 35.24554443359375,
  "summary_bg_median": 10.947698593139648,
  "summary_bg_n": 373018.0,
  "summary_bg_p05": 4.0259641885757445,
  "summary_bg_p95": 147.91244430541988,
  "summary_bg_stdv": 57.841121673583984,
  "summary_fg_k": 4.318164188016251,
  "summary_fg_mad": 72.98042457358859,
  "summary_fg_mean": 591.173828125,
  "summary_fg_median": 591.10205078125,
  "summary_fg_n": 145652.0,
  "summary_fg_p05": 444.0777282714844,
  "summary_fg_p95": 735.1957733154296,
  "summary_fg_stdv": 95.8845443725586,
  "tsnr": 47.46792984008789
}