{
  "aor": 0.002094771784232365,
  "aqi": 0.012810997012448134,
  "bids_meta": {
    "BandwidthPerPixelPhaseEncode": 10.965,
    "DeviceSerialNumber": "40482",
    "EchoTime": 0.03,
    "EffectiveEchoSpacing": 0.000949,
    "FlipAngle": 79,
    "ImageType": [
      "ORIGINAL",
      "PRIMARY",
      "M",
      "MB",
      "ND",
      "MOSAIC"
    ],
    "InstitutionAddress": "Frew_4805_Pittsburgh_PA_District_US_15213",
    "InstitutionName": "SIBR",
    "MagneticFieldStrength": 3,
    "Manufacturer": "Siemens",
    "ManufacturersModelName": "Verio",
    "MultibandAccellerationFactor": 3,
    "PhaseEncodingDirection": "j-",
    "PhaseEncodingLines": 96,
    "RepetitionTime": 2.0,
    "ScanningSequence": "EP",
    "SequenceName": "epfid2d1_96",
    "SequenceVariant": "SK_SS",
    "SliceTiming": [
      0,
      0.09,
      0.1825,
      0.2725,
      0.365,
      0.455,
      0.5475,
      0.6375,
      0.73,
      0.82,
      0.9125,
      1.0025,
      1.095,
      1.185,
      1.2775,
      1.3675,
      1.46,
      1.55,
      1.6425,
      1.7325,
      1.825,
      1.915,
      0,
      0.09,
      0.1825,
      0.2725,
      0.365,
      0.455,
      0.5475,
      0.6375,
      0.73,
      0.82,
      0.9125,
      1.0025,
      1.095,
      1.185,
      1.2775,
      1.3675,
      1.46,
      1.55,
      1.6425,
      1.7325,
      1.825,
      1.915,
      0,
      0.09,
      0.1825,
      0.2725,
      0.365,
      0.455,
      0.5475,
      0.6375,
      0.73,
      0.82,
      0.9125,
      1.0025,
      1.095,
      1.185,
      1.2775,
      1.3675,
      1.46,
      1.55,
      1.6425,
      1.7325,
      1.825,
      1.915
    ],
    "SoftwareVersions": "syngo_MR_B17",
    "TaskName": "cuedMFM",
    "TotalReadoutTime": 0.03039,
    "dataset": "ds001597",
    "modality": "bold",
    "run_id": 8,
    "session_id": "pre",
    "subject_id": "06",
    "task_id": "cuedMFM"
  },
  "dummy_trs": 0,
  "dvars_nstd": 34.77091999041665,
  "dvars_std": 1.2747481778333338,
  "dvars_vstd": 1.0116169471666667,
  "efc": 0.5729729647821837,
  "fber": 2277.55810546875,
  "fd_mean": 0.1354722396201849,
  "fd_num": 27,
  "fd_perc": 11.203319502074688,
  "fwhm_avg": 2.0060366666666667,
  "fwhm_x": 1.902605,
  "fwhm_y": 2.179885,
  "fwhm_z": 1.93562,
  "gcor": 0.0130016,
  "gsr_x": -0.020238151773810387,
  "gsr_y": 0.04915689304471016,
  "provenance": {
    "md5sum": "9a4d808fbe4c8216f72c8a0e2dfc53e9",
    "settings": {
      "fd_thres": 0.2,
      "testing": false
    },
    "software": "mriqc",
    "version": "22.0.6",
    "webapi_port": null,
    "webapi_url": "https://mriqc.nimh.nih.gov/api/v1"
  },
  "size_t": 241,
  "size_x": 96,
  "size_y": 96,
  "size_z": 66,
  "snr": 6.098344475213016,
  "spacing_tr": 2.0,
  "spacing_x": 2.0,
  "spacing_y": 2.0,
  "spacing_z": 2.0,
  "summary_bg_k": 13.786505775512556,
  "summary_bg_mad": 11.025246726965051,
  "summary_bg_mean": 40.4176025390625,
  "summary_bg_median": 12.500656127929688,
  "summary_bg_n": 371266.0,
  "summary_bg_p05": 3.9907789826393127,
  "summary_bg_p95": 171.46649551391602,
  "summary_bg_stdv": 65.90345001220703,
  "summary_fg_k": 3.7769691856186745,
  "summary_fg_mad": 80.2478358754931,
  "summary_fg_mean": 624.4482421875,
  "summary_fg_median": 626.2749633789062,
  "summary_fg_n": 147052.0,
  "summary_fg_p05": 462.1906402587891,
  "summary_fg_p95": 778.3074371337888,
  "summary_fg_stdv": 102.69554901123047,
  "tsnr": 51.54987335205078
}