{
  "aor": 0.0016444166666666666,
  "aqi": 0.007873559,
  "bids_meta": {
    "BandwidthPerPixelPhaseEncode": 10.965,
    "DeviceSerialNumber": "40482",
    "EchoTime": 0.03,
    "EffectiveEchoSpacing": 0.000949,
    "FlipAngle": 79,
    "ImageType": [
      "ORIGINAL",
      "PRIMARY",
      "M",
      "MB",
      "ND",
      "MOSAIC"
    ],
    "InstitutionAddress": "Frew_4805_Pittsburgh_PA_District_US_15213",
    "InstitutionName": "SIBR",
    "MagneticFieldStrength": 3,
    "Manufacturer": "Siemens",
    "ManufacturersModelName": "Verio",
    "MultibandAccellerationFactor": 3,
    "PhaseEncodingDirection": "j-",
    "PhaseEncodingLines": 96,
    "RepetitionTime": 2.0,
    "ScanningSequence": "EP",
    "SequenceName": "epfid2d1_96",
    "SequenceVariant": "SK_SS",
    "SliceTiming": [
      0,
      0.09,
      0.1825,
      0.2725,
      0.365,
      0.455,
      0.5475,
      0.6375,
      0.73,
      0.82,
      0.9125,
      1.0025,
      1.095,
      1.185,
      1.2775,
      1.3675,
      1.46,
      1.55,
      1.6425,
      1.7325,
      1.825,
      1.915,
      0,
      0.09,
      0.1825,
      0.2725,
      0.365,
      0.455,
      0.5475,
      0.6375,
      0.73,
      0.82,
      0.9125,
      1.0025,
      1.095,
      1.185,
      1.2775,
      1.3675,
      1.46,
      1.55,
      1.6425,
      1.7325,
      1.825,
      1.915,
      0,
      0.09,
      0.1825,
      0.2725,
      0.365,
      0.455,
      0.5475,
      0.6375,
      0.73,
      0.82,
      0.9125,
      1.0025,
      1.095,
      1.185,
      1.2775,
      1.3675,
      1.46,
      1.55,
      1.6425,
      1.7325,
      1.825,
      1.915
    ],
    "SoftwareVersions": "syngo_MR_B17",
    "TaskName": "cuedMFM",
    "TotalReadoutTime": 0.03039,
    "dataset": "ds001597",
    "modality": "bold",
    "run_id": 5,
    "session_id": "pre",
    "subject_id": "10",
    "task_id": "cuedMFM"
  },
  "dummy_trs": 1,
  "dvars_nstd": 30.407125536861933,
  "dvars_std": 1.2519356547698748,
  "dvars_vstd": 1.0061568892468624,
  "efc": 0.5397588275925517,
  "fber": 3362.749755859375,
  "fd_mean": 0.11909434017554363,
  "fd_num": 20,
  "fd_perc": 8.333333333333334,
  "fwhm_avg": 2.114568333333333,
  "fwhm_x": 2.008685,
  "fwhm_y": 2.26184,
  "fwhm_z": 2.07318,
  "gcor": 0.0185476,
  "gsr_x": -0.005702776834368706,
  "gsr_y": 0.027632661163806915,
  "provenance": {
    "md5sum": "ca69248ecc9dd902eb0132b8d2db344d",
    "settings": {
      "fd_thres": 0.2,
      "testing": false
    },
    "software": "mriqc",
    "version": "22.0.6",
    "webapi_port": null,
    "webapi_url": "https://mriqc.nimh.nih.gov/api/v1"
  },
  "size_t": 240,
  "size_x": 96,
  "size_y": 96,
  "size_z": 66,
  "snr": 5.681531204167436,
  "spacing_tr": 2.0,
  "spacing_x": 2.0,
  "spacing_y": 2.0,
  "spacing_z": 2.0,
  "summary_bg_k": 19.07114330874234,
  "summary_bg_mad": 8.089499538612783,
  "summary_bg_mean": 31.901966094970703,
  "summary_bg_median": 10.655116081237793,
  "summary_bg_n": 384502.0,
  "summary_bg_p05": 4.084477043151855,
  "summary_bg_p95": 134.17367553710938,
  "summary_bg_stdv": 56.186763763427734,
  "summary_fg_k": 2.876581791947717,
  "summary_fg_mad": 94.84346833592049,
  "summary_fg_mean": 637.72802734375,
  "summary_fg_median": 638.3846435546875,
  "summary_fg_n": 136857.0,
  "summary_fg_p05": 466.7013244628906,
  "summary_fg_p95": 806.5658081054687,
  "summary_fg_stdv": 112.3609619140625,
  "tsnr": 58.45429229736328
}