{
  "aor": 0.0017488381742738588,
  "aqi": 0.010322188008298755,
  "bids_meta": {
    "BandwidthPerPixelPhaseEncode": 10.965,
    "DeviceSerialNumber": "40482",
    "EchoTime": 0.03,
    "EffectiveEchoSpacing": 0.000949,
    "FlipAngle": 79,
    "ImageType": [
      "ORIGINAL",
      "PRIMARY",
      "M",
      "MB",
      "ND",
      "MOSAIC"
    ],
    "InstitutionAddress": "Frew_4805_Pittsburgh_PA_District_US_15213",
    "InstitutionName": "SIBR",
    "MagneticFieldStrength": 3,
    "Manufacturer": "Siemens",
    "ManufacturersModelName": "Verio",
    "MultibandAccellerationFactor": 3,
    "PhaseEncodingDirection": "j-",
    "PhaseEncodingLines": 96,
    "RepetitionTime": 2.0,
    "ScanningSequence": "EP",
    "SequenceName": "epfid2d1_96",
    "SequenceVariant": "SK_SS",
    "SliceTiming": [
      0,
      0.09,
      0.1825,
      0.2725,
      0.365,
      0.455,
      0.5475,
      0.6375,
      0.73,
      0.82,
      0.9125,
      1.0025,
      1.095,
      1.185,
      1.2775,
      1.3675,
      1.46,
      1.55,
      1.6425,
      1.7325,
      1.825,
      1.915,
      0,
      0.09,
      0.1825,
      0.2725,
      0.365,
      0.455,
      0.5475,
      0.6375,
      0.73,
      0.82,
      0.9125,
      1.0025,
      1.095,
      1.185,
      1.2775,
      1.3675,
      1.46,
      1.55,
      1.6425,
      1.7325,
      1.825,
      1.915,
      0,
      0.09,
      0.1825,
      0.2725,
      0.365,
      0.455,
      0.5475,
      0.6375,
      0.73,
      0.82,
      0.9125,
      1.0025,
      1.095,
      1.185,
      1.2775,
      1.3675,
      1.46,
      1.55,
      1.6425,
      1.7325,
      1.825,
      1.915
    ],
    "SoftwareVersions": "syngo_MR_B17",
    "TaskName": "cuedMFM",
    "TotalReadoutTime": 0.03039,
    "dataset": "ds001597",
    "modality": "bold",
    "run_id": 2,
    "session_id": "pre",
    "subject_id": "10",
    "task_id": "cuedMFM"
  },
  "dummy_trs": 0,
  "dvars_nstd": 32.036823868833345,
  "dvars_std": 1.261559637625001,
  "dvars_vstd": 1.0037356113333333,
  "efc": 0.5396977635520377,
  "fber": 3351.88916015625,
  "fd_mean": 0.15047369107725406,
  "fd_num": 36,
  "fd_perc": 14.937759336099585,
  "fwhm_avg": 2.1569366666666667,
  "fwhm_x": 2.05514,
  "fwhm_y": 2.30582,
  "fwhm_z": 2.10985,
  "gcor": 0.0182001,
  "gsr_x": -0.005051964893937111,
  "gsr_y": 0.025341821834445,
  "provenance": {
    "md5sum": "4708984aa1229b06618087511743ccee",
    "settings": {
      "fd_thres": 0.2,
      "testing": false
    },
    "software": "mriqc",
    "version": "22.0.6",
    "webapi_port": null,
    "webapi_url": "https://mriqc.nimh.nih.gov/api/v1"
  },
  "size_t": 241,
  "size_x": 96,
  "size_y": 96,
  "size_z": 66,
  "snr": 5.659589261615204,
  "spacing_tr": 2.0,
  "spacing_x": 2.0,
  "spacing_y": 2.0,
  "spacing_z": 2.0,
  "summary_bg_k": 19.669266831245174,
  "summary_bg_mad": 7.796825239163274,
  "summary_bg_mean": 31.096248626708984,
  "summary_bg_median": 10.350892066955566,
  "summary_bg_n": 384882.0,
  "summary_bg_p05": 3.9870253205299377,
  "summary_bg_p95": 129.79500274658204,
  "summary_bg_stdv": 54.28350067138672,
  "summary_fg_k": 2.8407037508484727,
  "summary_fg_mad": 92.72172918691531,
  "summary_fg_mean": 617.15380859375,
  "summary_fg_median": 619.0009765625,
  "summary_fg_n": 136320.0,
  "summary_fg_p05": 448.0880950927734,
  "summary_fg_p95": 779.4561126708984,
  "summary_fg_stdv": 109.37166595458984,
  "tsnr": 52.238067626953125
}