{
  "aor": 0.001341375,
  "aqi": 0.016105669708333333,
  "bids_meta": {
    "BandwidthPerPixelPhaseEncode": 10.965,
    "DeviceSerialNumber": "40482",
    "EchoTime": 0.03,
    "EffectiveEchoSpacing": 0.000949,
    "FlipAngle": 79,
    "ImageType": [
      "ORIGINAL",
      "PRIMARY",
      "M",
      "MB",
      "ND",
      "MOSAIC"
    ],
    "InstitutionAddress": "Frew_4805_Pittsburgh_PA_District_US_15213",
    "InstitutionName": "SIBR",
    "MagneticFieldStrength": 3,
    "Manufacturer": "Siemens",
    "ManufacturersModelName": "Verio",
    "MultibandAccellerationFactor": 3,
    "PhaseEncodingDirection": "j-",
    "PhaseEncodingLines": 96,
    "RepetitionTime": 2.0,
    "ScanningSequence": "EP",
    "SequenceName": "epfid2d1_96",
    "SequenceVariant": "SK_SS",
    "SliceTiming": [
      0,
      0.09,
      0.1825,
      0.2725,
      0.365,
      0.455,
      0.5475,
      0.6375,
      0.73,
      0.82,
      0.9125,
      1.0025,
      1.095,
      1.185,
      1.2775,
      1.3675,
      1.46,
      1.55,
      1.6425,
      1.7325,
      1.825,
      1.915,
      0,
      0.09,
      0.1825,
      0.2725,
      0.365,
      0.455,
      0.5475,
      0.6375,
      0.73,
      0.82,
      0.9125,
      1.0025,
      1.095,
      1.185,
      1.2775,
      1.3675,
      1.46,
      1.55,
      1.6425,
      1.7325,
      1.825,
      1.915,
      0,
      0.09,
      0.1825,
      0.2725,
      0.365,
      0.455,
      0.5475,
      0.6375,
      0.73,
      0.82,
      0.9125,
      1.0025,
      1.095,
      1.185,
      1.2775,
      1.3675,
      1.46,
      1.55,
      1.6425,
      1.7325,
      1.825,
      1.915
    ],
    "SoftwareVersions": "syngo_MR_B17",
    "TaskName": "cuedMFM",
    "TotalReadoutTime": 0.03039,
    "dataset": "ds001597",
    "modality": "bold",
    "run_id": 7,
    "session_id": "pre",
    "subject_id": "14",
    "task_id": "cuedMFM"
  },
  "dummy_trs": 1,
  "dvars_nstd": 33.280685815899574,
  "dvars_std": 1.2313301000418413,
  "dvars_vstd": 0.9815475204602507,
  "efc": 0.5978833326319116,
  "fber": 1572.495361328125,
  "fd_mean": 0.16196487757739747,
  "fd_num": 69,
  "fd_perc": 28.75,
  "fwhm_avg": 2.3022500000000004,
  "fwhm_x": 2.133745,
  "fwhm_y": 2.52057,
  "fwhm_z": 2.252435,
  "gcor": 0.0148974,
  "gsr_x": 0.002107761101797223,
  "gsr_y": 0.04836597293615341,
  "provenance": {
    "md5sum": "bc9de6404c2c174d5d1dd627cdacbf65",
    "settings": {
      "fd_thres": 0.2,
      "testing": false
    },
    "software": "mriqc",
    "version": "22.0.6",
    "webapi_port": null,
    "webapi_url": "https://mriqc.nimh.nih.gov/api/v1"
  },
  "size_t": 240,
  "size_x": 96,
  "size_y": 96,
  "size_z": 66,
  "snr": 5.123675578073649,
  "spacing_tr": 2.0,
  "spacing_x": 2.0,
  "spacing_y": 2.0,
  "spacing_z": 2.0,
  "summary_bg_k": 17.128153901327565,
  "summary_bg_mad": 13.397809214005303,
  "summary_bg_mean": 40.828758239746094,
  "summary_bg_median": 14.312105178833008,
  "summary_bg_n": 348718.0,
  "summary_bg_p05": 4.180857229232788,
  "summary_bg_p95": 164.27627410888664,
  "summary_bg_stdv": 65.26573181152344,
  "summary_fg_k": 4.68687091457277,
  "summary_fg_mad": 82.83985601385214,
  "summary_fg_mean": 590.4236450195312,
  "summary_fg_median": 595.5596313476562,
  "summary_fg_n": 164584.0,
  "summary_fg_p05": 401.62452545166013,
  "summary_fg_p95": 754.5678131103516,
  "summary_fg_stdv": 116.23644256591797,
  "tsnr": 46.91560363769531
}