{
  "aor": 0.00044813278008298753,
  "aqi": 0.009105050788381744,
  "bids_meta": {
    "BandwidthPerPixelPhaseEncode": 10.965,
    "DeviceSerialNumber": "40482",
    "EchoTime": 0.03,
    "EffectiveEchoSpacing": 0.000949,
    "FlipAngle": 79,
    "ImageType": [
      "ORIGINAL",
      "PRIMARY",
      "M",
      "MB",
      "ND",
      "MOSAIC"
    ],
    "InstitutionAddress": "Frew_4805_Pittsburgh_PA_District_US_15213",
    "InstitutionName": "SIBR",
    "MagneticFieldStrength": 3,
    "Manufacturer": "Siemens",
    "ManufacturersModelName": "Verio",
    "MultibandAccellerationFactor": 3,
    "PhaseEncodingDirection": "j-",
    "PhaseEncodingLines": 96,
    "RepetitionTime": 2.0,
    "ScanningSequence": "EP",
    "SequenceName": "epfid2d1_96",
    "SequenceVariant": "SK_SS",
    "SliceTiming": [
      0,
      0.09,
      0.1825,
      0.2725,
      0.365,
      0.455,
      0.5475,
      0.6375,
      0.73,
      0.82,
      0.9125,
      1.0025,
      1.095,
      1.185,
      1.2775,
      1.3675,
      1.46,
      1.55,
      1.6425,
      1.7325,
      1.825,
      1.915,
      0,
      0.09,
      0.1825,
      0.2725,
      0.365,
      0.455,
      0.5475,
      0.6375,
      0.73,
      0.82,
      0.9125,
      1.0025,
      1.095,
      1.185,
      1.2775,
      1.3675,
      1.46,
      1.55,
      1.6425,
      1.7325,
      1.825,
      1.915,
      0,
      0.09,
      0.1825,
      0.2725,
      0.365,
      0.455,
      0.5475,
      0.6375,
      0.73,
      0.82,
      0.9125,
      1.0025,
      1.095,
      1.185,
      1.2775,
      1.3675,
      1.46,
      1.55,
      1.6425,
      1.7325,
      1.825,
      1.915
    ],
    "SoftwareVersions": "syngo_MR_B17",
    "TaskName": "cuedMFM",
    "TotalReadoutTime": 0.03039,
    "dataset": "ds001597",
    "modality": "bold",
    "run_id": 4,
    "session_id": "pre",
    "subject_id": "14",
    "task_id": "cuedMFM"
  },
  "dummy_trs": 0,
  "dvars_nstd": 35.66728473487501,
  "dvars_std": 1.327987465333333,
  "dvars_vstd": 0.9971044842083336,
  "efc": 0.5982599647278294,
  "fber": 1627.0679931640625,
  "fd_mean": 0.1575414721537746,
  "fd_num": 52,
  "fd_perc": 21.57676348547718,
  "fwhm_avg": 2.2308083333333335,
  "fwhm_x": 2.086345,
  "fwhm_y": 2.429955,
  "fwhm_z": 2.176125,
  "gcor": 0.0145481,
  "gsr_x": 0.00881294533610344,
  "gsr_y": 0.0512428879737854,
  "provenance": {
    "md5sum": "89a4165193b89a3805a47c6f617e7c9f",
    "settings": {
      "fd_thres": 0.2,
      "testing": false
    },
    "software": "mriqc",
    "version": "22.0.6",
    "webapi_port": null,
    "webapi_url": "https://mriqc.nimh.nih.gov/api/v1"
  },
  "size_t": 241,
  "size_x": 96,
  "size_y": 96,
  "size_z": 66,
  "snr": 5.384295792064116,
  "spacing_tr": 2.0,
  "spacing_x": 2.0,
  "spacing_y": 2.0,
  "spacing_z": 2.0,
  "summary_bg_k": 15.705250367817094,
  "summary_bg_mad": 12.839370687502713,
  "summary_bg_mean": 42.678810119628906,
  "summary_bg_median": 13.966412544250488,
  "summary_bg_n": 351084.0,
  "summary_bg_p05": 4.388430428504944,
  "summary_bg_p95": 179.3802261352537,
  "summary_bg_stdv": 69.84255981445312,
  "summary_fg_k": 4.296844982350949,
  "summary_fg_mad": 84.5014039041775,
  "summary_fg_mean": 598.6736450195312,
  "summary_fg_median": 603.8224487304688,
  "summary_fg_n": 163410.0,
  "summary_fg_p05": 420.5150741577148,
  "summary_fg_p95": 759.9846588134765,
  "summary_fg_stdv": 112.14476776123047,
  "tsnr": 58.084556579589844
}