{
  "aor": 0.0014540663900414938,
  "aqi": 0.015469350995850624,
  "bids_meta": {
    "BandwidthPerPixelPhaseEncode": 10.965,
    "DeviceSerialNumber": "40482",
    "EchoTime": 0.03,
    "EffectiveEchoSpacing": 0.000949,
    "FlipAngle": 79,
    "ImageType": [
      "ORIGINAL",
      "PRIMARY",
      "M",
      "MB",
      "ND",
      "MOSAIC"
    ],
    "InstitutionAddress": "Frew_4805_Pittsburgh_PA_District_US_15213",
    "InstitutionName": "SIBR",
    "MagneticFieldStrength": 3,
    "Manufacturer": "Siemens",
    "ManufacturersModelName": "Verio",
    "MultibandAccellerationFactor": 3,
    "PhaseEncodingDirection": "j-",
    "PhaseEncodingLines": 96,
    "RepetitionTime": 2.0,
    "ScanningSequence": "EP",
    "SequenceName": "epfid2d1_96",
    "SequenceVariant": "SK_SS",
    "SliceTiming": [
      0,
      0.09,
      0.1825,
      0.2725,
      0.365,
      0.455,
      0.5475,
      0.6375,
      0.73,
      0.82,
      0.9125,
      1.0025,
      1.095,
      1.185,
      1.2775,
      1.3675,
      1.46,
      1.55,
      1.6425,
      1.7325,
      1.825,
      1.915,
      0,
      0.09,
      0.1825,
      0.2725,
      0.365,
      0.455,
      0.5475,
      0.6375,
      0.73,
      0.82,
      0.9125,
      1.0025,
      1.095,
      1.185,
      1.2775,
      1.3675,
      1.46,
      1.55,
      1.6425,
      1.7325,
      1.825,
      1.915,
      0,
      0.09,
      0.1825,
      0.2725,
      0.365,
      0.455,
      0.5475,
      0.6375,
      0.73,
      0.82,
      0.9125,
      1.0025,
      1.095,
      1.185,
      1.2775,
      1.3675,
      1.46,
      1.55,
      1.6425,
      1.7325,
      1.825,
      1.915
    ],
    "SoftwareVersions": "syngo_MR_B17",
    "TaskName": "cuedMFM",
    "TotalReadoutTime": 0.03039,
    "dataset": "ds001597",
    "modality": "bold",
    "run_id": 6,
    "session_id": "pre",
    "subject_id": "14",
    "task_id": "cuedMFM"
  },
  "dummy_trs": 0,
  "dvars_nstd": 34.88427259133334,
  "dvars_std": 1.274226804374999,
  "dvars_vstd": 1.0505003917083335,
  "efc": 0.5965618297012523,
  "fber": 1648.7431640625,
  "fd_mean": 0.17278508744471707,
  "fd_num": 87,
  "fd_perc": 36.09958506224066,
  "fwhm_avg": 2.327723333333333,
  "fwhm_x": 2.147935,
  "fwhm_y": 2.54089,
  "fwhm_z": 2.294345,
  "gcor": 0.0113585,
  "gsr_x": 0.002671973081305623,
  "gsr_y": 0.049155086278915405,
  "provenance": {
    "md5sum": "978788f146cf12ad87fd814bb973e211",
    "settings": {
      "fd_thres": 0.2,
      "testing": false
    },
    "software": "mriqc",
    "version": "22.0.6",
    "webapi_port": null,
    "webapi_url": "https://mriqc.nimh.nih.gov/api/v1"
  },
  "size_t": 241,
  "size_x": 96,
  "size_y": 96,
  "size_z": 66,
  "snr": 5.084224466658668,
  "spacing_tr": 2.0,
  "spacing_x": 2.0,
  "spacing_y": 2.0,
  "spacing_z": 2.0,
  "summary_bg_k": 19.6095697271127,
  "summary_bg_mad": 12.7610702912444,
  "summary_bg_mean": 40.0546875,
  "summary_bg_median": 13.9113187789917,
  "summary_bg_n": 348587.0,
  "summary_bg_p05": 4.26696891784668,
  "summary_bg_p95": 161.30556182861335,
  "summary_bg_stdv": 65.15011596679688,
  "summary_fg_k": 4.744313779292866,
  "summary_fg_mad": 83.24303803195221,
  "summary_fg_mean": 592.6366577148438,
  "summary_fg_median": 598.054931640625,
  "summary_fg_n": 165130.0,
  "summary_fg_p05": 402.0310516357422,
  "summary_fg_p95": 758.3701171875,
  "summary_fg_stdv": 117.6291732788086,
  "tsnr": 46.83399200439453
}