{
  "aor": 0.0008043568464730291,
  "aqi": 0.015238394730290457,
  "bids_meta": {
    "BandwidthPerPixelPhaseEncode": 10.965,
    "DeviceSerialNumber": "40482",
    "EchoTime": 0.03,
    "EffectiveEchoSpacing": 0.000949,
    "FlipAngle": 79,
    "ImageType": [
      "ORIGINAL",
      "PRIMARY",
      "M",
      "MB",
      "ND",
      "MOSAIC"
    ],
    "InstitutionAddress": "Frew_4805_Pittsburgh_PA_District_US_15213",
    "InstitutionName": "SIBR",
    "MagneticFieldStrength": 3,
    "Manufacturer": "Siemens",
    "ManufacturersModelName": "Verio",
    "MultibandAccellerationFactor": 3,
    "PhaseEncodingDirection": "j-",
    "PhaseEncodingLines": 96,
    "RepetitionTime": 2.0,
    "ScanningSequence": "EP",
    "SequenceName": "epfid2d1_96",
    "SequenceVariant": "SK_SS",
    "SliceTiming": [
      0,
      0.09,
      0.1825,
      0.2725,
      0.365,
      0.455,
      0.5475,
      0.6375,
      0.73,
      0.82,
      0.9125,
      1.0025,
      1.095,
      1.185,
      1.2775,
      1.3675,
      1.46,
      1.55,
      1.6425,
      1.7325,
      1.825,
      1.915,
      0,
      0.09,
      0.1825,
      0.2725,
      0.365,
      0.455,
      0.5475,
      0.6375,
      0.73,
      0.82,
      0.9125,
      1.0025,
      1.095,
      1.185,
      1.2775,
      1.3675,
      1.46,
      1.55,
      1.6425,
      1.7325,
      1.825,
      1.915,
      0,
      0.09,
      0.1825,
      0.2725,
      0.365,
      0.455,
      0.5475,
      0.6375,
      0.73,
      0.82,
      0.9125,
      1.0025,
      1.095,
      1.185,
      1.2775,
      1.3675,
      1.46,
      1.55,
      1.6425,
      1.7325,
      1.825,
      1.915
    ],
    "SoftwareVersions": "syngo_MR_B17",
    "TaskName": "cuedMFM",
    "TotalReadoutTime": 0.03039,
    "dataset": "ds001597",
    "modality": "bold",
    "run_id": 2,
    "session_id": "pre",
    "subject_id": "14",
    "task_id": "cuedMFM"
  },
  "dummy_trs": 0,
  "dvars_nstd": 35.37174801029165,
  "dvars_std": 1.2425625771249995,
  "dvars_vstd": 0.9758002207916665,
  "efc": 0.5946341521728818,
  "fber": 1877.2236328125,
  "fd_mean": 0.18930096329770135,
  "fd_num": 103,
  "fd_perc": 42.738589211618255,
  "fwhm_avg": 2.3377333333333334,
  "fwhm_x": 2.15885,
  "fwhm_y": 2.554595,
  "fwhm_z": 2.299755,
  "gcor": 0.00877796,
  "gsr_x": 0.004490750841796398,
  "gsr_y": 0.0518978089094162,
  "provenance": {
    "md5sum": "79c9969a9c3136e09447b58591a20299",
    "settings": {
      "fd_thres": 0.2,
      "testing": false
    },
    "software": "mriqc",
    "version": "22.0.6",
    "webapi_port": null,
    "webapi_url": "https://mriqc.nimh.nih.gov/api/v1"
  },
  "size_t": 241,
  "size_x": 96,
  "size_y": 96,
  "size_z": 66,
  "snr": 5.164787640240615,
  "spacing_tr": 2.0,
  "spacing_x": 2.0,
  "spacing_y": 2.0,
  "spacing_z": 2.0,
  "summary_bg_k": 18.555104239073295,
  "summary_bg_mad": 11.729374827989382,
  "summary_bg_mean": 39.261390686035156,
  "summary_bg_median": 13.084930419921875,
  "summary_bg_n": 348744.0,
  "summary_bg_p05": 4.307341456413269,
  "summary_bg_p95": 159.6369178771972,
  "summary_bg_stdv": 64.37510681152344,
  "summary_fg_k": 4.501425362367104,
  "summary_fg_mad": 85.63493763770474,
  "summary_fg_mean": 601.1008911132812,
  "summary_fg_median": 608.0631103515625,
  "summary_fg_n": 164575.0,
  "summary_fg_p05": 409.99151916503905,
  "summary_fg_p95": 766.6279846191406,
  "summary_fg_stdv": 117.73209381103516,
  "tsnr": 46.444313049316406
}