{
  "bids_meta": {
    "AccelFactPE": 2,
    "DeviceSerialNumber": "40482",
    "EchoTime": 0.418,
    "EchoTrainLength": 147,
    "FlipAngle": 120,
    "InstitutionAddress": "Frew_4805_Pittsburgh_PA_District_US_15213",
    "InstitutionName": "SIBR",
    "MagneticFieldStrength": 3,
    "Manufacturer": "Siemens",
    "ManufacturersModelName": "Verio",
    "PhaseEncodingDirection": "i-",
    "PhaseEncodingLines": 258,
    "RepetitionTime": 3,
    "ScanningSequence": "SE",
    "SequenceName": "_spc3d1_294ns",
    "SequenceVariant": "SK_SP",
    "SoftwareVersions": "syngo_MR_B17",
    "dataset": "ds001597",
    "modality": "T2w",
    "session_id": "pre",
    "subject_id": "12"
  },
  "cjv": 0.3064273912400905,
  "cnr": 2.272222079734943,
  "efc": 0.6060324362560021,
  "fber": 6881.569169079973,
  "fwhm_avg": 2.3005821242884967,
  "fwhm_x": 2.342199965098501,
  "fwhm_y": 2.2616357281553396,
  "fwhm_z": 2.2979106796116504,
  "icvs_csf": 0.29974338417297935,
  "icvs_gm": 0.5664065184009803,
  "icvs_wm": 0.13385009742604037,
  "inu_med": 0.9218232929706573,
  "inu_range": 0.31951303184032454,
  "provenance": {
    "md5sum": "d2975585fed122e263d77e93f9450db2",
    "settings": {
      "testing": false
    },
    "software": "mriqc",
    "version": "22.0.6",
    "warnings": {
      "large_rot_frame": true,
      "small_air_mask": false
    },
    "webapi_port": null,
    "webapi_url": "https://mriqc.nimh.nih.gov/api/v1"
  },
  "qi_1": 0.0,
  "qi_2": 0.02094540078249005,
  "rpve_csf": 9.62966994883359,
  "rpve_gm": 6.329565371138471,
  "rpve_wm": 29.146019028742117,
  "size_x": 224,
  "size_y": 256,
  "size_z": 256,
  "snr_csf": 7.848160105724444,
  "snr_gm": 7.533344012160893,
  "snr_total": 6.389779424502123,
  "snr_wm": 3.787834155621033,
  "snrd_csf": 39.818371253450856,
  "snrd_gm": 24.446767546676597,
  "snrd_total": 42.40531943787621,
  "snrd_wm": 62.95081951350118,
  "spacing_x": 0.800000011920929,
  "spacing_y": 0.8046875,
  "spacing_z": 0.8046875,
  "summary_bg_k": 304.4207493192719,
  "summary_bg_mad": 0.0,
  "summary_bg_mean": 5.411458296309983,
  "summary_bg_median": 0.0,
  "summary_bg_n": 3782204.0,
  "summary_bg_p05": 0.0,
  "summary_bg_p95": 24.14043614640832,
  "summary_bg_stdv": 10.408650601254672,
  "summary_csf_k": 1.2204255916665812,
  "summary_csf_mad": 72.12004015727037,
  "summary_csf_mean": 637.934272077081,
  "summary_csf_median": 632.6247692666948,
  "summary_csf_n": 56480.0,
  "summary_csf_p05": 515.7582608442754,
  "summary_csf_p95": 775.9912541136146,
  "summary_csf_stdv": 80.60732200770647,
  "summary_gm_k": -0.023038416397788364,
  "summary_gm_mad": 52.591737967159816,
  "summary_gm_mean": 389.48413311149403,
  "summary_gm_median": 388.4044020809233,
  "summary_gm_n": 512080.0,
  "summary_gm_p05": 307.0581722818315,
  "summary_gm_p95": 475.13283636420965,
  "summary_gm_stdv": 51.55798304336423,
  "summary_wm_k": 3.2323341712258795,
  "summary_wm_mad": 134.8631283146342,
  "summary_wm_mean": 913.223509025471,
  "summary_wm_median": 1000.1475805323571,
  "summary_wm_n": 41294.0,
  "summary_wm_p05": 182.30230589397254,
  "summary_wm_p95": 1154.1842289948836,
  "summary_wm_stdv": 264.0388753270296,
  "tpm_overlap_csf": 0.10979853909472313,
  "tpm_overlap_gm": 0.3579451830233502,
  "tpm_overlap_wm": 0.02693231299944775,
  "wm2max": 0.842364484908764
}