{
  "bids_meta": {
    "AccelFactPE": 2,
    "DeviceSerialNumber": "40482",
    "EchoTime": 0.00197,
    "FlipAngle": 9,
    "InstitutionAddress": "Frew_4805_Pittsburgh_PA_District_US_15213",
    "InstitutionName": "SIBR",
    "InversionTime": 0.9,
    "MagneticFieldStrength": 3,
    "Manufacturer": "Siemens",
    "ManufacturersModelName": "Verio",
    "PhaseEncodingDirection": "i-",
    "PhaseEncodingLines": 256,
    "RepetitionTime": 2.3,
    "ScanningSequence": "GR_IR",
    "SequenceName": "_tfl3d1_ns",
    "SequenceVariant": "SP_MP",
    "SoftwareVersions": "syngo_MR_B17",
    "dataset": "ds001597",
    "modality": "T1w",
    "session_id": "pre",
    "subject_id": "12"
  },
  "cjv": 0.3724191032295902,
  "cnr": 3.6710901701641085,
  "efc": 0.5508791120772275,
  "fber": -1.0,
  "fwhm_avg": 3.933806666666667,
  "fwhm_x": 3.87706,
  "fwhm_y": 4.03022,
  "fwhm_z": 3.89414,
  "icvs_csf": 0.21955566638465437,
  "icvs_gm": 0.4348050445505045,
  "icvs_wm": 0.3456392890648411,
  "inu_med": 0.5645174980163574,
  "inu_range": 0.1588883578777313,
  "provenance": {
    "md5sum": "94cece9b7e7558bdad5510d98998136e",
    "settings": {
      "testing": false
    },
    "software": "mriqc",
    "version": "22.0.6",
    "warnings": {
      "large_rot_frame": true,
      "small_air_mask": false
    },
    "webapi_port": null,
    "webapi_url": "https://mriqc.nimh.nih.gov/api/v1"
  },
  "qi_1": 0.0,
  "qi_2": 0.02475671814265375,
  "rpve_csf": 21.573024359690297,
  "rpve_gm": 11.498464236923734,
  "rpve_wm": 16.88336465957588,
  "size_x": 176,
  "size_y": 256,
  "size_z": 256,
  "snr_csf": 2.143642459893927,
  "snr_gm": 9.30386988523657,
  "snr_total": 10.692787672972187,
  "snr_wm": 20.63085067378606,
  "snrd_csf": 22.349954998858127,
  "snrd_gm": 69.27783350857447,
  "snrd_total": 64.60833116647903,
  "snrd_wm": 102.19720499200449,
  "spacing_x": 1.0,
  "spacing_y": 1.0,
  "spacing_z": 1.0,
  "summary_bg_k": 11.498518847300396,
  "summary_bg_mad": 0.0,
  "summary_bg_mean": 3.5523987384354028,
  "summary_bg_median": 0.0,
  "summary_bg_n": 3207306.0,
  "summary_bg_p05": 0.0,
  "summary_bg_p95": 16.1388184055686,
  "summary_bg_stdv": 6.410771325252082,
  "summary_csf_k": 1.0598738406876755,
  "summary_csf_mad": 89.59300067769334,
  "summary_csf_mean": 234.58668156713472,
  "summary_csf_median": 218.70323588699102,
  "summary_csf_n": 36466.0,
  "summary_csf_p05": 93.97120265848935,
  "summary_csf_p95": 431.9257452227175,
  "summary_csf_stdv": 102.02272124670466,
  "summary_gm_k": -0.008862561087369603,
  "summary_gm_mad": 72.95173047149527,
  "summary_gm_mean": 675.983947446631,
  "summary_gm_median": 677.9112693667412,
  "summary_gm_n": 33128.0,
  "summary_gm_p05": 552.5219534337521,
  "summary_gm_p95": 792.8508015025407,
  "summary_gm_stdv": 72.86226548255301,
  "summary_wm_k": 0.2879942219204361,
  "summary_wm_mad": 47.015336366339746,
  "summary_wm_mean": 1000.0675583259705,
  "summary_wm_median": 1000.0404668152332,
  "summary_wm_n": 206840.0,
  "summary_wm_p05": 920.7620606124401,
  "summary_wm_p95": 1079.5211138501763,
  "summary_wm_stdv": 48.47294303078611,
  "tpm_overlap_csf": 0.1759714162814067,
  "tpm_overlap_gm": 0.4743389404943927,
  "tpm_overlap_wm": 0.5119500662354816,
  "wm2max": 0.4161098675463251
}