{
  "aor": 0.0008678008298755186,
  "aqi": 0.011501269875518673,
  "bids_meta": {
    "BandwidthPerPixelPhaseEncode": 10.965,
    "DeviceSerialNumber": "40482",
    "EchoTime": 0.03,
    "EffectiveEchoSpacing": 0.000949,
    "FlipAngle": 79,
    "ImageType": [
      "ORIGINAL",
      "PRIMARY",
      "M",
      "MB",
      "ND",
      "MOSAIC"
    ],
    "InstitutionAddress": "Frew_4805_Pittsburgh_PA_District_US_15213",
    "InstitutionName": "SIBR",
    "MagneticFieldStrength": 3,
    "Manufacturer": "Siemens",
    "ManufacturersModelName": "Verio",
    "MultibandAccellerationFactor": 3,
    "PhaseEncodingDirection": "j-",
    "PhaseEncodingLines": 96,
    "RepetitionTime": 2.0,
    "ScanningSequence": "EP",
    "SequenceName": "epfid2d1_96",
    "SequenceVariant": "SK_SS",
    "SliceTiming": [
      0,
      0.09,
      0.1825,
      0.2725,
      0.365,
      0.455,
      0.5475,
      0.6375,
      0.73,
      0.82,
      0.9125,
      1.0025,
      1.095,
      1.185,
      1.2775,
      1.3675,
      1.46,
      1.55,
      1.6425,
      1.7325,
      1.825,
      1.915,
      0,
      0.09,
      0.1825,
      0.2725,
      0.365,
      0.455,
      0.5475,
      0.6375,
      0.73,
      0.82,
      0.9125,
      1.0025,
      1.095,
      1.185,
      1.2775,
      1.3675,
      1.46,
      1.55,
      1.6425,
      1.7325,
      1.825,
      1.915,
      0,
      0.09,
      0.1825,
      0.2725,
      0.365,
      0.455,
      0.5475,
      0.6375,
      0.73,
      0.82,
      0.9125,
      1.0025,
      1.095,
      1.185,
      1.2775,
      1.3675,
      1.46,
      1.55,
      1.6425,
      1.7325,
      1.825,
      1.915
    ],
    "SoftwareVersions": "syngo_MR_B17",
    "TaskName": "cuedMFM",
    "TotalReadoutTime": 0.03039,
    "dataset": "ds001597",
    "modality": "bold",
    "run_id": 5,
    "session_id": "pre",
    "subject_id": "18",
    "task_id": "cuedMFM"
  },
  "dummy_trs": 0,
  "dvars_nstd": 35.053328013375,
  "dvars_std": 1.193266897375,
  "dvars_vstd": 0.990255515291667,
  "efc": 0.5816079560077391,
  "fber": 2068.322265625,
  "fd_mean": 0.10886173338004403,
  "fd_num": 13,
  "fd_perc": 5.394190871369295,
  "fwhm_avg": 2.1686633333333334,
  "fwhm_x": 2.053535,
  "fwhm_y": 2.37513,
  "fwhm_z": 2.077325,
  "gcor": 0.0101698,
  "gsr_x": -0.0032598681282252073,
  "gsr_y": 0.04785294830799103,
  "provenance": {
    "md5sum": "ae523ce7d4bab3b84393b9c252533c17",
    "settings": {
      "fd_thres": 0.2,
      "testing": false
    },
    "software": "mriqc",
    "version": "22.0.6",
    "webapi_port": null,
    "webapi_url": "https://mriqc.nimh.nih.gov/api/v1"
  },
  "size_t": 241,
  "size_x": 96,
  "size_y": 96,
  "size_z": 66,
  "snr": 5.1955116118475715,
  "spacing_tr": 2.0,
  "spacing_x": 2.0,
  "spacing_y": 2.0,
  "spacing_z": 2.0,
  "summary_bg_k": 13.66218836723911,
  "summary_bg_mad": 9.599285776448399,
  "summary_bg_mean": 37.59987258911133,
  "summary_bg_median": 11.31165885925293,
  "summary_bg_n": 364660.0,
  "summary_bg_p05": 4.187832498550415,
  "summary_bg_p95": 161.08361663818357,
  "summary_bg_stdv": 60.179073333740234,
  "summary_fg_k": 2.5820565669085287,
  "summary_fg_mad": 91.34943532438862,
  "summary_fg_mean": 550.3685302734375,
  "summary_fg_median": 544.402587890625,
  "summary_fg_n": 152474.0,
  "summary_fg_p05": 401.25487518310547,
  "summary_fg_p95": 716.361215209961,
  "summary_fg_stdv": 104.78290557861328,
  "tsnr": 47.30180740356445
}