{
  "bids_meta": {
    "AccelFactPE": 2,
    "DeviceSerialNumber": "40482",
    "EchoTime": 0.00197,
    "FlipAngle": 9,
    "InstitutionAddress": "Frew_4805_Pittsburgh_PA_District_US_15213",
    "InstitutionName": "SIBR",
    "InversionTime": 0.9,
    "MagneticFieldStrength": 3,
    "Manufacturer": "Siemens",
    "ManufacturersModelName": "Verio",
    "PhaseEncodingDirection": "i-",
    "PhaseEncodingLines": 256,
    "RepetitionTime": 2.3,
    "ScanningSequence": "GR_IR",
    "SequenceName": "_tfl3d1_ns",
    "SequenceVariant": "SP_MP",
    "SoftwareVersions": "syngo_MR_B17",
    "dataset": "ds001597",
    "modality": "T1w",
    "session_id": "pre",
    "subject_id": "08"
  },
  "cjv": 0.32249095416964974,
  "cnr": 4.090861884470652,
  "efc": 0.5069472762183752,
  "fber": 12531.08025147929,
  "fwhm_avg": 3.9687099999999997,
  "fwhm_x": 3.88705,
  "fwhm_y": 4.02936,
  "fwhm_z": 3.98972,
  "icvs_csf": 0.2060635566310044,
  "icvs_gm": 0.4512858526168196,
  "icvs_wm": 0.342650590752176,
  "inu_med": 0.5529725551605225,
  "inu_range": 0.19467464089393616,
  "provenance": {
    "md5sum": "e27e365e3b2c8a2c898a919edfee9eac",
    "settings": {
      "testing": false
    },
    "software": "mriqc",
    "version": "22.0.6",
    "warnings": {
      "large_rot_frame": true,
      "small_air_mask": false
    },
    "webapi_port": null,
    "webapi_url": "https://mriqc.nimh.nih.gov/api/v1"
  },
  "qi_1": 0.0,
  "qi_2": 0.022959332910303786,
  "rpve_csf": 26.545003962350716,
  "rpve_gm": 12.975881680359592,
  "rpve_wm": 19.46427073231624,
  "size_x": 176,
  "size_y": 256,
  "size_z": 256,
  "snr_csf": 1.6326837345386152,
  "snr_gm": 9.909348128716989,
  "snr_total": 10.316145526668116,
  "snr_wm": 19.406404716748742,
  "snrd_csf": 17.80056958400254,
  "snrd_gm": 62.027121574279384,
  "snrd_total": 58.13020250975967,
  "snrd_wm": 94.56291637099709,
  "spacing_x": 1.0,
  "spacing_y": 1.0,
  "spacing_z": 1.0,
  "summary_bg_k": 5.476517101103097,
  "summary_bg_mad": 6.928047547219141,
  "summary_bg_mean": 4.7766573889241934,
  "summary_bg_median": 4.672897059470415,
  "summary_bg_n": 3029305.0,
  "summary_bg_p05": 0.0,
  "summary_bg_p95": 16.299948010593653,
  "summary_bg_stdv": 6.087246166840961,
  "summary_csf_k": 0.7299168289969957,
  "summary_csf_mad": 97.1017687720478,
  "summary_csf_mean": 212.66458115317914,
  "summary_csf_median": 188.2404831200838,
  "summary_csf_n": 27437.0,
  "summary_csf_p05": 64.57428613677621,
  "summary_csf_p95": 443.6382238224148,
  "summary_csf_stdv": 115.29302870712903,
  "summary_gm_k": 0.026525781872168253,
  "summary_gm_mad": 65.8437274763268,
  "summary_gm_mean": 654.8284270958936,
  "summary_gm_median": 655.9349281825125,
  "summary_gm_n": 35551.0,
  "summary_gm_p05": 544.5764797534794,
  "summary_gm_p95": 761.0567147880793,
  "summary_gm_stdv": 66.1926187606499,
  "summary_wm_k": 1.178966105734263,
  "summary_wm_mad": 45.11413639015929,
  "summary_wm_mean": 996.1238970963803,
  "summary_wm_median": 999.9999707266688,
  "summary_wm_n": 170993.0,
  "summary_wm_p05": 903.0833498239517,
  "summary_wm_p95": 1072.669039171189,
  "summary_wm_stdv": 51.52922765560595,
  "tpm_overlap_csf": 0.1480931225338827,
  "tpm_overlap_gm": 0.4686813729524955,
  "tpm_overlap_wm": 0.4923932274694928,
  "wm2max": 0.4702401550280296
}