{
  "aor": 0.0009450416666666667,
  "aqi": 0.01178064575,
  "bids_meta": {
    "BandwidthPerPixelPhaseEncode": 10.965,
    "DeviceSerialNumber": "40482",
    "EchoTime": 0.03,
    "EffectiveEchoSpacing": 0.000949,
    "FlipAngle": 79,
    "ImageType": [
      "ORIGINAL",
      "PRIMARY",
      "M",
      "MB",
      "ND",
      "MOSAIC"
    ],
    "InstitutionAddress": "Frew_4805_Pittsburgh_PA_District_US_15213",
    "InstitutionName": "SIBR",
    "MagneticFieldStrength": 3,
    "Manufacturer": "Siemens",
    "ManufacturersModelName": "Verio",
    "MultibandAccellerationFactor": 3,
    "PhaseEncodingDirection": "j-",
    "PhaseEncodingLines": 96,
    "RepetitionTime": 2.0,
    "ScanningSequence": "EP",
    "SequenceName": "epfid2d1_96",
    "SequenceVariant": "SK_SS",
    "SliceTiming": [
      0,
      0.09,
      0.1825,
      0.2725,
      0.365,
      0.455,
      0.5475,
      0.6375,
      0.73,
      0.82,
      0.9125,
      1.0025,
      1.095,
      1.185,
      1.2775,
      1.3675,
      1.46,
      1.55,
      1.6425,
      1.7325,
      1.825,
      1.915,
      0,
      0.09,
      0.1825,
      0.2725,
      0.365,
      0.455,
      0.5475,
      0.6375,
      0.73,
      0.82,
      0.9125,
      1.0025,
      1.095,
      1.185,
      1.2775,
      1.3675,
      1.46,
      1.55,
      1.6425,
      1.7325,
      1.825,
      1.915,
      0,
      0.09,
      0.1825,
      0.2725,
      0.365,
      0.455,
      0.5475,
      0.6375,
      0.73,
      0.82,
      0.9125,
      1.0025,
      1.095,
      1.185,
      1.2775,
      1.3675,
      1.46,
      1.55,
      1.6425,
      1.7325,
      1.825,
      1.915
    ],
    "SoftwareVersions": "syngo_MR_B17",
    "TaskName": "cuedMFM",
    "TotalReadoutTime": 0.03039,
    "dataset": "ds001597",
    "modality": "bold",
    "run_id": 6,
    "session_id": "post",
    "subject_id": "20",
    "task_id": "cuedMFM"
  },
  "dummy_trs": 1,
  "dvars_nstd": 37.339062894476996,
  "dvars_std": 1.3115449251046032,
  "dvars_vstd": 0.9996509533472802,
  "efc": 0.5767747301497899,
  "fber": 2926.665283203125,
  "fd_mean": 0.17582055384812598,
  "fd_num": 77,
  "fd_perc": 32.083333333333336,
  "fwhm_avg": 2.015885,
  "fwhm_x": 1.904695,
  "fwhm_y": 2.134065,
  "fwhm_z": 2.008895,
  "gcor": 0.015555,
  "gsr_x": -0.013598518446087837,
  "gsr_y": 0.04255712404847145,
  "provenance": {
    "md5sum": "edf4e7a336cd6bc0927dd87dc02b6885",
    "settings": {
      "fd_thres": 0.2,
      "testing": false
    },
    "software": "mriqc",
    "version": "22.0.6",
    "webapi_port": null,
    "webapi_url": "https://mriqc.nimh.nih.gov/api/v1"
  },
  "size_t": 240,
  "size_x": 96,
  "size_y": 96,
  "size_z": 66,
  "snr": 5.709574286640234,
  "spacing_tr": 2.0,
  "spacing_x": 2.0,
  "spacing_y": 2.0,
  "spacing_z": 2.0,
  "summary_bg_k": 20.846729260940077,
  "summary_bg_mad": 7.938156052861672,
  "summary_bg_mean": 30.386751174926758,
  "summary_bg_median": 10.399754524230957,
  "summary_bg_n": 355368.0,
  "summary_bg_p05": 3.9645881891250614,
  "summary_bg_p95": 123.7375839233397,
  "summary_bg_stdv": 50.853675842285156,
  "summary_fg_k": 2.945103654013952,
  "summary_fg_mad": 85.41549730690174,
  "summary_fg_mean": 588.4356079101562,
  "summary_fg_median": 585.0625,
  "summary_fg_n": 161975.0,
  "summary_fg_p05": 436.83522033691406,
  "summary_fg_p95": 751.4547058105468,
  "summary_fg_stdv": 102.47010803222656,
  "tsnr": 54.244171142578125
}