{
  "aor": 0.000862116182572614,
  "aqi": 0.013690705062240665,
  "bids_meta": {
    "BandwidthPerPixelPhaseEncode": 10.965,
    "DeviceSerialNumber": "40482",
    "EchoTime": 0.03,
    "EffectiveEchoSpacing": 0.000949,
    "FlipAngle": 79,
    "ImageType": [
      "ORIGINAL",
      "PRIMARY",
      "M",
      "MB",
      "ND",
      "MOSAIC"
    ],
    "InstitutionAddress": "Frew_4805_Pittsburgh_PA_District_US_15213",
    "InstitutionName": "SIBR",
    "MagneticFieldStrength": 3,
    "Manufacturer": "Siemens",
    "ManufacturersModelName": "Verio",
    "MultibandAccellerationFactor": 3,
    "PhaseEncodingDirection": "j-",
    "PhaseEncodingLines": 96,
    "RepetitionTime": 2.0,
    "ScanningSequence": "EP",
    "SequenceName": "epfid2d1_96",
    "SequenceVariant": "SK_SS",
    "SliceTiming": [
      0,
      0.09,
      0.1825,
      0.2725,
      0.365,
      0.455,
      0.5475,
      0.6375,
      0.73,
      0.82,
      0.9125,
      1.0025,
      1.095,
      1.185,
      1.2775,
      1.3675,
      1.46,
      1.55,
      1.6425,
      1.7325,
      1.825,
      1.915,
      0,
      0.09,
      0.1825,
      0.2725,
      0.365,
      0.455,
      0.5475,
      0.6375,
      0.73,
      0.82,
      0.9125,
      1.0025,
      1.095,
      1.185,
      1.2775,
      1.3675,
      1.46,
      1.55,
      1.6425,
      1.7325,
      1.825,
      1.915,
      0,
      0.09,
      0.1825,
      0.2725,
      0.365,
      0.455,
      0.5475,
      0.6375,
      0.73,
      0.82,
      0.9125,
      1.0025,
      1.095,
      1.185,
      1.2775,
      1.3675,
      1.46,
      1.55,
      1.6425,
      1.7325,
      1.825,
      1.915
    ],
    "SoftwareVersions": "syngo_MR_B17",
    "TaskName": "cuedMFM",
    "TotalReadoutTime": 0.03039,
    "dataset": "ds001597",
    "modality": "bold",
    "run_id": 1,
    "session_id": "post",
    "subject_id": "13",
    "task_id": "cuedMFM"
  },
  "dummy_trs": 0,
  "dvars_nstd": 33.26339282208331,
  "dvars_std": 1.222276082458334,
  "dvars_vstd": 0.9959656645416668,
  "efc": 0.6028029131029663,
  "fber": 1194.588134765625,
  "fd_mean": 0.10994433295552769,
  "fd_num": 12,
  "fd_perc": 4.979253112033195,
  "fwhm_avg": 2.0610283333333332,
  "fwhm_x": 1.95899,
  "fwhm_y": 2.24387,
  "fwhm_z": 1.980225,
  "gcor": 0.00664309,
  "gsr_x": -0.0052734543569386005,
  "gsr_y": 0.04633117839694023,
  "provenance": {
    "md5sum": "9c3222bebb5ac6ac1d709911bc9b4433",
    "settings": {
      "fd_thres": 0.2,
      "testing": false
    },
    "software": "mriqc",
    "version": "22.0.6",
    "webapi_port": null,
    "webapi_url": "https://mriqc.nimh.nih.gov/api/v1"
  },
  "size_t": 241,
  "size_x": 96,
  "size_y": 96,
  "size_z": 66,
  "snr": 6.006727898743516,
  "spacing_tr": 2.0,
  "spacing_x": 2.0,
  "spacing_y": 2.0,
  "spacing_z": 2.0,
  "summary_bg_k": 9.326168104530343,
  "summary_bg_mad": 15.327330580848173,
  "summary_bg_mean": 41.30331802368164,
  "summary_bg_median": 15.13398551940918,
  "summary_bg_n": 352230.0,
  "summary_bg_p05": 3.647125267982483,
  "summary_bg_p95": 174.8544296264647,
  "summary_bg_stdv": 61.17403793334961,
  "summary_fg_k": 3.4327299085930125,
  "summary_fg_mad": 77.46895211523379,
  "summary_fg_mean": 557.4619750976562,
  "summary_fg_median": 555.6141357421875,
  "summary_fg_n": 163043.0,
  "summary_fg_p05": 422.1501922607422,
  "summary_fg_p95": 700.112628173828,
  "summary_fg_stdv": 92.49835205078125,
  "tsnr": 52.627845764160156
}