{
  "aor": 0.0005078838174273859,
  "aqi": 0.011040484564315351,
  "bids_meta": {
    "BandwidthPerPixelPhaseEncode": 10.965,
    "DeviceSerialNumber": "40482",
    "EchoTime": 0.03,
    "EffectiveEchoSpacing": 0.000949,
    "FlipAngle": 79,
    "ImageType": [
      "ORIGINAL",
      "PRIMARY",
      "M",
      "MB",
      "ND",
      "MOSAIC"
    ],
    "InstitutionAddress": "Frew_4805_Pittsburgh_PA_District_US_15213",
    "InstitutionName": "SIBR",
    "MagneticFieldStrength": 3,
    "Manufacturer": "Siemens",
    "ManufacturersModelName": "Verio",
    "MultibandAccellerationFactor": 3,
    "PhaseEncodingDirection": "j-",
    "PhaseEncodingLines": 96,
    "RepetitionTime": 2.0,
    "ScanningSequence": "EP",
    "SequenceName": "epfid2d1_96",
    "SequenceVariant": "SK_SS",
    "SliceTiming": [
      0,
      0.09,
      0.1825,
      0.2725,
      0.365,
      0.455,
      0.5475,
      0.6375,
      0.73,
      0.82,
      0.9125,
      1.0025,
      1.095,
      1.185,
      1.2775,
      1.3675,
      1.46,
      1.55,
      1.6425,
      1.7325,
      1.825,
      1.915,
      0,
      0.09,
      0.1825,
      0.2725,
      0.365,
      0.455,
      0.5475,
      0.6375,
      0.73,
      0.82,
      0.9125,
      1.0025,
      1.095,
      1.185,
      1.2775,
      1.3675,
      1.46,
      1.55,
      1.6425,
      1.7325,
      1.825,
      1.915,
      0,
      0.09,
      0.1825,
      0.2725,
      0.365,
      0.455,
      0.5475,
      0.6375,
      0.73,
      0.82,
      0.9125,
      1.0025,
      1.095,
      1.185,
      1.2775,
      1.3675,
      1.46,
      1.55,
      1.6425,
      1.7325,
      1.825,
      1.915
    ],
    "SoftwareVersions": "syngo_MR_B17",
    "TaskName": "cuedMFM",
    "TotalReadoutTime": 0.03039,
    "dataset": "ds001597",
    "modality": "bold",
    "run_id": 1,
    "session_id": "pre",
    "subject_id": "18",
    "task_id": "cuedMFM"
  },
  "dummy_trs": 0,
  "dvars_nstd": 34.09668538570835,
  "dvars_std": 1.1851417763749998,
  "dvars_vstd": 0.9825883072083337,
  "efc": 0.5757748593709365,
  "fber": 2396.726318359375,
  "fd_mean": 0.10443556869642044,
  "fd_num": 7,
  "fd_perc": 2.904564315352697,
  "fwhm_avg": 2.16378,
  "fwhm_x": 2.064285,
  "fwhm_y": 2.362965,
  "fwhm_z": 2.06409,
  "gcor": 0.00651675,
  "gsr_x": -0.004278277046978474,
  "gsr_y": 0.047091759741306305,
  "provenance": {
    "md5sum": "bf44f86a2a19ba6dd82b0cafc30384f9",
    "settings": {
      "fd_thres": 0.2,
      "testing": false
    },
    "software": "mriqc",
    "version": "22.0.6",
    "webapi_port": null,
    "webapi_url": "https://mriqc.nimh.nih.gov/api/v1"
  },
  "size_t": 241,
  "size_x": 96,
  "size_y": 96,
  "size_z": 66,
  "snr": 5.172363886703478,
  "spacing_tr": 2.0,
  "spacing_x": 2.0,
  "spacing_y": 2.0,
  "spacing_z": 2.0,
  "summary_bg_k": 16.102909586672983,
  "summary_bg_mad": 8.6677212754795,
  "summary_bg_mean": 35.101253509521484,
  "summary_bg_median": 10.716882705688477,
  "summary_bg_n": 364887.0,
  "summary_bg_p05": 4.201227712631225,
  "summary_bg_p95": 148.48374633789072,
  "summary_bg_stdv": 57.00518035888672,
  "summary_fg_k": 2.9749883112274773,
  "summary_fg_mad": 90.95218045749166,
  "summary_fg_mean": 559.982666015625,
  "summary_fg_median": 554.2166748046875,
  "summary_fg_n": 152036.0,
  "summary_fg_p05": 403.1316146850586,
  "summary_fg_p95": 726.2813415527344,
  "summary_fg_stdv": 107.14923858642578,
  "tsnr": 47.423622131347656
}