{
  "aor": 0.00048150000000000005,
  "aqi": 0.008975708249999999,
  "bids_meta": {
    "BandwidthPerPixelPhaseEncode": 10.965,
    "DeviceSerialNumber": "40482",
    "EchoTime": 0.03,
    "EffectiveEchoSpacing": 0.000949,
    "FlipAngle": 79,
    "ImageType": [
      "ORIGINAL",
      "PRIMARY",
      "M",
      "MB",
      "ND",
      "MOSAIC"
    ],
    "InstitutionAddress": "Frew_4805_Pittsburgh_PA_District_US_15213",
    "InstitutionName": "SIBR",
    "MagneticFieldStrength": 3,
    "Manufacturer": "Siemens",
    "ManufacturersModelName": "Verio",
    "MultibandAccellerationFactor": 3,
    "PhaseEncodingDirection": "j-",
    "PhaseEncodingLines": 96,
    "RepetitionTime": 2.0,
    "ScanningSequence": "EP",
    "SequenceName": "epfid2d1_96",
    "SequenceVariant": "SK_SS",
    "SliceTiming": [
      0,
      0.09,
      0.1825,
      0.2725,
      0.365,
      0.455,
      0.5475,
      0.6375,
      0.73,
      0.82,
      0.9125,
      1.0025,
      1.095,
      1.185,
      1.2775,
      1.3675,
      1.46,
      1.55,
      1.6425,
      1.7325,
      1.825,
      1.915,
      0,
      0.09,
      0.1825,
      0.2725,
      0.365,
      0.455,
      0.5475,
      0.6375,
      0.73,
      0.82,
      0.9125,
      1.0025,
      1.095,
      1.185,
      1.2775,
      1.3675,
      1.46,
      1.55,
      1.6425,
      1.7325,
      1.825,
      1.915,
      0,
      0.09,
      0.1825,
      0.2725,
      0.365,
      0.455,
      0.5475,
      0.6375,
      0.73,
      0.82,
      0.9125,
      1.0025,
      1.095,
      1.185,
      1.2775,
      1.3675,
      1.46,
      1.55,
      1.6425,
      1.7325,
      1.825,
      1.915
    ],
    "SoftwareVersions": "syngo_MR_B17",
    "TaskName": "cuedMFM",
    "TotalReadoutTime": 0.03039,
    "dataset": "ds001597",
    "modality": "bold",
    "run_id": 3,
    "session_id": "pre",
    "subject_id": "18",
    "task_id": "cuedMFM"
  },
  "dummy_trs": 1,
  "dvars_nstd": 34.94703493979079,
  "dvars_std": 1.2189447627196652,
  "dvars_vstd": 0.992420523012552,
  "efc": 0.5793301121685235,
  "fber": 2192.9599609375,
  "fd_mean": 0.10713930338053144,
  "fd_num": 16,
  "fd_perc": 6.666666666666667,
  "fwhm_avg": 2.1477333333333335,
  "fwhm_x": 2.038875,
  "fwhm_y": 2.349105,
  "fwhm_z": 2.05522,
  "gcor": 0.0119413,
  "gsr_x": -0.005755013786256313,
  "gsr_y": 0.04990754276514053,
  "provenance": {
    "md5sum": "f78caa3699b13ac7a269afeda223cdc1",
    "settings": {
      "fd_thres": 0.2,
      "testing": false
    },
    "software": "mriqc",
    "version": "22.0.6",
    "webapi_port": null,
    "webapi_url": "https://mriqc.nimh.nih.gov/api/v1"
  },
  "size_t": 240,
  "size_x": 96,
  "size_y": 96,
  "size_z": 66,
  "snr": 5.185393762566283,
  "spacing_tr": 2.0,
  "spacing_x": 2.0,
  "spacing_y": 2.0,
  "spacing_z": 2.0,
  "summary_bg_k": 22.750024722839676,
  "summary_bg_mad": 9.135590117898115,
  "summary_bg_mean": 37.0760383605957,
  "summary_bg_median": 11.120721817016602,
  "summary_bg_n": 364994.0,
  "summary_bg_p05": 4.299956631660462,
  "summary_bg_p95": 157.9472778320312,
  "summary_bg_stdv": 61.08551788330078,
  "summary_fg_k": 2.883585454112805,
  "summary_fg_mad": 89.73616430683992,
  "summary_fg_mean": 555.4100341796875,
  "summary_fg_median": 550.6282958984375,
  "summary_fg_n": 152667.0,
  "summary_fg_p05": 396.83130798339846,
  "summary_fg_p95": 720.4867614746089,
  "summary_fg_stdv": 106.18798065185547,
  "tsnr": 51.851356506347656
}