{
  "aor": 0.0005294190871369294,
  "aqi": 0.00894475958506224,
  "bids_meta": {
    "BandwidthPerPixelPhaseEncode": 10.965,
    "DeviceSerialNumber": "40482",
    "EchoTime": 0.03,
    "EffectiveEchoSpacing": 0.000949,
    "FlipAngle": 79,
    "ImageType": [
      "ORIGINAL",
      "PRIMARY",
      "M",
      "MB",
      "ND",
      "MOSAIC"
    ],
    "InstitutionAddress": "Frew_4805_Pittsburgh_PA_District_US_15213",
    "InstitutionName": "SIBR",
    "MagneticFieldStrength": 3,
    "Manufacturer": "Siemens",
    "ManufacturersModelName": "Verio",
    "MultibandAccellerationFactor": 3,
    "PhaseEncodingDirection": "j-",
    "PhaseEncodingLines": 96,
    "RepetitionTime": 2.0,
    "ScanningSequence": "EP",
    "SequenceName": "epfid2d1_96",
    "SequenceVariant": "SK_SS",
    "SliceTiming": [
      0,
      0.09,
      0.1825,
      0.2725,
      0.365,
      0.455,
      0.5475,
      0.6375,
      0.73,
      0.82,
      0.9125,
      1.0025,
      1.095,
      1.185,
      1.2775,
      1.3675,
      1.46,
      1.55,
      1.6425,
      1.7325,
      1.825,
      1.915,
      0,
      0.09,
      0.1825,
      0.2725,
      0.365,
      0.455,
      0.5475,
      0.6375,
      0.73,
      0.82,
      0.9125,
      1.0025,
      1.095,
      1.185,
      1.2775,
      1.3675,
      1.46,
      1.55,
      1.6425,
      1.7325,
      1.825,
      1.915,
      0,
      0.09,
      0.1825,
      0.2725,
      0.365,
      0.455,
      0.5475,
      0.6375,
      0.73,
      0.82,
      0.9125,
      1.0025,
      1.095,
      1.185,
      1.2775,
      1.3675,
      1.46,
      1.55,
      1.6425,
      1.7325,
      1.825,
      1.915
    ],
    "SoftwareVersions": "syngo_MR_B17",
    "TaskName": "cuedMFM",
    "TotalReadoutTime": 0.03039,
    "dataset": "ds001597",
    "modality": "bold",
    "run_id": 8,
    "session_id": "pre",
    "subject_id": "18",
    "task_id": "cuedMFM"
  },
  "dummy_trs": 0,
  "dvars_nstd": 36.37786824695833,
  "dvars_std": 1.2238998009166664,
  "dvars_vstd": 0.9988582505416678,
  "efc": 0.587506488475485,
  "fber": 1786.399169921875,
  "fd_mean": 0.13310245840483473,
  "fd_num": 26,
  "fd_perc": 10.78838174273859,
  "fwhm_avg": 2.131835,
  "fwhm_x": 2.01507,
  "fwhm_y": 2.340685,
  "fwhm_z": 2.03975,
  "gcor": 0.0136675,
  "gsr_x": -0.002394808689132333,
  "gsr_y": 0.05090263858437538,
  "provenance": {
    "md5sum": "132cfe6de0c43c1813c87b4c87083602",
    "settings": {
      "fd_thres": 0.2,
      "testing": false
    },
    "software": "mriqc",
    "version": "22.0.6",
    "webapi_port": null,
    "webapi_url": "https://mriqc.nimh.nih.gov/api/v1"
  },
  "size_t": 241,
  "size_x": 96,
  "size_y": 96,
  "size_z": 66,
  "snr": 5.233764990906014,
  "spacing_tr": 2.0,
  "spacing_x": 2.0,
  "spacing_y": 2.0,
  "spacing_z": 2.0,
  "summary_bg_k": 12.366434595014464,
  "summary_bg_mad": 10.225966781727557,
  "summary_bg_mean": 39.72636413574219,
  "summary_bg_median": 11.94332504272461,
  "summary_bg_n": 363708.0,
  "summary_bg_p05": 4.431410598754883,
  "summary_bg_p95": 169.71331558227513,
  "summary_bg_stdv": 62.11540985107422,
  "summary_fg_k": 2.551043528114536,
  "summary_fg_mad": 89.25330508821528,
  "summary_fg_mean": 544.6396484375,
  "summary_fg_median": 539.272216796875,
  "summary_fg_n": 153353.0,
  "summary_fg_p05": 395.64599609375,
  "summary_fg_p95": 708.468994140625,
  "summary_fg_stdv": 103.03681182861328,
  "tsnr": 51.64818572998047
}