{
  "aor": 0.0007365,
  "aqi": 0.01003572175,
  "bids_meta": {
    "BandwidthPerPixelPhaseEncode": 10.965,
    "DeviceSerialNumber": "40482",
    "EchoTime": 0.03,
    "EffectiveEchoSpacing": 0.000949,
    "FlipAngle": 79,
    "ImageType": [
      "ORIGINAL",
      "PRIMARY",
      "M",
      "MB",
      "ND",
      "MOSAIC"
    ],
    "InstitutionAddress": "Frew_4805_Pittsburgh_PA_District_US_15213",
    "InstitutionName": "SIBR",
    "MagneticFieldStrength": 3,
    "Manufacturer": "Siemens",
    "ManufacturersModelName": "Verio",
    "MultibandAccellerationFactor": 3,
    "PhaseEncodingDirection": "j-",
    "PhaseEncodingLines": 96,
    "RepetitionTime": 2.0,
    "ScanningSequence": "EP",
    "SequenceName": "epfid2d1_96",
    "SequenceVariant": "SK_SS",
    "SliceTiming": [
      0,
      0.09,
      0.1825,
      0.2725,
      0.365,
      0.455,
      0.5475,
      0.6375,
      0.73,
      0.82,
      0.9125,
      1.0025,
      1.095,
      1.185,
      1.2775,
      1.3675,
      1.46,
      1.55,
      1.6425,
      1.7325,
      1.825,
      1.915,
      0,
      0.09,
      0.1825,
      0.2725,
      0.365,
      0.455,
      0.5475,
      0.6375,
      0.73,
      0.82,
      0.9125,
      1.0025,
      1.095,
      1.185,
      1.2775,
      1.3675,
      1.46,
      1.55,
      1.6425,
      1.7325,
      1.825,
      1.915,
      0,
      0.09,
      0.1825,
      0.2725,
      0.365,
      0.455,
      0.5475,
      0.6375,
      0.73,
      0.82,
      0.9125,
      1.0025,
      1.095,
      1.185,
      1.2775,
      1.3675,
      1.46,
      1.55,
      1.6425,
      1.7325,
      1.825,
      1.915
    ],
    "SoftwareVersions": "syngo_MR_B17",
    "TaskName": "cuedMFM",
    "TotalReadoutTime": 0.03039,
    "dataset": "ds001597",
    "modality": "bold",
    "run_id": 7,
    "session_id": "pre",
    "subject_id": "18",
    "task_id": "cuedMFM"
  },
  "dummy_trs": 1,
  "dvars_nstd": 36.67908039661087,
  "dvars_std": 1.2245406387447701,
  "dvars_vstd": 0.993015669790795,
  "efc": 0.587258236590994,
  "fber": 1765.951171875,
  "fd_mean": 0.15612544930283356,
  "fd_num": 53,
  "fd_perc": 22.083333333333332,
  "fwhm_avg": 2.126211666666667,
  "fwhm_x": 2.01423,
  "fwhm_y": 2.32954,
  "fwhm_z": 2.034865,
  "gcor": 0.0103205,
  "gsr_x": -0.003856881055980921,
  "gsr_y": 0.05041564255952835,
  "provenance": {
    "md5sum": "8b50fa1442e611891d5d571c0dc46a79",
    "settings": {
      "fd_thres": 0.2,
      "testing": false
    },
    "software": "mriqc",
    "version": "22.0.6",
    "webapi_port": null,
    "webapi_url": "https://mriqc.nimh.nih.gov/api/v1"
  },
  "size_t": 240,
  "size_x": 96,
  "size_y": 96,
  "size_z": 66,
  "snr": 5.252851816099321,
  "spacing_tr": 2.0,
  "spacing_x": 2.0,
  "spacing_y": 2.0,
  "spacing_z": 2.0,
  "summary_bg_k": 12.193356821299767,
  "summary_bg_mad": 10.63624738346679,
  "summary_bg_mean": 40.030120849609375,
  "summary_bg_median": 12.15239429473877,
  "summary_bg_n": 364169.0,
  "summary_bg_p05": 4.346639823913574,
  "summary_bg_p95": 172.47555847167936,
  "summary_bg_stdv": 62.595611572265625,
  "summary_fg_k": 2.5956536156150376,
  "summary_fg_mad": 89.62409137912879,
  "summary_fg_mean": 546.9935913085938,
  "summary_fg_median": 541.7236328125,
  "summary_fg_n": 153166.0,
  "summary_fg_p05": 398.8326950073242,
  "summary_fg_p95": 711.5521392822266,
  "summary_fg_stdv": 103.12909698486328,
  "tsnr": 49.9091682434082
}