{
  "aor": 0.0004862655601659751,
  "aqi": 0.011370928381742739,
  "bids_meta": {
    "BandwidthPerPixelPhaseEncode": 10.965,
    "DeviceSerialNumber": "40482",
    "EchoTime": 0.03,
    "EffectiveEchoSpacing": 0.000949,
    "FlipAngle": 79,
    "ImageType": [
      "ORIGINAL",
      "PRIMARY",
      "M",
      "MB",
      "ND",
      "MOSAIC"
    ],
    "InstitutionAddress": "Frew_4805_Pittsburgh_PA_District_US_15213",
    "InstitutionName": "SIBR",
    "MagneticFieldStrength": 3,
    "Manufacturer": "Siemens",
    "ManufacturersModelName": "Verio",
    "MultibandAccellerationFactor": 3,
    "PhaseEncodingDirection": "j-",
    "PhaseEncodingLines": 96,
    "RepetitionTime": 2.0,
    "ScanningSequence": "EP",
    "SequenceName": "epfid2d1_96",
    "SequenceVariant": "SK_SS",
    "SliceTiming": [
      0,
      0.09,
      0.1825,
      0.2725,
      0.365,
      0.455,
      0.5475,
      0.6375,
      0.73,
      0.82,
      0.9125,
      1.0025,
      1.095,
      1.185,
      1.2775,
      1.3675,
      1.46,
      1.55,
      1.6425,
      1.7325,
      1.825,
      1.915,
      0,
      0.09,
      0.1825,
      0.2725,
      0.365,
      0.455,
      0.5475,
      0.6375,
      0.73,
      0.82,
      0.9125,
      1.0025,
      1.095,
      1.185,
      1.2775,
      1.3675,
      1.46,
      1.55,
      1.6425,
      1.7325,
      1.825,
      1.915,
      0,
      0.09,
      0.1825,
      0.2725,
      0.365,
      0.455,
      0.5475,
      0.6375,
      0.73,
      0.82,
      0.9125,
      1.0025,
      1.095,
      1.185,
      1.2775,
      1.3675,
      1.46,
      1.55,
      1.6425,
      1.7325,
      1.825,
      1.915
    ],
    "SoftwareVersions": "syngo_MR_B17",
    "TaskName": "cuedMFM",
    "TotalReadoutTime": 0.03039,
    "dataset": "ds001597",
    "modality": "bold",
    "run_id": 5,
    "session_id": "post",
    "subject_id": "03",
    "task_id": "cuedMFM"
  },
  "dummy_trs": 0,
  "dvars_nstd": 33.18706644304168,
  "dvars_std": 1.2161079116666662,
  "dvars_vstd": 0.9924941926249998,
  "efc": 0.5564747678716095,
  "fber": 3179.78369140625,
  "fd_mean": 0.2138297778305783,
  "fd_num": 104,
  "fd_perc": 43.15352697095436,
  "fwhm_avg": 2.109471666666667,
  "fwhm_x": 1.97418,
  "fwhm_y": 2.27332,
  "fwhm_z": 2.080915,
  "gcor": 0.0144621,
  "gsr_x": -0.0028076546732336283,
  "gsr_y": 0.03507990390062332,
  "provenance": {
    "md5sum": "2bd04c015690d446cf296dbad78e9e78",
    "settings": {
      "fd_thres": 0.2,
      "testing": false
    },
    "software": "mriqc",
    "version": "22.0.6",
    "webapi_port": null,
    "webapi_url": "https://mriqc.nimh.nih.gov/api/v1"
  },
  "size_t": 241,
  "size_x": 96,
  "size_y": 96,
  "size_z": 66,
  "snr": 6.008788945016968,
  "spacing_tr": 2.0,
  "spacing_x": 2.0,
  "spacing_y": 2.0,
  "spacing_z": 2.0,
  "summary_bg_k": 24.4998794713339,
  "summary_bg_mad": 8.256343472086254,
  "summary_bg_mean": 32.60978698730469,
  "summary_bg_median": 10.471087455749512,
  "summary_bg_n": 374771.0,
  "summary_bg_p05": 4.037597179412842,
  "summary_bg_p95": 130.0960464477539,
  "summary_bg_stdv": 57.38810348510742,
  "summary_fg_k": 3.414552755787649,
  "summary_fg_mad": 83.99488132616936,
  "summary_fg_mean": 612.6414184570312,
  "summary_fg_median": 609.6499633789062,
  "summary_fg_n": 145615.0,
  "summary_fg_p05": 459.6187683105469,
  "summary_fg_p95": 768.911389160156,
  "summary_fg_stdv": 101.45935821533203,
  "tsnr": 54.01543426513672
}