{
  "aor": 0.0006101244813278008,
  "aqi": 0.00975236348547718,
  "bids_meta": {
    "BandwidthPerPixelPhaseEncode": 10.965,
    "DeviceSerialNumber": "40482",
    "EchoTime": 0.03,
    "EffectiveEchoSpacing": 0.000949,
    "FlipAngle": 79,
    "ImageType": [
      "ORIGINAL",
      "PRIMARY",
      "M",
      "MB",
      "ND",
      "MOSAIC"
    ],
    "InstitutionAddress": "Frew_4805_Pittsburgh_PA_District_US_15213",
    "InstitutionName": "SIBR",
    "MagneticFieldStrength": 3,
    "Manufacturer": "Siemens",
    "ManufacturersModelName": "Verio",
    "MultibandAccellerationFactor": 3,
    "PhaseEncodingDirection": "j-",
    "PhaseEncodingLines": 96,
    "RepetitionTime": 2.0,
    "ScanningSequence": "EP",
    "SequenceName": "epfid2d1_96",
    "SequenceVariant": "SK_SS",
    "SliceTiming": [
      0,
      0.09,
      0.1825,
      0.2725,
      0.365,
      0.455,
      0.5475,
      0.6375,
      0.73,
      0.82,
      0.9125,
      1.0025,
      1.095,
      1.185,
      1.2775,
      1.3675,
      1.46,
      1.55,
      1.6425,
      1.7325,
      1.825,
      1.915,
      0,
      0.09,
      0.1825,
      0.2725,
      0.365,
      0.455,
      0.5475,
      0.6375,
      0.73,
      0.82,
      0.9125,
      1.0025,
      1.095,
      1.185,
      1.2775,
      1.3675,
      1.46,
      1.55,
      1.6425,
      1.7325,
      1.825,
      1.915,
      0,
      0.09,
      0.1825,
      0.2725,
      0.365,
      0.455,
      0.5475,
      0.6375,
      0.73,
      0.82,
      0.9125,
      1.0025,
      1.095,
      1.185,
      1.2775,
      1.3675,
      1.46,
      1.55,
      1.6425,
      1.7325,
      1.825,
      1.915
    ],
    "SoftwareVersions": "syngo_MR_B17",
    "TaskName": "cuedMFM",
    "TotalReadoutTime": 0.03039,
    "dataset": "ds001597",
    "modality": "bold",
    "run_id": 7,
    "session_id": "post",
    "subject_id": "03",
    "task_id": "cuedMFM"
  },
  "dummy_trs": 0,
  "dvars_nstd": 32.877295064999984,
  "dvars_std": 1.2315288575416674,
  "dvars_vstd": 1.0098593647500005,
  "efc": 0.5590576028538998,
  "fber": 3193.682861328125,
  "fd_mean": 0.24575544651621598,
  "fd_num": 146,
  "fd_perc": 60.58091286307054,
  "fwhm_avg": 2.0932600000000003,
  "fwhm_x": 1.965345,
  "fwhm_y": 2.25662,
  "fwhm_z": 2.057815,
  "gcor": 0.0195818,
  "gsr_x": -0.0021018527913838625,
  "gsr_y": 0.036623064428567886,
  "provenance": {
    "md5sum": "48723252f4ccf9a5cd31bb81c60c55a4",
    "settings": {
      "fd_thres": 0.2,
      "testing": false
    },
    "software": "mriqc",
    "version": "22.0.6",
    "webapi_port": null,
    "webapi_url": "https://mriqc.nimh.nih.gov/api/v1"
  },
  "size_t": 241,
  "size_x": 96,
  "size_y": 96,
  "size_z": 66,
  "snr": 6.047416822658744,
  "spacing_tr": 2.0,
  "spacing_x": 2.0,
  "spacing_y": 2.0,
  "spacing_z": 2.0,
  "summary_bg_k": 22.781097159531416,
  "summary_bg_mad": 7.696462394053369,
  "summary_bg_mean": 33.36438751220703,
  "summary_bg_median": 10.340485572814941,
  "summary_bg_n": 374413.0,
  "summary_bg_p05": 4.3217672348022464,
  "summary_bg_p95": 134.28181152343743,
  "summary_bg_stdv": 58.020145416259766,
  "summary_fg_k": 3.33717367251438,
  "summary_fg_mad": 82.63335587575216,
  "summary_fg_mean": 607.2286987304688,
  "summary_fg_median": 604.8380126953125,
  "summary_fg_n": 146080.0,
  "summary_fg_p05": 453.79164123535156,
  "summary_fg_p95": 760.3809356689452,
  "summary_fg_stdv": 100.01558685302734,
  "tsnr": 57.720733642578125
}