{
  "aor": 0.0006323651452282158,
  "aqi": 0.010744298381742737,
  "bids_meta": {
    "BandwidthPerPixelPhaseEncode": 10.965,
    "DeviceSerialNumber": "40482",
    "EchoTime": 0.03,
    "EffectiveEchoSpacing": 0.000949,
    "FlipAngle": 79,
    "ImageType": [
      "ORIGINAL",
      "PRIMARY",
      "M",
      "MB",
      "ND",
      "MOSAIC"
    ],
    "InstitutionAddress": "Frew_4805_Pittsburgh_PA_District_US_15213",
    "InstitutionName": "SIBR",
    "MagneticFieldStrength": 3,
    "Manufacturer": "Siemens",
    "ManufacturersModelName": "Verio",
    "MultibandAccellerationFactor": 3,
    "PhaseEncodingDirection": "j-",
    "PhaseEncodingLines": 96,
    "RepetitionTime": 2.0,
    "ScanningSequence": "EP",
    "SequenceName": "epfid2d1_96",
    "SequenceVariant": "SK_SS",
    "SliceTiming": [
      0,
      0.09,
      0.1825,
      0.2725,
      0.365,
      0.455,
      0.5475,
      0.6375,
      0.73,
      0.82,
      0.9125,
      1.0025,
      1.095,
      1.185,
      1.2775,
      1.3675,
      1.46,
      1.55,
      1.6425,
      1.7325,
      1.825,
      1.915,
      0,
      0.09,
      0.1825,
      0.2725,
      0.365,
      0.455,
      0.5475,
      0.6375,
      0.73,
      0.82,
      0.9125,
      1.0025,
      1.095,
      1.185,
      1.2775,
      1.3675,
      1.46,
      1.55,
      1.6425,
      1.7325,
      1.825,
      1.915,
      0,
      0.09,
      0.1825,
      0.2725,
      0.365,
      0.455,
      0.5475,
      0.6375,
      0.73,
      0.82,
      0.9125,
      1.0025,
      1.095,
      1.185,
      1.2775,
      1.3675,
      1.46,
      1.55,
      1.6425,
      1.7325,
      1.825,
      1.915
    ],
    "SoftwareVersions": "syngo_MR_B17",
    "TaskName": "cuedMFM",
    "TotalReadoutTime": 0.03039,
    "dataset": "ds001597",
    "modality": "bold",
    "run_id": 4,
    "session_id": "post",
    "subject_id": "03",
    "task_id": "cuedMFM"
  },
  "dummy_trs": 0,
  "dvars_nstd": 33.205995686875006,
  "dvars_std": 1.2312820079583335,
  "dvars_vstd": 1.0038042238333333,
  "efc": 0.560583216688263,
  "fber": 3076.004150390625,
  "fd_mean": 0.2216310540620947,
  "fd_num": 111,
  "fd_perc": 46.058091286307054,
  "fwhm_avg": 2.1002883333333333,
  "fwhm_x": 1.96627,
  "fwhm_y": 2.27438,
  "fwhm_z": 2.060215,
  "gcor": 0.017423,
  "gsr_x": -0.003791647730395198,
  "gsr_y": 0.039881568402051926,
  "provenance": {
    "md5sum": "14e0777a99acbc687c1229b59163e002",
    "settings": {
      "fd_thres": 0.2,
      "testing": false
    },
    "software": "mriqc",
    "version": "22.0.6",
    "webapi_port": null,
    "webapi_url": "https://mriqc.nimh.nih.gov/api/v1"
  },
  "size_t": 241,
  "size_x": 96,
  "size_y": 96,
  "size_z": 66,
  "snr": 6.113072460231292,
  "spacing_tr": 2.0,
  "spacing_x": 2.0,
  "spacing_y": 2.0,
  "spacing_z": 2.0,
  "summary_bg_k": 20.890257794364196,
  "summary_bg_mad": 6.998566497398219,
  "summary_bg_mean": 30.48168182373047,
  "summary_bg_median": 9.767699241638184,
  "summary_bg_n": 373491.0,
  "summary_bg_p05": 4.316619396209717,
  "summary_bg_p95": 124.56778335571289,
  "summary_bg_stdv": 50.8145637512207,
  "summary_fg_k": 3.3595007922131064,
  "summary_fg_mad": 75.40241238964708,
  "summary_fg_mean": 558.7722778320312,
  "summary_fg_median": 558.9193725585938,
  "summary_fg_n": 146939.0,
  "summary_fg_p05": 414.9047149658203,
  "summary_fg_p95": 696.5737915039064,
  "summary_fg_stdv": 91.42987823486328,
  "tsnr": 55.570308685302734
}