{
  "aor": 0.00059298755186722,
  "aqi": 0.009620198879668048,
  "bids_meta": {
    "BandwidthPerPixelPhaseEncode": 10.965,
    "DeviceSerialNumber": "40482",
    "EchoTime": 0.03,
    "EffectiveEchoSpacing": 0.000949,
    "FlipAngle": 79,
    "ImageType": [
      "ORIGINAL",
      "PRIMARY",
      "M",
      "MB",
      "ND",
      "MOSAIC"
    ],
    "InstitutionAddress": "Frew_4805_Pittsburgh_PA_District_US_15213",
    "InstitutionName": "SIBR",
    "MagneticFieldStrength": 3,
    "Manufacturer": "Siemens",
    "ManufacturersModelName": "Verio",
    "MultibandAccellerationFactor": 3,
    "PhaseEncodingDirection": "j-",
    "PhaseEncodingLines": 96,
    "RepetitionTime": 2.0,
    "ScanningSequence": "EP",
    "SequenceName": "epfid2d1_96",
    "SequenceVariant": "SK_SS",
    "SliceTiming": [
      0,
      0.09,
      0.1825,
      0.2725,
      0.365,
      0.455,
      0.5475,
      0.6375,
      0.73,
      0.82,
      0.9125,
      1.0025,
      1.095,
      1.185,
      1.2775,
      1.3675,
      1.46,
      1.55,
      1.6425,
      1.7325,
      1.825,
      1.915,
      0,
      0.09,
      0.1825,
      0.2725,
      0.365,
      0.455,
      0.5475,
      0.6375,
      0.73,
      0.82,
      0.9125,
      1.0025,
      1.095,
      1.185,
      1.2775,
      1.3675,
      1.46,
      1.55,
      1.6425,
      1.7325,
      1.825,
      1.915,
      0,
      0.09,
      0.1825,
      0.2725,
      0.365,
      0.455,
      0.5475,
      0.6375,
      0.73,
      0.82,
      0.9125,
      1.0025,
      1.095,
      1.185,
      1.2775,
      1.3675,
      1.46,
      1.55,
      1.6425,
      1.7325,
      1.825,
      1.915
    ],
    "SoftwareVersions": "syngo_MR_B17",
    "TaskName": "cuedMFM",
    "TotalReadoutTime": 0.03039,
    "dataset": "ds001597",
    "modality": "bold",
    "run_id": 4,
    "session_id": "post",
    "subject_id": "16",
    "task_id": "cuedMFM"
  },
  "dummy_trs": 0,
  "dvars_nstd": 33.02280679545835,
  "dvars_std": 1.2578416899583327,
  "dvars_vstd": 0.9973228910000007,
  "efc": 0.5753978041985255,
  "fber": 2862.89013671875,
  "fd_mean": 0.20374766858620016,
  "fd_num": 113,
  "fd_perc": 46.88796680497925,
  "fwhm_avg": 2.0725483333333337,
  "fwhm_x": 1.94731,
  "fwhm_y": 2.308965,
  "fwhm_z": 1.96137,
  "gcor": 0.00737384,
  "gsr_x": -0.004545377567410469,
  "gsr_y": 0.045115239918231964,
  "provenance": {
    "md5sum": "9bfc5908420ea3815fb329698e8b673e",
    "settings": {
      "fd_thres": 0.2,
      "testing": false
    },
    "software": "mriqc",
    "version": "22.0.6",
    "webapi_port": null,
    "webapi_url": "https://mriqc.nimh.nih.gov/api/v1"
  },
  "size_t": 241,
  "size_x": 96,
  "size_y": 96,
  "size_z": 66,
  "snr": 5.8662934368572754,
  "spacing_tr": 2.0,
  "spacing_x": 2.0,
  "spacing_y": 2.0,
  "spacing_z": 2.0,
  "summary_bg_k": 16.21278323137444,
  "summary_bg_mad": 8.570005994927769,
  "summary_bg_mean": 33.779808044433594,
  "summary_bg_median": 10.636615753173828,
  "summary_bg_n": 361025.0,
  "summary_bg_p05": 4.046870517730713,
  "summary_bg_p95": 134.97930908203122,
  "summary_bg_stdv": 56.468101501464844,
  "summary_fg_k": 3.348463557298838,
  "summary_fg_mad": 90.75215041574322,
  "summary_fg_mean": 600.3807983398438,
  "summary_fg_median": 598.65869140625,
  "summary_fg_n": 157000.0,
  "summary_fg_p05": 454.27954254150393,
  "summary_fg_p95": 753.5345947265624,
  "summary_fg_stdv": 102.05026245117188,
  "tsnr": 55.082210540771484
}