{
  "aor": 0.0012190041493775933,
  "aqi": 0.00958392518672199,
  "bids_meta": {
    "BandwidthPerPixelPhaseEncode": 10.965,
    "DeviceSerialNumber": "40482",
    "EchoTime": 0.03,
    "EffectiveEchoSpacing": 0.000949,
    "FlipAngle": 79,
    "ImageType": [
      "ORIGINAL",
      "PRIMARY",
      "M",
      "MB",
      "ND",
      "MOSAIC"
    ],
    "InstitutionAddress": "Frew_4805_Pittsburgh_PA_District_US_15213",
    "InstitutionName": "SIBR",
    "MagneticFieldStrength": 3,
    "Manufacturer": "Siemens",
    "ManufacturersModelName": "Verio",
    "MultibandAccellerationFactor": 3,
    "PhaseEncodingDirection": "j-",
    "PhaseEncodingLines": 96,
    "RepetitionTime": 2.0,
    "ScanningSequence": "EP",
    "SequenceName": "epfid2d1_96",
    "SequenceVariant": "SK_SS",
    "SliceTiming": [
      0,
      0.09,
      0.1825,
      0.2725,
      0.365,
      0.455,
      0.5475,
      0.6375,
      0.73,
      0.82,
      0.9125,
      1.0025,
      1.095,
      1.185,
      1.2775,
      1.3675,
      1.46,
      1.55,
      1.6425,
      1.7325,
      1.825,
      1.915,
      0,
      0.09,
      0.1825,
      0.2725,
      0.365,
      0.455,
      0.5475,
      0.6375,
      0.73,
      0.82,
      0.9125,
      1.0025,
      1.095,
      1.185,
      1.2775,
      1.3675,
      1.46,
      1.55,
      1.6425,
      1.7325,
      1.825,
      1.915,
      0,
      0.09,
      0.1825,
      0.2725,
      0.365,
      0.455,
      0.5475,
      0.6375,
      0.73,
      0.82,
      0.9125,
      1.0025,
      1.095,
      1.185,
      1.2775,
      1.3675,
      1.46,
      1.55,
      1.6425,
      1.7325,
      1.825,
      1.915
    ],
    "SoftwareVersions": "syngo_MR_B17",
    "TaskName": "cuedMFM",
    "TotalReadoutTime": 0.03039,
    "dataset": "ds001597",
    "modality": "bold",
    "run_id": 5,
    "session_id": "post",
    "subject_id": "16",
    "task_id": "cuedMFM"
  },
  "dummy_trs": 0,
  "dvars_nstd": 30.096095768875,
  "dvars_std": 1.2016589325000004,
  "dvars_vstd": 0.9990920720416671,
  "efc": 0.5667033002129311,
  "fber": 3052.06689453125,
  "fd_mean": 0.14745012820824216,
  "fd_num": 29,
  "fd_perc": 12.033195020746888,
  "fwhm_avg": 2.0919700000000003,
  "fwhm_x": 1.98194,
  "fwhm_y": 2.30247,
  "fwhm_z": 1.9915,
  "gcor": 0.0177782,
  "gsr_x": -0.007604654878377914,
  "gsr_y": 0.03744129091501236,
  "provenance": {
    "md5sum": "808edcb63b2a7404600afdac1183e5c2",
    "settings": {
      "fd_thres": 0.2,
      "testing": false
    },
    "software": "mriqc",
    "version": "22.0.6",
    "webapi_port": null,
    "webapi_url": "https://mriqc.nimh.nih.gov/api/v1"
  },
  "size_t": 241,
  "size_x": 96,
  "size_y": 96,
  "size_z": 66,
  "snr": 5.665748609429007,
  "spacing_tr": 2.0,
  "spacing_x": 2.0,
  "spacing_y": 2.0,
  "spacing_z": 2.0,
  "summary_bg_k": 16.624758063802705,
  "summary_bg_mad": 8.607060587384947,
  "summary_bg_mean": 33.028541564941406,
  "summary_bg_median": 10.830745697021484,
  "summary_bg_n": 364684.0,
  "summary_bg_p05": 4.137726140022278,
  "summary_bg_p95": 131.70698623657216,
  "summary_bg_stdv": 55.232994079589844,
  "summary_fg_k": 2.9299281346763895,
  "summary_fg_mad": 99.61482505444187,
  "summary_fg_mean": 629.1912231445312,
  "summary_fg_median": 626.5226440429688,
  "summary_fg_n": 153986.0,
  "summary_fg_p05": 470.7698669433594,
  "summary_fg_p95": 797.8427581787109,
  "summary_fg_stdv": 110.58037567138672,
  "tsnr": 54.978797912597656
}