{
  "aor": 0.0006629045643153528,
  "aqi": 0.009794920539419088,
  "bids_meta": {
    "BandwidthPerPixelPhaseEncode": 10.965,
    "DeviceSerialNumber": "40482",
    "EchoTime": 0.03,
    "EffectiveEchoSpacing": 0.000949,
    "FlipAngle": 79,
    "ImageType": [
      "ORIGINAL",
      "PRIMARY",
      "M",
      "MB",
      "ND",
      "MOSAIC"
    ],
    "InstitutionAddress": "Frew_4805_Pittsburgh_PA_District_US_15213",
    "InstitutionName": "SIBR",
    "MagneticFieldStrength": 3,
    "Manufacturer": "Siemens",
    "ManufacturersModelName": "Verio",
    "MultibandAccellerationFactor": 3,
    "PhaseEncodingDirection": "j-",
    "PhaseEncodingLines": 96,
    "RepetitionTime": 2.0,
    "ScanningSequence": "EP",
    "SequenceName": "epfid2d1_96",
    "SequenceVariant": "SK_SS",
    "SliceTiming": [
      0,
      0.09,
      0.1825,
      0.2725,
      0.365,
      0.455,
      0.5475,
      0.6375,
      0.73,
      0.82,
      0.9125,
      1.0025,
      1.095,
      1.185,
      1.2775,
      1.3675,
      1.46,
      1.55,
      1.6425,
      1.7325,
      1.825,
      1.915,
      0,
      0.09,
      0.1825,
      0.2725,
      0.365,
      0.455,
      0.5475,
      0.6375,
      0.73,
      0.82,
      0.9125,
      1.0025,
      1.095,
      1.185,
      1.2775,
      1.3675,
      1.46,
      1.55,
      1.6425,
      1.7325,
      1.825,
      1.915,
      0,
      0.09,
      0.1825,
      0.2725,
      0.365,
      0.455,
      0.5475,
      0.6375,
      0.73,
      0.82,
      0.9125,
      1.0025,
      1.095,
      1.185,
      1.2775,
      1.3675,
      1.46,
      1.55,
      1.6425,
      1.7325,
      1.825,
      1.915
    ],
    "SoftwareVersions": "syngo_MR_B17",
    "TaskName": "cuedMFM",
    "TotalReadoutTime": 0.03039,
    "dataset": "ds001597",
    "modality": "bold",
    "run_id": 6,
    "session_id": "post",
    "subject_id": "16",
    "task_id": "cuedMFM"
  },
  "dummy_trs": 0,
  "dvars_nstd": 30.68849326745835,
  "dvars_std": 1.1974704938750012,
  "dvars_vstd": 0.9971059109583335,
  "efc": 0.5670867955497382,
  "fber": 3066.002685546875,
  "fd_mean": 0.1778720164593037,
  "fd_num": 63,
  "fd_perc": 26.141078838174273,
  "fwhm_avg": 2.10263,
  "fwhm_x": 1.98611,
  "fwhm_y": 2.319215,
  "fwhm_z": 2.002565,
  "gcor": 0.0113384,
  "gsr_x": -0.006244846154004335,
  "gsr_y": 0.037660252302885056,
  "provenance": {
    "md5sum": "525de176934585d495e4cf740c0548fe",
    "settings": {
      "fd_thres": 0.2,
      "testing": false
    },
    "software": "mriqc",
    "version": "22.0.6",
    "webapi_port": null,
    "webapi_url": "https://mriqc.nimh.nih.gov/api/v1"
  },
  "size_t": 241,
  "size_x": 96,
  "size_y": 96,
  "size_z": 66,
  "snr": 5.6955792869274715,
  "spacing_tr": 2.0,
  "spacing_x": 2.0,
  "spacing_y": 2.0,
  "spacing_z": 2.0,
  "summary_bg_k": 16.651693557895705,
  "summary_bg_mad": 8.644778308161365,
  "summary_bg_mean": 33.42383575439453,
  "summary_bg_median": 10.813857078552246,
  "summary_bg_n": 364595.0,
  "summary_bg_p05": 4.101290702819824,
  "summary_bg_p95": 134.71152496337888,
  "summary_bg_stdv": 56.135398864746094,
  "summary_fg_k": 3.003497353204078,
  "summary_fg_mad": 98.83474861250903,
  "summary_fg_mean": 630.9761962890625,
  "summary_fg_median": 628.5932006835938,
  "summary_fg_n": 154156.0,
  "summary_fg_p05": 472.76190185546875,
  "summary_fg_p95": 798.5152740478516,
  "summary_fg_stdv": 110.36474609375,
  "tsnr": 54.64527893066406
}