{
  "aor": 0.0012976666666666666,
  "aqi": 0.009807807208333333,
  "bids_meta": {
    "BandwidthPerPixelPhaseEncode": 10.965,
    "DeviceSerialNumber": "40482",
    "EchoTime": 0.03,
    "EffectiveEchoSpacing": 0.000949,
    "FlipAngle": 79,
    "ImageType": [
      "ORIGINAL",
      "PRIMARY",
      "M",
      "MB",
      "ND",
      "MOSAIC"
    ],
    "InstitutionAddress": "Frew_4805_Pittsburgh_PA_District_US_15213",
    "InstitutionName": "SIBR",
    "MagneticFieldStrength": 3,
    "Manufacturer": "Siemens",
    "ManufacturersModelName": "Verio",
    "MultibandAccellerationFactor": 3,
    "PhaseEncodingDirection": "j-",
    "PhaseEncodingLines": 96,
    "RepetitionTime": 2.0,
    "ScanningSequence": "EP",
    "SequenceName": "epfid2d1_96",
    "SequenceVariant": "SK_SS",
    "SliceTiming": [
      0,
      0.09,
      0.1825,
      0.2725,
      0.365,
      0.455,
      0.5475,
      0.6375,
      0.73,
      0.82,
      0.9125,
      1.0025,
      1.095,
      1.185,
      1.2775,
      1.3675,
      1.46,
      1.55,
      1.6425,
      1.7325,
      1.825,
      1.915,
      0,
      0.09,
      0.1825,
      0.2725,
      0.365,
      0.455,
      0.5475,
      0.6375,
      0.73,
      0.82,
      0.9125,
      1.0025,
      1.095,
      1.185,
      1.2775,
      1.3675,
      1.46,
      1.55,
      1.6425,
      1.7325,
      1.825,
      1.915,
      0,
      0.09,
      0.1825,
      0.2725,
      0.365,
      0.455,
      0.5475,
      0.6375,
      0.73,
      0.82,
      0.9125,
      1.0025,
      1.095,
      1.185,
      1.2775,
      1.3675,
      1.46,
      1.55,
      1.6425,
      1.7325,
      1.825,
      1.915
    ],
    "SoftwareVersions": "syngo_MR_B17",
    "TaskName": "cuedMFM",
    "TotalReadoutTime": 0.03039,
    "dataset": "ds001597",
    "modality": "bold",
    "run_id": 3,
    "session_id": "post",
    "subject_id": "16",
    "task_id": "cuedMFM"
  },
  "dummy_trs": 1,
  "dvars_nstd": 33.31837022050209,
  "dvars_std": 1.2422501078242667,
  "dvars_vstd": 1.0026614490376575,
  "efc": 0.5744796341913528,
  "fber": 2931.088134765625,
  "fd_mean": 0.23261681474897072,
  "fd_num": 143,
  "fd_perc": 59.583333333333336,
  "fwhm_avg": 2.07392,
  "fwhm_x": 1.95018,
  "fwhm_y": 2.3099,
  "fwhm_z": 1.96168,
  "gcor": 0.00631624,
  "gsr_x": -0.004780551418662071,
  "gsr_y": 0.0449385792016983,
  "provenance": {
    "md5sum": "b0f19777d880dcc834f7e9ec93d338a0",
    "settings": {
      "fd_thres": 0.2,
      "testing": false
    },
    "software": "mriqc",
    "version": "22.0.6",
    "webapi_port": null,
    "webapi_url": "https://mriqc.nimh.nih.gov/api/v1"
  },
  "size_t": 240,
  "size_x": 96,
  "size_y": 96,
  "size_z": 66,
  "snr": 5.864089559362347,
  "spacing_tr": 2.0,
  "spacing_x": 2.0,
  "spacing_y": 2.0,
  "spacing_z": 2.0,
  "summary_bg_k": 16.257831658892627,
  "summary_bg_mad": 8.503124767301205,
  "summary_bg_mean": 33.542518615722656,
  "summary_bg_median": 10.548062324523926,
  "summary_bg_n": 361231.0,
  "summary_bg_p05": 4.00961709022522,
  "summary_bg_p95": 134.01058959960938,
  "summary_bg_stdv": 56.151031494140625,
  "summary_fg_k": 3.258461794300249,
  "summary_fg_mad": 91.4650373955642,
  "summary_fg_mean": 601.9349365234375,
  "summary_fg_median": 600.152099609375,
  "summary_fg_n": 156872.0,
  "summary_fg_p05": 455.0874420166016,
  "summary_fg_p95": 756.1809265136716,
  "summary_fg_stdv": 102.3432846069336,
  "tsnr": 54.213932037353516
}