{
  "aor": 0.0006935269709543569,
  "aqi": 0.010205611908713694,
  "bids_meta": {
    "BandwidthPerPixelPhaseEncode": 10.965,
    "DeviceSerialNumber": "40482",
    "EchoTime": 0.03,
    "EffectiveEchoSpacing": 0.000949,
    "FlipAngle": 79,
    "ImageType": [
      "ORIGINAL",
      "PRIMARY",
      "M",
      "MB",
      "ND",
      "MOSAIC"
    ],
    "InstitutionAddress": "Frew_4805_Pittsburgh_PA_District_US_15213",
    "InstitutionName": "SIBR",
    "MagneticFieldStrength": 3,
    "Manufacturer": "Siemens",
    "ManufacturersModelName": "Verio",
    "MultibandAccellerationFactor": 3,
    "PhaseEncodingDirection": "j-",
    "PhaseEncodingLines": 96,
    "RepetitionTime": 2.0,
    "ScanningSequence": "EP",
    "SequenceName": "epfid2d1_96",
    "SequenceVariant": "SK_SS",
    "SliceTiming": [
      0,
      0.09,
      0.1825,
      0.2725,
      0.365,
      0.455,
      0.5475,
      0.6375,
      0.73,
      0.82,
      0.9125,
      1.0025,
      1.095,
      1.185,
      1.2775,
      1.3675,
      1.46,
      1.55,
      1.6425,
      1.7325,
      1.825,
      1.915,
      0,
      0.09,
      0.1825,
      0.2725,
      0.365,
      0.455,
      0.5475,
      0.6375,
      0.73,
      0.82,
      0.9125,
      1.0025,
      1.095,
      1.185,
      1.2775,
      1.3675,
      1.46,
      1.55,
      1.6425,
      1.7325,
      1.825,
      1.915,
      0,
      0.09,
      0.1825,
      0.2725,
      0.365,
      0.455,
      0.5475,
      0.6375,
      0.73,
      0.82,
      0.9125,
      1.0025,
      1.095,
      1.185,
      1.2775,
      1.3675,
      1.46,
      1.55,
      1.6425,
      1.7325,
      1.825,
      1.915
    ],
    "SoftwareVersions": "syngo_MR_B17",
    "TaskName": "cuedMFM",
    "TotalReadoutTime": 0.03039,
    "dataset": "ds001597",
    "modality": "bold",
    "run_id": 2,
    "session_id": "post",
    "subject_id": "16",
    "task_id": "cuedMFM"
  },
  "dummy_trs": 0,
  "dvars_nstd": 32.950563176708336,
  "dvars_std": 1.2322597067499999,
  "dvars_vstd": 0.9870389763333329,
  "efc": 0.5731144603648988,
  "fber": 3022.299072265625,
  "fd_mean": 0.21461401340864808,
  "fd_num": 132,
  "fd_perc": 54.77178423236514,
  "fwhm_avg": 2.080265,
  "fwhm_x": 1.959925,
  "fwhm_y": 2.30658,
  "fwhm_z": 1.97429,
  "gcor": 0.00585528,
  "gsr_x": -0.004408008418977261,
  "gsr_y": 0.044756680727005005,
  "provenance": {
    "md5sum": "3ac32fce8b0c5a8ccb1a8833f21c1fbe",
    "settings": {
      "fd_thres": 0.2,
      "testing": false
    },
    "software": "mriqc",
    "version": "22.0.6",
    "webapi_port": null,
    "webapi_url": "https://mriqc.nimh.nih.gov/api/v1"
  },
  "size_t": 241,
  "size_x": 96,
  "size_y": 96,
  "size_z": 66,
  "snr": 5.843428468490003,
  "spacing_tr": 2.0,
  "spacing_x": 2.0,
  "spacing_y": 2.0,
  "spacing_z": 2.0,
  "summary_bg_k": 16.76753358573065,
  "summary_bg_mad": 8.42649032187903,
  "summary_bg_mean": 33.31120681762695,
  "summary_bg_median": 10.503639221191406,
  "summary_bg_n": 361485.0,
  "summary_bg_p05": 3.998431396484375,
  "summary_bg_p95": 132.62608642578124,
  "summary_bg_stdv": 56.07416915893555,
  "summary_fg_k": 3.4209273539624645,
  "summary_fg_mad": 92.02603547012632,
  "summary_fg_mean": 607.60693359375,
  "summary_fg_median": 605.4777221679688,
  "summary_fg_n": 156621.0,
  "summary_fg_p05": 460.1560363769531,
  "summary_fg_p95": 763.3922729492188,
  "summary_fg_stdv": 103.61653137207031,
  "tsnr": 54.36884307861328
}