{
  "aor": 0.000688875,
  "aqi": 0.011609419791666667,
  "bids_meta": {
    "BandwidthPerPixelPhaseEncode": 10.965,
    "DeviceSerialNumber": "40482",
    "EchoTime": 0.03,
    "EffectiveEchoSpacing": 0.000949,
    "FlipAngle": 79,
    "ImageType": [
      "ORIGINAL",
      "PRIMARY",
      "M",
      "MB",
      "ND",
      "MOSAIC"
    ],
    "InstitutionAddress": "Frew_4805_Pittsburgh_PA_District_US_15213",
    "InstitutionName": "SIBR",
    "MagneticFieldStrength": 3,
    "Manufacturer": "Siemens",
    "ManufacturersModelName": "Verio",
    "MultibandAccellerationFactor": 3,
    "PhaseEncodingDirection": "j-",
    "PhaseEncodingLines": 96,
    "RepetitionTime": 2.0,
    "ScanningSequence": "EP",
    "SequenceName": "epfid2d1_96",
    "SequenceVariant": "SK_SS",
    "SliceTiming": [
      0,
      0.09,
      0.1825,
      0.2725,
      0.365,
      0.455,
      0.5475,
      0.6375,
      0.73,
      0.82,
      0.9125,
      1.0025,
      1.095,
      1.185,
      1.2775,
      1.3675,
      1.46,
      1.55,
      1.6425,
      1.7325,
      1.825,
      1.915,
      0,
      0.09,
      0.1825,
      0.2725,
      0.365,
      0.455,
      0.5475,
      0.6375,
      0.73,
      0.82,
      0.9125,
      1.0025,
      1.095,
      1.185,
      1.2775,
      1.3675,
      1.46,
      1.55,
      1.6425,
      1.7325,
      1.825,
      1.915,
      0,
      0.09,
      0.1825,
      0.2725,
      0.365,
      0.455,
      0.5475,
      0.6375,
      0.73,
      0.82,
      0.9125,
      1.0025,
      1.095,
      1.185,
      1.2775,
      1.3675,
      1.46,
      1.55,
      1.6425,
      1.7325,
      1.825,
      1.915
    ],
    "SoftwareVersions": "syngo_MR_B17",
    "TaskName": "cuedMFM",
    "TotalReadoutTime": 0.03039,
    "dataset": "ds001597",
    "modality": "bold",
    "run_id": 5,
    "session_id": "pre",
    "subject_id": "01",
    "task_id": "cuedMFM"
  },
  "dummy_trs": 1,
  "dvars_nstd": 41.105371068326384,
  "dvars_std": 1.447429398368201,
  "dvars_vstd": 0.9932530410041839,
  "efc": 0.5247906633152692,
  "fber": 3070.853515625,
  "fd_mean": 0.08742677812074139,
  "fd_num": 6,
  "fd_perc": 2.5,
  "fwhm_avg": 2.0024183333333334,
  "fwhm_x": 1.90922,
  "fwhm_y": 2.13454,
  "fwhm_z": 1.963495,
  "gcor": 0.0122452,
  "gsr_x": -0.015608645044267178,
  "gsr_y": 0.041969601064920425,
  "provenance": {
    "md5sum": "904befdf3e9252ffa595cbfbc671acd4",
    "settings": {
      "fd_thres": 0.2,
      "testing": false
    },
    "software": "mriqc",
    "version": "22.0.6",
    "webapi_port": null,
    "webapi_url": "https://mriqc.nimh.nih.gov/api/v1"
  },
  "size_t": 240,
  "size_x": 96,
  "size_y": 96,
  "size_z": 66,
  "snr": 5.737318617473981,
  "spacing_tr": 2.0,
  "spacing_x": 2.0,
  "spacing_y": 2.0,
  "spacing_z": 2.0,
  "summary_bg_k": 28.72614319036866,
  "summary_bg_mad": 6.932339914572955,
  "summary_bg_mean": 29.601835250854492,
  "summary_bg_median": 9.885809898376465,
  "summary_bg_n": 399505.0,
  "summary_bg_p05": 4.358039093017578,
  "summary_bg_p95": 123.79033966064452,
  "summary_bg_stdv": 51.096412658691406,
  "summary_fg_k": 3.2125124795130002,
  "summary_fg_mad": 80.62893812422578,
  "summary_fg_mean": 564.7442626953125,
  "summary_fg_median": 561.4737548828125,
  "summary_fg_n": 122789.0,
  "summary_fg_p05": 418.77373657226565,
  "summary_fg_p95": 717.5999999999999,
  "summary_fg_stdv": 97.86304473876953,
  "tsnr": 57.2015380859375
}