{
  "aor": 0.0008739004149377593,
  "aqi": 0.012455452987551869,
  "bids_meta": {
    "BandwidthPerPixelPhaseEncode": 10.965,
    "DeviceSerialNumber": "40482",
    "EchoTime": 0.03,
    "EffectiveEchoSpacing": 0.000949,
    "FlipAngle": 79,
    "ImageType": [
      "ORIGINAL",
      "PRIMARY",
      "M",
      "MB",
      "ND",
      "MOSAIC"
    ],
    "InstitutionAddress": "Frew_4805_Pittsburgh_PA_District_US_15213",
    "InstitutionName": "SIBR",
    "MagneticFieldStrength": 3,
    "Manufacturer": "Siemens",
    "ManufacturersModelName": "Verio",
    "MultibandAccellerationFactor": 3,
    "PhaseEncodingDirection": "j-",
    "PhaseEncodingLines": 96,
    "RepetitionTime": 2.0,
    "ScanningSequence": "EP",
    "SequenceName": "epfid2d1_96",
    "SequenceVariant": "SK_SS",
    "SliceTiming": [
      0,
      0.09,
      0.1825,
      0.2725,
      0.365,
      0.455,
      0.5475,
      0.6375,
      0.73,
      0.82,
      0.9125,
      1.0025,
      1.095,
      1.185,
      1.2775,
      1.3675,
      1.46,
      1.55,
      1.6425,
      1.7325,
      1.825,
      1.915,
      0,
      0.09,
      0.1825,
      0.2725,
      0.365,
      0.455,
      0.5475,
      0.6375,
      0.73,
      0.82,
      0.9125,
      1.0025,
      1.095,
      1.185,
      1.2775,
      1.3675,
      1.46,
      1.55,
      1.6425,
      1.7325,
      1.825,
      1.915,
      0,
      0.09,
      0.1825,
      0.2725,
      0.365,
      0.455,
      0.5475,
      0.6375,
      0.73,
      0.82,
      0.9125,
      1.0025,
      1.095,
      1.185,
      1.2775,
      1.3675,
      1.46,
      1.55,
      1.6425,
      1.7325,
      1.825,
      1.915
    ],
    "SoftwareVersions": "syngo_MR_B17",
    "TaskName": "cuedMFM",
    "TotalReadoutTime": 0.03039,
    "dataset": "ds001597",
    "modality": "bold",
    "run_id": 2,
    "session_id": "pre",
    "subject_id": "01",
    "task_id": "cuedMFM"
  },
  "dummy_trs": 0,
  "dvars_nstd": 37.14147938900005,
  "dvars_std": 1.4052537660416673,
  "dvars_vstd": 0.9974904793333331,
  "efc": 0.526314819886156,
  "fber": 3434.432861328125,
  "fd_mean": 0.11087717083438324,
  "fd_num": 13,
  "fd_perc": 5.394190871369295,
  "fwhm_avg": 2.0637966666666667,
  "fwhm_x": 1.962555,
  "fwhm_y": 2.202255,
  "fwhm_z": 2.02658,
  "gcor": 0.0184678,
  "gsr_x": -0.012651657685637474,
  "gsr_y": 0.03719678148627281,
  "provenance": {
    "md5sum": "c7fa3799282f6a518dca602f8792b7b8",
    "settings": {
      "fd_thres": 0.2,
      "testing": false
    },
    "software": "mriqc",
    "version": "22.0.6",
    "webapi_port": null,
    "webapi_url": "https://mriqc.nimh.nih.gov/api/v1"
  },
  "size_t": 241,
  "size_x": 96,
  "size_y": 96,
  "size_z": 66,
  "snr": 5.654183408351307,
  "spacing_tr": 2.0,
  "spacing_x": 2.0,
  "spacing_y": 2.0,
  "spacing_z": 2.0,
  "summary_bg_k": 18.130117249917696,
  "summary_bg_mad": 6.059098892505203,
  "summary_bg_mean": 27.54572105407715,
  "summary_bg_median": 9.068462371826172,
  "summary_bg_n": 395218.0,
  "summary_bg_p05": 4.189361906051635,
  "summary_bg_p95": 116.30018768310543,
  "summary_bg_stdv": 46.656105041503906,
  "summary_fg_k": 3.336059887073982,
  "summary_fg_mad": 80.12259652793378,
  "summary_fg_mean": 550.758056640625,
  "summary_fg_median": 547.4595947265625,
  "summary_fg_n": 124997.0,
  "summary_fg_p05": 406.74953002929686,
  "summary_fg_p95": 702.2910034179688,
  "summary_fg_stdv": 96.82342529296875,
  "tsnr": 56.684722900390625
}