{
  "aor": 0.0018924481327800829,
  "aqi": 0.011860678132780083,
  "bids_meta": {
    "BandwidthPerPixelPhaseEncode": 10.965,
    "DeviceSerialNumber": "40482",
    "EchoTime": 0.03,
    "EffectiveEchoSpacing": 0.000949,
    "FlipAngle": 79,
    "ImageType": [
      "ORIGINAL",
      "PRIMARY",
      "M",
      "MB",
      "ND",
      "MOSAIC"
    ],
    "InstitutionAddress": "Frew_4805_Pittsburgh_PA_District_US_15213",
    "InstitutionName": "SIBR",
    "MagneticFieldStrength": 3,
    "Manufacturer": "Siemens",
    "ManufacturersModelName": "Verio",
    "MultibandAccellerationFactor": 3,
    "PhaseEncodingDirection": "j-",
    "PhaseEncodingLines": 96,
    "RepetitionTime": 2.0,
    "ScanningSequence": "EP",
    "SequenceName": "epfid2d1_96",
    "SequenceVariant": "SK_SS",
    "SliceTiming": [
      0,
      0.09,
      0.1825,
      0.2725,
      0.365,
      0.455,
      0.5475,
      0.6375,
      0.73,
      0.82,
      0.9125,
      1.0025,
      1.095,
      1.185,
      1.2775,
      1.3675,
      1.46,
      1.55,
      1.6425,
      1.7325,
      1.825,
      1.915,
      0,
      0.09,
      0.1825,
      0.2725,
      0.365,
      0.455,
      0.5475,
      0.6375,
      0.73,
      0.82,
      0.9125,
      1.0025,
      1.095,
      1.185,
      1.2775,
      1.3675,
      1.46,
      1.55,
      1.6425,
      1.7325,
      1.825,
      1.915,
      0,
      0.09,
      0.1825,
      0.2725,
      0.365,
      0.455,
      0.5475,
      0.6375,
      0.73,
      0.82,
      0.9125,
      1.0025,
      1.095,
      1.185,
      1.2775,
      1.3675,
      1.46,
      1.55,
      1.6425,
      1.7325,
      1.825,
      1.915
    ],
    "SoftwareVersions": "syngo_MR_B17",
    "TaskName": "cuedMFM",
    "TotalReadoutTime": 0.03039,
    "dataset": "ds001597",
    "modality": "bold",
    "run_id": 2,
    "session_id": "post",
    "subject_id": "11",
    "task_id": "cuedMFM"
  },
  "dummy_trs": 0,
  "dvars_nstd": 36.10958635812499,
  "dvars_std": 1.3794984459166661,
  "dvars_vstd": 1.0093413486249998,
  "efc": 0.5550545000840451,
  "fber": 2860.607666015625,
  "fd_mean": 0.11033144676453939,
  "fd_num": 19,
  "fd_perc": 7.8838174273858925,
  "fwhm_avg": 1.99944,
  "fwhm_x": 1.891765,
  "fwhm_y": 2.218675,
  "fwhm_z": 1.88788,
  "gcor": 0.0124103,
  "gsr_x": -0.008889391086995602,
  "gsr_y": 0.04724366217851639,
  "provenance": {
    "md5sum": "8c190d3615c8183195e160d2eae87be4",
    "settings": {
      "fd_thres": 0.2,
      "testing": false
    },
    "software": "mriqc",
    "version": "22.0.6",
    "webapi_port": null,
    "webapi_url": "https://mriqc.nimh.nih.gov/api/v1"
  },
  "size_t": 241,
  "size_x": 96,
  "size_y": 96,
  "size_z": 66,
  "snr": 6.0727181608915854,
  "spacing_tr": 2.0,
  "spacing_x": 2.0,
  "spacing_y": 2.0,
  "spacing_z": 2.0,
  "summary_bg_k": 26.64448677921157,
  "summary_bg_mad": 8.26826599611598,
  "summary_bg_mean": 30.892364501953125,
  "summary_bg_median": 10.561427116394043,
  "summary_bg_n": 375594.0,
  "summary_bg_p05": 4.075889372825623,
  "summary_bg_p95": 119.81416854858396,
  "summary_bg_stdv": 52.149803161621094,
  "summary_fg_k": 3.217444371071439,
  "summary_fg_mad": 85.72135640715499,
  "summary_fg_mean": 589.5256958007812,
  "summary_fg_median": 587.2505493164062,
  "summary_fg_n": 143760.0,
  "summary_fg_p05": 448.8838134765625,
  "summary_fg_p95": 735.3475402832031,
  "summary_fg_stdv": 96.70274353027344,
  "tsnr": 53.474517822265625
}