{
  "aor": 0.00038643153526970954,
  "aqi": 0.010645022531120332,
  "bids_meta": {
    "BandwidthPerPixelPhaseEncode": 10.965,
    "DeviceSerialNumber": "40482",
    "EchoTime": 0.03,
    "EffectiveEchoSpacing": 0.000949,
    "FlipAngle": 79,
    "ImageType": [
      "ORIGINAL",
      "PRIMARY",
      "M",
      "MB",
      "ND",
      "MOSAIC"
    ],
    "InstitutionAddress": "Frew_4805_Pittsburgh_PA_District_US_15213",
    "InstitutionName": "SIBR",
    "MagneticFieldStrength": 3,
    "Manufacturer": "Siemens",
    "ManufacturersModelName": "Verio",
    "MultibandAccellerationFactor": 3,
    "PhaseEncodingDirection": "j-",
    "PhaseEncodingLines": 96,
    "RepetitionTime": 2.0,
    "ScanningSequence": "EP",
    "SequenceName": "epfid2d1_96",
    "SequenceVariant": "SK_SS",
    "SliceTiming": [
      0,
      0.09,
      0.1825,
      0.2725,
      0.365,
      0.455,
      0.5475,
      0.6375,
      0.73,
      0.82,
      0.9125,
      1.0025,
      1.095,
      1.185,
      1.2775,
      1.3675,
      1.46,
      1.55,
      1.6425,
      1.7325,
      1.825,
      1.915,
      0,
      0.09,
      0.1825,
      0.2725,
      0.365,
      0.455,
      0.5475,
      0.6375,
      0.73,
      0.82,
      0.9125,
      1.0025,
      1.095,
      1.185,
      1.2775,
      1.3675,
      1.46,
      1.55,
      1.6425,
      1.7325,
      1.825,
      1.915,
      0,
      0.09,
      0.1825,
      0.2725,
      0.365,
      0.455,
      0.5475,
      0.6375,
      0.73,
      0.82,
      0.9125,
      1.0025,
      1.095,
      1.185,
      1.2775,
      1.3675,
      1.46,
      1.55,
      1.6425,
      1.7325,
      1.825,
      1.915
    ],
    "SoftwareVersions": "syngo_MR_B17",
    "TaskName": "cuedMFM",
    "TotalReadoutTime": 0.03039,
    "dataset": "ds001597",
    "modality": "bold",
    "run_id": 1,
    "session_id": "post",
    "subject_id": "11",
    "task_id": "cuedMFM"
  },
  "dummy_trs": 0,
  "dvars_nstd": 35.40436536483333,
  "dvars_std": 1.3473162582916667,
  "dvars_vstd": 0.9864990070833336,
  "efc": 0.5543797870944409,
  "fber": 2914.330322265625,
  "fd_mean": 0.09903707070245563,
  "fd_num": 7,
  "fd_perc": 2.904564315352697,
  "fwhm_avg": 2.0100116666666668,
  "fwhm_x": 1.89499,
  "fwhm_y": 2.232405,
  "fwhm_z": 1.90264,
  "gcor": 0.0173229,
  "gsr_x": -0.009819943457841873,
  "gsr_y": 0.048195675015449524,
  "provenance": {
    "md5sum": "339ff813fe5ce466e9a630111c70c978",
    "settings": {
      "fd_thres": 0.2,
      "testing": false
    },
    "software": "mriqc",
    "version": "22.0.6",
    "webapi_port": null,
    "webapi_url": "https://mriqc.nimh.nih.gov/api/v1"
  },
  "size_t": 241,
  "size_x": 96,
  "size_y": 96,
  "size_z": 66,
  "snr": 6.041437264615236,
  "spacing_tr": 2.0,
  "spacing_x": 2.0,
  "spacing_y": 2.0,
  "spacing_z": 2.0,
  "summary_bg_k": 27.108707348753928,
  "summary_bg_mad": 8.123015090167899,
  "summary_bg_mean": 30.349973678588867,
  "summary_bg_median": 10.470196723937988,
  "summary_bg_n": 375137.0,
  "summary_bg_p05": 4.09189453125,
  "summary_bg_p95": 117.74507293701174,
  "summary_bg_stdv": 51.47096633911133,
  "summary_fg_k": 3.3204900172352563,
  "summary_fg_mad": 86.36836604230605,
  "summary_fg_mean": 589.688232421875,
  "summary_fg_median": 587.4454345703125,
  "summary_fg_n": 144127.0,
  "summary_fg_p05": 447.7939086914063,
  "summary_fg_p95": 736.5256469726562,
  "summary_fg_stdv": 97.23570251464844,
  "tsnr": 57.11787414550781
}