{
  "aor": 0.0008676763485477178,
  "aqi": 0.010164525020746886,
  "bids_meta": {
    "BandwidthPerPixelPhaseEncode": 10.965,
    "DeviceSerialNumber": "40482",
    "EchoTime": 0.03,
    "EffectiveEchoSpacing": 0.000949,
    "FlipAngle": 79,
    "ImageType": [
      "ORIGINAL",
      "PRIMARY",
      "M",
      "MB",
      "ND",
      "MOSAIC"
    ],
    "InstitutionAddress": "Frew_4805_Pittsburgh_PA_District_US_15213",
    "InstitutionName": "SIBR",
    "MagneticFieldStrength": 3,
    "Manufacturer": "Siemens",
    "ManufacturersModelName": "Verio",
    "MultibandAccellerationFactor": 3,
    "PhaseEncodingDirection": "j-",
    "PhaseEncodingLines": 96,
    "RepetitionTime": 2.0,
    "ScanningSequence": "EP",
    "SequenceName": "epfid2d1_96",
    "SequenceVariant": "SK_SS",
    "SliceTiming": [
      0,
      0.09,
      0.1825,
      0.2725,
      0.365,
      0.455,
      0.5475,
      0.6375,
      0.73,
      0.82,
      0.9125,
      1.0025,
      1.095,
      1.185,
      1.2775,
      1.3675,
      1.46,
      1.55,
      1.6425,
      1.7325,
      1.825,
      1.915,
      0,
      0.09,
      0.1825,
      0.2725,
      0.365,
      0.455,
      0.5475,
      0.6375,
      0.73,
      0.82,
      0.9125,
      1.0025,
      1.095,
      1.185,
      1.2775,
      1.3675,
      1.46,
      1.55,
      1.6425,
      1.7325,
      1.825,
      1.915,
      0,
      0.09,
      0.1825,
      0.2725,
      0.365,
      0.455,
      0.5475,
      0.6375,
      0.73,
      0.82,
      0.9125,
      1.0025,
      1.095,
      1.185,
      1.2775,
      1.3675,
      1.46,
      1.55,
      1.6425,
      1.7325,
      1.825,
      1.915
    ],
    "SoftwareVersions": "syngo_MR_B17",
    "TaskName": "cuedMFM",
    "TotalReadoutTime": 0.03039,
    "dataset": "ds001597",
    "modality": "bold",
    "run_id": 4,
    "session_id": "post",
    "subject_id": "11",
    "task_id": "cuedMFM"
  },
  "dummy_trs": 0,
  "dvars_nstd": 34.92720309883332,
  "dvars_std": 1.3518648266666664,
  "dvars_vstd": 1.0038143447083334,
  "efc": 0.558339830078991,
  "fber": 2681.059814453125,
  "fd_mean": 0.10553255542301362,
  "fd_num": 16,
  "fd_perc": 6.639004149377594,
  "fwhm_avg": 2.0130983333333337,
  "fwhm_x": 1.90365,
  "fwhm_y": 2.235485,
  "fwhm_z": 1.90016,
  "gcor": 0.00886488,
  "gsr_x": -0.009994365274906158,
  "gsr_y": 0.04787116125226021,
  "provenance": {
    "md5sum": "e6824590ad76191da480ed5adfbecfeb",
    "settings": {
      "fd_thres": 0.2,
      "testing": false
    },
    "software": "mriqc",
    "version": "22.0.6",
    "webapi_port": null,
    "webapi_url": "https://mriqc.nimh.nih.gov/api/v1"
  },
  "size_t": 241,
  "size_x": 96,
  "size_y": 96,
  "size_z": 66,
  "snr": 6.065909545321092,
  "spacing_tr": 2.0,
  "spacing_x": 2.0,
  "spacing_y": 2.0,
  "spacing_z": 2.0,
  "summary_bg_k": 25.37616178008307,
  "summary_bg_mad": 8.501208552685737,
  "summary_bg_mean": 31.629867553710938,
  "summary_bg_median": 10.763656616210938,
  "summary_bg_n": 374452.0,
  "summary_bg_p05": 4.158169221878052,
  "summary_bg_p95": 123.46353454589857,
  "summary_bg_stdv": 52.697269439697266,
  "summary_fg_k": 3.348981479461874,
  "summary_fg_mad": 84.9524103407639,
  "summary_fg_mean": 583.0062866210938,
  "summary_fg_median": 580.8931884765625,
  "summary_fg_n": 144588.0,
  "summary_fg_p05": 442.5226165771484,
  "summary_fg_p95": 727.536196899414,
  "summary_fg_stdv": 95.76324462890625,
  "tsnr": 56.884395599365234
}