{
  "bids_meta": {
    "AccelFactPE": 2,
    "DeviceSerialNumber": "40482",
    "EchoTime": 0.00197,
    "FlipAngle": 9,
    "InstitutionAddress": "Frew_4805_Pittsburgh_PA_District_US_15213",
    "InstitutionName": "SIBR",
    "InversionTime": 0.9,
    "MagneticFieldStrength": 3,
    "Manufacturer": "Siemens",
    "ManufacturersModelName": "Verio",
    "PhaseEncodingDirection": "i-",
    "PhaseEncodingLines": 256,
    "RepetitionTime": 2.3,
    "ScanningSequence": "GR_IR",
    "SequenceName": "_tfl3d1_ns",
    "SequenceVariant": "SP_MP",
    "SoftwareVersions": "syngo_MR_B17",
    "dataset": "ds001597",
    "modality": "T1w",
    "session_id": "pre",
    "subject_id": "11"
  },
  "cjv": 0.2956674104715271,
  "cnr": 4.503961994137658,
  "efc": 0.5305500934306929,
  "fber": -1.0,
  "fwhm_avg": 4.001916666666667,
  "fwhm_x": 3.9011,
  "fwhm_y": 4.04985,
  "fwhm_z": 4.0548,
  "icvs_csf": 0.20133077851013567,
  "icvs_gm": 0.47303052202304374,
  "icvs_wm": 0.3256386994668206,
  "inu_med": 0.4939117729663849,
  "inu_range": 0.14611536860466,
  "provenance": {
    "md5sum": "e1c2dc5f755f39c7d2f631ff9988a27e",
    "settings": {
      "testing": false
    },
    "software": "mriqc",
    "version": "22.0.6",
    "warnings": {
      "large_rot_frame": true,
      "small_air_mask": false
    },
    "webapi_port": null,
    "webapi_url": "https://mriqc.nimh.nih.gov/api/v1"
  },
  "qi_1": 0.0,
  "qi_2": 0.013641395350334854,
  "rpve_csf": 25.562233474884682,
  "rpve_gm": 11.997019468376939,
  "rpve_wm": 19.634942118346864,
  "size_x": 176,
  "size_y": 256,
  "size_z": 256,
  "snr_csf": 1.8880570264692953,
  "snr_gm": 9.646421957358804,
  "snr_total": 11.078456346347098,
  "snr_wm": 21.700890055213197,
  "snrd_csf": 26.51006400196178,
  "snrd_gm": 80.44514529113363,
  "snrd_total": 77.76788507673874,
  "snrd_wm": 126.34844593712081,
  "spacing_x": 1.0,
  "spacing_y": 1.0,
  "spacing_z": 1.0,
  "summary_bg_k": 10.781826684046967,
  "summary_bg_mad": 0.0,
  "summary_bg_mean": 2.8141327071571043,
  "summary_bg_median": 0.0,
  "summary_bg_n": 2519743.0,
  "summary_bg_p05": 0.0,
  "summary_bg_p95": 13.549831811338663,
  "summary_bg_stdv": 5.185155897404472,
  "summary_csf_k": 0.2547417217758201,
  "summary_csf_mad": 100.38971189205903,
  "summary_csf_mean": 231.52705711863987,
  "summary_csf_median": 209.8170925937593,
  "summary_csf_n": 22613.0,
  "summary_csf_p05": 78.84285055622459,
  "summary_csf_p95": 442.38147859200825,
  "summary_csf_stdv": 111.12612082081635,
  "summary_gm_k": -0.19083041472058504,
  "summary_gm_mad": 67.73815179486232,
  "summary_gm_mean": 633.9837291637753,
  "summary_gm_median": 636.6927856914699,
  "summary_gm_n": 65864.0,
  "summary_gm_p05": 521.4258968941867,
  "summary_gm_p95": 737.9936426093801,
  "summary_gm_stdv": 66.00249865677057,
  "summary_wm_k": 1.8652558286253846,
  "summary_wm_mad": 39.6799467621865,
  "summary_wm_mean": 997.7411884181,
  "summary_wm_median": 999.9999840930104,
  "summary_wm_n": 166361.0,
  "summary_wm_p05": 919.596849873662,
  "summary_wm_p95": 1067.077250663191,
  "summary_wm_stdv": 46.08092000061553,
  "tpm_overlap_csf": 0.148319332623656,
  "tpm_overlap_gm": 0.470445635222529,
  "tpm_overlap_wm": 0.4845710267561301,
  "wm2max": 0.4493232477399661
}