{
  "bids_meta": {
    "AccelFactPE": 2,
    "DeviceSerialNumber": "40482",
    "EchoTime": 0.418,
    "EchoTrainLength": 147,
    "FlipAngle": 120,
    "InstitutionAddress": "Frew_4805_Pittsburgh_PA_District_US_15213",
    "InstitutionName": "SIBR",
    "MagneticFieldStrength": 3,
    "Manufacturer": "Siemens",
    "ManufacturersModelName": "Verio",
    "PhaseEncodingDirection": "i-",
    "PhaseEncodingLines": 258,
    "RepetitionTime": 3,
    "ScanningSequence": "SE",
    "SequenceName": "_spc3d1_294ns",
    "SequenceVariant": "SK_SP",
    "SoftwareVersions": "syngo_MR_B17",
    "dataset": "ds001597",
    "modality": "T2w",
    "session_id": "pre",
    "subject_id": "05"
  },
  "cjv": 0.34288327803659296,
  "cnr": 2.008615407724084,
  "efc": 0.6122704127289671,
  "fber": 7813.892844428621,
  "fwhm_avg": 2.3132005628616015,
  "fwhm_x": 2.329762465283834,
  "fwhm_y": 2.2800776699029126,
  "fwhm_z": 2.3297615533980585,
  "icvs_csf": 0.3796838682502123,
  "icvs_gm": 0.48672660338667195,
  "icvs_wm": 0.13358952836311577,
  "inu_med": 0.9275723695755005,
  "inu_range": 0.18275432586669915,
  "provenance": {
    "md5sum": "323a9d319692d0d778936ccaea2874ef",
    "settings": {
      "testing": false
    },
    "software": "mriqc",
    "version": "22.0.6",
    "warnings": {
      "large_rot_frame": true,
      "small_air_mask": false
    },
    "webapi_port": null,
    "webapi_url": "https://mriqc.nimh.nih.gov/api/v1"
  },
  "qi_1": 0.0,
  "qi_2": 0.030126919677607836,
  "rpve_csf": 7.975888959122418,
  "rpve_gm": 6.905333542950028,
  "rpve_wm": 26.991367623052874,
  "size_x": 224,
  "size_y": 256,
  "size_z": 256,
  "snr_csf": 9.55371059061421,
  "snr_gm": 8.662199576038233,
  "snr_total": 7.126994249805937,
  "snr_wm": 3.165072582765365,
  "snrd_csf": 35.86174100537536,
  "snrd_gm": 22.226347073544947,
  "snrd_total": 39.96659051583833,
  "snrd_wm": 61.81168346859467,
  "spacing_x": 0.800000011920929,
  "spacing_y": 0.8046875,
  "spacing_z": 0.8046875,
  "summary_bg_k": 2217.191504523929,
  "summary_bg_mad": 0.0,
  "summary_bg_mean": 3.827451235458616,
  "summary_bg_median": 0.0,
  "summary_bg_n": 3375650.0,
  "summary_bg_p05": 0.0,
  "summary_bg_p95": 15.206813206896186,
  "summary_bg_stdv": 10.598493316611934,
  "summary_csf_k": 0.8151201670233368,
  "summary_csf_mad": 57.57142095348814,
  "summary_csf_mean": 581.2317299588995,
  "summary_csf_median": 580.1546401139349,
  "summary_csf_n": 121582.0,
  "summary_csf_p05": 484.55774470232427,
  "summary_csf_p95": 680.8521950005553,
  "summary_csf_stdv": 60.72533271224874,
  "summary_gm_k": 0.3697736085366645,
  "summary_gm_mad": 40.58217899450023,
  "summary_gm_mean": 359.40913852042837,
  "summary_gm_median": 359.5675509888679,
  "summary_gm_n": 454790.0,
  "summary_gm_p05": 291.4998929053545,
  "summary_gm_p95": 426.55601587705314,
  "summary_gm_stdv": 41.50991356417982,
  "summary_wm_k": 1.3021605594179295,
  "summary_wm_mad": 178.99795509187092,
  "summary_wm_mean": 879.8048485883385,
  "summary_wm_median": 999.9607930965722,
  "summary_wm_n": 35745.0,
  "summary_wm_p05": 83.70614856854081,
  "summary_wm_p95": 1152.5940299659967,
  "summary_wm_stdv": 315.931713863938,
  "tpm_overlap_csf": 0.1071679159255286,
  "tpm_overlap_gm": 0.3068307595104793,
  "tpm_overlap_wm": 0.027851502341484074,
  "wm2max": 0.8743887583000188
}