{
  "bids_meta": {
    "AccelFactPE": 2,
    "DeviceSerialNumber": "40482",
    "EchoTime": 0.418,
    "EchoTrainLength": 147,
    "FlipAngle": 120,
    "InstitutionAddress": "Frew_4805_Pittsburgh_PA_District_US_15213",
    "InstitutionName": "SIBR",
    "MagneticFieldStrength": 3,
    "Manufacturer": "Siemens",
    "ManufacturersModelName": "Verio",
    "PhaseEncodingDirection": "i-",
    "PhaseEncodingLines": 258,
    "RepetitionTime": 3,
    "ScanningSequence": "SE",
    "SequenceName": "_spc3d1_294ns",
    "SequenceVariant": "SK_SP",
    "SoftwareVersions": "syngo_MR_B17",
    "dataset": "ds001597",
    "modality": "T2w",
    "session_id": "pre",
    "subject_id": "01"
  },
  "cjv": 0.3086762560586792,
  "cnr": 1.9925020672539522,
  "efc": 0.5225447543905831,
  "fber": -1.0,
  "fwhm_avg": 2.211892027639213,
  "fwhm_x": 2.253999966412783,
  "fwhm_y": 2.148448932038835,
  "fwhm_z": 2.2332271844660196,
  "icvs_csf": 0.3288803258990277,
  "icvs_gm": 0.5271834683054848,
  "icvs_wm": 0.14393620579548747,
  "inu_med": 0.8993996679782867,
  "inu_range": 0.2278519392013546,
  "provenance": {
    "md5sum": "b9f172204aac7fa8ae01f5acae586e95",
    "settings": {
      "testing": false
    },
    "software": "mriqc",
    "version": "22.0.6",
    "warnings": {
      "large_rot_frame": true,
      "small_air_mask": false
    },
    "webapi_port": null,
    "webapi_url": "https://mriqc.nimh.nih.gov/api/v1"
  },
  "qi_1": 0.0012581160511610174,
  "qi_2": 0.01295559680643257,
  "rpve_csf": 11.902271185238986,
  "rpve_gm": 8.790700464556553,
  "rpve_wm": 34.51995644580826,
  "size_x": 224,
  "size_y": 256,
  "size_z": 256,
  "snr_csf": 9.388221874293912,
  "snr_gm": 9.618194421819055,
  "snr_total": 7.466511126170244,
  "snr_wm": 3.393117082397766,
  "snrd_csf": 55.43506211092387,
  "snrd_gm": 35.359259589994004,
  "snrd_total": 59.25312331934291,
  "snrd_wm": 86.96504825711088,
  "spacing_x": 0.800000011920929,
  "spacing_y": 0.8046875,
  "spacing_z": 0.8046875,
  "summary_bg_k": 459.31254841031415,
  "summary_bg_mad": 0.0,
  "summary_bg_mean": 2.2142701230423065,
  "summary_bg_median": 0.0,
  "summary_bg_n": 3349617.0,
  "summary_bg_p05": 0.0,
  "summary_bg_p95": 8.897123206406832,
  "summary_bg_stdv": 7.534250180009245,
  "summary_csf_k": 0.9173933538149619,
  "summary_csf_mad": 63.38873837228039,
  "summary_csf_mean": 639.3677307814086,
  "summary_csf_median": 637.5185788609087,
  "summary_csf_n": 62247.0,
  "summary_csf_p05": 532.7483362518251,
  "summary_csf_p95": 753.0183041468263,
  "summary_csf_stdv": 67.90566589696671,
  "summary_gm_k": 0.22844377714343445,
  "summary_gm_mad": 41.957307779747495,
  "summary_gm_mean": 406.86450289442433,
  "summary_gm_median": 406.6412855871022,
  "summary_gm_n": 353824.0,
  "summary_gm_p05": 338.49787283688784,
  "summary_gm_p95": 476.1487881653011,
  "summary_gm_stdv": 42.2782793854146,
  "summary_wm_k": 1.5772897727527084,
  "summary_wm_mad": 141.23614611614283,
  "summary_wm_mean": 879.2415867256544,
  "summary_wm_median": 1000.1221585087478,
  "summary_wm_n": 28127.0,
  "summary_wm_p05": 139.9474725313485,
  "summary_wm_p95": 1132.7727684378622,
  "summary_wm_stdv": 294.74502511383173,
  "tpm_overlap_csf": 0.11351015404967998,
  "tpm_overlap_gm": 0.3277581070144009,
  "tpm_overlap_wm": 0.03857832318821054,
  "wm2max": 0.8711764669526225
}