{
  "bids_meta": {
    "AccelFactPE": 2,
    "DeviceSerialNumber": "40482",
    "EchoTime": 0.00197,
    "FlipAngle": 9,
    "InstitutionAddress": "Frew_4805_Pittsburgh_PA_District_US_15213",
    "InstitutionName": "SIBR",
    "InversionTime": 0.9,
    "MagneticFieldStrength": 3,
    "Manufacturer": "Siemens",
    "ManufacturersModelName": "Verio",
    "PhaseEncodingDirection": "i-",
    "PhaseEncodingLines": 256,
    "RepetitionTime": 2.3,
    "ScanningSequence": "GR_IR",
    "SequenceName": "_tfl3d1_ns",
    "SequenceVariant": "SP_MP",
    "SoftwareVersions": "syngo_MR_B17",
    "dataset": "ds001597",
    "modality": "T1w",
    "session_id": "pre",
    "subject_id": "15"
  },
  "cjv": 0.34355604095111253,
  "cnr": 3.9280695986393215,
  "efc": 0.5357863745383177,
  "fber": -1.0,
  "fwhm_avg": 3.89514,
  "fwhm_x": 3.7934,
  "fwhm_y": 3.91892,
  "fwhm_z": 3.9731,
  "icvs_csf": 0.1865033532203328,
  "icvs_gm": 0.4676368617182437,
  "icvs_wm": 0.3458597850614235,
  "inu_med": 0.6176492869853973,
  "inu_range": 0.2540472745895385,
  "provenance": {
    "md5sum": "e9e7d45fe14421126058756a2abb1163",
    "settings": {
      "testing": false
    },
    "software": "mriqc",
    "version": "22.0.6",
    "warnings": {
      "large_rot_frame": true,
      "small_air_mask": false
    },
    "webapi_port": null,
    "webapi_url": "https://mriqc.nimh.nih.gov/api/v1"
  },
  "qi_1": 0.0,
  "qi_2": 0.009686252311581716,
  "rpve_csf": 25.695188353513668,
  "rpve_gm": 11.32651686378621,
  "rpve_wm": 16.9372868238849,
  "size_x": 176,
  "size_y": 256,
  "size_z": 256,
  "snr_csf": 1.4412214103338479,
  "snr_gm": 10.466066025706123,
  "snr_total": 10.134604554043696,
  "snr_wm": 18.496526226091113,
  "snrd_csf": 16.719548595351604,
  "snrd_gm": 65.14251146245915,
  "snrd_total": 59.70403831642443,
  "snrd_wm": 97.25005489146253,
  "spacing_x": 1.0,
  "spacing_y": 1.0,
  "spacing_z": 1.0,
  "summary_bg_k": 10.06695085244145,
  "summary_bg_mad": 0.0,
  "summary_bg_mean": 3.282575164850029,
  "summary_bg_median": 0.0,
  "summary_bg_n": 3070135.0,
  "summary_bg_p05": 0.0,
  "summary_bg_p95": 18.060735303908587,
  "summary_bg_stdv": 6.736617310173514,
  "summary_csf_k": 2.27210755624493,
  "summary_csf_mad": 97.47102538967837,
  "summary_csf_mean": 200.79307551956592,
  "summary_csf_median": 171.9232826717198,
  "summary_csf_n": 24809.0,
  "summary_csf_p05": 61.289291721582416,
  "summary_csf_p95": 451.9019734360276,
  "summary_csf_stdv": 119.28758237029034,
  "summary_gm_k": -0.01203153930855283,
  "summary_gm_mad": 64.29612209659497,
  "summary_gm_mean": 668.5169299873241,
  "summary_gm_median": 669.8455014042556,
  "summary_gm_n": 39895.0,
  "summary_gm_p05": 560.6819420009851,
  "summary_gm_p95": 771.1774145253003,
  "summary_gm_stdv": 64.00084851371213,
  "summary_wm_k": 0.8803821621722383,
  "summary_wm_mad": 49.130452019756845,
  "summary_wm_mean": 997.9146888433294,
  "summary_wm_median": 1000.0000048801303,
  "summary_wm_n": 186884.0,
  "summary_wm_p05": 904.8561578521504,
  "summary_wm_p95": 1082.1523760855198,
  "summary_wm_stdv": 54.064061391674386,
  "tpm_overlap_csf": 0.1470915755225681,
  "tpm_overlap_gm": 0.47097687875266936,
  "tpm_overlap_wm": 0.5060631889783801,
  "wm2max": 0.346425011996604
}