{
  "aor": 0.0010583817427385893,
  "aqi": 0.01568680099585062,
  "bids_meta": {
    "BandwidthPerPixelPhaseEncode": 10.965,
    "DeviceSerialNumber": "40482",
    "EchoTime": 0.03,
    "EffectiveEchoSpacing": 0.000949,
    "FlipAngle": 79,
    "ImageType": [
      "ORIGINAL",
      "PRIMARY",
      "M",
      "MB",
      "ND",
      "MOSAIC"
    ],
    "InstitutionAddress": "Frew_4805_Pittsburgh_PA_District_US_15213",
    "InstitutionName": "SIBR",
    "MagneticFieldStrength": 3,
    "Manufacturer": "Siemens",
    "ManufacturersModelName": "Verio",
    "MultibandAccellerationFactor": 3,
    "PhaseEncodingDirection": "j-",
    "PhaseEncodingLines": 96,
    "RepetitionTime": 2.0,
    "ScanningSequence": "EP",
    "SequenceName": "epfid2d1_96",
    "SequenceVariant": "SK_SS",
    "SliceTiming": [
      0,
      0.09,
      0.1825,
      0.2725,
      0.365,
      0.455,
      0.5475,
      0.6375,
      0.73,
      0.82,
      0.9125,
      1.0025,
      1.095,
      1.185,
      1.2775,
      1.3675,
      1.46,
      1.55,
      1.6425,
      1.7325,
      1.825,
      1.915,
      0,
      0.09,
      0.1825,
      0.2725,
      0.365,
      0.455,
      0.5475,
      0.6375,
      0.73,
      0.82,
      0.9125,
      1.0025,
      1.095,
      1.185,
      1.2775,
      1.3675,
      1.46,
      1.55,
      1.6425,
      1.7325,
      1.825,
      1.915,
      0,
      0.09,
      0.1825,
      0.2725,
      0.365,
      0.455,
      0.5475,
      0.6375,
      0.73,
      0.82,
      0.9125,
      1.0025,
      1.095,
      1.185,
      1.2775,
      1.3675,
      1.46,
      1.55,
      1.6425,
      1.7325,
      1.825,
      1.915
    ],
    "SoftwareVersions": "syngo_MR_B17",
    "TaskName": "cuedMFM",
    "TotalReadoutTime": 0.03039,
    "dataset": "ds001597",
    "modality": "bold",
    "run_id": 7,
    "session_id": "post",
    "subject_id": "06",
    "task_id": "cuedMFM"
  },
  "dummy_trs": 0,
  "dvars_nstd": 35.08360609187498,
  "dvars_std": 1.255824868583333,
  "dvars_vstd": 0.9938481942916667,
  "efc": 0.5655990235572639,
  "fber": 2635.919189453125,
  "fd_mean": 0.13640345701804418,
  "fd_num": 44,
  "fd_perc": 18.25726141078838,
  "fwhm_avg": 1.94392,
  "fwhm_x": 1.857445,
  "fwhm_y": 2.09042,
  "fwhm_z": 1.883895,
  "gcor": 0.0146014,
  "gsr_x": -0.01764550246298313,
  "gsr_y": 0.04746067151427269,
  "provenance": {
    "md5sum": "ca7531e5cd8e1da2ea34dfc5c171b91d",
    "settings": {
      "fd_thres": 0.2,
      "testing": false
    },
    "software": "mriqc",
    "version": "22.0.6",
    "webapi_port": null,
    "webapi_url": "https://mriqc.nimh.nih.gov/api/v1"
  },
  "size_t": 241,
  "size_x": 96,
  "size_y": 96,
  "size_z": 66,
  "snr": 6.222228450891125,
  "spacing_tr": 2.0,
  "spacing_x": 2.0,
  "spacing_y": 2.0,
  "spacing_z": 2.0,
  "summary_bg_k": 13.85418673858991,
  "summary_bg_mad": 9.250197496594843,
  "summary_bg_mean": 35.554527282714844,
  "summary_bg_median": 11.11989974975586,
  "summary_bg_n": 373690.0,
  "summary_bg_p05": 3.9885782480239866,
  "summary_bg_p95": 147.75549697875977,
  "summary_bg_stdv": 57.10388946533203,
  "summary_fg_k": 4.195502659090018,
  "summary_fg_mad": 75.61235118035344,
  "summary_fg_mean": 597.3423461914062,
  "summary_fg_median": 597.0227661132812,
  "summary_fg_n": 145332.0,
  "summary_fg_p05": 454.73258209228516,
  "summary_fg_p95": 742.8871154785149,
  "summary_fg_stdv": 95.94966125488281,
  "tsnr": 49.656394958496094
}