{
  "aor": 0.0011977593360995849,
  "aqi": 0.013942373734439835,
  "bids_meta": {
    "BandwidthPerPixelPhaseEncode": 10.965,
    "DeviceSerialNumber": "40482",
    "EchoTime": 0.03,
    "EffectiveEchoSpacing": 0.000949,
    "FlipAngle": 79,
    "ImageType": [
      "ORIGINAL",
      "PRIMARY",
      "M",
      "MB",
      "ND",
      "MOSAIC"
    ],
    "InstitutionAddress": "Frew_4805_Pittsburgh_PA_District_US_15213",
    "InstitutionName": "SIBR",
    "MagneticFieldStrength": 3,
    "Manufacturer": "Siemens",
    "ManufacturersModelName": "Verio",
    "MultibandAccellerationFactor": 3,
    "PhaseEncodingDirection": "j-",
    "PhaseEncodingLines": 96,
    "RepetitionTime": 2.0,
    "ScanningSequence": "EP",
    "SequenceName": "epfid2d1_96",
    "SequenceVariant": "SK_SS",
    "SliceTiming": [
      0,
      0.09,
      0.1825,
      0.2725,
      0.365,
      0.455,
      0.5475,
      0.6375,
      0.73,
      0.82,
      0.9125,
      1.0025,
      1.095,
      1.185,
      1.2775,
      1.3675,
      1.46,
      1.55,
      1.6425,
      1.7325,
      1.825,
      1.915,
      0,
      0.09,
      0.1825,
      0.2725,
      0.365,
      0.455,
      0.5475,
      0.6375,
      0.73,
      0.82,
      0.9125,
      1.0025,
      1.095,
      1.185,
      1.2775,
      1.3675,
      1.46,
      1.55,
      1.6425,
      1.7325,
      1.825,
      1.915,
      0,
      0.09,
      0.1825,
      0.2725,
      0.365,
      0.455,
      0.5475,
      0.6375,
      0.73,
      0.82,
      0.9125,
      1.0025,
      1.095,
      1.185,
      1.2775,
      1.3675,
      1.46,
      1.55,
      1.6425,
      1.7325,
      1.825,
      1.915
    ],
    "SoftwareVersions": "syngo_MR_B17",
    "TaskName": "cuedMFM",
    "TotalReadoutTime": 0.03039,
    "dataset": "ds001597",
    "modality": "bold",
    "run_id": 4,
    "session_id": "post",
    "subject_id": "06",
    "task_id": "cuedMFM"
  },
  "dummy_trs": 0,
  "dvars_nstd": 36.35601922699997,
  "dvars_std": 1.3256402555416664,
  "dvars_vstd": 1.0022853968333338,
  "efc": 0.5696317416816404,
  "fber": 2507.626708984375,
  "fd_mean": 0.0992629070456347,
  "fd_num": 16,
  "fd_perc": 6.639004149377594,
  "fwhm_avg": 1.9358916666666666,
  "fwhm_x": 1.84467,
  "fwhm_y": 2.08859,
  "fwhm_z": 1.874415,
  "gcor": 0.0110539,
  "gsr_x": -0.020622195675969124,
  "gsr_y": 0.04852611571550369,
  "provenance": {
    "md5sum": "e77ab8bc361f2ff663edb9bc0d2190ad",
    "settings": {
      "fd_thres": 0.2,
      "testing": false
    },
    "software": "mriqc",
    "version": "22.0.6",
    "webapi_port": null,
    "webapi_url": "https://mriqc.nimh.nih.gov/api/v1"
  },
  "size_t": 241,
  "size_x": 96,
  "size_y": 96,
  "size_z": 66,
  "snr": 6.34229031314442,
  "spacing_tr": 2.0,
  "spacing_x": 2.0,
  "spacing_y": 2.0,
  "spacing_z": 2.0,
  "summary_bg_k": 13.220193226988957,
  "summary_bg_mad": 9.771019397576506,
  "summary_bg_mean": 37.73650360107422,
  "summary_bg_median": 11.432695388793945,
  "summary_bg_n": 373054.0,
  "summary_bg_p05": 4.066376137733459,
  "summary_bg_p95": 159.60691070556638,
  "summary_bg_stdv": 61.01731491088867,
  "summary_fg_k": 4.4182681460987805,
  "summary_fg_mad": 73.5709679133083,
  "summary_fg_mean": 599.4985961914062,
  "summary_fg_median": 599.703369140625,
  "summary_fg_n": 145689.0,
  "summary_fg_p05": 456.6111083984375,
  "summary_fg_p95": 740.9345336914063,
  "summary_fg_stdv": 94.55595397949219,
  "tsnr": 53.04662322998047
}