{
  "aor": 0.0009232365145228217,
  "aqi": 0.01679839734439834,
  "bids_meta": {
    "BandwidthPerPixelPhaseEncode": 10.965,
    "DeviceSerialNumber": "40482",
    "EchoTime": 0.03,
    "EffectiveEchoSpacing": 0.000949,
    "FlipAngle": 79,
    "ImageType": [
      "ORIGINAL",
      "PRIMARY",
      "M",
      "MB",
      "ND",
      "MOSAIC"
    ],
    "InstitutionAddress": "Frew_4805_Pittsburgh_PA_District_US_15213",
    "InstitutionName": "SIBR",
    "MagneticFieldStrength": 3,
    "Manufacturer": "Siemens",
    "ManufacturersModelName": "Verio",
    "MultibandAccellerationFactor": 3,
    "PhaseEncodingDirection": "j-",
    "PhaseEncodingLines": 96,
    "RepetitionTime": 2.0,
    "ScanningSequence": "EP",
    "SequenceName": "epfid2d1_96",
    "SequenceVariant": "SK_SS",
    "SliceTiming": [
      0,
      0.09,
      0.1825,
      0.2725,
      0.365,
      0.455,
      0.5475,
      0.6375,
      0.73,
      0.82,
      0.9125,
      1.0025,
      1.095,
      1.185,
      1.2775,
      1.3675,
      1.46,
      1.55,
      1.6425,
      1.7325,
      1.825,
      1.915,
      0,
      0.09,
      0.1825,
      0.2725,
      0.365,
      0.455,
      0.5475,
      0.6375,
      0.73,
      0.82,
      0.9125,
      1.0025,
      1.095,
      1.185,
      1.2775,
      1.3675,
      1.46,
      1.55,
      1.6425,
      1.7325,
      1.825,
      1.915,
      0,
      0.09,
      0.1825,
      0.2725,
      0.365,
      0.455,
      0.5475,
      0.6375,
      0.73,
      0.82,
      0.9125,
      1.0025,
      1.095,
      1.185,
      1.2775,
      1.3675,
      1.46,
      1.55,
      1.6425,
      1.7325,
      1.825,
      1.915
    ],
    "SoftwareVersions": "syngo_MR_B17",
    "TaskName": "cuedMFM",
    "TotalReadoutTime": 0.03039,
    "dataset": "ds001597",
    "modality": "bold",
    "run_id": 5,
    "session_id": "post",
    "subject_id": "07",
    "task_id": "cuedMFM"
  },
  "dummy_trs": 0,
  "dvars_nstd": 33.846005694041665,
  "dvars_std": 1.1501511084999996,
  "dvars_vstd": 0.9600870283333329,
  "efc": 0.5774803277233953,
  "fber": 3108.347900390625,
  "fd_mean": 0.09931727990947052,
  "fd_num": 12,
  "fd_perc": 4.979253112033195,
  "fwhm_avg": 2.1139783333333333,
  "fwhm_x": 1.96984,
  "fwhm_y": 2.304095,
  "fwhm_z": 2.068,
  "gcor": 0.00663858,
  "gsr_x": -0.010245585814118385,
  "gsr_y": 0.05382409319281578,
  "provenance": {
    "md5sum": "779dcfa9dae010c217067b252b923e55",
    "settings": {
      "fd_thres": 0.2,
      "testing": false
    },
    "software": "mriqc",
    "version": "22.0.6",
    "webapi_port": null,
    "webapi_url": "https://mriqc.nimh.nih.gov/api/v1"
  },
  "size_t": 241,
  "size_x": 96,
  "size_y": 96,
  "size_z": 66,
  "snr": 5.094234924524157,
  "spacing_tr": 2.0,
  "spacing_x": 2.0,
  "spacing_y": 2.0,
  "spacing_z": 2.0,
  "summary_bg_k": 13.08189671088698,
  "summary_bg_mad": 8.10475042951564,
  "summary_bg_mean": 34.42116165161133,
  "summary_bg_median": 10.596014976501465,
  "summary_bg_n": 357180.0,
  "summary_bg_p05": 4.083785223960876,
  "summary_bg_p95": 149.20382080078122,
  "summary_bg_stdv": 55.54365921020508,
  "summary_fg_k": 2.8799735794059096,
  "summary_fg_mad": 96.7876644214059,
  "summary_fg_mean": 610.2420654296875,
  "summary_fg_median": 606.5179443359375,
  "summary_fg_n": 161012.0,
  "summary_fg_p05": 433.4987167358399,
  "summary_fg_p95": 801.7429229736325,
  "summary_fg_stdv": 119.0593032836914,
  "tsnr": 41.03822326660156
}