{
  "aor": 0.0010273333333333334,
  "aqi": 0.015948634375000003,
  "bids_meta": {
    "BandwidthPerPixelPhaseEncode": 10.965,
    "DeviceSerialNumber": "40482",
    "EchoTime": 0.03,
    "EffectiveEchoSpacing": 0.000949,
    "FlipAngle": 79,
    "ImageType": [
      "ORIGINAL",
      "PRIMARY",
      "M",
      "MB",
      "ND",
      "MOSAIC"
    ],
    "InstitutionAddress": "Frew_4805_Pittsburgh_PA_District_US_15213",
    "InstitutionName": "SIBR",
    "MagneticFieldStrength": 3,
    "Manufacturer": "Siemens",
    "ManufacturersModelName": "Verio",
    "MultibandAccellerationFactor": 3,
    "PhaseEncodingDirection": "j-",
    "PhaseEncodingLines": 96,
    "RepetitionTime": 2.0,
    "ScanningSequence": "EP",
    "SequenceName": "epfid2d1_96",
    "SequenceVariant": "SK_SS",
    "SliceTiming": [
      0,
      0.09,
      0.1825,
      0.2725,
      0.365,
      0.455,
      0.5475,
      0.6375,
      0.73,
      0.82,
      0.9125,
      1.0025,
      1.095,
      1.185,
      1.2775,
      1.3675,
      1.46,
      1.55,
      1.6425,
      1.7325,
      1.825,
      1.915,
      0,
      0.09,
      0.1825,
      0.2725,
      0.365,
      0.455,
      0.5475,
      0.6375,
      0.73,
      0.82,
      0.9125,
      1.0025,
      1.095,
      1.185,
      1.2775,
      1.3675,
      1.46,
      1.55,
      1.6425,
      1.7325,
      1.825,
      1.915,
      0,
      0.09,
      0.1825,
      0.2725,
      0.365,
      0.455,
      0.5475,
      0.6375,
      0.73,
      0.82,
      0.9125,
      1.0025,
      1.095,
      1.185,
      1.2775,
      1.3675,
      1.46,
      1.55,
      1.6425,
      1.7325,
      1.825,
      1.915
    ],
    "SoftwareVersions": "syngo_MR_B17",
    "TaskName": "cuedMFM",
    "TotalReadoutTime": 0.03039,
    "dataset": "ds001597",
    "modality": "bold",
    "run_id": 7,
    "session_id": "post",
    "subject_id": "07",
    "task_id": "cuedMFM"
  },
  "dummy_trs": 1,
  "dvars_nstd": 31.820304607364033,
  "dvars_std": 1.1319775614644354,
  "dvars_vstd": 0.9589004015481173,
  "efc": 0.5782484466009911,
  "fber": 3108.259521484375,
  "fd_mean": 0.10958869894287981,
  "fd_num": 18,
  "fd_perc": 7.5,
  "fwhm_avg": 2.1033483333333334,
  "fwhm_x": 1.956745,
  "fwhm_y": 2.296435,
  "fwhm_z": 2.056865,
  "gcor": 0.00636092,
  "gsr_x": -0.009072740562260151,
  "gsr_y": 0.05391513556241989,
  "provenance": {
    "md5sum": "5a7e7a2471510b23a7b585d7d7641653",
    "settings": {
      "fd_thres": 0.2,
      "testing": false
    },
    "software": "mriqc",
    "version": "22.0.6",
    "webapi_port": null,
    "webapi_url": "https://mriqc.nimh.nih.gov/api/v1"
  },
  "size_t": 240,
  "size_x": 96,
  "size_y": 96,
  "size_z": 66,
  "snr": 5.145701619122506,
  "spacing_tr": 2.0,
  "spacing_x": 2.0,
  "spacing_y": 2.0,
  "spacing_z": 2.0,
  "summary_bg_k": 12.624285668475446,
  "summary_bg_mad": 8.00729354278127,
  "summary_bg_mean": 34.605247497558594,
  "summary_bg_median": 10.537834167480469,
  "summary_bg_n": 357292.0,
  "summary_bg_p05": 4.084475207328796,
  "summary_bg_p95": 150.44814529418946,
  "summary_bg_stdv": 55.86625289916992,
  "summary_fg_k": 2.875753313181524,
  "summary_fg_mad": 95.92374819947761,
  "summary_fg_mean": 608.57666015625,
  "summary_fg_median": 605.4473876953125,
  "summary_fg_n": 161143.0,
  "summary_fg_p05": 434.2928161621094,
  "summary_fg_p95": 797.261553955078,
  "summary_fg_stdv": 117.66043853759766,
  "tsnr": 42.924339294433594
}