{
  "aor": 0.0010190871369294607,
  "aqi": 0.008228340373443985,
  "bids_meta": {
    "BandwidthPerPixelPhaseEncode": 10.965,
    "DeviceSerialNumber": "40482",
    "EchoTime": 0.03,
    "EffectiveEchoSpacing": 0.000949,
    "FlipAngle": 79,
    "ImageType": [
      "ORIGINAL",
      "PRIMARY",
      "M",
      "MB",
      "ND",
      "MOSAIC"
    ],
    "InstitutionAddress": "Frew_4805_Pittsburgh_PA_District_US_15213",
    "InstitutionName": "SIBR",
    "MagneticFieldStrength": 3,
    "Manufacturer": "Siemens",
    "ManufacturersModelName": "Verio",
    "MultibandAccellerationFactor": 3,
    "PhaseEncodingDirection": "j-",
    "PhaseEncodingLines": 96,
    "RepetitionTime": 2.0,
    "ScanningSequence": "EP",
    "SequenceName": "epfid2d1_96",
    "SequenceVariant": "SK_SS",
    "SliceTiming": [
      0,
      0.09,
      0.1825,
      0.2725,
      0.365,
      0.455,
      0.5475,
      0.6375,
      0.73,
      0.82,
      0.9125,
      1.0025,
      1.095,
      1.185,
      1.2775,
      1.3675,
      1.46,
      1.55,
      1.6425,
      1.7325,
      1.825,
      1.915,
      0,
      0.09,
      0.1825,
      0.2725,
      0.365,
      0.455,
      0.5475,
      0.6375,
      0.73,
      0.82,
      0.9125,
      1.0025,
      1.095,
      1.185,
      1.2775,
      1.3675,
      1.46,
      1.55,
      1.6425,
      1.7325,
      1.825,
      1.915,
      0,
      0.09,
      0.1825,
      0.2725,
      0.365,
      0.455,
      0.5475,
      0.6375,
      0.73,
      0.82,
      0.9125,
      1.0025,
      1.095,
      1.185,
      1.2775,
      1.3675,
      1.46,
      1.55,
      1.6425,
      1.7325,
      1.825,
      1.915
    ],
    "SoftwareVersions": "syngo_MR_B17",
    "TaskName": "cuedMFM",
    "TotalReadoutTime": 0.03039,
    "dataset": "ds001597",
    "modality": "bold",
    "run_id": 6,
    "session_id": "pre",
    "subject_id": "10",
    "task_id": "cuedMFM"
  },
  "dummy_trs": 0,
  "dvars_nstd": 30.267348710791673,
  "dvars_std": 1.2397339451250005,
  "dvars_vstd": 0.9975229519166671,
  "efc": 0.5405903139271241,
  "fber": 3337.544677734375,
  "fd_mean": 0.1088904186283036,
  "fd_num": 12,
  "fd_perc": 4.979253112033195,
  "fwhm_avg": 2.09909,
  "fwhm_x": 1.99244,
  "fwhm_y": 2.24464,
  "fwhm_z": 2.06019,
  "gcor": 0.0139811,
  "gsr_x": -0.006321898195892572,
  "gsr_y": 0.02868777886033058,
  "provenance": {
    "md5sum": "c988355d61473565d39e11f856d002c6",
    "settings": {
      "fd_thres": 0.2,
      "testing": false
    },
    "software": "mriqc",
    "version": "22.0.6",
    "webapi_port": null,
    "webapi_url": "https://mriqc.nimh.nih.gov/api/v1"
  },
  "size_t": 241,
  "size_x": 96,
  "size_y": 96,
  "size_z": 66,
  "snr": 5.756981064315103,
  "spacing_tr": 2.0,
  "spacing_x": 2.0,
  "spacing_y": 2.0,
  "spacing_z": 2.0,
  "summary_bg_k": 18.466310620464572,
  "summary_bg_mad": 8.18230710403425,
  "summary_bg_mean": 32.17905807495117,
  "summary_bg_median": 10.667989730834961,
  "summary_bg_n": 384737.0,
  "summary_bg_p05": 4.054137134552002,
  "summary_bg_p95": 136.21804504394532,
  "summary_bg_stdv": 56.14575958251953,
  "summary_fg_k": 2.7824331260824415,
  "summary_fg_mad": 93.96597848528276,
  "summary_fg_mean": 636.4999389648438,
  "summary_fg_median": 637.4036865234375,
  "summary_fg_n": 136692.0,
  "summary_fg_p05": 466.6540786743164,
  "summary_fg_p95": 802.9253631591797,
  "summary_fg_stdv": 110.71798706054688,
  "tsnr": 57.77149200439453
}