{
  "aor": 0.0006564315352697096,
  "aqi": 0.016371582572614108,
  "bids_meta": {
    "BandwidthPerPixelPhaseEncode": 10.965,
    "DeviceSerialNumber": "40482",
    "EchoTime": 0.03,
    "EffectiveEchoSpacing": 0.000949,
    "FlipAngle": 79,
    "ImageType": [
      "ORIGINAL",
      "PRIMARY",
      "M",
      "MB",
      "ND",
      "MOSAIC"
    ],
    "InstitutionAddress": "Frew_4805_Pittsburgh_PA_District_US_15213",
    "InstitutionName": "SIBR",
    "MagneticFieldStrength": 3,
    "Manufacturer": "Siemens",
    "ManufacturersModelName": "Verio",
    "MultibandAccellerationFactor": 3,
    "PhaseEncodingDirection": "j-",
    "PhaseEncodingLines": 96,
    "RepetitionTime": 2.0,
    "ScanningSequence": "EP",
    "SequenceName": "epfid2d1_96",
    "SequenceVariant": "SK_SS",
    "SliceTiming": [
      0,
      0.09,
      0.1825,
      0.2725,
      0.365,
      0.455,
      0.5475,
      0.6375,
      0.73,
      0.82,
      0.9125,
      1.0025,
      1.095,
      1.185,
      1.2775,
      1.3675,
      1.46,
      1.55,
      1.6425,
      1.7325,
      1.825,
      1.915,
      0,
      0.09,
      0.1825,
      0.2725,
      0.365,
      0.455,
      0.5475,
      0.6375,
      0.73,
      0.82,
      0.9125,
      1.0025,
      1.095,
      1.185,
      1.2775,
      1.3675,
      1.46,
      1.55,
      1.6425,
      1.7325,
      1.825,
      1.915,
      0,
      0.09,
      0.1825,
      0.2725,
      0.365,
      0.455,
      0.5475,
      0.6375,
      0.73,
      0.82,
      0.9125,
      1.0025,
      1.095,
      1.185,
      1.2775,
      1.3675,
      1.46,
      1.55,
      1.6425,
      1.7325,
      1.825,
      1.915
    ],
    "SoftwareVersions": "syngo_MR_B17",
    "TaskName": "cuedMFM",
    "TotalReadoutTime": 0.03039,
    "dataset": "ds001597",
    "modality": "bold",
    "run_id": 1,
    "session_id": "pre",
    "subject_id": "10",
    "task_id": "cuedMFM"
  },
  "dummy_trs": 0,
  "dvars_nstd": 34.64830822141666,
  "dvars_std": 1.1591778089166669,
  "dvars_vstd": 0.9453616510416669,
  "efc": 0.5388753498578187,
  "fber": 3595.439697265625,
  "fd_mean": 0.2071924128014798,
  "fd_num": 90,
  "fd_perc": 37.344398340248965,
  "fwhm_avg": 2.2177816666666668,
  "fwhm_x": 2.10023,
  "fwhm_y": 2.36298,
  "fwhm_z": 2.190135,
  "gcor": 0.0118844,
  "gsr_x": -0.0039549823850393295,
  "gsr_y": 0.025892671197652817,
  "provenance": {
    "md5sum": "4aa8234980d2241c9fb816de7ef437d6",
    "settings": {
      "fd_thres": 0.2,
      "testing": false
    },
    "software": "mriqc",
    "version": "22.0.6",
    "webapi_port": null,
    "webapi_url": "https://mriqc.nimh.nih.gov/api/v1"
  },
  "size_t": 241,
  "size_x": 96,
  "size_y": 96,
  "size_z": 66,
  "snr": 5.638609300087833,
  "spacing_tr": 2.0,
  "spacing_x": 2.0,
  "spacing_y": 2.0,
  "spacing_z": 2.0,
  "summary_bg_k": 19.55443991260895,
  "summary_bg_mad": 7.3216803661885255,
  "summary_bg_mean": 30.204545974731445,
  "summary_bg_median": 10.016317367553711,
  "summary_bg_n": 383927.0,
  "summary_bg_p05": 3.961338114738464,
  "summary_bg_p95": 124.54967269897465,
  "summary_bg_stdv": 53.05924987792969,
  "summary_fg_k": 2.68877231557929,
  "summary_fg_mad": 93.9773803333987,
  "summary_fg_mean": 619.4495239257812,
  "summary_fg_median": 621.0072021484375,
  "summary_fg_n": 136948.0,
  "summary_fg_p05": 448.7636947631836,
  "summary_fg_p95": 783.1195739746094,
  "summary_fg_stdv": 110.13441467285156,
  "tsnr": 43.37510681152344
}