{
  "bids_meta": {
    "AccelFactPE": 2,
    "DeviceSerialNumber": "40482",
    "EchoTime": 0.00197,
    "FlipAngle": 9,
    "InstitutionAddress": "Frew_4805_Pittsburgh_PA_District_US_15213",
    "InstitutionName": "SIBR",
    "InversionTime": 0.9,
    "MagneticFieldStrength": 3,
    "Manufacturer": "Siemens",
    "ManufacturersModelName": "Verio",
    "PhaseEncodingDirection": "i-",
    "PhaseEncodingLines": 256,
    "RepetitionTime": 2.3,
    "ScanningSequence": "GR_IR",
    "SequenceName": "_tfl3d1_ns",
    "SequenceVariant": "SP_MP",
    "SoftwareVersions": "syngo_MR_B17",
    "dataset": "ds001597",
    "modality": "T1w",
    "session_id": "pre",
    "subject_id": "20"
  },
  "cjv": 0.31482056408171655,
  "cnr": 4.208601217230749,
  "efc": 0.5293518023607384,
  "fber": -1.0,
  "fwhm_avg": 4.068583333333333,
  "fwhm_x": 3.90269,
  "fwhm_y": 4.15907,
  "fwhm_z": 4.14399,
  "icvs_csf": 0.2136377584506467,
  "icvs_gm": 0.44724375991184345,
  "icvs_wm": 0.33911848163750985,
  "inu_med": 0.5637375712394714,
  "inu_range": 0.19558799266815186,
  "provenance": {
    "md5sum": "65ac9e0d94bb495a6d12eb6a7408fdaa",
    "settings": {
      "testing": false
    },
    "software": "mriqc",
    "version": "22.0.6",
    "warnings": {
      "large_rot_frame": true,
      "small_air_mask": false
    },
    "webapi_port": null,
    "webapi_url": "https://mriqc.nimh.nih.gov/api/v1"
  },
  "qi_1": 0.0,
  "qi_2": 0.014674402281019142,
  "rpve_csf": 22.73554659795494,
  "rpve_gm": 11.683475683636,
  "rpve_wm": 17.713615473442893,
  "size_x": 176,
  "size_y": 256,
  "size_z": 256,
  "snr_csf": 1.730557170866186,
  "snr_gm": 10.236817641615438,
  "snr_total": 11.625410452719033,
  "snr_wm": 22.908856545675476,
  "snrd_csf": 17.068246170769402,
  "snrd_gm": 62.03951532874778,
  "snrd_total": 57.318110847972896,
  "snrd_wm": 92.84657104440151,
  "spacing_x": 1.0,
  "spacing_y": 1.0,
  "spacing_z": 1.0,
  "summary_bg_k": 1421.9470236359039,
  "summary_bg_mad": 0.0,
  "summary_bg_mean": 2.75101356643145,
  "summary_bg_median": 0.0,
  "summary_bg_n": 2860065.0,
  "summary_bg_p05": 0.0,
  "summary_bg_p95": 15.241479367017746,
  "summary_bg_stdv": 7.056118465268548,
  "summary_csf_k": 1.0170529295967219,
  "summary_csf_mad": 95.30964814084606,
  "summary_csf_mean": 205.20766315929853,
  "summary_csf_median": 183.83281248807907,
  "summary_csf_n": 39003.0,
  "summary_csf_p05": 71.86404274553061,
  "summary_csf_p95": 419.3043181076649,
  "summary_csf_stdv": 106.22616745525552,
  "summary_gm_k": 0.09818848179205997,
  "summary_gm_mad": 64.11739965838736,
  "summary_gm_mean": 669.2004896413696,
  "summary_gm_median": 668.1939359307289,
  "summary_gm_n": 38866.0,
  "summary_gm_p05": 562.158122420311,
  "summary_gm_p95": 777.2686947137117,
  "summary_gm_stdv": 65.27275986970372,
  "summary_wm_k": 0.8837775873253029,
  "summary_wm_mad": 40.341974703979936,
  "summary_wm_mean": 999.9058191657723,
  "summary_wm_median": 1000.0000066906214,
  "summary_wm_n": 211018.0,
  "summary_wm_p05": 928.7951813042164,
  "summary_wm_p95": 1070.604055973142,
  "summary_wm_stdv": 43.65113707128507,
  "tpm_overlap_csf": 0.15357382740182152,
  "tpm_overlap_gm": 0.4612219154987408,
  "tpm_overlap_wm": 0.508027519195011,
  "wm2max": 0.41864516255309153
}