{
  "bids_meta": {
    "AccelFactPE": 2,
    "DeviceSerialNumber": "40482",
    "EchoTime": 0.418,
    "EchoTrainLength": 147,
    "FlipAngle": 120,
    "InstitutionAddress": "Frew_4805_Pittsburgh_PA_District_US_15213",
    "InstitutionName": "SIBR",
    "MagneticFieldStrength": 3,
    "Manufacturer": "Siemens",
    "ManufacturersModelName": "Verio",
    "PhaseEncodingDirection": "i-",
    "PhaseEncodingLines": 258,
    "RepetitionTime": 3,
    "ScanningSequence": "SE",
    "SequenceName": "_spc3d1_294ns",
    "SequenceVariant": "SK_SP",
    "SoftwareVersions": "syngo_MR_B17",
    "dataset": "ds001597",
    "modality": "T2w",
    "session_id": "pre",
    "subject_id": "20"
  },
  "cjv": 0.3632931874870274,
  "cnr": 2.052212496667485,
  "efc": 0.5957317604172123,
  "fber": -1.0,
  "fwhm_avg": 2.235209244479116,
  "fwhm_x": 2.251699966447056,
  "fwhm_y": 2.1799394174757283,
  "fwhm_z": 2.273988349514563,
  "icvs_csf": 0.32226981085377415,
  "icvs_gm": 0.5134733461122403,
  "icvs_wm": 0.16425684303398555,
  "inu_med": 0.9581419229507446,
  "inu_range": 0.28298992514610277,
  "provenance": {
    "md5sum": "346d234b4e960b8a9fa081a79605d6ac",
    "settings": {
      "testing": false
    },
    "software": "mriqc",
    "version": "22.0.6",
    "warnings": {
      "large_rot_frame": true,
      "small_air_mask": false
    },
    "webapi_port": null,
    "webapi_url": "https://mriqc.nimh.nih.gov/api/v1"
  },
  "qi_1": 0.0,
  "qi_2": 0.021925431599495927,
  "rpve_csf": 9.773061856300028,
  "rpve_gm": 7.322882364842127,
  "rpve_wm": 24.086775437770495,
  "size_x": 224,
  "size_y": 256,
  "size_z": 256,
  "snr_csf": 9.880129223617551,
  "snr_gm": 10.334648354331721,
  "snr_total": 7.964457052044864,
  "snr_wm": 3.6785935781853203,
  "snrd_csf": 88.69452403461365,
  "snrd_gm": 59.45874067084947,
  "snrd_total": 94.90696722189834,
  "snrd_wm": 136.5676369602319,
  "spacing_x": 0.800000011920929,
  "spacing_y": 0.8046875,
  "spacing_z": 0.8046875,
  "summary_bg_k": 8.295584724259356,
  "summary_bg_mad": 0.0,
  "summary_bg_mean": 2.5611404928665524,
  "summary_bg_median": 0.0,
  "summary_bg_n": 2943781.0,
  "summary_bg_p05": 0.0,
  "summary_bg_p95": 13.609606847167015,
  "summary_bg_stdv": 4.79727000934021,
  "summary_csf_k": 0.9284419962663244,
  "summary_csf_mad": 61.580181919225545,
  "summary_csf_mean": 651.624623189563,
  "summary_csf_median": 649.4702174142003,
  "summary_csf_n": 81268.0,
  "summary_csf_p05": 549.1405724734068,
  "summary_csf_p95": 761.9649201016872,
  "summary_csf_stdv": 65.73458776175256,
  "summary_gm_k": 0.11795215680413085,
  "summary_gm_mad": 41.9261896173412,
  "summary_gm_mean": 435.28574115283203,
  "summary_gm_median": 435.3896889463067,
  "summary_gm_n": 484888.0,
  "summary_gm_p05": 366.16435308009386,
  "summary_gm_p95": 503.6260914430022,
  "summary_gm_stdv": 42.12908122844424,
  "summary_wm_k": 2.4314334556936297,
  "summary_wm_mad": 163.20144584602008,
  "summary_wm_mean": 923.5437745881443,
  "summary_wm_median": 1000.023550875485,
  "summary_wm_n": 64236.0,
  "summary_wm_p05": 219.84930645674467,
  "summary_wm_p95": 1188.2799680810422,
  "summary_wm_stdv": 271.847309470361,
  "tpm_overlap_csf": 0.10686986212349311,
  "tpm_overlap_gm": 0.3148822987738623,
  "tpm_overlap_wm": 0.03500509384331326,
  "wm2max": 0.8156676717432637
}