{
  "bids_meta": {
    "AccelFactPE": 2,
    "DeviceSerialNumber": "40482",
    "EchoTime": 0.00197,
    "FlipAngle": 9,
    "InstitutionAddress": "Frew_4805_Pittsburgh_PA_District_US_15213",
    "InstitutionName": "SIBR",
    "InversionTime": 0.9,
    "MagneticFieldStrength": 3,
    "Manufacturer": "Siemens",
    "ManufacturersModelName": "Verio",
    "PhaseEncodingDirection": "i-",
    "PhaseEncodingLines": 256,
    "RepetitionTime": 2.3,
    "ScanningSequence": "GR_IR",
    "SequenceName": "_tfl3d1_ns",
    "SequenceVariant": "SP_MP",
    "SoftwareVersions": "syngo_MR_B17",
    "dataset": "ds001597",
    "modality": "T1w",
    "session_id": "pre",
    "subject_id": "06"
  },
  "cjv": 0.3418394821029198,
  "cnr": 3.913081994505245,
  "efc": 0.5192885101091905,
  "fber": 9254.884860837316,
  "fwhm_avg": 4.012786666666667,
  "fwhm_x": 3.92214,
  "fwhm_y": 4.18165,
  "fwhm_z": 3.93457,
  "icvs_csf": 0.2101173640872978,
  "icvs_gm": 0.45730158030063595,
  "icvs_wm": 0.3325810556120662,
  "inu_med": 0.596141129732132,
  "inu_range": 0.21018734574317927,
  "provenance": {
    "md5sum": "1b70d0b0e3dd0868b40560a9364321d4",
    "settings": {
      "testing": false
    },
    "software": "mriqc",
    "version": "22.0.6",
    "warnings": {
      "large_rot_frame": true,
      "small_air_mask": false
    },
    "webapi_port": null,
    "webapi_url": "https://mriqc.nimh.nih.gov/api/v1"
  },
  "qi_1": 0.00046953989039007346,
  "qi_2": 0.013518803900939663,
  "rpve_csf": 24.486660035721542,
  "rpve_gm": 12.055554966303003,
  "rpve_wm": 18.64766895060442,
  "size_x": 176,
  "size_y": 256,
  "size_z": 256,
  "snr_csf": 2.0226116391457127,
  "snr_gm": 10.240536677492187,
  "snr_total": 10.311572409310193,
  "snr_wm": 18.67156891129268,
  "snrd_csf": 16.456426737209522,
  "snrd_gm": 51.178330546769644,
  "snrd_total": 48.07427696625436,
  "snrd_wm": 76.58807361478391,
  "spacing_x": 1.0,
  "spacing_y": 1.0,
  "spacing_z": 1.0,
  "summary_bg_k": 11.342726820055562,
  "summary_bg_mad": 8.55435722371949,
  "summary_bg_mean": 6.160729264185619,
  "summary_bg_median": 5.769826266914606,
  "summary_bg_n": 3058795.0,
  "summary_bg_p05": 0.0,
  "summary_bg_p95": 20.949503425508738,
  "summary_bg_stdv": 7.894499534227885,
  "summary_csf_k": 0.47865859105114783,
  "summary_csf_mad": 95.41840071021338,
  "summary_csf_mean": 231.6741844647741,
  "summary_csf_median": 214.87762385979295,
  "summary_csf_n": 25114.0,
  "summary_csf_p05": 80.971186067909,
  "summary_csf_p95": 437.62970524560654,
  "summary_csf_stdv": 106.2355924458972,
  "summary_gm_k": -0.026388904563781512,
  "summary_gm_mad": 65.59297401409073,
  "summary_gm_mean": 664.4336295710298,
  "summary_gm_median": 668.2543079741299,
  "summary_gm_n": 29158.0,
  "summary_gm_p05": 552.0000534290448,
  "summary_gm_p95": 765.4894338548183,
  "summary_gm_stdv": 65.25467070016586,
  "summary_wm_k": 1.1005921610772482,
  "summary_wm_mad": 47.82402394200225,
  "summary_wm_mean": 998.2227172359039,
  "summary_wm_median": 1000.0386801548302,
  "summary_wm_n": 162396.0,
  "summary_wm_p05": 906.5984735637903,
  "summary_wm_p95": 1081.861786879599,
  "summary_wm_stdv": 53.559270026451905,
  "tpm_overlap_csf": 0.15267625490106485,
  "tpm_overlap_gm": 0.4778404208909807,
  "tpm_overlap_wm": 0.49987475280415666,
  "wm2max": 0.43351752722272907
}