{
  "aor": 0.002021991701244813,
  "aqi": 0.012781320414937757,
  "bids_meta": {
    "BandwidthPerPixelPhaseEncode": 10.965,
    "DeviceSerialNumber": "40482",
    "EchoTime": 0.03,
    "EffectiveEchoSpacing": 0.000949,
    "FlipAngle": 79,
    "ImageType": [
      "ORIGINAL",
      "PRIMARY",
      "M",
      "MB",
      "ND",
      "MOSAIC"
    ],
    "InstitutionAddress": "Frew_4805_Pittsburgh_PA_District_US_15213",
    "InstitutionName": "SIBR",
    "MagneticFieldStrength": 3,
    "Manufacturer": "Siemens",
    "ManufacturersModelName": "Verio",
    "MultibandAccellerationFactor": 3,
    "PhaseEncodingDirection": "j-",
    "PhaseEncodingLines": 96,
    "RepetitionTime": 2.0,
    "ScanningSequence": "EP",
    "SequenceName": "epfid2d1_96",
    "SequenceVariant": "SK_SS",
    "SliceTiming": [
      0,
      0.09,
      0.1825,
      0.2725,
      0.365,
      0.455,
      0.5475,
      0.6375,
      0.73,
      0.82,
      0.9125,
      1.0025,
      1.095,
      1.185,
      1.2775,
      1.3675,
      1.46,
      1.55,
      1.6425,
      1.7325,
      1.825,
      1.915,
      0,
      0.09,
      0.1825,
      0.2725,
      0.365,
      0.455,
      0.5475,
      0.6375,
      0.73,
      0.82,
      0.9125,
      1.0025,
      1.095,
      1.185,
      1.2775,
      1.3675,
      1.46,
      1.55,
      1.6425,
      1.7325,
      1.825,
      1.915,
      0,
      0.09,
      0.1825,
      0.2725,
      0.365,
      0.455,
      0.5475,
      0.6375,
      0.73,
      0.82,
      0.9125,
      1.0025,
      1.095,
      1.185,
      1.2775,
      1.3675,
      1.46,
      1.55,
      1.6425,
      1.7325,
      1.825,
      1.915
    ],
    "SoftwareVersions": "syngo_MR_B17",
    "TaskName": "cuedMFM",
    "TotalReadoutTime": 0.03039,
    "dataset": "ds001597",
    "modality": "bold",
    "run_id": 8,
    "session_id": "post",
    "subject_id": "17",
    "task_id": "cuedMFM"
  },
  "dummy_trs": 0,
  "dvars_nstd": 33.96081483387498,
  "dvars_std": 1.1668288982083328,
  "dvars_vstd": 1.0015675858333337,
  "efc": 0.6144904482352269,
  "fber": 1083.740234375,
  "fd_mean": 0.18943299814343548,
  "fd_num": 66,
  "fd_perc": 27.38589211618257,
  "fwhm_avg": 2.2178400000000003,
  "fwhm_x": 2.128315,
  "fwhm_y": 2.399055,
  "fwhm_z": 2.12615,
  "gcor": 0.0281829,
  "gsr_x": -0.0023659374564886093,
  "gsr_y": 0.04501966014504433,
  "provenance": {
    "md5sum": "ede8c4c212129a24fc80de70253ce5ba",
    "settings": {
      "fd_thres": 0.2,
      "testing": false
    },
    "software": "mriqc",
    "version": "22.0.6",
    "webapi_port": null,
    "webapi_url": "https://mriqc.nimh.nih.gov/api/v1"
  },
  "size_t": 241,
  "size_x": 96,
  "size_y": 96,
  "size_z": 66,
  "snr": 5.314545282190154,
  "spacing_tr": 2.0,
  "spacing_x": 2.0,
  "spacing_y": 2.0,
  "spacing_z": 2.0,
  "summary_bg_k": 8.427720909530573,
  "summary_bg_mad": 17.27215267926182,
  "summary_bg_mean": 49.224937438964844,
  "summary_bg_median": 17.874217987060547,
  "summary_bg_n": 343753.0,
  "summary_bg_p05": 4.9135926246643065,
  "summary_bg_p95": 199.70958251953124,
  "summary_bg_stdv": 69.7259292602539,
  "summary_fg_k": 1.773541997667638,
  "summary_fg_mad": 105.12087704957743,
  "summary_fg_mean": 622.1722412109375,
  "summary_fg_median": 618.2704467773438,
  "summary_fg_n": 170551.0,
  "summary_fg_p05": 440.9975891113281,
  "summary_fg_p95": 806.9724426269531,
  "summary_fg_stdv": 116.33518981933594,
  "tsnr": 43.85612869262695
}