{
  "aor": 0.00234149377593361,
  "aqi": 0.012096270746887967,
  "bids_meta": {
    "BandwidthPerPixelPhaseEncode": 10.965,
    "DeviceSerialNumber": "40482",
    "EchoTime": 0.03,
    "EffectiveEchoSpacing": 0.000949,
    "FlipAngle": 79,
    "ImageType": [
      "ORIGINAL",
      "PRIMARY",
      "M",
      "MB",
      "ND",
      "MOSAIC"
    ],
    "InstitutionAddress": "Frew_4805_Pittsburgh_PA_District_US_15213",
    "InstitutionName": "SIBR",
    "MagneticFieldStrength": 3,
    "Manufacturer": "Siemens",
    "ManufacturersModelName": "Verio",
    "MultibandAccellerationFactor": 3,
    "PhaseEncodingDirection": "j-",
    "PhaseEncodingLines": 96,
    "RepetitionTime": 2.0,
    "ScanningSequence": "EP",
    "SequenceName": "epfid2d1_96",
    "SequenceVariant": "SK_SS",
    "SliceTiming": [
      0,
      0.09,
      0.1825,
      0.2725,
      0.365,
      0.455,
      0.5475,
      0.6375,
      0.73,
      0.82,
      0.9125,
      1.0025,
      1.095,
      1.185,
      1.2775,
      1.3675,
      1.46,
      1.55,
      1.6425,
      1.7325,
      1.825,
      1.915,
      0,
      0.09,
      0.1825,
      0.2725,
      0.365,
      0.455,
      0.5475,
      0.6375,
      0.73,
      0.82,
      0.9125,
      1.0025,
      1.095,
      1.185,
      1.2775,
      1.3675,
      1.46,
      1.55,
      1.6425,
      1.7325,
      1.825,
      1.915,
      0,
      0.09,
      0.1825,
      0.2725,
      0.365,
      0.455,
      0.5475,
      0.6375,
      0.73,
      0.82,
      0.9125,
      1.0025,
      1.095,
      1.185,
      1.2775,
      1.3675,
      1.46,
      1.55,
      1.6425,
      1.7325,
      1.825,
      1.915
    ],
    "SoftwareVersions": "syngo_MR_B17",
    "TaskName": "cuedMFM",
    "TotalReadoutTime": 0.03039,
    "dataset": "ds001597",
    "modality": "bold",
    "run_id": 3,
    "session_id": "post",
    "subject_id": "17",
    "task_id": "cuedMFM"
  },
  "dummy_trs": 0,
  "dvars_nstd": 32.28569117370833,
  "dvars_std": 1.1662976608750006,
  "dvars_vstd": 1.0009227464583332,
  "efc": 0.6127973901265676,
  "fber": 1287.0098876953125,
  "fd_mean": 0.13819151862945542,
  "fd_num": 40,
  "fd_perc": 16.597510373443985,
  "fwhm_avg": 2.2299849999999997,
  "fwhm_x": 2.136165,
  "fwhm_y": 2.419305,
  "fwhm_z": 2.134485,
  "gcor": 0.0134868,
  "gsr_x": 0.0013320614816620946,
  "gsr_y": 0.044440094381570816,
  "provenance": {
    "md5sum": "e89ec643690cd98a67c6873b9ac959ba",
    "settings": {
      "fd_thres": 0.2,
      "testing": false
    },
    "software": "mriqc",
    "version": "22.0.6",
    "webapi_port": null,
    "webapi_url": "https://mriqc.nimh.nih.gov/api/v1"
  },
  "size_t": 241,
  "size_x": 96,
  "size_y": 96,
  "size_z": 66,
  "snr": 5.262220555241563,
  "spacing_tr": 2.0,
  "spacing_x": 2.0,
  "spacing_y": 2.0,
  "spacing_z": 2.0,
  "summary_bg_k": 9.015024649651783,
  "summary_bg_mad": 15.811927860211457,
  "summary_bg_mean": 48.27056884765625,
  "summary_bg_median": 16.470325469970703,
  "summary_bg_n": 342613.0,
  "summary_bg_p05": 4.717069339752197,
  "summary_bg_p95": 198.49981689453114,
  "summary_bg_stdv": 70.20588684082031,
  "summary_fg_k": 1.7173096263806666,
  "summary_fg_mad": 108.20358386578356,
  "summary_fg_mean": 631.10302734375,
  "summary_fg_median": 626.7581787109375,
  "summary_fg_n": 171862.0,
  "summary_fg_p05": 446.94150695800784,
  "summary_fg_p95": 820.9770385742182,
  "summary_fg_stdv": 119.10491943359375,
  "tsnr": 45.25693893432617
}