{
  "aor": 0.0049218672199170125,
  "aqi": 0.015539858381742738,
  "bids_meta": {
    "BandwidthPerPixelPhaseEncode": 10.965,
    "DeviceSerialNumber": "40482",
    "EchoTime": 0.03,
    "EffectiveEchoSpacing": 0.000949,
    "FlipAngle": 79,
    "ImageType": [
      "ORIGINAL",
      "PRIMARY",
      "M",
      "MB",
      "ND",
      "MOSAIC"
    ],
    "InstitutionAddress": "Frew_4805_Pittsburgh_PA_District_US_15213",
    "InstitutionName": "SIBR",
    "MagneticFieldStrength": 3,
    "Manufacturer": "Siemens",
    "ManufacturersModelName": "Verio",
    "MultibandAccellerationFactor": 3,
    "PhaseEncodingDirection": "j-",
    "PhaseEncodingLines": 96,
    "RepetitionTime": 2.0,
    "ScanningSequence": "EP",
    "SequenceName": "epfid2d1_96",
    "SequenceVariant": "SK_SS",
    "SliceTiming": [
      0,
      0.09,
      0.1825,
      0.2725,
      0.365,
      0.455,
      0.5475,
      0.6375,
      0.73,
      0.82,
      0.9125,
      1.0025,
      1.095,
      1.185,
      1.2775,
      1.3675,
      1.46,
      1.55,
      1.6425,
      1.7325,
      1.825,
      1.915,
      0,
      0.09,
      0.1825,
      0.2725,
      0.365,
      0.455,
      0.5475,
      0.6375,
      0.73,
      0.82,
      0.9125,
      1.0025,
      1.095,
      1.185,
      1.2775,
      1.3675,
      1.46,
      1.55,
      1.6425,
      1.7325,
      1.825,
      1.915,
      0,
      0.09,
      0.1825,
      0.2725,
      0.365,
      0.455,
      0.5475,
      0.6375,
      0.73,
      0.82,
      0.9125,
      1.0025,
      1.095,
      1.185,
      1.2775,
      1.3675,
      1.46,
      1.55,
      1.6425,
      1.7325,
      1.825,
      1.915
    ],
    "SoftwareVersions": "syngo_MR_B17",
    "TaskName": "cuedMFM",
    "TotalReadoutTime": 0.03039,
    "dataset": "ds001597",
    "modality": "bold",
    "run_id": 5,
    "session_id": "post",
    "subject_id": "17",
    "task_id": "cuedMFM"
  },
  "dummy_trs": 0,
  "dvars_nstd": 39.812655710833305,
  "dvars_std": 1.2249642470833328,
  "dvars_vstd": 1.0192547054583339,
  "efc": 0.6149205289947816,
  "fber": 1025.847900390625,
  "fd_mean": 0.27558172852268886,
  "fd_num": 99,
  "fd_perc": 41.07883817427386,
  "fwhm_avg": 2.22363,
  "fwhm_x": 2.117705,
  "fwhm_y": 2.421665,
  "fwhm_z": 2.13152,
  "gcor": 0.0294563,
  "gsr_x": -0.004969162866473198,
  "gsr_y": 0.044740546494722366,
  "provenance": {
    "md5sum": "6df13538609d2fbc7aee977af4599c74",
    "settings": {
      "fd_thres": 0.2,
      "testing": false
    },
    "software": "mriqc",
    "version": "22.0.6",
    "webapi_port": null,
    "webapi_url": "https://mriqc.nimh.nih.gov/api/v1"
  },
  "size_t": 241,
  "size_x": 96,
  "size_y": 96,
  "size_z": 66,
  "snr": 5.322409754271229,
  "spacing_tr": 2.0,
  "spacing_x": 2.0,
  "spacing_y": 2.0,
  "spacing_z": 2.0,
  "summary_bg_k": 8.71254246184798,
  "summary_bg_mad": 17.392156282330387,
  "summary_bg_mean": 48.481422424316406,
  "summary_bg_median": 18.14466094970703,
  "summary_bg_n": 342749.0,
  "summary_bg_p05": 5.050712203979493,
  "summary_bg_p95": 196.99497680664,
  "summary_bg_stdv": 68.79425048828125,
  "summary_fg_k": 1.8685308696511234,
  "summary_fg_mad": 105.37606126931533,
  "summary_fg_mean": 622.5601806640625,
  "summary_fg_median": 617.9222412109375,
  "summary_fg_n": 171061.0,
  "summary_fg_p05": 444.5511169433594,
  "summary_fg_p95": 806.7318115234375,
  "summary_fg_stdv": 116.09786987304688,
  "tsnr": 40.007652282714844
}