{
  "aor": 0.002119087136929461,
  "aqi": 0.01891357373443983,
  "bids_meta": {
    "BandwidthPerPixelPhaseEncode": 10.965,
    "DeviceSerialNumber": "40482",
    "EchoTime": 0.03,
    "EffectiveEchoSpacing": 0.000949,
    "FlipAngle": 79,
    "ImageType": [
      "ORIGINAL",
      "PRIMARY",
      "M",
      "MB",
      "ND",
      "MOSAIC"
    ],
    "InstitutionAddress": "Frew_4805_Pittsburgh_PA_District_US_15213",
    "InstitutionName": "SIBR",
    "MagneticFieldStrength": 3,
    "Manufacturer": "Siemens",
    "ManufacturersModelName": "Verio",
    "MultibandAccellerationFactor": 3,
    "PhaseEncodingDirection": "j-",
    "PhaseEncodingLines": 96,
    "RepetitionTime": 2.0,
    "ScanningSequence": "EP",
    "SequenceName": "epfid2d1_96",
    "SequenceVariant": "SK_SS",
    "SliceTiming": [
      0,
      0.09,
      0.1825,
      0.2725,
      0.365,
      0.455,
      0.5475,
      0.6375,
      0.73,
      0.82,
      0.9125,
      1.0025,
      1.095,
      1.185,
      1.2775,
      1.3675,
      1.46,
      1.55,
      1.6425,
      1.7325,
      1.825,
      1.915,
      0,
      0.09,
      0.1825,
      0.2725,
      0.365,
      0.455,
      0.5475,
      0.6375,
      0.73,
      0.82,
      0.9125,
      1.0025,
      1.095,
      1.185,
      1.2775,
      1.3675,
      1.46,
      1.55,
      1.6425,
      1.7325,
      1.825,
      1.915,
      0,
      0.09,
      0.1825,
      0.2725,
      0.365,
      0.455,
      0.5475,
      0.6375,
      0.73,
      0.82,
      0.9125,
      1.0025,
      1.095,
      1.185,
      1.2775,
      1.3675,
      1.46,
      1.55,
      1.6425,
      1.7325,
      1.825,
      1.915
    ],
    "SoftwareVersions": "syngo_MR_B17",
    "TaskName": "cuedMFM",
    "TotalReadoutTime": 0.03039,
    "dataset": "ds001597",
    "modality": "bold",
    "run_id": 2,
    "session_id": "post",
    "subject_id": "08",
    "task_id": "cuedMFM"
  },
  "dummy_trs": 0,
  "dvars_nstd": 37.86129914116669,
  "dvars_std": 1.206187548083334,
  "dvars_vstd": 1.000624610541667,
  "efc": 0.5393560117625567,
  "fber": 3605.058349609375,
  "fd_mean": 0.2459886405758582,
  "fd_num": 133,
  "fd_perc": 55.18672199170125,
  "fwhm_avg": 2.1091650000000004,
  "fwhm_x": 1.999375,
  "fwhm_y": 2.281,
  "fwhm_z": 2.04712,
  "gcor": 0.0144803,
  "gsr_x": -0.004997203592211008,
  "gsr_y": 0.040083397179841995,
  "provenance": {
    "md5sum": "d7f37ff75ecd786356f04858a506cfec",
    "settings": {
      "fd_thres": 0.2,
      "testing": false
    },
    "software": "mriqc",
    "version": "22.0.6",
    "webapi_port": null,
    "webapi_url": "https://mriqc.nimh.nih.gov/api/v1"
  },
  "size_t": 241,
  "size_x": 96,
  "size_y": 96,
  "size_z": 66,
  "snr": 5.790314276465046,
  "spacing_tr": 2.0,
  "spacing_x": 2.0,
  "spacing_y": 2.0,
  "spacing_z": 2.0,
  "summary_bg_k": 27.534759813268366,
  "summary_bg_mad": 6.009181872926153,
  "summary_bg_mean": 27.339950561523438,
  "summary_bg_median": 8.943010330200195,
  "summary_bg_n": 385298.0,
  "summary_bg_p05": 3.8894629001617433,
  "summary_bg_p95": 114.17852363586393,
  "summary_bg_stdv": 47.85012435913086,
  "summary_fg_k": 3.7432793325470444,
  "summary_fg_mad": 74.08920905743558,
  "summary_fg_mean": 546.1008911132812,
  "summary_fg_median": 545.8998413085938,
  "summary_fg_n": 136046.0,
  "summary_fg_p05": 403.37149810791016,
  "summary_fg_p95": 689.4324035644531,
  "summary_fg_stdv": 94.27775573730469,
  "tsnr": 43.34397888183594
}