{
  "aor": 0.0013984647302904565,
  "aqi": 0.014818731618257261,
  "bids_meta": {
    "BandwidthPerPixelPhaseEncode": 10.965,
    "DeviceSerialNumber": "40482",
    "EchoTime": 0.03,
    "EffectiveEchoSpacing": 0.000949,
    "FlipAngle": 79,
    "ImageType": [
      "ORIGINAL",
      "PRIMARY",
      "M",
      "MB",
      "ND",
      "MOSAIC"
    ],
    "InstitutionAddress": "Frew_4805_Pittsburgh_PA_District_US_15213",
    "InstitutionName": "SIBR",
    "MagneticFieldStrength": 3,
    "Manufacturer": "Siemens",
    "ManufacturersModelName": "Verio",
    "MultibandAccellerationFactor": 3,
    "PhaseEncodingDirection": "j-",
    "PhaseEncodingLines": 96,
    "RepetitionTime": 2.0,
    "ScanningSequence": "EP",
    "SequenceName": "epfid2d1_96",
    "SequenceVariant": "SK_SS",
    "SliceTiming": [
      0,
      0.09,
      0.1825,
      0.2725,
      0.365,
      0.455,
      0.5475,
      0.6375,
      0.73,
      0.82,
      0.9125,
      1.0025,
      1.095,
      1.185,
      1.2775,
      1.3675,
      1.46,
      1.55,
      1.6425,
      1.7325,
      1.825,
      1.915,
      0,
      0.09,
      0.1825,
      0.2725,
      0.365,
      0.455,
      0.5475,
      0.6375,
      0.73,
      0.82,
      0.9125,
      1.0025,
      1.095,
      1.185,
      1.2775,
      1.3675,
      1.46,
      1.55,
      1.6425,
      1.7325,
      1.825,
      1.915,
      0,
      0.09,
      0.1825,
      0.2725,
      0.365,
      0.455,
      0.5475,
      0.6375,
      0.73,
      0.82,
      0.9125,
      1.0025,
      1.095,
      1.185,
      1.2775,
      1.3675,
      1.46,
      1.55,
      1.6425,
      1.7325,
      1.825,
      1.915
    ],
    "SoftwareVersions": "syngo_MR_B17",
    "TaskName": "cuedMFM",
    "TotalReadoutTime": 0.03039,
    "dataset": "ds001597",
    "modality": "bold",
    "run_id": 5,
    "session_id": "post",
    "subject_id": "14",
    "task_id": "cuedMFM"
  },
  "dummy_trs": 0,
  "dvars_nstd": 39.06435691483335,
  "dvars_std": 1.3012294071250017,
  "dvars_vstd": 1.0023430428333329,
  "efc": 0.5952033780901895,
  "fber": 1685.2154541015625,
  "fd_mean": 0.19214226426227915,
  "fd_num": 98,
  "fd_perc": 40.66390041493776,
  "fwhm_avg": 2.260353333333333,
  "fwhm_x": 2.10346,
  "fwhm_y": 2.4585,
  "fwhm_z": 2.2191,
  "gcor": 0.0238796,
  "gsr_x": 0.005956312175840139,
  "gsr_y": 0.04134663566946983,
  "provenance": {
    "md5sum": "a4a91352168058cf990f421cfa22c2c2",
    "settings": {
      "fd_thres": 0.2,
      "testing": false
    },
    "software": "mriqc",
    "version": "22.0.6",
    "webapi_port": null,
    "webapi_url": "https://mriqc.nimh.nih.gov/api/v1"
  },
  "size_t": 241,
  "size_x": 96,
  "size_y": 96,
  "size_z": 66,
  "snr": 5.29919312617952,
  "spacing_tr": 2.0,
  "spacing_x": 2.0,
  "spacing_y": 2.0,
  "spacing_z": 2.0,
  "summary_bg_k": 18.785833112927154,
  "summary_bg_mad": 11.806708103202148,
  "summary_bg_mean": 36.04360580444336,
  "summary_bg_median": 12.948846817016602,
  "summary_bg_n": 348218.0,
  "summary_bg_p05": 3.9123636722564696,
  "summary_bg_p95": 143.3359436035156,
  "summary_bg_stdv": 58.39075469970703,
  "summary_fg_k": 4.502224339968619,
  "summary_fg_mad": 77.61785482217658,
  "summary_fg_mean": 560.0452880859375,
  "summary_fg_median": 562.9912109375,
  "summary_fg_n": 164602.0,
  "summary_fg_p05": 391.32177581787107,
  "summary_fg_p95": 713.6438201904297,
  "summary_fg_stdv": 106.24060821533203,
  "tsnr": 46.28451156616211
}