{
  "aor": 0.0007863485477178423,
  "aqi": 0.021298902074688795,
  "bids_meta": {
    "BandwidthPerPixelPhaseEncode": 10.965,
    "DeviceSerialNumber": "40482",
    "EchoTime": 0.03,
    "EffectiveEchoSpacing": 0.000949,
    "FlipAngle": 79,
    "ImageType": [
      "ORIGINAL",
      "PRIMARY",
      "M",
      "MB",
      "ND",
      "MOSAIC"
    ],
    "InstitutionAddress": "Frew_4805_Pittsburgh_PA_District_US_15213",
    "InstitutionName": "SIBR",
    "MagneticFieldStrength": 3,
    "Manufacturer": "Siemens",
    "ManufacturersModelName": "Verio",
    "MultibandAccellerationFactor": 3,
    "PhaseEncodingDirection": "j-",
    "PhaseEncodingLines": 96,
    "RepetitionTime": 2.0,
    "ScanningSequence": "EP",
    "SequenceName": "epfid2d1_96",
    "SequenceVariant": "SK_SS",
    "SliceTiming": [
      0,
      0.09,
      0.1825,
      0.2725,
      0.365,
      0.455,
      0.5475,
      0.6375,
      0.73,
      0.82,
      0.9125,
      1.0025,
      1.095,
      1.185,
      1.2775,
      1.3675,
      1.46,
      1.55,
      1.6425,
      1.7325,
      1.825,
      1.915,
      0,
      0.09,
      0.1825,
      0.2725,
      0.365,
      0.455,
      0.5475,
      0.6375,
      0.73,
      0.82,
      0.9125,
      1.0025,
      1.095,
      1.185,
      1.2775,
      1.3675,
      1.46,
      1.55,
      1.6425,
      1.7325,
      1.825,
      1.915,
      0,
      0.09,
      0.1825,
      0.2725,
      0.365,
      0.455,
      0.5475,
      0.6375,
      0.73,
      0.82,
      0.9125,
      1.0025,
      1.095,
      1.185,
      1.2775,
      1.3675,
      1.46,
      1.55,
      1.6425,
      1.7325,
      1.825,
      1.915
    ],
    "SoftwareVersions": "syngo_MR_B17",
    "TaskName": "cuedMFM",
    "TotalReadoutTime": 0.03039,
    "dataset": "ds001597",
    "modality": "bold",
    "run_id": 1,
    "session_id": "post",
    "subject_id": "14",
    "task_id": "cuedMFM"
  },
  "dummy_trs": 0,
  "dvars_nstd": 41.98154092658334,
  "dvars_std": 1.2286700947916658,
  "dvars_vstd": 0.9707047178333335,
  "efc": 0.5927564916877038,
  "fber": 1787.896484375,
  "fd_mean": 0.3000311694621145,
  "fd_num": 153,
  "fd_perc": 63.48547717842324,
  "fwhm_avg": 2.28236,
  "fwhm_x": 2.13302,
  "fwhm_y": 2.463375,
  "fwhm_z": 2.250685,
  "gcor": 0.0134741,
  "gsr_x": 0.008719420060515404,
  "gsr_y": 0.04201984405517578,
  "provenance": {
    "md5sum": "9cc7c0e7c9f4f8df4bfb79699208732d",
    "settings": {
      "fd_thres": 0.2,
      "testing": false
    },
    "software": "mriqc",
    "version": "22.0.6",
    "webapi_port": null,
    "webapi_url": "https://mriqc.nimh.nih.gov/api/v1"
  },
  "size_t": 241,
  "size_x": 96,
  "size_y": 96,
  "size_z": 66,
  "snr": 5.300776910835647,
  "spacing_tr": 2.0,
  "spacing_x": 2.0,
  "spacing_y": 2.0,
  "spacing_z": 2.0,
  "summary_bg_k": 17.162686160134637,
  "summary_bg_mad": 12.514936924712377,
  "summary_bg_mean": 39.739959716796875,
  "summary_bg_median": 13.534600257873535,
  "summary_bg_n": 351642.0,
  "summary_bg_p05": 4.086199641227722,
  "summary_bg_p95": 163.45335769653337,
  "summary_bg_stdv": 65.93817138671875,
  "summary_fg_k": 4.449656586227405,
  "summary_fg_mad": 82.49463339034145,
  "summary_fg_mean": 591.4239501953125,
  "summary_fg_median": 594.9674072265625,
  "summary_fg_n": 162712.0,
  "summary_fg_p05": 410.8142852783203,
  "summary_fg_p95": 753.0278259277342,
  "summary_fg_stdv": 112.24120330810547,
  "tsnr": 39.0440788269043
}