{
  "bids_meta": {
    "AccelFactPE": 2,
    "DeviceSerialNumber": "40482",
    "EchoTime": 0.00197,
    "FlipAngle": 9,
    "InstitutionAddress": "Frew_4805_Pittsburgh_PA_District_US_15213",
    "InstitutionName": "SIBR",
    "InversionTime": 0.9,
    "MagneticFieldStrength": 3,
    "Manufacturer": "Siemens",
    "ManufacturersModelName": "Verio",
    "PhaseEncodingDirection": "i-",
    "PhaseEncodingLines": 256,
    "RepetitionTime": 2.3,
    "ScanningSequence": "GR_IR",
    "SequenceName": "_tfl3d1_ns",
    "SequenceVariant": "SP_MP",
    "SoftwareVersions": "syngo_MR_B17",
    "dataset": "ds001597",
    "modality": "T1w",
    "session_id": "pre",
    "subject_id": "05"
  },
  "cjv": 0.30959637362576964,
  "cnr": 4.331073378221457,
  "efc": 0.554328547016779,
  "fber": -1.0,
  "fwhm_avg": 4.0033900000000004,
  "fwhm_x": 3.83983,
  "fwhm_y": 4.19507,
  "fwhm_z": 3.97527,
  "icvs_csf": 0.20724433147516966,
  "icvs_gm": 0.4479337964232547,
  "icvs_wm": 0.3448218721015756,
  "inu_med": 0.5152727961540222,
  "inu_range": 0.1498316407203673,
  "provenance": {
    "md5sum": "3fd2d6b26c57a4c441a3df5cd58ced63",
    "settings": {
      "testing": false
    },
    "software": "mriqc",
    "version": "22.0.6",
    "warnings": {
      "large_rot_frame": true,
      "small_air_mask": false
    },
    "webapi_port": null,
    "webapi_url": "https://mriqc.nimh.nih.gov/api/v1"
  },
  "qi_1": 0.0,
  "qi_2": 0.01581819253218358,
  "rpve_csf": 20.939554649860817,
  "rpve_gm": 10.516050660811342,
  "rpve_wm": 15.99319580540758,
  "size_x": 176,
  "size_y": 256,
  "size_z": 256,
  "snr_csf": 1.885661638853229,
  "snr_gm": 9.107826198903176,
  "snr_total": 10.868445214563247,
  "snr_wm": 21.611847805933333,
  "snrd_csf": 20.74909317768934,
  "snrd_gm": 68.41341705773286,
  "snrd_total": 65.56740382277943,
  "snrd_wm": 107.53970123291607,
  "spacing_x": 1.0,
  "spacing_y": 1.0,
  "spacing_z": 1.0,
  "summary_bg_k": 13.825971728233764,
  "summary_bg_mad": 0.0,
  "summary_bg_mean": 3.280309241299343,
  "summary_bg_median": 0.0,
  "summary_bg_n": 2972656.0,
  "summary_bg_p05": 0.0,
  "summary_bg_p95": 14.916961081326008,
  "summary_bg_stdv": 6.0920422518370705,
  "summary_csf_k": 1.4927429512931214,
  "summary_csf_mad": 83.50570143378074,
  "summary_csf_mean": 209.80882949715522,
  "summary_csf_median": 192.9435646161437,
  "summary_csf_n": 27306.0,
  "summary_csf_p05": 71.18433946743608,
  "summary_csf_p95": 414.26505078561604,
  "summary_csf_stdv": 102.31954005952795,
  "summary_gm_k": -0.030288801101774787,
  "summary_gm_mad": 70.08016838138505,
  "summary_gm_mean": 634.3882943380263,
  "summary_gm_median": 636.1689371988177,
  "summary_gm_n": 41620.0,
  "summary_gm_p05": 516.1193385720253,
  "summary_gm_p95": 746.1110735312104,
  "summary_gm_stdv": 69.84776396398267,
  "summary_wm_k": 1.1231595195726038,
  "summary_wm_mad": 42.56061100427518,
  "summary_wm_mean": 998.6331812743525,
  "summary_wm_median": 1000.0000055879354,
  "summary_wm_n": 215769.0,
  "summary_wm_p05": 922.0710955560207,
  "summary_wm_p95": 1070.7146674394608,
  "summary_wm_stdv": 46.270809292746655,
  "tpm_overlap_csf": 0.1792958778643982,
  "tpm_overlap_gm": 0.48187431915276707,
  "tpm_overlap_wm": 0.5191186993277784,
  "wm2max": 0.46319856588405245
}