{
  "aor": 0.0005730416666666667,
  "aqi": 0.012912971541666667,
  "bids_meta": {
    "BandwidthPerPixelPhaseEncode": 10.965,
    "DeviceSerialNumber": "40482",
    "EchoTime": 0.03,
    "EffectiveEchoSpacing": 0.000949,
    "FlipAngle": 79,
    "ImageType": [
      "ORIGINAL",
      "PRIMARY",
      "M",
      "MB",
      "ND",
      "MOSAIC"
    ],
    "InstitutionAddress": "Frew_4805_Pittsburgh_PA_District_US_15213",
    "InstitutionName": "SIBR",
    "MagneticFieldStrength": 3,
    "Manufacturer": "Siemens",
    "ManufacturersModelName": "Verio",
    "MultibandAccellerationFactor": 3,
    "PhaseEncodingDirection": "j-",
    "PhaseEncodingLines": 96,
    "RepetitionTime": 2.0,
    "ScanningSequence": "EP",
    "SequenceName": "epfid2d1_96",
    "SequenceVariant": "SK_SS",
    "SliceTiming": [
      0,
      0.09,
      0.1825,
      0.2725,
      0.365,
      0.455,
      0.5475,
      0.6375,
      0.73,
      0.82,
      0.9125,
      1.0025,
      1.095,
      1.185,
      1.2775,
      1.3675,
      1.46,
      1.55,
      1.6425,
      1.7325,
      1.825,
      1.915,
      0,
      0.09,
      0.1825,
      0.2725,
      0.365,
      0.455,
      0.5475,
      0.6375,
      0.73,
      0.82,
      0.9125,
      1.0025,
      1.095,
      1.185,
      1.2775,
      1.3675,
      1.46,
      1.55,
      1.6425,
      1.7325,
      1.825,
      1.915,
      0,
      0.09,
      0.1825,
      0.2725,
      0.365,
      0.455,
      0.5475,
      0.6375,
      0.73,
      0.82,
      0.9125,
      1.0025,
      1.095,
      1.185,
      1.2775,
      1.3675,
      1.46,
      1.55,
      1.6425,
      1.7325,
      1.825,
      1.915
    ],
    "SoftwareVersions": "syngo_MR_B17",
    "TaskName": "cuedMFM",
    "TotalReadoutTime": 0.03039,
    "dataset": "ds001597",
    "modality": "bold",
    "run_id": 1,
    "session_id": "post",
    "subject_id": "02",
    "task_id": "cuedMFM"
  },
  "dummy_trs": 1,
  "dvars_nstd": 34.4161218062343,
  "dvars_std": 1.1993829533472813,
  "dvars_vstd": 0.9815555349790794,
  "efc": 0.598860968390624,
  "fber": 1692.09375,
  "fd_mean": 0.14742321898577562,
  "fd_num": 59,
  "fd_perc": 24.583333333333332,
  "fwhm_avg": 2.048705,
  "fwhm_x": 1.9185,
  "fwhm_y": 2.20556,
  "fwhm_z": 2.022055,
  "gcor": 0.00888828,
  "gsr_x": 0.004181626718491316,
  "gsr_y": 0.056664030998945236,
  "provenance": {
    "md5sum": "f8d9bf6969b974daf9faa7605c2aef2f",
    "settings": {
      "fd_thres": 0.2,
      "testing": false
    },
    "software": "mriqc",
    "version": "22.0.6",
    "webapi_port": null,
    "webapi_url": "https://mriqc.nimh.nih.gov/api/v1"
  },
  "size_t": 240,
  "size_x": 96,
  "size_y": 96,
  "size_z": 66,
  "snr": 5.505147198697538,
  "spacing_tr": 2.0,
  "spacing_x": 2.0,
  "spacing_y": 2.0,
  "spacing_z": 2.0,
  "summary_bg_k": 8.6470771912832,
  "summary_bg_mad": 11.524104093031386,
  "summary_bg_mean": 43.333927154541016,
  "summary_bg_median": 12.559296607971191,
  "summary_bg_n": 359122.0,
  "summary_bg_p05": 4.1431071043014525,
  "summary_bg_p95": 186.78735961914072,
  "summary_bg_stdv": 65.86157989501953,
  "summary_fg_k": 3.2243085674647975,
  "summary_fg_mad": 80.20747695279695,
  "summary_fg_mean": 550.8868408203125,
  "summary_fg_median": 542.1036376953125,
  "summary_fg_n": 158873.0,
  "summary_fg_p05": 417.8254821777344,
  "summary_fg_p95": 716.3281494140625,
  "summary_fg_stdv": 98.47183227539062,
  "tsnr": 48.33580017089844
}