{
  "aor": 0.0017454583333333335,
  "aqi": 0.012420790791666666,
  "bids_meta": {
    "BandwidthPerPixelPhaseEncode": 10.965,
    "DeviceSerialNumber": "40482",
    "EchoTime": 0.03,
    "EffectiveEchoSpacing": 0.000949,
    "FlipAngle": 79,
    "ImageType": [
      "ORIGINAL",
      "PRIMARY",
      "M",
      "MB",
      "ND",
      "MOSAIC"
    ],
    "InstitutionAddress": "Frew_4805_Pittsburgh_PA_District_US_15213",
    "InstitutionName": "SIBR",
    "MagneticFieldStrength": 3,
    "Manufacturer": "Siemens",
    "ManufacturersModelName": "Verio",
    "MultibandAccellerationFactor": 3,
    "PhaseEncodingDirection": "j-",
    "PhaseEncodingLines": 96,
    "RepetitionTime": 2.0,
    "ScanningSequence": "EP",
    "SequenceName": "epfid2d1_96",
    "SequenceVariant": "SK_SS",
    "SliceTiming": [
      0,
      0.09,
      0.1825,
      0.2725,
      0.365,
      0.455,
      0.5475,
      0.6375,
      0.73,
      0.82,
      0.9125,
      1.0025,
      1.095,
      1.185,
      1.2775,
      1.3675,
      1.46,
      1.55,
      1.6425,
      1.7325,
      1.825,
      1.915,
      0,
      0.09,
      0.1825,
      0.2725,
      0.365,
      0.455,
      0.5475,
      0.6375,
      0.73,
      0.82,
      0.9125,
      1.0025,
      1.095,
      1.185,
      1.2775,
      1.3675,
      1.46,
      1.55,
      1.6425,
      1.7325,
      1.825,
      1.915,
      0,
      0.09,
      0.1825,
      0.2725,
      0.365,
      0.455,
      0.5475,
      0.6375,
      0.73,
      0.82,
      0.9125,
      1.0025,
      1.095,
      1.185,
      1.2775,
      1.3675,
      1.46,
      1.55,
      1.6425,
      1.7325,
      1.825,
      1.915
    ],
    "SoftwareVersions": "syngo_MR_B17",
    "TaskName": "cuedMFM",
    "TotalReadoutTime": 0.03039,
    "dataset": "ds001597",
    "modality": "bold",
    "run_id": 5,
    "session_id": "post",
    "subject_id": "02",
    "task_id": "cuedMFM"
  },
  "dummy_trs": 1,
  "dvars_nstd": 39.75365838267781,
  "dvars_std": 1.2102430938912134,
  "dvars_vstd": 1.0144512189539752,
  "efc": 0.6049695818414773,
  "fber": 1447.03759765625,
  "fd_mean": 0.22701658378316306,
  "fd_num": 117,
  "fd_perc": 48.75,
  "fwhm_avg": 2.074615,
  "fwhm_x": 1.955285,
  "fwhm_y": 2.218035,
  "fwhm_z": 2.050525,
  "gcor": 0.00668695,
  "gsr_x": 0.0023993414361029863,
  "gsr_y": 0.05704408884048462,
  "provenance": {
    "md5sum": "33c14468c1324f92f9bf6a270b82723c",
    "settings": {
      "fd_thres": 0.2,
      "testing": false
    },
    "software": "mriqc",
    "version": "22.0.6",
    "webapi_port": null,
    "webapi_url": "https://mriqc.nimh.nih.gov/api/v1"
  },
  "size_t": 240,
  "size_x": 96,
  "size_y": 96,
  "size_z": 66,
  "snr": 5.380722676298831,
  "spacing_tr": 2.0,
  "spacing_x": 2.0,
  "spacing_y": 2.0,
  "spacing_z": 2.0,
  "summary_bg_k": 9.203821238664819,
  "summary_bg_mad": 10.857798696318024,
  "summary_bg_mean": 40.143775939941406,
  "summary_bg_median": 12.299053192138672,
  "summary_bg_n": 353480.0,
  "summary_bg_p05": 4.341301894187927,
  "summary_bg_p95": 172.00220184326162,
  "summary_bg_stdv": 60.3939323425293,
  "summary_fg_k": 3.2049186995472843,
  "summary_fg_mad": 73.30320546429962,
  "summary_fg_mean": 501.3863525390625,
  "summary_fg_median": 493.91986083984375,
  "summary_fg_n": 162151.0,
  "summary_fg_p05": 377.4027862548828,
  "summary_fg_p95": 656.0400695800781,
  "summary_fg_stdv": 91.79405212402344,
  "tsnr": 45.131343841552734
}