{
  "aor": 0.0005576793248945148,
  "aqi": 0.021011830801687763,
  "bids_meta": {
    "BandwidthPerPixelPhaseEncode": 10.965,
    "DeviceSerialNumber": "40482",
    "EchoTime": 0.03,
    "EffectiveEchoSpacing": 0.000949,
    "FlipAngle": 79,
    "ImageType": [
      "ORIGINAL",
      "PRIMARY",
      "M",
      "MB",
      "ND",
      "MOSAIC"
    ],
    "InstitutionAddress": "Frew_4805_Pittsburgh_PA_District_US_15213",
    "InstitutionName": "SIBR",
    "MagneticFieldStrength": 3,
    "Manufacturer": "Siemens",
    "ManufacturersModelName": "Verio",
    "MultibandAccellerationFactor": 3,
    "PhaseEncodingDirection": "j-",
    "PhaseEncodingLines": 96,
    "RepetitionTime": 2.0,
    "ScanningSequence": "EP",
    "SequenceName": "epfid2d1_96",
    "SequenceVariant": "SK_SS",
    "SliceTiming": [
      0,
      0.09,
      0.1825,
      0.2725,
      0.365,
      0.455,
      0.5475,
      0.6375,
      0.73,
      0.82,
      0.9125,
      1.0025,
      1.095,
      1.185,
      1.2775,
      1.3675,
      1.46,
      1.55,
      1.6425,
      1.7325,
      1.825,
      1.915,
      0,
      0.09,
      0.1825,
      0.2725,
      0.365,
      0.455,
      0.5475,
      0.6375,
      0.73,
      0.82,
      0.9125,
      1.0025,
      1.095,
      1.185,
      1.2775,
      1.3675,
      1.46,
      1.55,
      1.6425,
      1.7325,
      1.825,
      1.915,
      0,
      0.09,
      0.1825,
      0.2725,
      0.365,
      0.455,
      0.5475,
      0.6375,
      0.73,
      0.82,
      0.9125,
      1.0025,
      1.095,
      1.185,
      1.2775,
      1.3675,
      1.46,
      1.55,
      1.6425,
      1.7325,
      1.825,
      1.915
    ],
    "SoftwareVersions": "syngo_MR_B17",
    "TaskName": "cuedMFM",
    "TotalReadoutTime": 0.03039,
    "dataset": "ds001597",
    "modality": "bold",
    "run_id": 7,
    "session_id": "pre",
    "subject_id": "09",
    "task_id": "cuedMFM"
  },
  "dummy_trs": 4,
  "dvars_nstd": 34.42836263631354,
  "dvars_std": 1.2182712699576266,
  "dvars_vstd": 0.9607530044067795,
  "efc": 0.536739565703309,
  "fber": 3803.479736328125,
  "fd_mean": 0.26292538879669125,
  "fd_num": 144,
  "fd_perc": 60.75949367088607,
  "fwhm_avg": 2.1097233333333336,
  "fwhm_x": 2.02736,
  "fwhm_y": 2.201985,
  "fwhm_z": 2.099825,
  "gcor": 0.0112585,
  "gsr_x": 0.0010727151529863477,
  "gsr_y": 0.018795983865857124,
  "provenance": {
    "md5sum": "9a271ad269e04af2ac69fc889048c781",
    "settings": {
      "fd_thres": 0.2,
      "testing": false
    },
    "software": "mriqc",
    "version": "22.0.6",
    "webapi_port": null,
    "webapi_url": "https://mriqc.nimh.nih.gov/api/v1"
  },
  "size_t": 237,
  "size_x": 96,
  "size_y": 96,
  "size_z": 66,
  "snr": 6.104188398949441,
  "spacing_tr": 2.0,
  "spacing_x": 2.0,
  "spacing_y": 2.0,
  "spacing_z": 2.0,
  "summary_bg_k": 17.81386997010692,
  "summary_bg_mad": 7.10738670293788,
  "summary_bg_mean": 30.480051040649414,
  "summary_bg_median": 9.480192184448242,
  "summary_bg_n": 388458.0,
  "summary_bg_p05": 3.901698434352875,
  "summary_bg_p95": 125.7948444366452,
  "summary_bg_stdv": 53.31662368774414,
  "summary_fg_k": 3.477935890976532,
  "summary_fg_mad": 79.53730165798174,
  "summary_fg_mean": 594.8095703125,
  "summary_fg_median": 592.2734375,
  "summary_fg_n": 134157.0,
  "summary_fg_p05": 453.453662109375,
  "summary_fg_p95": 747.8310791015625,
  "summary_fg_stdv": 97.02702331542969,
  "tsnr": 42.08187484741211
}