{
  "bids_meta": {
    "AccelFactPE": 2,
    "DeviceSerialNumber": "40482",
    "EchoTime": 0.418,
    "EchoTrainLength": 147,
    "FlipAngle": 120,
    "InstitutionAddress": "Frew_4805_Pittsburgh_PA_District_US_15213",
    "InstitutionName": "SIBR",
    "MagneticFieldStrength": 3,
    "Manufacturer": "Siemens",
    "ManufacturersModelName": "Verio",
    "PhaseEncodingDirection": "i-",
    "PhaseEncodingLines": 258,
    "RepetitionTime": 3,
    "ScanningSequence": "SE",
    "SequenceName": "_spc3d1_294ns",
    "SequenceVariant": "SK_SP",
    "SoftwareVersions": "syngo_MR_B17",
    "dataset": "ds001597",
    "modality": "T2w",
    "session_id": "pre",
    "subject_id": "13"
  },
  "cjv": 0.28435675682088396,
  "cnr": 1.7483489683808529,
  "efc": 0.6097198714319225,
  "fber": -1.0,
  "fwhm_avg": 2.152734099028352,
  "fwhm_x": 2.215399966987968,
  "fwhm_y": 2.099162718446602,
  "fwhm_z": 2.1436396116504857,
  "icvs_csf": 0.32479027140229605,
  "icvs_gm": 0.5366965634627773,
  "icvs_wm": 0.13851316513492665,
  "inu_med": 0.8848525583744049,
  "inu_range": 0.2385834336280822,
  "provenance": {
    "md5sum": "86349f966d4c66fdb2c94b6bd42729cc",
    "settings": {
      "testing": false
    },
    "software": "mriqc",
    "version": "22.0.6",
    "warnings": {
      "large_rot_frame": true,
      "small_air_mask": false
    },
    "webapi_port": null,
    "webapi_url": "https://mriqc.nimh.nih.gov/api/v1"
  },
  "qi_1": 0.0,
  "qi_2": 0.01641399411909237,
  "rpve_csf": 9.212806540557377,
  "rpve_gm": 6.638071009966627,
  "rpve_wm": 27.78161955239226,
  "size_x": 224,
  "size_y": 256,
  "size_z": 256,
  "snr_csf": 8.61506141960477,
  "snr_gm": 9.188709132195966,
  "snr_total": 6.978680045391658,
  "snr_wm": 3.132269584374239,
  "snrd_csf": 55.761903658695864,
  "snrd_gm": 36.57797448018304,
  "snrd_total": 58.7734825219832,
  "snrd_wm": 83.9805694270707,
  "spacing_x": 0.800000011920929,
  "spacing_y": 0.8046875,
  "spacing_z": 0.8046875,
  "summary_bg_k": 1111.2195422111838,
  "summary_bg_mad": 0.0,
  "summary_bg_mean": 2.5126709301519634,
  "summary_bg_median": 0.0,
  "summary_bg_n": 3844456.0,
  "summary_bg_p05": 0.0,
  "summary_bg_p95": 12.339277690276504,
  "summary_bg_stdv": 7.801130225401472,
  "summary_csf_k": 0.9986306574402009,
  "summary_csf_mad": 70.63522352794128,
  "summary_csf_mean": 667.8597416733736,
  "summary_csf_median": 663.9928296729922,
  "summary_csf_n": 68887.0,
  "summary_csf_p05": 549.6164031922817,
  "summary_csf_p95": 799.6063594717531,
  "summary_csf_stdv": 77.07292819869663,
  "summary_gm_k": 0.08130530370746136,
  "summary_gm_mad": 47.50854216850426,
  "summary_gm_mean": 435.6282061841477,
  "summary_gm_median": 435.55745383910835,
  "summary_gm_n": 502798.0,
  "summary_gm_p05": 358.22002557106316,
  "summary_gm_p95": 513.2123592346907,
  "summary_gm_stdv": 47.40132856955102,
  "summary_wm_k": 0.6377280038542956,
  "summary_wm_mad": 112.99752995296159,
  "summary_wm_mean": 847.3220178668342,
  "summary_wm_median": 1000.010621458292,
  "summary_wm_n": 29097.0,
  "summary_wm_p05": 105.97809820026167,
  "summary_wm_p95": 1126.281857650727,
  "summary_wm_stdv": 319.2552270132213,
  "tpm_overlap_csf": 0.10561392852939322,
  "tpm_overlap_gm": 0.3364293309870109,
  "tpm_overlap_wm": 0.027487693289981904,
  "wm2max": 0.855121476414409
}