{
  "bids_meta": {
    "AccelFactPE": 2,
    "DeviceSerialNumber": "40482",
    "EchoTime": 0.00197,
    "FlipAngle": 9,
    "InstitutionAddress": "Frew_4805_Pittsburgh_PA_District_US_15213",
    "InstitutionName": "SIBR",
    "InversionTime": 0.9,
    "MagneticFieldStrength": 3,
    "Manufacturer": "Siemens",
    "ManufacturersModelName": "Verio",
    "PhaseEncodingDirection": "i-",
    "PhaseEncodingLines": 256,
    "RepetitionTime": 2.3,
    "ScanningSequence": "GR_IR",
    "SequenceName": "_tfl3d1_ns",
    "SequenceVariant": "SP_MP",
    "SoftwareVersions": "syngo_MR_B17",
    "dataset": "ds001597",
    "modality": "T1w",
    "session_id": "pre",
    "subject_id": "19"
  },
  "cjv": 0.30737665666722697,
  "cnr": 4.364570101186137,
  "efc": 0.5649557994413182,
  "fber": 12335.609591412744,
  "fwhm_avg": 4.057103333333333,
  "fwhm_x": 4.09963,
  "fwhm_y": 3.94686,
  "fwhm_z": 4.12482,
  "icvs_csf": 0.2106685535829968,
  "icvs_gm": 0.46825054544861133,
  "icvs_wm": 0.32108090096839187,
  "inu_med": 0.5754460096359253,
  "inu_range": 0.2033399015665054,
  "provenance": {
    "md5sum": "a61ef093433a2b887aa9e45e81b6f626",
    "settings": {
      "testing": false
    },
    "software": "mriqc",
    "version": "22.0.6",
    "warnings": {
      "large_rot_frame": true,
      "small_air_mask": false
    },
    "webapi_port": null,
    "webapi_url": "https://mriqc.nimh.nih.gov/api/v1"
  },
  "qi_1": 9.122235911270369e-05,
  "qi_2": 0.015797180591773544,
  "rpve_csf": 22.709237766718175,
  "rpve_gm": 11.098554156422061,
  "rpve_wm": 17.961133600699878,
  "size_x": 176,
  "size_y": 256,
  "size_z": 256,
  "snr_csf": 1.5991356981834117,
  "snr_gm": 9.89763019792101,
  "snr_total": 11.184117121744022,
  "snr_wm": 22.055585469127642,
  "snrd_csf": 19.814172877522015,
  "snrd_gm": 77.85412036104512,
  "snrd_total": 72.44180997700752,
  "snrd_wm": 119.65713669245542,
  "spacing_x": 1.0,
  "spacing_y": 1.0,
  "spacing_z": 1.0,
  "summary_bg_k": 6.092556463159967,
  "summary_bg_mad": 0.0,
  "summary_bg_mean": 4.106281446549266,
  "summary_bg_median": 0.0,
  "summary_bg_n": 2707662.0,
  "summary_bg_p05": 0.0,
  "summary_bg_p95": 14.356624484062195,
  "summary_bg_stdv": 5.475322446828747,
  "summary_csf_k": 44.15128668132481,
  "summary_csf_mad": 73.30927257145632,
  "summary_csf_mean": 183.3929156359848,
  "summary_csf_median": 165.5975542217493,
  "summary_csf_n": 50792.0,
  "summary_csf_p05": 67.73577615618706,
  "summary_csf_p95": 382.28330940008163,
  "summary_csf_stdv": 103.55339090230746,
  "summary_gm_k": 0.05285020473132951,
  "summary_gm_mad": 65.10089842252877,
  "summary_gm_mean": 647.4977575323652,
  "summary_gm_median": 650.6681857258081,
  "summary_gm_n": 65164.0,
  "summary_gm_p05": 534.4788019359112,
  "summary_gm_p95": 751.0118270665407,
  "summary_gm_stdv": 65.73929113860065,
  "summary_wm_k": 0.8398172830698689,
  "summary_wm_mad": 42.287279236199126,
  "summary_wm_mean": 998.3501287342752,
  "summary_wm_median": 1000.0381698459387,
  "summary_wm_n": 192033.0,
  "summary_wm_p05": 921.7640203982592,
  "summary_wm_p95": 1068.896511852741,
  "summary_wm_stdv": 45.34160144711711,
  "tpm_overlap_csf": 0.17304447504377668,
  "tpm_overlap_gm": 0.4764079313550111,
  "tpm_overlap_wm": 0.4927612084412662,
  "wm2max": 0.47822740159382643
}