{
  "bids_meta": {
    "AccelFactPE": 2,
    "DeviceSerialNumber": "40482",
    "EchoTime": 0.418,
    "EchoTrainLength": 147,
    "FlipAngle": 120,
    "InstitutionAddress": "Frew_4805_Pittsburgh_PA_District_US_15213",
    "InstitutionName": "SIBR",
    "MagneticFieldStrength": 3,
    "Manufacturer": "Siemens",
    "ManufacturersModelName": "Verio",
    "PhaseEncodingDirection": "i-",
    "PhaseEncodingLines": 258,
    "RepetitionTime": 3,
    "ScanningSequence": "SE",
    "SequenceName": "_spc3d1_294ns",
    "SequenceVariant": "SK_SP",
    "SoftwareVersions": "syngo_MR_B17",
    "dataset": "ds001597",
    "modality": "T2w",
    "session_id": "pre",
    "subject_id": "19"
  },
  "cjv": 0.3292392943833924,
  "cnr": 2.6860502893710176,
  "efc": 0.5822912407664064,
  "fber": -1.0,
  "fwhm_avg": 2.314524340918418,
  "fwhm_x": 2.382174964502827,
  "fwhm_y": 2.1766959223300972,
  "fwhm_z": 2.38470213592233,
  "icvs_csf": 0.2560868573642182,
  "icvs_gm": 0.6080131782517781,
  "icvs_wm": 0.13589996438400362,
  "inu_med": 0.9657450914382935,
  "inu_range": 0.3129129409790039,
  "provenance": {
    "md5sum": "a7e884461cfdf04ea78b7d48e528fdd6",
    "settings": {
      "testing": false
    },
    "software": "mriqc",
    "version": "22.0.6",
    "warnings": {
      "large_rot_frame": true,
      "small_air_mask": false
    },
    "webapi_port": null,
    "webapi_url": "https://mriqc.nimh.nih.gov/api/v1"
  },
  "qi_1": 0.0,
  "qi_2": 0.042225570631181854,
  "rpve_csf": 10.649916875557711,
  "rpve_gm": 6.08591836311121,
  "rpve_wm": 28.429394751145274,
  "size_x": 224,
  "size_y": 256,
  "size_z": 256,
  "snr_csf": 7.2519152321213785,
  "snr_gm": 7.930918558251935,
  "snr_total": 6.594926366131788,
  "snr_wm": 4.60194530802205,
  "snrd_csf": 102.70534187196182,
  "snrd_gm": 63.15245402465499,
  "snrd_total": 107.82648382311869,
  "snrd_wm": 157.62165557273926,
  "spacing_x": 0.800000011920929,
  "spacing_y": 0.8046875,
  "spacing_z": 0.8046875,
  "summary_bg_k": 7.5400795530197495,
  "summary_bg_mad": 0.0,
  "summary_bg_mean": 2.1418130524675343,
  "summary_bg_median": 0.0,
  "summary_bg_n": 3582531.0,
  "summary_bg_p05": 0.0,
  "summary_bg_p95": 11.17688861489296,
  "summary_bg_stdv": 4.155204713876033,
  "summary_csf_k": 1.1004156364145858,
  "summary_csf_mad": 79.13297287371591,
  "summary_csf_mean": 662.655339256119,
  "summary_csf_median": 651.4089595489204,
  "summary_csf_n": 51903.0,
  "summary_csf_p05": 534.2647477313876,
  "summary_csf_p95": 827.4686350822449,
  "summary_csf_stdv": 89.82491706190179,
  "summary_gm_k": 0.1308150675477,
  "summary_gm_mad": 50.48501108802284,
  "summary_gm_mean": 401.85277206543384,
  "summary_gm_median": 400.54464178159833,
  "summary_gm_n": 633908.0,
  "summary_gm_p05": 321.78546480461955,
  "summary_gm_p95": 486.5261726304889,
  "summary_gm_stdv": 50.504153195714025,
  "summary_wm_k": 5.760939852015753,
  "summary_wm_mad": 146.785696355371,
  "summary_wm_mean": 958.7200325014956,
  "summary_wm_median": 999.7158549651504,
  "summary_wm_n": 51617.0,
  "summary_wm_p05": 468.6147350281477,
  "summary_wm_p95": 1169.713489215821,
  "summary_wm_stdv": 217.23556105651517,
  "tpm_overlap_csf": 0.1096265034726899,
  "tpm_overlap_gm": 0.3733071377582653,
  "tpm_overlap_wm": 0.03128505867328595,
  "wm2max": 0.8288613373566704
}