{
  "aor": 0.001113526970954357,
  "aqi": 0.009188984066390042,
  "bids_meta": {
    "BandwidthPerPixelPhaseEncode": 10.965,
    "DeviceSerialNumber": "40482",
    "EchoTime": 0.03,
    "EffectiveEchoSpacing": 0.000949,
    "FlipAngle": 79,
    "ImageType": [
      "ORIGINAL",
      "PRIMARY",
      "M",
      "MB",
      "ND",
      "MOSAIC"
    ],
    "InstitutionAddress": "Frew_4805_Pittsburgh_PA_District_US_15213",
    "InstitutionName": "SIBR",
    "MagneticFieldStrength": 3,
    "Manufacturer": "Siemens",
    "ManufacturersModelName": "Verio",
    "MultibandAccellerationFactor": 3,
    "PhaseEncodingDirection": "j-",
    "PhaseEncodingLines": 96,
    "RepetitionTime": 2.0,
    "ScanningSequence": "EP",
    "SequenceName": "epfid2d1_96",
    "SequenceVariant": "SK_SS",
    "SliceTiming": [
      0,
      0.09,
      0.1825,
      0.2725,
      0.365,
      0.455,
      0.5475,
      0.6375,
      0.73,
      0.82,
      0.9125,
      1.0025,
      1.095,
      1.185,
      1.2775,
      1.3675,
      1.46,
      1.55,
      1.6425,
      1.7325,
      1.825,
      1.915,
      0,
      0.09,
      0.1825,
      0.2725,
      0.365,
      0.455,
      0.5475,
      0.6375,
      0.73,
      0.82,
      0.9125,
      1.0025,
      1.095,
      1.185,
      1.2775,
      1.3675,
      1.46,
      1.55,
      1.6425,
      1.7325,
      1.825,
      1.915,
      0,
      0.09,
      0.1825,
      0.2725,
      0.365,
      0.455,
      0.5475,
      0.6375,
      0.73,
      0.82,
      0.9125,
      1.0025,
      1.095,
      1.185,
      1.2775,
      1.3675,
      1.46,
      1.55,
      1.6425,
      1.7325,
      1.825,
      1.915
    ],
    "SoftwareVersions": "syngo_MR_B17",
    "TaskName": "cuedMFM",
    "TotalReadoutTime": 0.03039,
    "dataset": "ds001597",
    "modality": "bold",
    "run_id": 2,
    "session_id": "post",
    "subject_id": "15",
    "task_id": "cuedMFM"
  },
  "dummy_trs": 0,
  "dvars_nstd": 33.12698494620831,
  "dvars_std": 1.2593097852916664,
  "dvars_vstd": 1.0081836364166668,
  "efc": 0.5902102293178229,
  "fber": 1668.44482421875,
  "fd_mean": 0.17098545966243536,
  "fd_num": 75,
  "fd_perc": 31.12033195020747,
  "fwhm_avg": 2.172833333333333,
  "fwhm_x": 2.085405,
  "fwhm_y": 2.348115,
  "fwhm_z": 2.08498,
  "gcor": 0.0165809,
  "gsr_x": 0.01014170702546835,
  "gsr_y": 0.043603356927633286,
  "provenance": {
    "md5sum": "c2b2f7d77582e5ef57a94a20f1d1806b",
    "settings": {
      "fd_thres": 0.2,
      "testing": false
    },
    "software": "mriqc",
    "version": "22.0.6",
    "webapi_port": null,
    "webapi_url": "https://mriqc.nimh.nih.gov/api/v1"
  },
  "size_t": 241,
  "size_x": 96,
  "size_y": 96,
  "size_z": 66,
  "snr": 5.510972413108265,
  "spacing_tr": 2.0,
  "spacing_x": 2.0,
  "spacing_y": 2.0,
  "spacing_z": 2.0,
  "summary_bg_k": 15.748780690075261,
  "summary_bg_mad": 13.774003040647896,
  "summary_bg_mean": 45.11268615722656,
  "summary_bg_median": 14.474291801452637,
  "summary_bg_n": 360205.0,
  "summary_bg_p05": 4.386776924133301,
  "summary_bg_p95": 191.045230102539,
  "summary_bg_stdv": 72.07433319091797,
  "summary_fg_k": 3.6838109379069186,
  "summary_fg_mad": 91.11940756319225,
  "summary_fg_mean": 624.2786865234375,
  "summary_fg_median": 627.8993530273438,
  "summary_fg_n": 155767.0,
  "summary_fg_p05": 441.9741241455078,
  "summary_fg_p95": 789.1069213867187,
  "summary_fg_stdv": 113.93585205078125,
  "tsnr": 54.588844299316406
}