{
  "aor": 0.0015697907949790795,
  "aqi": 0.010348935146443514,
  "bids_meta": {
    "BandwidthPerPixelPhaseEncode": 10.965,
    "DeviceSerialNumber": "40482",
    "EchoTime": 0.03,
    "EffectiveEchoSpacing": 0.000949,
    "FlipAngle": 79,
    "ImageType": [
      "ORIGINAL",
      "PRIMARY",
      "M",
      "MB",
      "ND",
      "MOSAIC"
    ],
    "InstitutionAddress": "Frew_4805_Pittsburgh_PA_District_US_15213",
    "InstitutionName": "SIBR",
    "MagneticFieldStrength": 3,
    "Manufacturer": "Siemens",
    "ManufacturersModelName": "Verio",
    "MultibandAccellerationFactor": 3,
    "PhaseEncodingDirection": "j-",
    "PhaseEncodingLines": 96,
    "RepetitionTime": 2.0,
    "ScanningSequence": "EP",
    "SequenceName": "epfid2d1_96",
    "SequenceVariant": "SK_SS",
    "SliceTiming": [
      0,
      0.09,
      0.1825,
      0.2725,
      0.365,
      0.455,
      0.5475,
      0.6375,
      0.73,
      0.82,
      0.9125,
      1.0025,
      1.095,
      1.185,
      1.2775,
      1.3675,
      1.46,
      1.55,
      1.6425,
      1.7325,
      1.825,
      1.915,
      0,
      0.09,
      0.1825,
      0.2725,
      0.365,
      0.455,
      0.5475,
      0.6375,
      0.73,
      0.82,
      0.9125,
      1.0025,
      1.095,
      1.185,
      1.2775,
      1.3675,
      1.46,
      1.55,
      1.6425,
      1.7325,
      1.825,
      1.915,
      0,
      0.09,
      0.1825,
      0.2725,
      0.365,
      0.455,
      0.5475,
      0.6375,
      0.73,
      0.82,
      0.9125,
      1.0025,
      1.095,
      1.185,
      1.2775,
      1.3675,
      1.46,
      1.55,
      1.6425,
      1.7325,
      1.825,
      1.915
    ],
    "SoftwareVersions": "syngo_MR_B17",
    "TaskName": "cuedMFM",
    "TotalReadoutTime": 0.03039,
    "dataset": "ds001597",
    "modality": "bold",
    "run_id": 4,
    "session_id": "post",
    "subject_id": "15",
    "task_id": "cuedMFM"
  },
  "dummy_trs": 2,
  "dvars_nstd": 33.780154460630264,
  "dvars_std": 1.215649800714286,
  "dvars_vstd": 1.01149864315126,
  "efc": 0.5885974617258671,
  "fber": 1704.35791015625,
  "fd_mean": 0.16871247621231825,
  "fd_num": 58,
  "fd_perc": 24.267782426778243,
  "fwhm_avg": 2.1491566666666664,
  "fwhm_x": 2.084355,
  "fwhm_y": 2.30722,
  "fwhm_z": 2.055895,
  "gcor": 0.0155531,
  "gsr_x": 0.008714176714420319,
  "gsr_y": 0.04107099771499634,
  "provenance": {
    "md5sum": "1f46fdb5b2e0375071a1c6b014918eeb",
    "settings": {
      "fd_thres": 0.2,
      "testing": false
    },
    "software": "mriqc",
    "version": "22.0.6",
    "webapi_port": null,
    "webapi_url": "https://mriqc.nimh.nih.gov/api/v1"
  },
  "size_t": 239,
  "size_x": 96,
  "size_y": 96,
  "size_z": 66,
  "snr": 5.527198801470442,
  "spacing_tr": 2.0,
  "spacing_x": 2.0,
  "spacing_y": 2.0,
  "spacing_z": 2.0,
  "summary_bg_k": 16.268524902703973,
  "summary_bg_mad": 12.494172100626212,
  "summary_bg_mean": 41.711570739746094,
  "summary_bg_median": 13.575460433959961,
  "summary_bg_n": 361144.0,
  "summary_bg_p05": 4.37068886756897,
  "summary_bg_p95": 175.2047790527343,
  "summary_bg_stdv": 66.45703887939453,
  "summary_fg_k": 3.6608216424057574,
  "summary_fg_mad": 86.35225866957082,
  "summary_fg_mean": 590.0963745117188,
  "summary_fg_median": 592.99267578125,
  "summary_fg_n": 155793.0,
  "summary_fg_p05": 416.5667724609375,
  "summary_fg_p95": 743.5945190429687,
  "summary_fg_stdv": 107.28594970703125,
  "tsnr": 52.45238494873047
}