{
  "aor": 0.0010756016597510375,
  "aqi": 0.01045848195020747,
  "bids_meta": {
    "BandwidthPerPixelPhaseEncode": 10.965,
    "DeviceSerialNumber": "40482",
    "EchoTime": 0.03,
    "EffectiveEchoSpacing": 0.000949,
    "FlipAngle": 79,
    "ImageType": [
      "ORIGINAL",
      "PRIMARY",
      "M",
      "MB",
      "ND",
      "MOSAIC"
    ],
    "InstitutionAddress": "Frew_4805_Pittsburgh_PA_District_US_15213",
    "InstitutionName": "SIBR",
    "MagneticFieldStrength": 3,
    "Manufacturer": "Siemens",
    "ManufacturersModelName": "Verio",
    "MultibandAccellerationFactor": 3,
    "PhaseEncodingDirection": "j-",
    "PhaseEncodingLines": 96,
    "RepetitionTime": 2.0,
    "ScanningSequence": "EP",
    "SequenceName": "epfid2d1_96",
    "SequenceVariant": "SK_SS",
    "SliceTiming": [
      0,
      0.09,
      0.1825,
      0.2725,
      0.365,
      0.455,
      0.5475,
      0.6375,
      0.73,
      0.82,
      0.9125,
      1.0025,
      1.095,
      1.185,
      1.2775,
      1.3675,
      1.46,
      1.55,
      1.6425,
      1.7325,
      1.825,
      1.915,
      0,
      0.09,
      0.1825,
      0.2725,
      0.365,
      0.455,
      0.5475,
      0.6375,
      0.73,
      0.82,
      0.9125,
      1.0025,
      1.095,
      1.185,
      1.2775,
      1.3675,
      1.46,
      1.55,
      1.6425,
      1.7325,
      1.825,
      1.915,
      0,
      0.09,
      0.1825,
      0.2725,
      0.365,
      0.455,
      0.5475,
      0.6375,
      0.73,
      0.82,
      0.9125,
      1.0025,
      1.095,
      1.185,
      1.2775,
      1.3675,
      1.46,
      1.55,
      1.6425,
      1.7325,
      1.825,
      1.915
    ],
    "SoftwareVersions": "syngo_MR_B17",
    "TaskName": "cuedMFM",
    "TotalReadoutTime": 0.03039,
    "dataset": "ds001597",
    "modality": "bold",
    "run_id": 5,
    "session_id": "post",
    "subject_id": "15",
    "task_id": "cuedMFM"
  },
  "dummy_trs": 0,
  "dvars_nstd": 34.143715318249996,
  "dvars_std": 1.237020931666667,
  "dvars_vstd": 1.0089555028333344,
  "efc": 0.5892521490947947,
  "fber": 1643.6102294921875,
  "fd_mean": 0.1404353632094631,
  "fd_num": 36,
  "fd_perc": 14.937759336099585,
  "fwhm_avg": 2.1528233333333335,
  "fwhm_x": 2.080305,
  "fwhm_y": 2.31735,
  "fwhm_z": 2.060815,
  "gcor": 0.0241035,
  "gsr_x": 0.008658039383590221,
  "gsr_y": 0.041179757565259933,
  "provenance": {
    "md5sum": "05375524084b6ee8c8e35e004594aac6",
    "settings": {
      "fd_thres": 0.2,
      "testing": false
    },
    "software": "mriqc",
    "version": "22.0.6",
    "webapi_port": null,
    "webapi_url": "https://mriqc.nimh.nih.gov/api/v1"
  },
  "size_t": 241,
  "size_x": 96,
  "size_y": 96,
  "size_z": 66,
  "snr": 5.525865748982384,
  "spacing_tr": 2.0,
  "spacing_x": 2.0,
  "spacing_y": 2.0,
  "spacing_z": 2.0,
  "summary_bg_k": 15.888548262223512,
  "summary_bg_mad": 12.678232273326103,
  "summary_bg_mean": 41.817623138427734,
  "summary_bg_median": 13.680750846862793,
  "summary_bg_n": 361486.0,
  "summary_bg_p05": 4.377904772758484,
  "summary_bg_p95": 175.3163185119629,
  "summary_bg_stdv": 65.7508544921875,
  "summary_fg_k": 3.543821795258058,
  "summary_fg_mad": 85.92695163667432,
  "summary_fg_mean": 584.8402709960938,
  "summary_fg_median": 588.2770385742188,
  "summary_fg_n": 155455.0,
  "summary_fg_p05": 411.48536987304686,
  "summary_fg_p95": 737.1024108886716,
  "summary_fg_stdv": 106.45845794677734,
  "tsnr": 52.183223724365234
}