{
  "aor": 0.0006569709543568465,
  "aqi": 0.02382869253112033,
  "bids_meta": {
    "BandwidthPerPixelPhaseEncode": 10.965,
    "DeviceSerialNumber": "40482",
    "EchoTime": 0.03,
    "EffectiveEchoSpacing": 0.000949,
    "FlipAngle": 79,
    "ImageType": [
      "ORIGINAL",
      "PRIMARY",
      "M",
      "MB",
      "ND",
      "MOSAIC"
    ],
    "InstitutionAddress": "Frew_4805_Pittsburgh_PA_District_US_15213",
    "InstitutionName": "SIBR",
    "MagneticFieldStrength": 3,
    "Manufacturer": "Siemens",
    "ManufacturersModelName": "Verio",
    "MultibandAccellerationFactor": 3,
    "PhaseEncodingDirection": "j-",
    "PhaseEncodingLines": 96,
    "RepetitionTime": 2.0,
    "ScanningSequence": "EP",
    "SequenceName": "epfid2d1_96",
    "SequenceVariant": "SK_SS",
    "SliceTiming": [
      0,
      0.09,
      0.1825,
      0.2725,
      0.365,
      0.455,
      0.5475,
      0.6375,
      0.73,
      0.82,
      0.9125,
      1.0025,
      1.095,
      1.185,
      1.2775,
      1.3675,
      1.46,
      1.55,
      1.6425,
      1.7325,
      1.825,
      1.915,
      0,
      0.09,
      0.1825,
      0.2725,
      0.365,
      0.455,
      0.5475,
      0.6375,
      0.73,
      0.82,
      0.9125,
      1.0025,
      1.095,
      1.185,
      1.2775,
      1.3675,
      1.46,
      1.55,
      1.6425,
      1.7325,
      1.825,
      1.915,
      0,
      0.09,
      0.1825,
      0.2725,
      0.365,
      0.455,
      0.5475,
      0.6375,
      0.73,
      0.82,
      0.9125,
      1.0025,
      1.095,
      1.185,
      1.2775,
      1.3675,
      1.46,
      1.55,
      1.6425,
      1.7325,
      1.825,
      1.915
    ],
    "SoftwareVersions": "syngo_MR_B17",
    "TaskName": "cuedMFM",
    "TotalReadoutTime": 0.03039,
    "dataset": "ds001597",
    "modality": "bold",
    "run_id": 2,
    "session_id": "post",
    "subject_id": "09",
    "task_id": "cuedMFM"
  },
  "dummy_trs": 0,
  "dvars_nstd": 28.634854444041682,
  "dvars_std": 1.0949606741666664,
  "dvars_vstd": 0.9510928667916672,
  "efc": 0.5377410347711366,
  "fber": 3830.09521484375,
  "fd_mean": 0.22492907014400926,
  "fd_num": 126,
  "fd_perc": 52.28215767634855,
  "fwhm_avg": 2.1229549999999997,
  "fwhm_x": 2.02652,
  "fwhm_y": 2.238425,
  "fwhm_z": 2.10392,
  "gcor": 0.0117135,
  "gsr_x": -0.0017956652445718646,
  "gsr_y": 0.018918326124548912,
  "provenance": {
    "md5sum": "df630fd642aef29e3fd11aec1f239922",
    "settings": {
      "fd_thres": 0.2,
      "testing": false
    },
    "software": "mriqc",
    "version": "22.0.6",
    "webapi_port": null,
    "webapi_url": "https://mriqc.nimh.nih.gov/api/v1"
  },
  "size_t": 241,
  "size_x": 96,
  "size_y": 96,
  "size_z": 66,
  "snr": 6.284095071829313,
  "spacing_tr": 2.0,
  "spacing_x": 2.0,
  "spacing_y": 2.0,
  "spacing_z": 2.0,
  "summary_bg_k": 18.110127502277862,
  "summary_bg_mad": 7.857195720248182,
  "summary_bg_mean": 30.674068450927734,
  "summary_bg_median": 10.136693954467773,
  "summary_bg_n": 385176.0,
  "summary_bg_p05": 3.9093018770217896,
  "summary_bg_p95": 126.54140853881836,
  "summary_bg_stdv": 52.84854507446289,
  "summary_fg_k": 3.533476134074082,
  "summary_fg_mad": 82.3442375842406,
  "summary_fg_mean": 625.5407104492188,
  "summary_fg_median": 624.1705322265625,
  "summary_fg_n": 136819.0,
  "summary_fg_p05": 477.3189422607422,
  "summary_fg_p95": 779.8107604980469,
  "summary_fg_stdv": 99.32508087158203,
  "tsnr": 40.5957145690918
}