{
  "aor": 0.00072,
  "aqi": 0.01903602033195021,
  "bids_meta": {
    "BandwidthPerPixelPhaseEncode": 10.965,
    "DeviceSerialNumber": "40482",
    "EchoTime": 0.03,
    "EffectiveEchoSpacing": 0.000949,
    "FlipAngle": 79,
    "ImageType": [
      "ORIGINAL",
      "PRIMARY",
      "M",
      "MB",
      "ND",
      "MOSAIC"
    ],
    "InstitutionAddress": "Frew_4805_Pittsburgh_PA_District_US_15213",
    "InstitutionName": "SIBR",
    "MagneticFieldStrength": 3,
    "Manufacturer": "Siemens",
    "ManufacturersModelName": "Verio",
    "MultibandAccellerationFactor": 3,
    "PhaseEncodingDirection": "j-",
    "PhaseEncodingLines": 96,
    "RepetitionTime": 2.0,
    "ScanningSequence": "EP",
    "SequenceName": "epfid2d1_96",
    "SequenceVariant": "SK_SS",
    "SliceTiming": [
      0,
      0.09,
      0.1825,
      0.2725,
      0.365,
      0.455,
      0.5475,
      0.6375,
      0.73,
      0.82,
      0.9125,
      1.0025,
      1.095,
      1.185,
      1.2775,
      1.3675,
      1.46,
      1.55,
      1.6425,
      1.7325,
      1.825,
      1.915,
      0,
      0.09,
      0.1825,
      0.2725,
      0.365,
      0.455,
      0.5475,
      0.6375,
      0.73,
      0.82,
      0.9125,
      1.0025,
      1.095,
      1.185,
      1.2775,
      1.3675,
      1.46,
      1.55,
      1.6425,
      1.7325,
      1.825,
      1.915,
      0,
      0.09,
      0.1825,
      0.2725,
      0.365,
      0.455,
      0.5475,
      0.6375,
      0.73,
      0.82,
      0.9125,
      1.0025,
      1.095,
      1.185,
      1.2775,
      1.3675,
      1.46,
      1.55,
      1.6425,
      1.7325,
      1.825,
      1.915
    ],
    "SoftwareVersions": "syngo_MR_B17",
    "TaskName": "cuedMFM",
    "TotalReadoutTime": 0.03039,
    "dataset": "ds001597",
    "modality": "bold",
    "run_id": 7,
    "session_id": "post",
    "subject_id": "09",
    "task_id": "cuedMFM"
  },
  "dummy_trs": 0,
  "dvars_nstd": 29.590525754374994,
  "dvars_std": 1.1327406037083334,
  "dvars_vstd": 0.9692528134999999,
  "efc": 0.5369787919559458,
  "fber": 3867.2861328125,
  "fd_mean": 0.24994357764533917,
  "fd_num": 140,
  "fd_perc": 58.09128630705394,
  "fwhm_avg": 2.1256916666666665,
  "fwhm_x": 2.039655,
  "fwhm_y": 2.22543,
  "fwhm_z": 2.11199,
  "gcor": 0.0150925,
  "gsr_x": 0.0023941705003380775,
  "gsr_y": 0.02062584087252617,
  "provenance": {
    "md5sum": "c2ce4339ca850ff428e204eb62e015d6",
    "settings": {
      "fd_thres": 0.2,
      "testing": false
    },
    "software": "mriqc",
    "version": "22.0.6",
    "webapi_port": null,
    "webapi_url": "https://mriqc.nimh.nih.gov/api/v1"
  },
  "size_t": 241,
  "size_x": 96,
  "size_y": 96,
  "size_z": 66,
  "snr": 6.244770404469531,
  "spacing_tr": 2.0,
  "spacing_x": 2.0,
  "spacing_y": 2.0,
  "spacing_z": 2.0,
  "summary_bg_k": 18.035581789437046,
  "summary_bg_mad": 7.4378953715355305,
  "summary_bg_mean": 30.011674880981445,
  "summary_bg_median": 10.007678985595703,
  "summary_bg_n": 385260.0,
  "summary_bg_p05": 4.093281579017639,
  "summary_bg_p95": 122.79094276428222,
  "summary_bg_stdv": 51.19329833984375,
  "summary_fg_k": 2.936497701821988,
  "summary_fg_mad": 84.64881351196226,
  "summary_fg_mean": 617.0776977539062,
  "summary_fg_median": 616.1087036132812,
  "summary_fg_n": 136728.0,
  "summary_fg_p05": 469.6297775268555,
  "summary_fg_p95": 771.1117492675781,
  "summary_fg_stdv": 98.65958404541016,
  "tsnr": 44.33351135253906
}