{
  "aor": 0.002465933609958506,
  "aqi": 0.018573228215767637,
  "bids_meta": {
    "BandwidthPerPixelPhaseEncode": 10.965,
    "DeviceSerialNumber": "40482",
    "EchoTime": 0.03,
    "EffectiveEchoSpacing": 0.000949,
    "FlipAngle": 79,
    "ImageType": [
      "ORIGINAL",
      "PRIMARY",
      "M",
      "MB",
      "ND",
      "MOSAIC"
    ],
    "InstitutionAddress": "Frew_4805_Pittsburgh_PA_District_US_15213",
    "InstitutionName": "SIBR",
    "MagneticFieldStrength": 3,
    "Manufacturer": "Siemens",
    "ManufacturersModelName": "Verio",
    "MultibandAccellerationFactor": 3,
    "PhaseEncodingDirection": "j-",
    "PhaseEncodingLines": 96,
    "RepetitionTime": 2.0,
    "ScanningSequence": "EP",
    "SequenceName": "epfid2d1_96",
    "SequenceVariant": "SK_SS",
    "SliceTiming": [
      0,
      0.09,
      0.1825,
      0.2725,
      0.365,
      0.455,
      0.5475,
      0.6375,
      0.73,
      0.82,
      0.9125,
      1.0025,
      1.095,
      1.185,
      1.2775,
      1.3675,
      1.46,
      1.55,
      1.6425,
      1.7325,
      1.825,
      1.915,
      0,
      0.09,
      0.1825,
      0.2725,
      0.365,
      0.455,
      0.5475,
      0.6375,
      0.73,
      0.82,
      0.9125,
      1.0025,
      1.095,
      1.185,
      1.2775,
      1.3675,
      1.46,
      1.55,
      1.6425,
      1.7325,
      1.825,
      1.915,
      0,
      0.09,
      0.1825,
      0.2725,
      0.365,
      0.455,
      0.5475,
      0.6375,
      0.73,
      0.82,
      0.9125,
      1.0025,
      1.095,
      1.185,
      1.2775,
      1.3675,
      1.46,
      1.55,
      1.6425,
      1.7325,
      1.825,
      1.915
    ],
    "SoftwareVersions": "syngo_MR_B17",
    "TaskName": "cuedMFM",
    "TotalReadoutTime": 0.03039,
    "dataset": "ds001597",
    "modality": "bold",
    "run_id": 8,
    "session_id": "post",
    "subject_id": "09",
    "task_id": "cuedMFM"
  },
  "dummy_trs": 0,
  "dvars_nstd": 28.884146626750006,
  "dvars_std": 1.1612624627500006,
  "dvars_vstd": 1.0139137710416668,
  "efc": 0.5372146806051364,
  "fber": 4026.999267578125,
  "fd_mean": 0.22017344730833985,
  "fd_num": 123,
  "fd_perc": 51.03734439834025,
  "fwhm_avg": 2.1170750000000003,
  "fwhm_x": 2.030495,
  "fwhm_y": 2.216495,
  "fwhm_z": 2.104235,
  "gcor": 0.0129386,
  "gsr_x": 0.004095135256648064,
  "gsr_y": 0.022250356152653694,
  "provenance": {
    "md5sum": "921386c25bc2413e8b4bbd7fab1d8dd0",
    "settings": {
      "fd_thres": 0.2,
      "testing": false
    },
    "software": "mriqc",
    "version": "22.0.6",
    "webapi_port": null,
    "webapi_url": "https://mriqc.nimh.nih.gov/api/v1"
  },
  "size_t": 241,
  "size_x": 96,
  "size_y": 96,
  "size_z": 66,
  "snr": 6.2885139243716885,
  "spacing_tr": 2.0,
  "spacing_x": 2.0,
  "spacing_y": 2.0,
  "spacing_z": 2.0,
  "summary_bg_k": 17.620959315475087,
  "summary_bg_mad": 7.245586745035242,
  "summary_bg_mean": 29.71725845336914,
  "summary_bg_median": 9.807336807250977,
  "summary_bg_n": 384754.0,
  "summary_bg_p05": 3.99823876619339,
  "summary_bg_p95": 121.55466880798336,
  "summary_bg_stdv": 50.16460037231445,
  "summary_fg_k": 2.9428408592029056,
  "summary_fg_mad": 83.4085458113496,
  "summary_fg_mean": 615.260986328125,
  "summary_fg_median": 614.045166015625,
  "summary_fg_n": 137220.0,
  "summary_fg_p05": 469.3014801025391,
  "summary_fg_p95": 768.6578247070311,
  "summary_fg_stdv": 97.64515686035156,
  "tsnr": 44.496360778808594
}