{
  "aor": 0.000914375,
  "aqi": 0.021224417916666665,
  "bids_meta": {
    "BandwidthPerPixelPhaseEncode": 10.965,
    "DeviceSerialNumber": "40482",
    "EchoTime": 0.03,
    "EffectiveEchoSpacing": 0.000949,
    "FlipAngle": 79,
    "ImageType": [
      "ORIGINAL",
      "PRIMARY",
      "M",
      "MB",
      "ND",
      "MOSAIC"
    ],
    "InstitutionAddress": "Frew_4805_Pittsburgh_PA_District_US_15213",
    "InstitutionName": "SIBR",
    "MagneticFieldStrength": 3,
    "Manufacturer": "Siemens",
    "ManufacturersModelName": "Verio",
    "MultibandAccellerationFactor": 3,
    "PhaseEncodingDirection": "j-",
    "PhaseEncodingLines": 96,
    "RepetitionTime": 2.0,
    "ScanningSequence": "EP",
    "SequenceName": "epfid2d1_96",
    "SequenceVariant": "SK_SS",
    "SliceTiming": [
      0,
      0.09,
      0.1825,
      0.2725,
      0.365,
      0.455,
      0.5475,
      0.6375,
      0.73,
      0.82,
      0.9125,
      1.0025,
      1.095,
      1.185,
      1.2775,
      1.3675,
      1.46,
      1.55,
      1.6425,
      1.7325,
      1.825,
      1.915,
      0,
      0.09,
      0.1825,
      0.2725,
      0.365,
      0.455,
      0.5475,
      0.6375,
      0.73,
      0.82,
      0.9125,
      1.0025,
      1.095,
      1.185,
      1.2775,
      1.3675,
      1.46,
      1.55,
      1.6425,
      1.7325,
      1.825,
      1.915,
      0,
      0.09,
      0.1825,
      0.2725,
      0.365,
      0.455,
      0.5475,
      0.6375,
      0.73,
      0.82,
      0.9125,
      1.0025,
      1.095,
      1.185,
      1.2775,
      1.3675,
      1.46,
      1.55,
      1.6425,
      1.7325,
      1.825,
      1.915
    ],
    "SoftwareVersions": "syngo_MR_B17",
    "TaskName": "cuedMFM",
    "TotalReadoutTime": 0.03039,
    "dataset": "ds001597",
    "modality": "bold",
    "run_id": 5,
    "session_id": "post",
    "subject_id": "09",
    "task_id": "cuedMFM"
  },
  "dummy_trs": 1,
  "dvars_nstd": 29.416202369414197,
  "dvars_std": 1.1509140085774057,
  "dvars_vstd": 0.9654234311297066,
  "efc": 0.5373412274850929,
  "fber": 3434.143310546875,
  "fd_mean": 0.21461558553180948,
  "fd_num": 112,
  "fd_perc": 46.666666666666664,
  "fwhm_avg": 2.1063183333333333,
  "fwhm_x": 2.02703,
  "fwhm_y": 2.20716,
  "fwhm_z": 2.084765,
  "gcor": 0.00999966,
  "gsr_x": -0.002741708653047681,
  "gsr_y": 0.015442779287695885,
  "provenance": {
    "md5sum": "5040eae781af9e15638d06c000ac0204",
    "settings": {
      "fd_thres": 0.2,
      "testing": false
    },
    "software": "mriqc",
    "version": "22.0.6",
    "webapi_port": null,
    "webapi_url": "https://mriqc.nimh.nih.gov/api/v1"
  },
  "size_t": 240,
  "size_x": 96,
  "size_y": 96,
  "size_z": 66,
  "snr": 6.256078069604514,
  "spacing_tr": 2.0,
  "spacing_x": 2.0,
  "spacing_y": 2.0,
  "spacing_z": 2.0,
  "summary_bg_k": 18.02625970401325,
  "summary_bg_mad": 8.40292770427111,
  "summary_bg_mean": 30.95281219482422,
  "summary_bg_median": 10.6383638381958,
  "summary_bg_n": 386394.0,
  "summary_bg_p05": 4.019149661064148,
  "summary_bg_p95": 127.68661079406733,
  "summary_bg_stdv": 53.565643310546875,
  "summary_fg_k": 3.547589418903611,
  "summary_fg_mad": 82.14375508820184,
  "summary_fg_mean": 622.9424438476562,
  "summary_fg_median": 619.8668212890625,
  "summary_fg_n": 135916.0,
  "summary_fg_p05": 479.11685943603516,
  "summary_fg_p95": 778.3267822265625,
  "summary_fg_stdv": 99.08197021484375,
  "tsnr": 43.37584686279297
}