{
  "aor": 0.0009186666666666667,
  "aqi": 0.010749842291666667,
  "bids_meta": {
    "BandwidthPerPixelPhaseEncode": 10.965,
    "DeviceSerialNumber": "40482",
    "EchoTime": 0.03,
    "EffectiveEchoSpacing": 0.000949,
    "FlipAngle": 79,
    "ImageType": [
      "ORIGINAL",
      "PRIMARY",
      "M",
      "MB",
      "ND",
      "MOSAIC"
    ],
    "InstitutionAddress": "Frew_4805_Pittsburgh_PA_District_US_15213",
    "InstitutionName": "SIBR",
    "MagneticFieldStrength": 3,
    "Manufacturer": "Siemens",
    "ManufacturersModelName": "Verio",
    "MultibandAccellerationFactor": 3,
    "PhaseEncodingDirection": "j-",
    "PhaseEncodingLines": 96,
    "RepetitionTime": 2.0,
    "ScanningSequence": "EP",
    "SequenceName": "epfid2d1_96",
    "SequenceVariant": "SK_SS",
    "SliceTiming": [
      0,
      0.09,
      0.1825,
      0.2725,
      0.365,
      0.455,
      0.5475,
      0.6375,
      0.73,
      0.82,
      0.9125,
      1.0025,
      1.095,
      1.185,
      1.2775,
      1.3675,
      1.46,
      1.55,
      1.6425,
      1.7325,
      1.825,
      1.915,
      0,
      0.09,
      0.1825,
      0.2725,
      0.365,
      0.455,
      0.5475,
      0.6375,
      0.73,
      0.82,
      0.9125,
      1.0025,
      1.095,
      1.185,
      1.2775,
      1.3675,
      1.46,
      1.55,
      1.6425,
      1.7325,
      1.825,
      1.915,
      0,
      0.09,
      0.1825,
      0.2725,
      0.365,
      0.455,
      0.5475,
      0.6375,
      0.73,
      0.82,
      0.9125,
      1.0025,
      1.095,
      1.185,
      1.2775,
      1.3675,
      1.46,
      1.55,
      1.6425,
      1.7325,
      1.825,
      1.915
    ],
    "SoftwareVersions": "syngo_MR_B17",
    "TaskName": "cuedMFM",
    "TotalReadoutTime": 0.03039,
    "dataset": "ds001597",
    "modality": "bold",
    "run_id": 8,
    "session_id": "post",
    "subject_id": "20",
    "task_id": "cuedMFM"
  },
  "dummy_trs": 1,
  "dvars_nstd": 37.88435888125523,
  "dvars_std": 1.333727636066946,
  "dvars_vstd": 0.9970221320502096,
  "efc": 0.5788645399920419,
  "fber": 2803.862060546875,
  "fd_mean": 0.13090097257088734,
  "fd_num": 47,
  "fd_perc": 19.583333333333332,
  "fwhm_avg": 2.0122933333333335,
  "fwhm_x": 1.90408,
  "fwhm_y": 2.13403,
  "fwhm_z": 1.99877,
  "gcor": 0.0175057,
  "gsr_x": -0.014243819750845432,
  "gsr_y": 0.04355407506227493,
  "provenance": {
    "md5sum": "30978652962543f6bbb9b28b112f51af",
    "settings": {
      "fd_thres": 0.2,
      "testing": false
    },
    "software": "mriqc",
    "version": "22.0.6",
    "webapi_port": null,
    "webapi_url": "https://mriqc.nimh.nih.gov/api/v1"
  },
  "size_t": 240,
  "size_x": 96,
  "size_y": 96,
  "size_z": 66,
  "snr": 5.698641726485233,
  "spacing_tr": 2.0,
  "spacing_x": 2.0,
  "spacing_y": 2.0,
  "spacing_z": 2.0,
  "summary_bg_k": 19.525719630141584,
  "summary_bg_mad": 8.01972189656837,
  "summary_bg_mean": 31.175901412963867,
  "summary_bg_median": 10.550606727600098,
  "summary_bg_n": 354943.0,
  "summary_bg_p05": 4.128244733810425,
  "summary_bg_p95": 127.73006362914985,
  "summary_bg_stdv": 51.883758544921875,
  "summary_fg_k": 2.993814720221236,
  "summary_fg_mad": 85.17153395356367,
  "summary_fg_mean": 585.029296875,
  "summary_fg_median": 581.9642333984375,
  "summary_fg_n": 162141.0,
  "summary_fg_p05": 432.94158935546875,
  "summary_fg_p95": 746.8515014648438,
  "summary_fg_stdv": 102.12300872802734,
  "tsnr": 56.19151306152344
}