{
  "aor": 0.0028615767634854773,
  "aqi": 0.01443765315352697,
  "bids_meta": {
    "BandwidthPerPixelPhaseEncode": 10.965,
    "DeviceSerialNumber": "40482",
    "EchoTime": 0.03,
    "EffectiveEchoSpacing": 0.000949,
    "FlipAngle": 79,
    "ImageType": [
      "ORIGINAL",
      "PRIMARY",
      "M",
      "MB",
      "ND",
      "MOSAIC"
    ],
    "InstitutionAddress": "Frew_4805_Pittsburgh_PA_District_US_15213",
    "InstitutionName": "SIBR",
    "MagneticFieldStrength": 3,
    "Manufacturer": "Siemens",
    "ManufacturersModelName": "Verio",
    "MultibandAccellerationFactor": 3,
    "PhaseEncodingDirection": "j-",
    "PhaseEncodingLines": 96,
    "RepetitionTime": 2.0,
    "ScanningSequence": "EP",
    "SequenceName": "epfid2d1_96",
    "SequenceVariant": "SK_SS",
    "SliceTiming": [
      0,
      0.09,
      0.1825,
      0.2725,
      0.365,
      0.455,
      0.5475,
      0.6375,
      0.73,
      0.82,
      0.9125,
      1.0025,
      1.095,
      1.185,
      1.2775,
      1.3675,
      1.46,
      1.55,
      1.6425,
      1.7325,
      1.825,
      1.915,
      0,
      0.09,
      0.1825,
      0.2725,
      0.365,
      0.455,
      0.5475,
      0.6375,
      0.73,
      0.82,
      0.9125,
      1.0025,
      1.095,
      1.185,
      1.2775,
      1.3675,
      1.46,
      1.55,
      1.6425,
      1.7325,
      1.825,
      1.915,
      0,
      0.09,
      0.1825,
      0.2725,
      0.365,
      0.455,
      0.5475,
      0.6375,
      0.73,
      0.82,
      0.9125,
      1.0025,
      1.095,
      1.185,
      1.2775,
      1.3675,
      1.46,
      1.55,
      1.6425,
      1.7325,
      1.825,
      1.915
    ],
    "SoftwareVersions": "syngo_MR_B17",
    "TaskName": "cuedMFM",
    "TotalReadoutTime": 0.03039,
    "dataset": "ds001597",
    "modality": "bold",
    "run_id": 5,
    "session_id": "post",
    "subject_id": "20",
    "task_id": "cuedMFM"
  },
  "dummy_trs": 0,
  "dvars_nstd": 34.53554897320832,
  "dvars_std": 1.253631192833333,
  "dvars_vstd": 1.0222960777499999,
  "efc": 0.5747607920253125,
  "fber": 2980.8017578125,
  "fd_mean": 0.21934077233399,
  "fd_num": 100,
  "fd_perc": 41.49377593360996,
  "fwhm_avg": 2.0253099999999997,
  "fwhm_x": 1.916475,
  "fwhm_y": 2.148745,
  "fwhm_z": 2.01071,
  "gcor": 0.0109414,
  "gsr_x": -0.01296633668243885,
  "gsr_y": 0.04145151376724243,
  "provenance": {
    "md5sum": "96f46ee72add69efa2fdb1cb7139e74f",
    "settings": {
      "fd_thres": 0.2,
      "testing": false
    },
    "software": "mriqc",
    "version": "22.0.6",
    "webapi_port": null,
    "webapi_url": "https://mriqc.nimh.nih.gov/api/v1"
  },
  "size_t": 241,
  "size_x": 96,
  "size_y": 96,
  "size_z": 66,
  "snr": 5.684306755868675,
  "spacing_tr": 2.0,
  "spacing_x": 2.0,
  "spacing_y": 2.0,
  "spacing_z": 2.0,
  "summary_bg_k": 20.92610749591106,
  "summary_bg_mad": 8.375507913838252,
  "summary_bg_mean": 29.724891662597656,
  "summary_bg_median": 10.404153823852539,
  "summary_bg_n": 355672.0,
  "summary_bg_p05": 3.6445943117141724,
  "summary_bg_p95": 118.67747611999512,
  "summary_bg_stdv": 50.003047943115234,
  "summary_fg_k": 2.9423466025581266,
  "summary_fg_mad": 85.85691171253349,
  "summary_fg_mean": 590.0496826171875,
  "summary_fg_median": 586.1922607421875,
  "summary_fg_n": 161681.0,
  "summary_fg_p05": 438.3023986816406,
  "summary_fg_p95": 754.2223510742188,
  "summary_fg_stdv": 103.12435150146484,
  "tsnr": 49.27537155151367
}