{
  "aor": 0.0014195416666666668,
  "aqi": 0.010720132125,
  "bids_meta": {
    "BandwidthPerPixelPhaseEncode": 10.965,
    "DeviceSerialNumber": "40482",
    "EchoTime": 0.03,
    "EffectiveEchoSpacing": 0.000949,
    "FlipAngle": 79,
    "ImageType": [
      "ORIGINAL",
      "PRIMARY",
      "M",
      "MB",
      "ND",
      "MOSAIC"
    ],
    "InstitutionAddress": "Frew_4805_Pittsburgh_PA_District_US_15213",
    "InstitutionName": "SIBR",
    "MagneticFieldStrength": 3,
    "Manufacturer": "Siemens",
    "ManufacturersModelName": "Verio",
    "MultibandAccellerationFactor": 3,
    "PhaseEncodingDirection": "j-",
    "PhaseEncodingLines": 96,
    "RepetitionTime": 2.0,
    "ScanningSequence": "EP",
    "SequenceName": "epfid2d1_96",
    "SequenceVariant": "SK_SS",
    "SliceTiming": [
      0,
      0.09,
      0.1825,
      0.2725,
      0.365,
      0.455,
      0.5475,
      0.6375,
      0.73,
      0.82,
      0.9125,
      1.0025,
      1.095,
      1.185,
      1.2775,
      1.3675,
      1.46,
      1.55,
      1.6425,
      1.7325,
      1.825,
      1.915,
      0,
      0.09,
      0.1825,
      0.2725,
      0.365,
      0.455,
      0.5475,
      0.6375,
      0.73,
      0.82,
      0.9125,
      1.0025,
      1.095,
      1.185,
      1.2775,
      1.3675,
      1.46,
      1.55,
      1.6425,
      1.7325,
      1.825,
      1.915,
      0,
      0.09,
      0.1825,
      0.2725,
      0.365,
      0.455,
      0.5475,
      0.6375,
      0.73,
      0.82,
      0.9125,
      1.0025,
      1.095,
      1.185,
      1.2775,
      1.3675,
      1.46,
      1.55,
      1.6425,
      1.7325,
      1.825,
      1.915
    ],
    "SoftwareVersions": "syngo_MR_B17",
    "TaskName": "cuedMFM",
    "TotalReadoutTime": 0.03039,
    "dataset": "ds001597",
    "modality": "bold",
    "run_id": 5,
    "session_id": "pre",
    "subject_id": "03",
    "task_id": "cuedMFM"
  },
  "dummy_trs": 1,
  "dvars_nstd": 35.69729906309625,
  "dvars_std": 1.2394702903347277,
  "dvars_vstd": 1.006984819414226,
  "efc": 0.554629214191413,
  "fber": 3274.557373046875,
  "fd_mean": 0.30388494683399486,
  "fd_num": 173,
  "fd_perc": 72.08333333333333,
  "fwhm_avg": 2.0922133333333335,
  "fwhm_x": 1.96759,
  "fwhm_y": 2.24815,
  "fwhm_z": 2.0609,
  "gcor": 0.016284,
  "gsr_x": -0.002675647847354412,
  "gsr_y": 0.037683404982089996,
  "provenance": {
    "md5sum": "d6cff23d5b58a20d290a7517a98be889",
    "settings": {
      "fd_thres": 0.2,
      "testing": false
    },
    "software": "mriqc",
    "version": "22.0.6",
    "webapi_port": null,
    "webapi_url": "https://mriqc.nimh.nih.gov/api/v1"
  },
  "size_t": 240,
  "size_x": 96,
  "size_y": 96,
  "size_z": 66,
  "snr": 6.1137526212353785,
  "spacing_tr": 2.0,
  "spacing_x": 2.0,
  "spacing_y": 2.0,
  "spacing_z": 2.0,
  "summary_bg_k": 25.384890830780986,
  "summary_bg_mad": 6.641432307735163,
  "summary_bg_mean": 29.205020904541016,
  "summary_bg_median": 9.46593952178955,
  "summary_bg_n": 375796.0,
  "summary_bg_p05": 4.194797039031982,
  "summary_bg_p95": 117.62386131286621,
  "summary_bg_stdv": 50.61735916137695,
  "summary_fg_k": 3.477119370682158,
  "summary_fg_mad": 75.50695195342448,
  "summary_fg_mean": 559.4285888671875,
  "summary_fg_median": 558.156494140625,
  "summary_fg_n": 144884.0,
  "summary_fg_p05": 420.1031860351562,
  "summary_fg_p95": 698.8670440673828,
  "summary_fg_stdv": 91.294921875,
  "tsnr": 55.5172233581543
}