{
  "aor": 0.0010103319502074689,
  "aqi": 0.01914721742738589,
  "bids_meta": {
    "BandwidthPerPixelPhaseEncode": 10.965,
    "DeviceSerialNumber": "40482",
    "EchoTime": 0.03,
    "EffectiveEchoSpacing": 0.000949,
    "FlipAngle": 79,
    "ImageType": [
      "ORIGINAL",
      "PRIMARY",
      "M",
      "MB",
      "ND",
      "MOSAIC"
    ],
    "InstitutionAddress": "Frew_4805_Pittsburgh_PA_District_US_15213",
    "InstitutionName": "SIBR",
    "MagneticFieldStrength": 3,
    "Manufacturer": "Siemens",
    "ManufacturersModelName": "Verio",
    "MultibandAccellerationFactor": 3,
    "PhaseEncodingDirection": "j-",
    "PhaseEncodingLines": 96,
    "RepetitionTime": 2.0,
    "ScanningSequence": "EP",
    "SequenceName": "epfid2d1_96",
    "SequenceVariant": "SK_SS",
    "SliceTiming": [
      0,
      0.09,
      0.1825,
      0.2725,
      0.365,
      0.455,
      0.5475,
      0.6375,
      0.73,
      0.82,
      0.9125,
      1.0025,
      1.095,
      1.185,
      1.2775,
      1.3675,
      1.46,
      1.55,
      1.6425,
      1.7325,
      1.825,
      1.915,
      0,
      0.09,
      0.1825,
      0.2725,
      0.365,
      0.455,
      0.5475,
      0.6375,
      0.73,
      0.82,
      0.9125,
      1.0025,
      1.095,
      1.185,
      1.2775,
      1.3675,
      1.46,
      1.55,
      1.6425,
      1.7325,
      1.825,
      1.915,
      0,
      0.09,
      0.1825,
      0.2725,
      0.365,
      0.455,
      0.5475,
      0.6375,
      0.73,
      0.82,
      0.9125,
      1.0025,
      1.095,
      1.185,
      1.2775,
      1.3675,
      1.46,
      1.55,
      1.6425,
      1.7325,
      1.825,
      1.915
    ],
    "SoftwareVersions": "syngo_MR_B17",
    "TaskName": "cuedMFM",
    "TotalReadoutTime": 0.03039,
    "dataset": "ds001597",
    "modality": "bold",
    "run_id": 6,
    "session_id": "post",
    "subject_id": "06",
    "task_id": "cuedMFM"
  },
  "dummy_trs": 0,
  "dvars_nstd": 35.57042956329166,
  "dvars_std": 1.2244220745833332,
  "dvars_vstd": 0.9775087478333333,
  "efc": 0.5671240262811369,
  "fber": 2701.44921875,
  "fd_mean": 0.15790662877632833,
  "fd_num": 48,
  "fd_perc": 19.91701244813278,
  "fwhm_avg": 1.9720233333333335,
  "fwhm_x": 1.86857,
  "fwhm_y": 2.12909,
  "fwhm_z": 1.91841,
  "gcor": 0.0129706,
  "gsr_x": -0.018482277169823647,
  "gsr_y": 0.05113181471824646,
  "provenance": {
    "md5sum": "5b6a141798b6b36ae6a834d6985e8e4d",
    "settings": {
      "fd_thres": 0.2,
      "testing": false
    },
    "software": "mriqc",
    "version": "22.0.6",
    "webapi_port": null,
    "webapi_url": "https://mriqc.nimh.nih.gov/api/v1"
  },
  "size_t": 241,
  "size_x": 96,
  "size_y": 96,
  "size_z": 66,
  "snr": 6.290329702907969,
  "spacing_tr": 2.0,
  "spacing_x": 2.0,
  "spacing_y": 2.0,
  "spacing_z": 2.0,
  "summary_bg_k": 13.73482413467152,
  "summary_bg_mad": 9.069084992900375,
  "summary_bg_mean": 35.54711151123047,
  "summary_bg_median": 11.023967742919922,
  "summary_bg_n": 372056.0,
  "summary_bg_p05": 4.037786960601807,
  "summary_bg_p95": 147.63784790039062,
  "summary_bg_stdv": 57.01184844970703,
  "summary_fg_k": 3.7586307638181795,
  "summary_fg_mad": 75.98209682639921,
  "summary_fg_mean": 597.5626220703125,
  "summary_fg_median": 596.9165649414062,
  "summary_fg_n": 146607.0,
  "summary_fg_p05": 455.5278686523437,
  "summary_fg_p95": 742.9227722167967,
  "summary_fg_stdv": 94.89399719238281,
  "tsnr": 46.122474670410156
}