{
  "aor": 0.0012686721991701246,
  "aqi": 0.021764728630705398,
  "bids_meta": {
    "BandwidthPerPixelPhaseEncode": 10.965,
    "DeviceSerialNumber": "40482",
    "EchoTime": 0.03,
    "EffectiveEchoSpacing": 0.000949,
    "FlipAngle": 79,
    "ImageType": [
      "ORIGINAL",
      "PRIMARY",
      "M",
      "MB",
      "ND",
      "MOSAIC"
    ],
    "InstitutionAddress": "Frew_4805_Pittsburgh_PA_District_US_15213",
    "InstitutionName": "SIBR",
    "MagneticFieldStrength": 3,
    "Manufacturer": "Siemens",
    "ManufacturersModelName": "Verio",
    "MultibandAccellerationFactor": 3,
    "PhaseEncodingDirection": "j-",
    "PhaseEncodingLines": 96,
    "RepetitionTime": 2.0,
    "ScanningSequence": "EP",
    "SequenceName": "epfid2d1_96",
    "SequenceVariant": "SK_SS",
    "SliceTiming": [
      0,
      0.09,
      0.1825,
      0.2725,
      0.365,
      0.455,
      0.5475,
      0.6375,
      0.73,
      0.82,
      0.9125,
      1.0025,
      1.095,
      1.185,
      1.2775,
      1.3675,
      1.46,
      1.55,
      1.6425,
      1.7325,
      1.825,
      1.915,
      0,
      0.09,
      0.1825,
      0.2725,
      0.365,
      0.455,
      0.5475,
      0.6375,
      0.73,
      0.82,
      0.9125,
      1.0025,
      1.095,
      1.185,
      1.2775,
      1.3675,
      1.46,
      1.55,
      1.6425,
      1.7325,
      1.825,
      1.915,
      0,
      0.09,
      0.1825,
      0.2725,
      0.365,
      0.455,
      0.5475,
      0.6375,
      0.73,
      0.82,
      0.9125,
      1.0025,
      1.095,
      1.185,
      1.2775,
      1.3675,
      1.46,
      1.55,
      1.6425,
      1.7325,
      1.825,
      1.915
    ],
    "SoftwareVersions": "syngo_MR_B17",
    "TaskName": "cuedMFM",
    "TotalReadoutTime": 0.03039,
    "dataset": "ds001597",
    "modality": "bold",
    "run_id": 8,
    "session_id": "post",
    "subject_id": "06",
    "task_id": "cuedMFM"
  },
  "dummy_trs": 0,
  "dvars_nstd": 35.87987798062499,
  "dvars_std": 1.2096427011666662,
  "dvars_vstd": 0.9715292840833331,
  "efc": 0.566925180329348,
  "fber": 2592.828369140625,
  "fd_mean": 0.1468129225302955,
  "fd_num": 42,
  "fd_perc": 17.42738589211618,
  "fwhm_avg": 1.9908416666666664,
  "fwhm_x": 1.886915,
  "fwhm_y": 2.138105,
  "fwhm_z": 1.947505,
  "gcor": 0.0143016,
  "gsr_x": -0.017970917746424675,
  "gsr_y": 0.04764358326792717,
  "provenance": {
    "md5sum": "cf210c59a6a3d85d8af8a75cd4aa427e",
    "settings": {
      "fd_thres": 0.2,
      "testing": false
    },
    "software": "mriqc",
    "version": "22.0.6",
    "webapi_port": null,
    "webapi_url": "https://mriqc.nimh.nih.gov/api/v1"
  },
  "size_t": 241,
  "size_x": 96,
  "size_y": 96,
  "size_z": 66,
  "snr": 6.240554409461776,
  "spacing_tr": 2.0,
  "spacing_x": 2.0,
  "spacing_y": 2.0,
  "spacing_z": 2.0,
  "summary_bg_k": 13.548198709500117,
  "summary_bg_mad": 9.146367013525566,
  "summary_bg_mean": 36.10063552856445,
  "summary_bg_median": 11.199366569519043,
  "summary_bg_n": 373487.0,
  "summary_bg_p05": 4.223804092407226,
  "summary_bg_p95": 149.65715026855477,
  "summary_bg_stdv": 57.34762191772461,
  "summary_fg_k": 3.903344693580367,
  "summary_fg_mad": 75.77333441684767,
  "summary_fg_mean": 594.89111328125,
  "summary_fg_median": 594.6497192382812,
  "summary_fg_n": 145501.0,
  "summary_fg_p05": 451.84844970703125,
  "summary_fg_p95": 740.132080078125,
  "summary_fg_stdv": 95.28763580322266,
  "tsnr": 43.151947021484375
}