{
  "aor": 0.0007491176470588235,
  "aqi": 0.022351652941176473,
  "bids_meta": {
    "BandwidthPerPixelPhaseEncode": 10.965,
    "DeviceSerialNumber": "40482",
    "EchoTime": 0.03,
    "EffectiveEchoSpacing": 0.000949,
    "FlipAngle": 79,
    "ImageType": [
      "ORIGINAL",
      "PRIMARY",
      "M",
      "MB",
      "ND",
      "MOSAIC"
    ],
    "InstitutionAddress": "Frew_4805_Pittsburgh_PA_District_US_15213",
    "InstitutionName": "SIBR",
    "MagneticFieldStrength": 3,
    "Manufacturer": "Siemens",
    "ManufacturersModelName": "Verio",
    "MultibandAccellerationFactor": 3,
    "PhaseEncodingDirection": "j-",
    "PhaseEncodingLines": 96,
    "RepetitionTime": 2.0,
    "ScanningSequence": "EP",
    "SequenceName": "epfid2d1_96",
    "SequenceVariant": "SK_SS",
    "SliceTiming": [
      0,
      0.09,
      0.1825,
      0.2725,
      0.365,
      0.455,
      0.5475,
      0.6375,
      0.73,
      0.82,
      0.9125,
      1.0025,
      1.095,
      1.185,
      1.2775,
      1.3675,
      1.46,
      1.55,
      1.6425,
      1.7325,
      1.825,
      1.915,
      0,
      0.09,
      0.1825,
      0.2725,
      0.365,
      0.455,
      0.5475,
      0.6375,
      0.73,
      0.82,
      0.9125,
      1.0025,
      1.095,
      1.185,
      1.2775,
      1.3675,
      1.46,
      1.55,
      1.6425,
      1.7325,
      1.825,
      1.915,
      0,
      0.09,
      0.1825,
      0.2725,
      0.365,
      0.455,
      0.5475,
      0.6375,
      0.73,
      0.82,
      0.9125,
      1.0025,
      1.095,
      1.185,
      1.2775,
      1.3675,
      1.46,
      1.55,
      1.6425,
      1.7325,
      1.825,
      1.915
    ],
    "SoftwareVersions": "syngo_MR_B17",
    "TaskName": "cuedMFM",
    "TotalReadoutTime": 0.03039,
    "dataset": "ds001597",
    "modality": "bold",
    "run_id": 3,
    "session_id": "post",
    "subject_id": "06",
    "task_id": "cuedMFM"
  },
  "dummy_trs": 3,
  "dvars_nstd": 37.439453044683546,
  "dvars_std": 1.2476115769198313,
  "dvars_vstd": 0.9591055448101261,
  "efc": 0.5698894892829781,
  "fber": 2563.792724609375,
  "fd_mean": 0.14231925354974237,
  "fd_num": 30,
  "fd_perc": 12.605042016806722,
  "fwhm_avg": 1.9651166666666666,
  "fwhm_x": 1.860385,
  "fwhm_y": 2.121,
  "fwhm_z": 1.913965,
  "gcor": 0.0103743,
  "gsr_x": -0.02006366290152073,
  "gsr_y": 0.04865869879722595,
  "provenance": {
    "md5sum": "31171b7d256c3fb685a9afd1e75c82cf",
    "settings": {
      "fd_thres": 0.2,
      "testing": false
    },
    "software": "mriqc",
    "version": "22.0.6",
    "webapi_port": null,
    "webapi_url": "https://mriqc.nimh.nih.gov/api/v1"
  },
  "size_t": 238,
  "size_x": 96,
  "size_y": 96,
  "size_z": 66,
  "snr": 6.414787929765976,
  "spacing_tr": 2.0,
  "spacing_x": 2.0,
  "spacing_y": 2.0,
  "spacing_z": 2.0,
  "summary_bg_k": 13.451469470458722,
  "summary_bg_mad": 9.420090547809144,
  "summary_bg_mean": 37.99055099487305,
  "summary_bg_median": 11.35779857635498,
  "summary_bg_n": 372889.0,
  "summary_bg_p05": 4.282252216339112,
  "summary_bg_p95": 160.58376159667935,
  "summary_bg_stdv": 61.787105560302734,
  "summary_fg_k": 4.613188099465823,
  "summary_fg_mad": 73.25370696493911,
  "summary_fg_mean": 602.179443359375,
  "summary_fg_median": 601.76806640625,
  "summary_fg_n": 145844.0,
  "summary_fg_p05": 461.71959991455077,
  "summary_fg_p95": 744.4027252197266,
  "summary_fg_stdv": 93.8091812133789,
  "tsnr": 44.0802116394043
}