{
  "aor": 0.001390753138075314,
  "aqi": 0.016764591213389118,
  "bids_meta": {
    "BandwidthPerPixelPhaseEncode": 10.965,
    "DeviceSerialNumber": "40482",
    "EchoTime": 0.03,
    "EffectiveEchoSpacing": 0.000949,
    "FlipAngle": 79,
    "ImageType": [
      "ORIGINAL",
      "PRIMARY",
      "M",
      "MB",
      "ND",
      "MOSAIC"
    ],
    "InstitutionAddress": "Frew_4805_Pittsburgh_PA_District_US_15213",
    "InstitutionName": "SIBR",
    "MagneticFieldStrength": 3,
    "Manufacturer": "Siemens",
    "ManufacturersModelName": "Verio",
    "MultibandAccellerationFactor": 3,
    "PhaseEncodingDirection": "j-",
    "PhaseEncodingLines": 96,
    "RepetitionTime": 2.0,
    "ScanningSequence": "EP",
    "SequenceName": "epfid2d1_96",
    "SequenceVariant": "SK_SS",
    "SliceTiming": [
      0,
      0.09,
      0.1825,
      0.2725,
      0.365,
      0.455,
      0.5475,
      0.6375,
      0.73,
      0.82,
      0.9125,
      1.0025,
      1.095,
      1.185,
      1.2775,
      1.3675,
      1.46,
      1.55,
      1.6425,
      1.7325,
      1.825,
      1.915,
      0,
      0.09,
      0.1825,
      0.2725,
      0.365,
      0.455,
      0.5475,
      0.6375,
      0.73,
      0.82,
      0.9125,
      1.0025,
      1.095,
      1.185,
      1.2775,
      1.3675,
      1.46,
      1.55,
      1.6425,
      1.7325,
      1.825,
      1.915,
      0,
      0.09,
      0.1825,
      0.2725,
      0.365,
      0.455,
      0.5475,
      0.6375,
      0.73,
      0.82,
      0.9125,
      1.0025,
      1.095,
      1.185,
      1.2775,
      1.3675,
      1.46,
      1.55,
      1.6425,
      1.7325,
      1.825,
      1.915
    ],
    "SoftwareVersions": "syngo_MR_B17",
    "TaskName": "cuedMFM",
    "TotalReadoutTime": 0.03039,
    "dataset": "ds001597",
    "modality": "bold",
    "run_id": 2,
    "session_id": "post",
    "subject_id": "06",
    "task_id": "cuedMFM"
  },
  "dummy_trs": 2,
  "dvars_nstd": 37.83254802113449,
  "dvars_std": 1.3067784423949578,
  "dvars_vstd": 0.9927542531512596,
  "efc": 0.5692656864980518,
  "fber": 2539.73681640625,
  "fd_mean": 0.15224845211135812,
  "fd_num": 41,
  "fd_perc": 17.15481171548117,
  "fwhm_avg": 1.9456933333333335,
  "fwhm_x": 1.852595,
  "fwhm_y": 2.100415,
  "fwhm_z": 1.88407,
  "gcor": 0.010315,
  "gsr_x": -0.020596889778971672,
  "gsr_y": 0.04735863208770752,
  "provenance": {
    "md5sum": "a1199ac061ef529938c8cfc55898dc59",
    "settings": {
      "fd_thres": 0.2,
      "testing": false
    },
    "software": "mriqc",
    "version": "22.0.6",
    "webapi_port": null,
    "webapi_url": "https://mriqc.nimh.nih.gov/api/v1"
  },
  "size_t": 239,
  "size_x": 96,
  "size_y": 96,
  "size_z": 66,
  "snr": 6.347644157522727,
  "spacing_tr": 2.0,
  "spacing_x": 2.0,
  "spacing_y": 2.0,
  "spacing_z": 2.0,
  "summary_bg_k": 13.478279145739329,
  "summary_bg_mad": 9.780770141012718,
  "summary_bg_mean": 37.374603271484375,
  "summary_bg_median": 11.412886619567871,
  "summary_bg_n": 372467.0,
  "summary_bg_p05": 4.036976623535156,
  "summary_bg_p95": 158.45851898193362,
  "summary_bg_stdv": 60.96615982055664,
  "summary_fg_k": 4.595489471043741,
  "summary_fg_mad": 74.16657874107952,
  "summary_fg_mean": 603.3351440429688,
  "summary_fg_median": 602.7109985351562,
  "summary_fg_n": 146299.0,
  "summary_fg_p05": 461.5970672607422,
  "summary_fg_p95": 746.5124450683594,
  "summary_fg_stdv": 94.95001983642578,
  "tsnr": 48.66250228881836
}