{
  "aor": 0.0032466666666666664,
  "aqi": 0.015995267083333334,
  "bids_meta": {
    "BandwidthPerPixelPhaseEncode": 10.965,
    "DeviceSerialNumber": "40482",
    "EchoTime": 0.03,
    "EffectiveEchoSpacing": 0.000949,
    "FlipAngle": 79,
    "ImageType": [
      "ORIGINAL",
      "PRIMARY",
      "M",
      "MB",
      "ND",
      "MOSAIC"
    ],
    "InstitutionAddress": "Frew_4805_Pittsburgh_PA_District_US_15213",
    "InstitutionName": "SIBR",
    "MagneticFieldStrength": 3,
    "Manufacturer": "Siemens",
    "ManufacturersModelName": "Verio",
    "MultibandAccellerationFactor": 3,
    "PhaseEncodingDirection": "j-",
    "PhaseEncodingLines": 96,
    "RepetitionTime": 2.0,
    "ScanningSequence": "EP",
    "SequenceName": "epfid2d1_96",
    "SequenceVariant": "SK_SS",
    "SliceTiming": [
      0,
      0.09,
      0.1825,
      0.2725,
      0.365,
      0.455,
      0.5475,
      0.6375,
      0.73,
      0.82,
      0.9125,
      1.0025,
      1.095,
      1.185,
      1.2775,
      1.3675,
      1.46,
      1.55,
      1.6425,
      1.7325,
      1.825,
      1.915,
      0,
      0.09,
      0.1825,
      0.2725,
      0.365,
      0.455,
      0.5475,
      0.6375,
      0.73,
      0.82,
      0.9125,
      1.0025,
      1.095,
      1.185,
      1.2775,
      1.3675,
      1.46,
      1.55,
      1.6425,
      1.7325,
      1.825,
      1.915,
      0,
      0.09,
      0.1825,
      0.2725,
      0.365,
      0.455,
      0.5475,
      0.6375,
      0.73,
      0.82,
      0.9125,
      1.0025,
      1.095,
      1.185,
      1.2775,
      1.3675,
      1.46,
      1.55,
      1.6425,
      1.7325,
      1.825,
      1.915
    ],
    "SoftwareVersions": "syngo_MR_B17",
    "TaskName": "cuedMFM",
    "TotalReadoutTime": 0.03039,
    "dataset": "ds001597",
    "modality": "bold",
    "run_id": 8,
    "session_id": "post",
    "subject_id": "07",
    "task_id": "cuedMFM"
  },
  "dummy_trs": 1,
  "dvars_nstd": 32.74335403138076,
  "dvars_std": 1.1732510816317994,
  "dvars_vstd": 0.9950558494560665,
  "efc": 0.5793547446221258,
  "fber": 3037.40576171875,
  "fd_mean": 0.12875672687820425,
  "fd_num": 30,
  "fd_perc": 12.5,
  "fwhm_avg": 2.1094383333333333,
  "fwhm_x": 1.96142,
  "fwhm_y": 2.301825,
  "fwhm_z": 2.06507,
  "gcor": 0.00826036,
  "gsr_x": -0.008362831547856331,
  "gsr_y": 0.05404749512672424,
  "provenance": {
    "md5sum": "83e5c3a567045b0c13577d6f8fa2295d",
    "settings": {
      "fd_thres": 0.2,
      "testing": false
    },
    "software": "mriqc",
    "version": "22.0.6",
    "webapi_port": null,
    "webapi_url": "https://mriqc.nimh.nih.gov/api/v1"
  },
  "size_t": 240,
  "size_x": 96,
  "size_y": 96,
  "size_z": 66,
  "snr": 5.135558529415031,
  "spacing_tr": 2.0,
  "spacing_x": 2.0,
  "spacing_y": 2.0,
  "spacing_z": 2.0,
  "summary_bg_k": 12.15343525601844,
  "summary_bg_mad": 8.26924054023973,
  "summary_bg_mean": 34.7739143371582,
  "summary_bg_median": 10.62253189086914,
  "summary_bg_n": 356694.0,
  "summary_bg_p05": 3.956754517555237,
  "summary_bg_p95": 150.69365005493157,
  "summary_bg_stdv": 55.89857482910156,
  "summary_fg_k": 2.9194900440177367,
  "summary_fg_mad": 95.98835867213467,
  "summary_fg_mean": 605.9367065429688,
  "summary_fg_median": 602.96142578125,
  "summary_fg_n": 161516.0,
  "summary_fg_p05": 432.796142578125,
  "summary_fg_p95": 793.8600311279297,
  "summary_fg_stdv": 117.40876007080078,
  "tsnr": 41.76376724243164
}