{
  "bids_meta": {
    "AccelFactPE": 2,
    "DeviceSerialNumber": "40482",
    "EchoTime": 0.00197,
    "FlipAngle": 9,
    "InstitutionAddress": "Frew_4805_Pittsburgh_PA_District_US_15213",
    "InstitutionName": "SIBR",
    "InversionTime": 0.9,
    "MagneticFieldStrength": 3,
    "Manufacturer": "Siemens",
    "ManufacturersModelName": "Verio",
    "PhaseEncodingDirection": "i-",
    "PhaseEncodingLines": 256,
    "RepetitionTime": 2.3,
    "ScanningSequence": "GR_IR",
    "SequenceName": "_tfl3d1_ns",
    "SequenceVariant": "SP_MP",
    "SoftwareVersions": "syngo_MR_B17",
    "dataset": "ds001597",
    "modality": "T1w",
    "session_id": "pre",
    "subject_id": "04"
  },
  "cjv": 0.32261040296306426,
  "cnr": 4.126774907918564,
  "efc": 0.5400416618566117,
  "fber": 12403.638102629657,
  "fwhm_avg": 3.6748266666666667,
  "fwhm_x": 3.54235,
  "fwhm_y": 3.81907,
  "fwhm_z": 3.66306,
  "icvs_csf": 0.19207536311954282,
  "icvs_gm": 0.4757000646327238,
  "icvs_wm": 0.3322245722477334,
  "inu_med": 0.5761534869670868,
  "inu_range": 0.192985837161541,
  "provenance": {
    "md5sum": "13497fd8fbb989e26690b3f34c7d8b46",
    "settings": {
      "testing": false
    },
    "software": "mriqc",
    "version": "22.0.6",
    "warnings": {
      "large_rot_frame": true,
      "small_air_mask": false
    },
    "webapi_port": null,
    "webapi_url": "https://mriqc.nimh.nih.gov/api/v1"
  },
  "qi_1": 0.0,
  "qi_2": 0.00932974356122205,
  "rpve_csf": 23.775477978300348,
  "rpve_gm": 10.797356551766102,
  "rpve_wm": 17.162685710087604,
  "size_x": 176,
  "size_y": 256,
  "size_z": 256,
  "snr_csf": 1.7748248412874519,
  "snr_gm": 9.544060700109915,
  "snr_total": 10.174403539613936,
  "snr_wm": 19.204325077444445,
  "snrd_csf": 10.672904769672206,
  "snrd_gm": 36.15840994275306,
  "snrd_total": 34.3047231944986,
  "snrd_wm": 56.08285487107055,
  "spacing_x": 1.0,
  "spacing_y": 1.0,
  "spacing_z": 1.0,
  "summary_bg_k": 5206.742694925215,
  "summary_bg_mad": 0.0,
  "summary_bg_mean": 5.084639084148353,
  "summary_bg_median": 0.0,
  "summary_bg_n": 3474714.0,
  "summary_bg_p05": 0.0,
  "summary_bg_p95": 17.498458854854107,
  "summary_bg_stdv": 11.681580262127733,
  "summary_csf_k": 1.624480282605992,
  "summary_csf_mad": 84.711423006625,
  "summary_csf_mean": 210.30602358516958,
  "summary_csf_median": 190.30600909516215,
  "summary_csf_n": 25355.0,
  "summary_csf_p05": 71.82994131334127,
  "summary_csf_p95": 432.91433664076027,
  "summary_csf_stdv": 107.22311960098442,
  "summary_gm_k": -0.03946898285382039,
  "summary_gm_mad": 67.7204186796312,
  "summary_gm_mean": 642.9285107743631,
  "summary_gm_median": 644.7319487929344,
  "summary_gm_n": 47335.0,
  "summary_gm_p05": 529.2256898730993,
  "summary_gm_p95": 751.0782163403928,
  "summary_gm_stdv": 67.55249769530333,
  "summary_wm_k": 1.1998689776430158,
  "summary_wm_mad": 46.89273595621945,
  "summary_wm_mean": 997.5634271363954,
  "summary_wm_median": 999.9999549798667,
  "summary_wm_n": 180258.0,
  "summary_wm_p05": 908.8929555900395,
  "summary_wm_p95": 1077.2642768248916,
  "summary_wm_stdv": 52.071456671427114,
  "tpm_overlap_csf": 0.15682243871307616,
  "tpm_overlap_gm": 0.4686248899588781,
  "tpm_overlap_wm": 0.4939100252745406,
  "wm2max": 0.42237149754897274
}