{
  "bids_meta": {
    "AccelFactPE": 2,
    "DeviceSerialNumber": "40482",
    "EchoTime": 0.418,
    "EchoTrainLength": 147,
    "FlipAngle": 120,
    "InstitutionAddress": "Frew_4805_Pittsburgh_PA_District_US_15213",
    "InstitutionName": "SIBR",
    "MagneticFieldStrength": 3,
    "Manufacturer": "Siemens",
    "ManufacturersModelName": "Verio",
    "PhaseEncodingDirection": "i-",
    "PhaseEncodingLines": 258,
    "RepetitionTime": 3,
    "ScanningSequence": "SE",
    "SequenceName": "_spc3d1_294ns",
    "SequenceVariant": "SK_SP",
    "SoftwareVersions": "syngo_MR_B17",
    "dataset": "ds001597",
    "modality": "T2w",
    "session_id": "pre",
    "subject_id": "02"
  },
  "cjv": 0.18620082980444372,
  "cnr": 3.213496243302175,
  "efc": 0.5757180340703625,
  "fber": -1.0,
  "fwhm_avg": 2.485979194404953,
  "fwhm_x": 2.5598249618556355,
  "fwhm_y": 2.3570143689320386,
  "fwhm_z": 2.5410982524271843,
  "icvs_csf": 0.3520713424744894,
  "icvs_gm": 0.4969570888497331,
  "icvs_wm": 0.15097156867577752,
  "inu_med": 0.8845991492271423,
  "inu_range": 0.2126595377922058,
  "provenance": {
    "md5sum": "6f350e051b93bebd9985b4b146167849",
    "settings": {
      "testing": false
    },
    "software": "mriqc",
    "version": "22.0.6",
    "warnings": {
      "large_rot_frame": true,
      "small_air_mask": false
    },
    "webapi_port": null,
    "webapi_url": "https://mriqc.nimh.nih.gov/api/v1"
  },
  "qi_1": 0.0,
  "qi_2": 0.019551004659719096,
  "rpve_csf": 8.983040214349895,
  "rpve_gm": 7.366216147085606,
  "rpve_wm": 25.55417698122503,
  "size_x": 224,
  "size_y": 256,
  "size_z": 256,
  "snr_csf": 8.624662334329368,
  "snr_gm": 8.318796938836837,
  "snr_total": 7.250989146343502,
  "snr_wm": 4.809508165864301,
  "snrd_csf": 81.06558759519372,
  "snrd_gm": 49.43570360862441,
  "snrd_total": 94.93979258146955,
  "snrd_wm": 154.31808654059054,
  "spacing_x": 0.800000011920929,
  "spacing_y": 0.8046875,
  "spacing_z": 0.8046875,
  "summary_bg_k": 1456.9443317618118,
  "summary_bg_mad": 0.0,
  "summary_bg_mean": 1.9397612958952724,
  "summary_bg_median": 0.0,
  "summary_bg_n": 4427258.0,
  "summary_bg_p05": 0.0,
  "summary_bg_p95": 11.04655634611845,
  "summary_bg_stdv": 4.245120377996271,
  "summary_csf_k": 0.5551436489152377,
  "summary_csf_mad": 58.25682739127756,
  "summary_csf_mean": 525.8433296109873,
  "summary_csf_median": 525.2847771160305,
  "summary_csf_n": 82747.0,
  "summary_csf_p05": 427.8533856756985,
  "summary_csf_p95": 626.6722882166505,
  "summary_csf_stdv": 60.90459924145756,
  "summary_gm_k": 0.20809257232205347,
  "summary_gm_mad": 38.082284053442145,
  "summary_gm_mean": 320.2423605656682,
  "summary_gm_median": 320.3310223482549,
  "summary_gm_n": 431590.0,
  "summary_gm_p05": 257.12866622954607,
  "summary_gm_p95": 382.97913948073983,
  "summary_gm_stdv": 38.506848237495845,
  "summary_wm_k": 4.950218304699518,
  "summary_wm_mad": 88.46197233247497,
  "summary_wm_mean": 912.4597268166447,
  "summary_wm_median": 999.9426895938814,
  "summary_wm_n": 76849.0,
  "summary_wm_p05": 462.38820802420383,
  "summary_wm_p95": 1073.102235775441,
  "summary_wm_stdv": 207.90819959037626,
  "tpm_overlap_csf": 0.10643061608347211,
  "tpm_overlap_gm": 0.3190813062432772,
  "tpm_overlap_wm": 0.0431816992974131,
  "wm2max": 0.9286322814241595
}