{
  "bids_meta": {
    "AccelFactPE": 2,
    "DeviceSerialNumber": "40482",
    "EchoTime": 0.00197,
    "FlipAngle": 9,
    "InstitutionAddress": "Frew_4805_Pittsburgh_PA_District_US_15213",
    "InstitutionName": "SIBR",
    "InversionTime": 0.9,
    "MagneticFieldStrength": 3,
    "Manufacturer": "Siemens",
    "ManufacturersModelName": "Verio",
    "PhaseEncodingDirection": "i-",
    "PhaseEncodingLines": 256,
    "RepetitionTime": 2.3,
    "ScanningSequence": "GR_IR",
    "SequenceName": "_tfl3d1_ns",
    "SequenceVariant": "SP_MP",
    "SoftwareVersions": "syngo_MR_B17",
    "dataset": "ds001597",
    "modality": "T1w",
    "session_id": "pre",
    "subject_id": "02"
  },
  "cjv": 0.30350678058597474,
  "cnr": 4.536393435541672,
  "efc": 0.571965891454295,
  "fber": 14492.678763245754,
  "fwhm_avg": 4.031963333333334,
  "fwhm_x": 3.8997,
  "fwhm_y": 4.14705,
  "fwhm_z": 4.04914,
  "icvs_csf": 0.2144865393558691,
  "icvs_gm": 0.4677021934910914,
  "icvs_wm": 0.31781126715303953,
  "inu_med": 0.5579169988632202,
  "inu_range": 0.2006190985441208,
  "provenance": {
    "md5sum": "b4e37287755dd1a73131c75dfe51c3b9",
    "settings": {
      "testing": false
    },
    "software": "mriqc",
    "version": "22.0.6",
    "warnings": {
      "large_rot_frame": true,
      "small_air_mask": false
    },
    "webapi_port": null,
    "webapi_url": "https://mriqc.nimh.nih.gov/api/v1"
  },
  "qi_1": 1.24626471098654e-05,
  "qi_2": 0.020154247023257098,
  "rpve_csf": 22.129040307807184,
  "rpve_gm": 11.010018966063635,
  "rpve_wm": 18.21030918984915,
  "size_x": 176,
  "size_y": 256,
  "size_z": 256,
  "snr_csf": 1.9717776519507069,
  "snr_gm": 9.188784791871296,
  "snr_total": 11.074886927347913,
  "snr_wm": 22.064098338221736,
  "snrd_csf": 19.507825381097668,
  "snrd_gm": 67.06546030833394,
  "snrd_total": 64.49755813319611,
  "snrd_wm": 106.91938871015672,
  "spacing_x": 1.0,
  "spacing_y": 1.0,
  "spacing_z": 1.0,
  "summary_bg_k": 14.490755769939177,
  "summary_bg_mad": 6.127386484155834,
  "summary_bg_mean": 4.401339969063029,
  "summary_bg_median": 4.132859379053116,
  "summary_bg_n": 2973482.0,
  "summary_bg_p05": 0.0,
  "summary_bg_p95": 15.346279311925173,
  "summary_bg_stdv": 6.144205867113392,
  "summary_csf_k": 2.2618059407631197,
  "summary_csf_mad": 68.12212032385015,
  "summary_csf_mean": 197.7121257133879,
  "summary_csf_median": 182.45358611643314,
  "summary_csf_n": 46936.0,
  "summary_csf_p05": 78.06090095546097,
  "summary_csf_p95": 395.121109274216,
  "summary_csf_stdv": 92.53155003725682,
  "summary_gm_k": -0.20626889910107504,
  "summary_gm_mad": 70.46494456779209,
  "summary_gm_mean": 626.6726341825024,
  "summary_gm_median": 627.2525767870247,
  "summary_gm_n": 71248.0,
  "summary_gm_p05": 513.598943863064,
  "summary_gm_p95": 737.3811237700284,
  "summary_gm_stdv": 68.26236429331036,
  "summary_wm_k": 0.7465084735414287,
  "summary_wm_mad": 42.66643382717334,
  "summary_wm_mean": 999.0608016193413,
  "summary_wm_median": 1000.00002637133,
  "summary_wm_n": 182779.0,
  "summary_wm_p05": 923.8764032498002,
  "summary_wm_p95": 1071.018352612853,
  "summary_wm_stdv": 45.322372820066654,
  "tpm_overlap_csf": 0.1637320276347672,
  "tpm_overlap_gm": 0.4605320535905839,
  "tpm_overlap_wm": 0.4722779416340942,
  "wm2max": 0.5885095245608508
}