{
  "aor": 0.00067425,
  "aqi": 0.011615211375,
  "bids_meta": {
    "BandwidthPerPixelPhaseEncode": 10.965,
    "DeviceSerialNumber": "40482",
    "EchoTime": 0.03,
    "EffectiveEchoSpacing": 0.000949,
    "FlipAngle": 79,
    "ImageType": [
      "ORIGINAL",
      "PRIMARY",
      "M",
      "MB",
      "ND",
      "MOSAIC"
    ],
    "InstitutionAddress": "Frew_4805_Pittsburgh_PA_District_US_15213",
    "InstitutionName": "SIBR",
    "MagneticFieldStrength": 3,
    "Manufacturer": "Siemens",
    "ManufacturersModelName": "Verio",
    "MultibandAccellerationFactor": 3,
    "PhaseEncodingDirection": "j-",
    "PhaseEncodingLines": 96,
    "RepetitionTime": 2.0,
    "ScanningSequence": "EP",
    "SequenceName": "epfid2d1_96",
    "SequenceVariant": "SK_SS",
    "SliceTiming": [
      0,
      0.09,
      0.1825,
      0.2725,
      0.365,
      0.455,
      0.5475,
      0.6375,
      0.73,
      0.82,
      0.9125,
      1.0025,
      1.095,
      1.185,
      1.2775,
      1.3675,
      1.46,
      1.55,
      1.6425,
      1.7325,
      1.825,
      1.915,
      0,
      0.09,
      0.1825,
      0.2725,
      0.365,
      0.455,
      0.5475,
      0.6375,
      0.73,
      0.82,
      0.9125,
      1.0025,
      1.095,
      1.185,
      1.2775,
      1.3675,
      1.46,
      1.55,
      1.6425,
      1.7325,
      1.825,
      1.915,
      0,
      0.09,
      0.1825,
      0.2725,
      0.365,
      0.455,
      0.5475,
      0.6375,
      0.73,
      0.82,
      0.9125,
      1.0025,
      1.095,
      1.185,
      1.2775,
      1.3675,
      1.46,
      1.55,
      1.6425,
      1.7325,
      1.825,
      1.915
    ],
    "SoftwareVersions": "syngo_MR_B17",
    "TaskName": "cuedMFM",
    "TotalReadoutTime": 0.03039,
    "dataset": "ds001597",
    "modality": "bold",
    "run_id": 7,
    "session_id": "pre",
    "subject_id": "13",
    "task_id": "cuedMFM"
  },
  "dummy_trs": 1,
  "dvars_nstd": 32.60807162669456,
  "dvars_std": 1.2022289759414233,
  "dvars_vstd": 0.9979200662761508,
  "efc": 0.6085065483328596,
  "fber": 1160.338134765625,
  "fd_mean": 0.15446624232600142,
  "fd_num": 49,
  "fd_perc": 20.416666666666668,
  "fwhm_avg": 2.089441666666667,
  "fwhm_x": 1.986665,
  "fwhm_y": 2.270975,
  "fwhm_z": 2.010685,
  "gcor": 0.0116196,
  "gsr_x": -0.0016340751899406314,
  "gsr_y": 0.047380480915308,
  "provenance": {
    "md5sum": "f13413eec4ed239b88e38f68230c12d7",
    "settings": {
      "fd_thres": 0.2,
      "testing": false
    },
    "software": "mriqc",
    "version": "22.0.6",
    "webapi_port": null,
    "webapi_url": "https://mriqc.nimh.nih.gov/api/v1"
  },
  "size_t": 240,
  "size_x": 96,
  "size_y": 96,
  "size_z": 66,
  "snr": 6.058193531189604,
  "spacing_tr": 2.0,
  "spacing_x": 2.0,
  "spacing_y": 2.0,
  "spacing_z": 2.0,
  "summary_bg_k": 9.422462989152342,
  "summary_bg_mad": 15.329578359623262,
  "summary_bg_mean": 44.18694305419922,
  "summary_bg_median": 15.850465774536133,
  "summary_bg_n": 348638.0,
  "summary_bg_p05": 4.520078563690186,
  "summary_bg_p95": 185.27589721679686,
  "summary_bg_stdv": 64.88172912597656,
  "summary_fg_k": 3.5099382134476125,
  "summary_fg_mad": 79.97247219440712,
  "summary_fg_mean": 581.916015625,
  "summary_fg_median": 581.2756958007812,
  "summary_fg_n": 165961.0,
  "summary_fg_p05": 438.6965637207031,
  "summary_fg_p95": 728.50439453125,
  "summary_fg_stdv": 95.94839477539062,
  "tsnr": 55.295257568359375
}