{
  "aor": 0.0005259915611814346,
  "aqi": 0.012709908902953586,
  "bids_meta": {
    "BandwidthPerPixelPhaseEncode": 10.965,
    "DeviceSerialNumber": "40482",
    "EchoTime": 0.03,
    "EffectiveEchoSpacing": 0.000949,
    "FlipAngle": 79,
    "ImageType": [
      "ORIGINAL",
      "PRIMARY",
      "M",
      "MB",
      "ND",
      "MOSAIC"
    ],
    "InstitutionAddress": "Frew_4805_Pittsburgh_PA_District_US_15213",
    "InstitutionName": "SIBR",
    "MagneticFieldStrength": 3,
    "Manufacturer": "Siemens",
    "ManufacturersModelName": "Verio",
    "MultibandAccellerationFactor": 3,
    "PhaseEncodingDirection": "j-",
    "PhaseEncodingLines": 96,
    "RepetitionTime": 2.0,
    "ScanningSequence": "EP",
    "SequenceName": "epfid2d1_96",
    "SequenceVariant": "SK_SS",
    "SliceTiming": [
      0,
      0.09,
      0.1825,
      0.2725,
      0.365,
      0.455,
      0.5475,
      0.6375,
      0.73,
      0.82,
      0.9125,
      1.0025,
      1.095,
      1.185,
      1.2775,
      1.3675,
      1.46,
      1.55,
      1.6425,
      1.7325,
      1.825,
      1.915,
      0,
      0.09,
      0.1825,
      0.2725,
      0.365,
      0.455,
      0.5475,
      0.6375,
      0.73,
      0.82,
      0.9125,
      1.0025,
      1.095,
      1.185,
      1.2775,
      1.3675,
      1.46,
      1.55,
      1.6425,
      1.7325,
      1.825,
      1.915,
      0,
      0.09,
      0.1825,
      0.2725,
      0.365,
      0.455,
      0.5475,
      0.6375,
      0.73,
      0.82,
      0.9125,
      1.0025,
      1.095,
      1.185,
      1.2775,
      1.3675,
      1.46,
      1.55,
      1.6425,
      1.7325,
      1.825,
      1.915
    ],
    "SoftwareVersions": "syngo_MR_B17",
    "TaskName": "cuedMFM",
    "TotalReadoutTime": 0.03039,
    "dataset": "ds001597",
    "modality": "bold",
    "run_id": 8,
    "session_id": "pre",
    "subject_id": "13",
    "task_id": "cuedMFM"
  },
  "dummy_trs": 4,
  "dvars_nstd": 33.45682790694916,
  "dvars_std": 1.2074981049576274,
  "dvars_vstd": 0.9893852311016954,
  "efc": 0.6106276188271068,
  "fber": 1087.0445556640625,
  "fd_mean": 0.15996360971674087,
  "fd_num": 58,
  "fd_perc": 24.47257383966245,
  "fwhm_avg": 2.089581666666667,
  "fwhm_x": 1.980595,
  "fwhm_y": 2.27812,
  "fwhm_z": 2.01003,
  "gcor": 0.00824624,
  "gsr_x": -0.0014994016382843256,
  "gsr_y": 0.04811868444085121,
  "provenance": {
    "md5sum": "4858b0bbc1460d099c43f8ed78d7a49f",
    "settings": {
      "fd_thres": 0.2,
      "testing": false
    },
    "software": "mriqc",
    "version": "22.0.6",
    "webapi_port": null,
    "webapi_url": "https://mriqc.nimh.nih.gov/api/v1"
  },
  "size_t": 237,
  "size_x": 96,
  "size_y": 96,
  "size_z": 66,
  "snr": 6.108525934104003,
  "spacing_tr": 2.0,
  "spacing_x": 2.0,
  "spacing_y": 2.0,
  "spacing_z": 2.0,
  "summary_bg_k": 8.792790069817277,
  "summary_bg_mad": 15.930720441093602,
  "summary_bg_mean": 45.14634704589844,
  "summary_bg_median": 16.328706741333008,
  "summary_bg_n": 348417.0,
  "summary_bg_p05": 4.535808753967285,
  "summary_bg_p95": 188.54924621582035,
  "summary_bg_stdv": 65.4882583618164,
  "summary_fg_k": 3.384630471660466,
  "summary_fg_mad": 79.68443979319233,
  "summary_fg_mean": 580.5606689453125,
  "summary_fg_median": 579.6397705078125,
  "summary_fg_n": 165768.0,
  "summary_fg_p05": 439.58897552490237,
  "summary_fg_p95": 726.2854217529297,
  "summary_fg_stdv": 94.88999938964844,
  "tsnr": 54.1022834777832
}