{
  "aor": 0.0004002083333333333,
  "aqi": 0.0112538395,
  "bids_meta": {
    "BandwidthPerPixelPhaseEncode": 10.965,
    "DeviceSerialNumber": "40482",
    "EchoTime": 0.03,
    "EffectiveEchoSpacing": 0.000949,
    "FlipAngle": 79,
    "ImageType": [
      "ORIGINAL",
      "PRIMARY",
      "M",
      "MB",
      "ND",
      "MOSAIC"
    ],
    "InstitutionAddress": "Frew_4805_Pittsburgh_PA_District_US_15213",
    "InstitutionName": "SIBR",
    "MagneticFieldStrength": 3,
    "Manufacturer": "Siemens",
    "ManufacturersModelName": "Verio",
    "MultibandAccellerationFactor": 3,
    "PhaseEncodingDirection": "j-",
    "PhaseEncodingLines": 96,
    "RepetitionTime": 2.0,
    "ScanningSequence": "EP",
    "SequenceName": "epfid2d1_96",
    "SequenceVariant": "SK_SS",
    "SliceTiming": [
      0,
      0.09,
      0.1825,
      0.2725,
      0.365,
      0.455,
      0.5475,
      0.6375,
      0.73,
      0.82,
      0.9125,
      1.0025,
      1.095,
      1.185,
      1.2775,
      1.3675,
      1.46,
      1.55,
      1.6425,
      1.7325,
      1.825,
      1.915,
      0,
      0.09,
      0.1825,
      0.2725,
      0.365,
      0.455,
      0.5475,
      0.6375,
      0.73,
      0.82,
      0.9125,
      1.0025,
      1.095,
      1.185,
      1.2775,
      1.3675,
      1.46,
      1.55,
      1.6425,
      1.7325,
      1.825,
      1.915,
      0,
      0.09,
      0.1825,
      0.2725,
      0.365,
      0.455,
      0.5475,
      0.6375,
      0.73,
      0.82,
      0.9125,
      1.0025,
      1.095,
      1.185,
      1.2775,
      1.3675,
      1.46,
      1.55,
      1.6425,
      1.7325,
      1.825,
      1.915
    ],
    "SoftwareVersions": "syngo_MR_B17",
    "TaskName": "cuedMFM",
    "TotalReadoutTime": 0.03039,
    "dataset": "ds001597",
    "modality": "bold",
    "run_id": 4,
    "session_id": "pre",
    "subject_id": "13",
    "task_id": "cuedMFM"
  },
  "dummy_trs": 1,
  "dvars_nstd": 36.58086485426781,
  "dvars_std": 1.2355901717991629,
  "dvars_vstd": 0.9927817141841009,
  "efc": 0.6096155728469501,
  "fber": 1020.4652709960938,
  "fd_mean": 0.16153916934082344,
  "fd_num": 59,
  "fd_perc": 24.583333333333332,
  "fwhm_avg": 2.0218883333333335,
  "fwhm_x": 1.928295,
  "fwhm_y": 2.196565,
  "fwhm_z": 1.940805,
  "gcor": 0.00782361,
  "gsr_x": -0.001352238468825817,
  "gsr_y": 0.04515765607357025,
  "provenance": {
    "md5sum": "e85bdfec1623e31354aca808d633682f",
    "settings": {
      "fd_thres": 0.2,
      "testing": false
    },
    "software": "mriqc",
    "version": "22.0.6",
    "webapi_port": null,
    "webapi_url": "https://mriqc.nimh.nih.gov/api/v1"
  },
  "size_t": 240,
  "size_x": 96,
  "size_y": 96,
  "size_z": 66,
  "snr": 6.1458250934256045,
  "spacing_tr": 2.0,
  "spacing_x": 2.0,
  "spacing_y": 2.0,
  "spacing_z": 2.0,
  "summary_bg_k": 9.569030934979066,
  "summary_bg_mad": 15.118706028463214,
  "summary_bg_mean": 41.47897720336914,
  "summary_bg_median": 15.554117202758789,
  "summary_bg_n": 349984.0,
  "summary_bg_p05": 4.360643529891968,
  "summary_bg_p95": 172.01626434326167,
  "summary_bg_stdv": 60.533111572265625,
  "summary_fg_k": 3.6153783129861043,
  "summary_fg_mad": 71.06957436929943,
  "summary_fg_mean": 529.8775634765625,
  "summary_fg_median": 529.3629760742188,
  "summary_fg_n": 165165.0,
  "summary_fg_p05": 400.41204833984375,
  "summary_fg_p95": 660.796533203125,
  "summary_fg_stdv": 86.13349151611328,
  "tsnr": 55.76929473876953
}