{
  "aor": 0.0005253333333333335,
  "aqi": 0.011380589,
  "bids_meta": {
    "BandwidthPerPixelPhaseEncode": 10.965,
    "DeviceSerialNumber": "40482",
    "EchoTime": 0.03,
    "EffectiveEchoSpacing": 0.000949,
    "FlipAngle": 79,
    "ImageType": [
      "ORIGINAL",
      "PRIMARY",
      "M",
      "MB",
      "ND",
      "MOSAIC"
    ],
    "InstitutionAddress": "Frew_4805_Pittsburgh_PA_District_US_15213",
    "InstitutionName": "SIBR",
    "MagneticFieldStrength": 3,
    "Manufacturer": "Siemens",
    "ManufacturersModelName": "Verio",
    "MultibandAccellerationFactor": 3,
    "PhaseEncodingDirection": "j-",
    "PhaseEncodingLines": 96,
    "RepetitionTime": 2.0,
    "ScanningSequence": "EP",
    "SequenceName": "epfid2d1_96",
    "SequenceVariant": "SK_SS",
    "SliceTiming": [
      0,
      0.09,
      0.1825,
      0.2725,
      0.365,
      0.455,
      0.5475,
      0.6375,
      0.73,
      0.82,
      0.9125,
      1.0025,
      1.095,
      1.185,
      1.2775,
      1.3675,
      1.46,
      1.55,
      1.6425,
      1.7325,
      1.825,
      1.915,
      0,
      0.09,
      0.1825,
      0.2725,
      0.365,
      0.455,
      0.5475,
      0.6375,
      0.73,
      0.82,
      0.9125,
      1.0025,
      1.095,
      1.185,
      1.2775,
      1.3675,
      1.46,
      1.55,
      1.6425,
      1.7325,
      1.825,
      1.915,
      0,
      0.09,
      0.1825,
      0.2725,
      0.365,
      0.455,
      0.5475,
      0.6375,
      0.73,
      0.82,
      0.9125,
      1.0025,
      1.095,
      1.185,
      1.2775,
      1.3675,
      1.46,
      1.55,
      1.6425,
      1.7325,
      1.825,
      1.915
    ],
    "SoftwareVersions": "syngo_MR_B17",
    "TaskName": "cuedMFM",
    "TotalReadoutTime": 0.03039,
    "dataset": "ds001597",
    "modality": "bold",
    "run_id": 2,
    "session_id": "pre",
    "subject_id": "13",
    "task_id": "cuedMFM"
  },
  "dummy_trs": 1,
  "dvars_nstd": 35.709188197866126,
  "dvars_std": 1.2233511201673628,
  "dvars_vstd": 0.9973925583263595,
  "efc": 0.6079778437418975,
  "fber": 1076.9593505859375,
  "fd_mean": 0.15147542453909246,
  "fd_num": 45,
  "fd_perc": 18.75,
  "fwhm_avg": 2.024106666666667,
  "fwhm_x": 1.92925,
  "fwhm_y": 2.19849,
  "fwhm_z": 1.94458,
  "gcor": 0.0115526,
  "gsr_x": -0.0022292628418654203,
  "gsr_y": 0.044925443828105927,
  "provenance": {
    "md5sum": "acb7ab268823721be3ed6ab3789723ff",
    "settings": {
      "fd_thres": 0.2,
      "testing": false
    },
    "software": "mriqc",
    "version": "22.0.6",
    "webapi_port": null,
    "webapi_url": "https://mriqc.nimh.nih.gov/api/v1"
  },
  "size_t": 240,
  "size_x": 96,
  "size_y": 96,
  "size_z": 66,
  "snr": 6.140080369361048,
  "spacing_tr": 2.0,
  "spacing_x": 2.0,
  "spacing_y": 2.0,
  "spacing_z": 2.0,
  "summary_bg_k": 9.594585126895172,
  "summary_bg_mad": 14.661107544954845,
  "summary_bg_mean": 40.638641357421875,
  "summary_bg_median": 15.182023048400879,
  "summary_bg_n": 350012.0,
  "summary_bg_p05": 4.321753072738647,
  "summary_bg_p95": 169.49236145019532,
  "summary_bg_stdv": 59.74903106689453,
  "summary_fg_k": 3.500890951143754,
  "summary_fg_mad": 71.80123820216852,
  "summary_fg_mean": 531.4588623046875,
  "summary_fg_median": 530.792236328125,
  "summary_fg_n": 165118.0,
  "summary_fg_p05": 401.40753173828125,
  "summary_fg_p95": 663.3874450683594,
  "summary_fg_stdv": 86.44685363769531,
  "tsnr": 55.823631286621094
}