{
  "aor": 0.0007682157676348548,
  "aqi": 0.010943283402489625,
  "bids_meta": {
    "BandwidthPerPixelPhaseEncode": 10.965,
    "DeviceSerialNumber": "40482",
    "EchoTime": 0.03,
    "EffectiveEchoSpacing": 0.000949,
    "FlipAngle": 79,
    "ImageType": [
      "ORIGINAL",
      "PRIMARY",
      "M",
      "MB",
      "ND",
      "MOSAIC"
    ],
    "InstitutionAddress": "Frew_4805_Pittsburgh_PA_District_US_15213",
    "InstitutionName": "SIBR",
    "MagneticFieldStrength": 3,
    "Manufacturer": "Siemens",
    "ManufacturersModelName": "Verio",
    "MultibandAccellerationFactor": 3,
    "PhaseEncodingDirection": "j-",
    "PhaseEncodingLines": 96,
    "RepetitionTime": 2.0,
    "ScanningSequence": "EP",
    "SequenceName": "epfid2d1_96",
    "SequenceVariant": "SK_SS",
    "SliceTiming": [
      0,
      0.09,
      0.1825,
      0.2725,
      0.365,
      0.455,
      0.5475,
      0.6375,
      0.73,
      0.82,
      0.9125,
      1.0025,
      1.095,
      1.185,
      1.2775,
      1.3675,
      1.46,
      1.55,
      1.6425,
      1.7325,
      1.825,
      1.915,
      0,
      0.09,
      0.1825,
      0.2725,
      0.365,
      0.455,
      0.5475,
      0.6375,
      0.73,
      0.82,
      0.9125,
      1.0025,
      1.095,
      1.185,
      1.2775,
      1.3675,
      1.46,
      1.55,
      1.6425,
      1.7325,
      1.825,
      1.915,
      0,
      0.09,
      0.1825,
      0.2725,
      0.365,
      0.455,
      0.5475,
      0.6375,
      0.73,
      0.82,
      0.9125,
      1.0025,
      1.095,
      1.185,
      1.2775,
      1.3675,
      1.46,
      1.55,
      1.6425,
      1.7325,
      1.825,
      1.915
    ],
    "SoftwareVersions": "syngo_MR_B17",
    "TaskName": "cuedMFM",
    "TotalReadoutTime": 0.03039,
    "dataset": "ds001597",
    "modality": "bold",
    "run_id": 8,
    "session_id": "pre",
    "subject_id": "15",
    "task_id": "cuedMFM"
  },
  "dummy_trs": 0,
  "dvars_nstd": 30.283955104999976,
  "dvars_std": 1.1570345533333335,
  "dvars_vstd": 0.9926416646666666,
  "efc": 0.597595734633556,
  "fber": 1214.94580078125,
  "fd_mean": 0.14390200094000863,
  "fd_num": 37,
  "fd_perc": 15.352697095435685,
  "fwhm_avg": 2.153306666666667,
  "fwhm_x": 2.07198,
  "fwhm_y": 2.32803,
  "fwhm_z": 2.05991,
  "gcor": 0.0104001,
  "gsr_x": 0.008503375574946404,
  "gsr_y": 0.047833871096372604,
  "provenance": {
    "md5sum": "a68d383e22a795eb14cd4670c61a16f8",
    "settings": {
      "fd_thres": 0.2,
      "testing": false
    },
    "software": "mriqc",
    "version": "22.0.6",
    "webapi_port": null,
    "webapi_url": "https://mriqc.nimh.nih.gov/api/v1"
  },
  "size_t": 241,
  "size_x": 96,
  "size_y": 96,
  "size_z": 66,
  "snr": 5.517086983436589,
  "spacing_tr": 2.0,
  "spacing_x": 2.0,
  "spacing_y": 2.0,
  "spacing_z": 2.0,
  "summary_bg_k": 17.116060440043885,
  "summary_bg_mad": 15.303492955866922,
  "summary_bg_mean": 46.3646354675293,
  "summary_bg_median": 16.147531509399414,
  "summary_bg_n": 359177.0,
  "summary_bg_p05": 4.869458770751953,
  "summary_bg_p95": 193.419384765625,
  "summary_bg_stdv": 71.11524963378906,
  "summary_fg_k": 3.5561320260914098,
  "summary_fg_mad": 87.8392949401215,
  "summary_fg_mean": 596.1664428710938,
  "summary_fg_median": 600.22412109375,
  "summary_fg_n": 156874.0,
  "summary_fg_p05": 421.0892730712891,
  "summary_fg_p95": 750.5076843261719,
  "summary_fg_stdv": 108.79331970214844,
  "tsnr": 49.90184020996094
}