{
  "aor": 0.00040145833333333337,
  "aqi": 0.009235304333333335,
  "bids_meta": {
    "BandwidthPerPixelPhaseEncode": 10.965,
    "DeviceSerialNumber": "40482",
    "EchoTime": 0.03,
    "EffectiveEchoSpacing": 0.000949,
    "FlipAngle": 79,
    "ImageType": [
      "ORIGINAL",
      "PRIMARY",
      "M",
      "MB",
      "ND",
      "MOSAIC"
    ],
    "InstitutionAddress": "Frew_4805_Pittsburgh_PA_District_US_15213",
    "InstitutionName": "SIBR",
    "MagneticFieldStrength": 3,
    "Manufacturer": "Siemens",
    "ManufacturersModelName": "Verio",
    "MultibandAccellerationFactor": 3,
    "PhaseEncodingDirection": "j-",
    "PhaseEncodingLines": 96,
    "RepetitionTime": 2.0,
    "ScanningSequence": "EP",
    "SequenceName": "epfid2d1_96",
    "SequenceVariant": "SK_SS",
    "SliceTiming": [
      0,
      0.09,
      0.1825,
      0.2725,
      0.365,
      0.455,
      0.5475,
      0.6375,
      0.73,
      0.82,
      0.9125,
      1.0025,
      1.095,
      1.185,
      1.2775,
      1.3675,
      1.46,
      1.55,
      1.6425,
      1.7325,
      1.825,
      1.915,
      0,
      0.09,
      0.1825,
      0.2725,
      0.365,
      0.455,
      0.5475,
      0.6375,
      0.73,
      0.82,
      0.9125,
      1.0025,
      1.095,
      1.185,
      1.2775,
      1.3675,
      1.46,
      1.55,
      1.6425,
      1.7325,
      1.825,
      1.915,
      0,
      0.09,
      0.1825,
      0.2725,
      0.365,
      0.455,
      0.5475,
      0.6375,
      0.73,
      0.82,
      0.9125,
      1.0025,
      1.095,
      1.185,
      1.2775,
      1.3675,
      1.46,
      1.55,
      1.6425,
      1.7325,
      1.825,
      1.915
    ],
    "SoftwareVersions": "syngo_MR_B17",
    "TaskName": "cuedMFM",
    "TotalReadoutTime": 0.03039,
    "dataset": "ds001597",
    "modality": "bold",
    "run_id": 5,
    "session_id": "pre",
    "subject_id": "15",
    "task_id": "cuedMFM"
  },
  "dummy_trs": 1,
  "dvars_nstd": 32.27406159418408,
  "dvars_std": 1.2006510096234302,
  "dvars_vstd": 0.9847457808786608,
  "efc": 0.5923804236937769,
  "fber": 1425.872802734375,
  "fd_mean": 0.12695285602492135,
  "fd_num": 22,
  "fd_perc": 9.166666666666666,
  "fwhm_avg": 2.1673266666666664,
  "fwhm_x": 2.082815,
  "fwhm_y": 2.34093,
  "fwhm_z": 2.078235,
  "gcor": 0.00724507,
  "gsr_x": 0.008286094292998314,
  "gsr_y": 0.04364290460944176,
  "provenance": {
    "md5sum": "7a1ee6ea82318951d23497f8c614b241",
    "settings": {
      "fd_thres": 0.2,
      "testing": false
    },
    "software": "mriqc",
    "version": "22.0.6",
    "webapi_port": null,
    "webapi_url": "https://mriqc.nimh.nih.gov/api/v1"
  },
  "size_t": 240,
  "size_x": 96,
  "size_y": 96,
  "size_z": 66,
  "snr": 5.474980715293786,
  "spacing_tr": 2.0,
  "spacing_x": 2.0,
  "spacing_y": 2.0,
  "spacing_z": 2.0,
  "summary_bg_k": 17.85709180908207,
  "summary_bg_mad": 13.935992987938079,
  "summary_bg_mean": 43.9290771484375,
  "summary_bg_median": 14.964096069335938,
  "summary_bg_n": 359374.0,
  "summary_bg_p05": 4.657349991798402,
  "summary_bg_p95": 183.2169540405273,
  "summary_bg_stdv": 69.47190856933594,
  "summary_fg_k": 3.632114378549913,
  "summary_fg_mad": 87.83006487259907,
  "summary_fg_mean": 598.7454223632812,
  "summary_fg_median": 602.6119995117188,
  "summary_fg_n": 156415.0,
  "summary_fg_p05": 420.9781768798828,
  "summary_fg_p95": 756.1642944335937,
  "summary_fg_stdv": 110.06615447998047,
  "tsnr": 53.2548828125
}