{
  "aor": 0.00046008298755186727,
  "aqi": 0.009729526887966805,
  "bids_meta": {
    "BandwidthPerPixelPhaseEncode": 10.965,
    "DeviceSerialNumber": "40482",
    "EchoTime": 0.03,
    "EffectiveEchoSpacing": 0.000949,
    "FlipAngle": 79,
    "ImageType": [
      "ORIGINAL",
      "PRIMARY",
      "M",
      "MB",
      "ND",
      "MOSAIC"
    ],
    "InstitutionAddress": "Frew_4805_Pittsburgh_PA_District_US_15213",
    "InstitutionName": "SIBR",
    "MagneticFieldStrength": 3,
    "Manufacturer": "Siemens",
    "ManufacturersModelName": "Verio",
    "MultibandAccellerationFactor": 3,
    "PhaseEncodingDirection": "j-",
    "PhaseEncodingLines": 96,
    "RepetitionTime": 2.0,
    "ScanningSequence": "EP",
    "SequenceName": "epfid2d1_96",
    "SequenceVariant": "SK_SS",
    "SliceTiming": [
      0,
      0.09,
      0.1825,
      0.2725,
      0.365,
      0.455,
      0.5475,
      0.6375,
      0.73,
      0.82,
      0.9125,
      1.0025,
      1.095,
      1.185,
      1.2775,
      1.3675,
      1.46,
      1.55,
      1.6425,
      1.7325,
      1.825,
      1.915,
      0,
      0.09,
      0.1825,
      0.2725,
      0.365,
      0.455,
      0.5475,
      0.6375,
      0.73,
      0.82,
      0.9125,
      1.0025,
      1.095,
      1.185,
      1.2775,
      1.3675,
      1.46,
      1.55,
      1.6425,
      1.7325,
      1.825,
      1.915,
      0,
      0.09,
      0.1825,
      0.2725,
      0.365,
      0.455,
      0.5475,
      0.6375,
      0.73,
      0.82,
      0.9125,
      1.0025,
      1.095,
      1.185,
      1.2775,
      1.3675,
      1.46,
      1.55,
      1.6425,
      1.7325,
      1.825,
      1.915
    ],
    "SoftwareVersions": "syngo_MR_B17",
    "TaskName": "cuedMFM",
    "TotalReadoutTime": 0.03039,
    "dataset": "ds001597",
    "modality": "bold",
    "run_id": 2,
    "session_id": "pre",
    "subject_id": "15",
    "task_id": "cuedMFM"
  },
  "dummy_trs": 0,
  "dvars_nstd": 31.988652324541672,
  "dvars_std": 1.2061031940833333,
  "dvars_vstd": 0.9956026770000002,
  "efc": 0.592063304357898,
  "fber": 1573.525634765625,
  "fd_mean": 0.1272441148963203,
  "fd_num": 16,
  "fd_perc": 6.639004149377594,
  "fwhm_avg": 2.107818333333333,
  "fwhm_x": 2.023165,
  "fwhm_y": 2.279065,
  "fwhm_z": 2.021225,
  "gcor": 0.0169324,
  "gsr_x": 0.0060390871949493885,
  "gsr_y": 0.04048839583992958,
  "provenance": {
    "md5sum": "8b2950fa122c4bd38541f55862be5e9c",
    "settings": {
      "fd_thres": 0.2,
      "testing": false
    },
    "software": "mriqc",
    "version": "22.0.6",
    "webapi_port": null,
    "webapi_url": "https://mriqc.nimh.nih.gov/api/v1"
  },
  "size_t": 241,
  "size_x": 96,
  "size_y": 96,
  "size_z": 66,
  "snr": 5.6226186461824,
  "spacing_tr": 2.0,
  "spacing_x": 2.0,
  "spacing_y": 2.0,
  "spacing_z": 2.0,
  "summary_bg_k": 12.788356247117576,
  "summary_bg_mad": 12.492792468520665,
  "summary_bg_mean": 40.38714599609375,
  "summary_bg_median": 13.291020393371582,
  "summary_bg_n": 359391.0,
  "summary_bg_p05": 4.079611778259277,
  "summary_bg_p95": 174.52753448486328,
  "summary_bg_stdv": 62.961570739746094,
  "summary_fg_k": 3.8217943020851113,
  "summary_fg_mad": 80.07646881303612,
  "summary_fg_mean": 558.672119140625,
  "summary_fg_median": 560.8710327148438,
  "summary_fg_n": 157370.0,
  "summary_fg_p05": 400.3484649658203,
  "summary_fg_p95": 701.3630279541014,
  "summary_fg_stdv": 99.7523193359375,
  "tsnr": 54.785831451416016
}