{
  "aor": 0.0011953138075313805,
  "aqi": 0.010973608577405857,
  "bids_meta": {
    "BandwidthPerPixelPhaseEncode": 10.965,
    "DeviceSerialNumber": "40482",
    "EchoTime": 0.03,
    "EffectiveEchoSpacing": 0.000949,
    "FlipAngle": 79,
    "ImageType": [
      "ORIGINAL",
      "PRIMARY",
      "M",
      "MB",
      "ND",
      "MOSAIC"
    ],
    "InstitutionAddress": "Frew_4805_Pittsburgh_PA_District_US_15213",
    "InstitutionName": "SIBR",
    "MagneticFieldStrength": 3,
    "Manufacturer": "Siemens",
    "ManufacturersModelName": "Verio",
    "MultibandAccellerationFactor": 3,
    "PhaseEncodingDirection": "j-",
    "PhaseEncodingLines": 96,
    "RepetitionTime": 2.0,
    "ScanningSequence": "EP",
    "SequenceName": "epfid2d1_96",
    "SequenceVariant": "SK_SS",
    "SliceTiming": [
      0,
      0.09,
      0.1825,
      0.2725,
      0.365,
      0.455,
      0.5475,
      0.6375,
      0.73,
      0.82,
      0.9125,
      1.0025,
      1.095,
      1.185,
      1.2775,
      1.3675,
      1.46,
      1.55,
      1.6425,
      1.7325,
      1.825,
      1.915,
      0,
      0.09,
      0.1825,
      0.2725,
      0.365,
      0.455,
      0.5475,
      0.6375,
      0.73,
      0.82,
      0.9125,
      1.0025,
      1.095,
      1.185,
      1.2775,
      1.3675,
      1.46,
      1.55,
      1.6425,
      1.7325,
      1.825,
      1.915,
      0,
      0.09,
      0.1825,
      0.2725,
      0.365,
      0.455,
      0.5475,
      0.6375,
      0.73,
      0.82,
      0.9125,
      1.0025,
      1.095,
      1.185,
      1.2775,
      1.3675,
      1.46,
      1.55,
      1.6425,
      1.7325,
      1.825,
      1.915
    ],
    "SoftwareVersions": "syngo_MR_B17",
    "TaskName": "cuedMFM",
    "TotalReadoutTime": 0.03039,
    "dataset": "ds001597",
    "modality": "bold",
    "run_id": 3,
    "session_id": "post",
    "subject_id": "10",
    "task_id": "cuedMFM"
  },
  "dummy_trs": 2,
  "dvars_nstd": 36.48863816474792,
  "dvars_std": 1.3215654887815125,
  "dvars_vstd": 1.005870925588236,
  "efc": 0.5801710942199427,
  "fber": 2671.62744140625,
  "fd_mean": 0.15397745703453933,
  "fd_num": 66,
  "fd_perc": 27.615062761506277,
  "fwhm_avg": 2.0089099999999998,
  "fwhm_x": 1.905555,
  "fwhm_y": 2.13602,
  "fwhm_z": 1.985155,
  "gcor": 0.0119607,
  "gsr_x": -0.012910982593894005,
  "gsr_y": 0.038534898310899734,
  "provenance": {
    "md5sum": "ed31288835683b76830139b0544436b5",
    "settings": {
      "fd_thres": 0.2,
      "testing": false
    },
    "software": "mriqc",
    "version": "22.0.6",
    "webapi_port": null,
    "webapi_url": "https://mriqc.nimh.nih.gov/api/v1"
  },
  "size_t": 239,
  "size_x": 96,
  "size_y": 96,
  "size_z": 66,
  "snr": 5.794150766767862,
  "spacing_tr": 2.0,
  "spacing_x": 2.0,
  "spacing_y": 2.0,
  "spacing_z": 2.0,
  "summary_bg_k": 17.98914448410522,
  "summary_bg_mad": 8.73325008895392,
  "summary_bg_mean": 33.05830383300781,
  "summary_bg_median": 11.337224960327148,
  "summary_bg_n": 353676.0,
  "summary_bg_p05": 4.281689286231995,
  "summary_bg_p95": 134.18645095825195,
  "summary_bg_stdv": 55.41852569580078,
  "summary_fg_k": 3.078081753276753,
  "summary_fg_mad": 87.808437557522,
  "summary_fg_mean": 618.6461181640625,
  "summary_fg_median": 613.9764404296875,
  "summary_fg_n": 162963.0,
  "summary_fg_p05": 465.4612640380859,
  "summary_fg_p95": 788.1076171875,
  "summary_fg_stdv": 105.96454620361328,
  "tsnr": 56.07090759277344
}