{
  "aor": 0.0016838589211618257,
  "aqi": 0.011293401908713693,
  "bids_meta": {
    "BandwidthPerPixelPhaseEncode": 10.965,
    "DeviceSerialNumber": "40482",
    "EchoTime": 0.03,
    "EffectiveEchoSpacing": 0.000949,
    "FlipAngle": 79,
    "ImageType": [
      "ORIGINAL",
      "PRIMARY",
      "M",
      "MB",
      "ND",
      "MOSAIC"
    ],
    "InstitutionAddress": "Frew_4805_Pittsburgh_PA_District_US_15213",
    "InstitutionName": "SIBR",
    "MagneticFieldStrength": 3,
    "Manufacturer": "Siemens",
    "ManufacturersModelName": "Verio",
    "MultibandAccellerationFactor": 3,
    "PhaseEncodingDirection": "j-",
    "PhaseEncodingLines": 96,
    "RepetitionTime": 2.0,
    "ScanningSequence": "EP",
    "SequenceName": "epfid2d1_96",
    "SequenceVariant": "SK_SS",
    "SliceTiming": [
      0,
      0.09,
      0.1825,
      0.2725,
      0.365,
      0.455,
      0.5475,
      0.6375,
      0.73,
      0.82,
      0.9125,
      1.0025,
      1.095,
      1.185,
      1.2775,
      1.3675,
      1.46,
      1.55,
      1.6425,
      1.7325,
      1.825,
      1.915,
      0,
      0.09,
      0.1825,
      0.2725,
      0.365,
      0.455,
      0.5475,
      0.6375,
      0.73,
      0.82,
      0.9125,
      1.0025,
      1.095,
      1.185,
      1.2775,
      1.3675,
      1.46,
      1.55,
      1.6425,
      1.7325,
      1.825,
      1.915,
      0,
      0.09,
      0.1825,
      0.2725,
      0.365,
      0.455,
      0.5475,
      0.6375,
      0.73,
      0.82,
      0.9125,
      1.0025,
      1.095,
      1.185,
      1.2775,
      1.3675,
      1.46,
      1.55,
      1.6425,
      1.7325,
      1.825,
      1.915
    ],
    "SoftwareVersions": "syngo_MR_B17",
    "TaskName": "cuedMFM",
    "TotalReadoutTime": 0.03039,
    "dataset": "ds001597",
    "modality": "bold",
    "run_id": 4,
    "session_id": "post",
    "subject_id": "10",
    "task_id": "cuedMFM"
  },
  "dummy_trs": 0,
  "dvars_nstd": 38.23774337770831,
  "dvars_std": 1.3325520469999994,
  "dvars_vstd": 1.0162414205416666,
  "efc": 0.5803927392938634,
  "fber": 2575.517578125,
  "fd_mean": 0.20714338026572823,
  "fd_num": 91,
  "fd_perc": 37.75933609958506,
  "fwhm_avg": 2.017018333333333,
  "fwhm_x": 1.914355,
  "fwhm_y": 2.137955,
  "fwhm_z": 1.998745,
  "gcor": 0.0299533,
  "gsr_x": -0.012666108086705208,
  "gsr_y": 0.038757309317588806,
  "provenance": {
    "md5sum": "99cc8ec4ff0c0aaa6f39143b5d654539",
    "settings": {
      "fd_thres": 0.2,
      "testing": false
    },
    "software": "mriqc",
    "version": "22.0.6",
    "webapi_port": null,
    "webapi_url": "https://mriqc.nimh.nih.gov/api/v1"
  },
  "size_t": 241,
  "size_x": 96,
  "size_y": 96,
  "size_z": 66,
  "snr": 5.760536997411182,
  "spacing_tr": 2.0,
  "spacing_x": 2.0,
  "spacing_y": 2.0,
  "spacing_z": 2.0,
  "summary_bg_k": 18.09582438668347,
  "summary_bg_mad": 9.17694231915346,
  "summary_bg_mean": 32.979034423828125,
  "summary_bg_median": 11.497871398925781,
  "summary_bg_n": 353601.0,
  "summary_bg_p05": 4.215133190155029,
  "summary_bg_p95": 133.70059204101562,
  "summary_bg_stdv": 55.03312301635742,
  "summary_fg_k": 3.1091977274386258,
  "summary_fg_mad": 88.1307659939427,
  "summary_fg_mean": 616.0093383789062,
  "summary_fg_median": 611.8494262695312,
  "summary_fg_n": 162975.0,
  "summary_fg_p05": 462.6194976806641,
  "summary_fg_p95": 785.243115234375,
  "summary_fg_stdv": 106.21363067626953,
  "tsnr": 54.455116271972656
}