{
  "aor": 0.0013395020746887966,
  "aqi": 0.006925128879668049,
  "bids_meta": {
    "BandwidthPerPixelPhaseEncode": 10.965,
    "DeviceSerialNumber": "40482",
    "EchoTime": 0.03,
    "EffectiveEchoSpacing": 0.000949,
    "FlipAngle": 79,
    "ImageType": [
      "ORIGINAL",
      "PRIMARY",
      "M",
      "MB",
      "ND",
      "MOSAIC"
    ],
    "InstitutionAddress": "Frew_4805_Pittsburgh_PA_District_US_15213",
    "InstitutionName": "SIBR",
    "MagneticFieldStrength": 3,
    "Manufacturer": "Siemens",
    "ManufacturersModelName": "Verio",
    "MultibandAccellerationFactor": 3,
    "PhaseEncodingDirection": "j-",
    "PhaseEncodingLines": 96,
    "RepetitionTime": 2.0,
    "ScanningSequence": "EP",
    "SequenceName": "epfid2d1_96",
    "SequenceVariant": "SK_SS",
    "SliceTiming": [
      0,
      0.09,
      0.1825,
      0.2725,
      0.365,
      0.455,
      0.5475,
      0.6375,
      0.73,
      0.82,
      0.9125,
      1.0025,
      1.095,
      1.185,
      1.2775,
      1.3675,
      1.46,
      1.55,
      1.6425,
      1.7325,
      1.825,
      1.915,
      0,
      0.09,
      0.1825,
      0.2725,
      0.365,
      0.455,
      0.5475,
      0.6375,
      0.73,
      0.82,
      0.9125,
      1.0025,
      1.095,
      1.185,
      1.2775,
      1.3675,
      1.46,
      1.55,
      1.6425,
      1.7325,
      1.825,
      1.915,
      0,
      0.09,
      0.1825,
      0.2725,
      0.365,
      0.455,
      0.5475,
      0.6375,
      0.73,
      0.82,
      0.9125,
      1.0025,
      1.095,
      1.185,
      1.2775,
      1.3675,
      1.46,
      1.55,
      1.6425,
      1.7325,
      1.825,
      1.915
    ],
    "SoftwareVersions": "syngo_MR_B17",
    "TaskName": "cuedMFM",
    "TotalReadoutTime": 0.03039,
    "dataset": "ds001597",
    "modality": "bold",
    "run_id": 8,
    "session_id": "post",
    "subject_id": "10",
    "task_id": "cuedMFM"
  },
  "dummy_trs": 0,
  "dvars_nstd": 28.746532225666677,
  "dvars_std": 1.154322364666667,
  "dvars_vstd": 0.9873189579999995,
  "efc": 0.5449887111670954,
  "fber": 2094.810791015625,
  "fd_mean": 0.13722230522067438,
  "fd_num": 32,
  "fd_perc": 13.278008298755188,
  "fwhm_avg": 2.42917,
  "fwhm_x": 2.294885,
  "fwhm_y": 2.594185,
  "fwhm_z": 2.39844,
  "gcor": 0.0162401,
  "gsr_x": -0.011216421611607075,
  "gsr_y": 0.03197015821933746,
  "provenance": {
    "md5sum": "a2ee3cbd6e31d8b7ebc70b72e3e32e35",
    "settings": {
      "fd_thres": 0.2,
      "testing": false
    },
    "software": "mriqc",
    "version": "22.0.6",
    "webapi_port": null,
    "webapi_url": "https://mriqc.nimh.nih.gov/api/v1"
  },
  "size_t": 241,
  "size_x": 96,
  "size_y": 96,
  "size_z": 66,
  "snr": 4.8536172364927905,
  "spacing_tr": 2.0,
  "spacing_x": 2.0,
  "spacing_y": 2.0,
  "spacing_z": 2.0,
  "summary_bg_k": 18.920650872539508,
  "summary_bg_mad": 14.242119672486442,
  "summary_bg_mean": 41.928871154785156,
  "summary_bg_median": 15.968400955200195,
  "summary_bg_n": 384550.0,
  "summary_bg_p05": 4.638256502151489,
  "summary_bg_p95": 168.66177520751944,
  "summary_bg_stdv": 67.94893646240234,
  "summary_fg_k": 1.7739064875550623,
  "summary_fg_mad": 143.1507460408861,
  "summary_fg_mean": 757.2537231445312,
  "summary_fg_median": 762.8077392578125,
  "summary_fg_n": 136504.0,
  "summary_fg_p05": 503.3333023071289,
  "summary_fg_p95": 995.5277832031248,
  "summary_fg_stdv": 157.1621551513672,
  "tsnr": 53.56803894042969
}