{
  "aor": 0.0018710788381742739,
  "aqi": 0.0058818788796680494,
  "bids_meta": {
    "BandwidthPerPixelPhaseEncode": 10.965,
    "DeviceSerialNumber": "40482",
    "EchoTime": 0.03,
    "EffectiveEchoSpacing": 0.000949,
    "FlipAngle": 79,
    "ImageType": [
      "ORIGINAL",
      "PRIMARY",
      "M",
      "MB",
      "ND",
      "MOSAIC"
    ],
    "InstitutionAddress": "Frew_4805_Pittsburgh_PA_District_US_15213",
    "InstitutionName": "SIBR",
    "MagneticFieldStrength": 3,
    "Manufacturer": "Siemens",
    "ManufacturersModelName": "Verio",
    "MultibandAccellerationFactor": 3,
    "PhaseEncodingDirection": "j-",
    "PhaseEncodingLines": 96,
    "RepetitionTime": 2.0,
    "ScanningSequence": "EP",
    "SequenceName": "epfid2d1_96",
    "SequenceVariant": "SK_SS",
    "SliceTiming": [
      0,
      0.09,
      0.1825,
      0.2725,
      0.365,
      0.455,
      0.5475,
      0.6375,
      0.73,
      0.82,
      0.9125,
      1.0025,
      1.095,
      1.185,
      1.2775,
      1.3675,
      1.46,
      1.55,
      1.6425,
      1.7325,
      1.825,
      1.915,
      0,
      0.09,
      0.1825,
      0.2725,
      0.365,
      0.455,
      0.5475,
      0.6375,
      0.73,
      0.82,
      0.9125,
      1.0025,
      1.095,
      1.185,
      1.2775,
      1.3675,
      1.46,
      1.55,
      1.6425,
      1.7325,
      1.825,
      1.915,
      0,
      0.09,
      0.1825,
      0.2725,
      0.365,
      0.455,
      0.5475,
      0.6375,
      0.73,
      0.82,
      0.9125,
      1.0025,
      1.095,
      1.185,
      1.2775,
      1.3675,
      1.46,
      1.55,
      1.6425,
      1.7325,
      1.825,
      1.915
    ],
    "SoftwareVersions": "syngo_MR_B17",
    "TaskName": "cuedMFM",
    "TotalReadoutTime": 0.03039,
    "dataset": "ds001597",
    "modality": "bold",
    "run_id": 6,
    "session_id": "post",
    "subject_id": "10",
    "task_id": "cuedMFM"
  },
  "dummy_trs": 0,
  "dvars_nstd": 28.66187660666667,
  "dvars_std": 1.2072055985416663,
  "dvars_vstd": 1.0093491629166667,
  "efc": 0.5425554572293895,
  "fber": 2261.122802734375,
  "fd_mean": 0.11965607732069448,
  "fd_num": 17,
  "fd_perc": 7.053941908713693,
  "fwhm_avg": 2.393788333333333,
  "fwhm_x": 2.26864,
  "fwhm_y": 2.54679,
  "fwhm_z": 2.365935,
  "gcor": 0.015619,
  "gsr_x": -0.01126700360327959,
  "gsr_y": 0.030666353181004524,
  "provenance": {
    "md5sum": "ba369da950133cc3d89e58b513e53943",
    "settings": {
      "fd_thres": 0.2,
      "testing": false
    },
    "software": "mriqc",
    "version": "22.0.6",
    "webapi_port": null,
    "webapi_url": "https://mriqc.nimh.nih.gov/api/v1"
  },
  "size_t": 241,
  "size_x": 96,
  "size_y": 96,
  "size_z": 66,
  "snr": 4.887081047340097,
  "spacing_tr": 2.0,
  "spacing_x": 2.0,
  "spacing_y": 2.0,
  "spacing_z": 2.0,
  "summary_bg_k": 19.30069567244053,
  "summary_bg_mad": 13.802214272608893,
  "summary_bg_mean": 40.74884796142578,
  "summary_bg_median": 15.463933944702148,
  "summary_bg_n": 384627.0,
  "summary_bg_p05": 4.482469081878662,
  "summary_bg_p95": 163.690861511231,
  "summary_bg_stdv": 66.84217071533203,
  "summary_fg_k": 1.8597300370313956,
  "summary_fg_mad": 141.64751190674212,
  "summary_fg_mean": 763.271728515625,
  "summary_fg_median": 767.8182373046875,
  "summary_fg_n": 136324.0,
  "summary_fg_p05": 510.4367279052734,
  "summary_fg_p95": 1002.6831268310547,
  "summary_fg_stdv": 157.1112518310547,
  "tsnr": 56.487060546875
}