{
  "aor": 0.0010747717842323652,
  "aqi": 0.004856397012448132,
  "bids_meta": {
    "BandwidthPerPixelPhaseEncode": 10.965,
    "DeviceSerialNumber": "40482",
    "EchoTime": 0.03,
    "EffectiveEchoSpacing": 0.000949,
    "FlipAngle": 79,
    "ImageType": [
      "ORIGINAL",
      "PRIMARY",
      "M",
      "MB",
      "ND",
      "MOSAIC"
    ],
    "InstitutionAddress": "Frew_4805_Pittsburgh_PA_District_US_15213",
    "InstitutionName": "SIBR",
    "MagneticFieldStrength": 3,
    "Manufacturer": "Siemens",
    "ManufacturersModelName": "Verio",
    "MultibandAccellerationFactor": 3,
    "PhaseEncodingDirection": "j-",
    "PhaseEncodingLines": 96,
    "RepetitionTime": 2.0,
    "ScanningSequence": "EP",
    "SequenceName": "epfid2d1_96",
    "SequenceVariant": "SK_SS",
    "SliceTiming": [
      0,
      0.09,
      0.1825,
      0.2725,
      0.365,
      0.455,
      0.5475,
      0.6375,
      0.73,
      0.82,
      0.9125,
      1.0025,
      1.095,
      1.185,
      1.2775,
      1.3675,
      1.46,
      1.55,
      1.6425,
      1.7325,
      1.825,
      1.915,
      0,
      0.09,
      0.1825,
      0.2725,
      0.365,
      0.455,
      0.5475,
      0.6375,
      0.73,
      0.82,
      0.9125,
      1.0025,
      1.095,
      1.185,
      1.2775,
      1.3675,
      1.46,
      1.55,
      1.6425,
      1.7325,
      1.825,
      1.915,
      0,
      0.09,
      0.1825,
      0.2725,
      0.365,
      0.455,
      0.5475,
      0.6375,
      0.73,
      0.82,
      0.9125,
      1.0025,
      1.095,
      1.185,
      1.2775,
      1.3675,
      1.46,
      1.55,
      1.6425,
      1.7325,
      1.825,
      1.915
    ],
    "SoftwareVersions": "syngo_MR_B17",
    "TaskName": "cuedMFM",
    "TotalReadoutTime": 0.03039,
    "dataset": "ds001597",
    "modality": "bold",
    "run_id": 5,
    "session_id": "post",
    "subject_id": "10",
    "task_id": "cuedMFM"
  },
  "dummy_trs": 0,
  "dvars_nstd": 28.811725465625,
  "dvars_std": 1.216857109083333,
  "dvars_vstd": 1.0052383099583342,
  "efc": 0.5413382191500463,
  "fber": 2345.337158203125,
  "fd_mean": 0.10994011991478839,
  "fd_num": 15,
  "fd_perc": 6.224066390041494,
  "fwhm_avg": 2.3718983333333337,
  "fwhm_x": 2.25452,
  "fwhm_y": 2.5146,
  "fwhm_z": 2.346575,
  "gcor": 0.0120456,
  "gsr_x": -0.010971974581480026,
  "gsr_y": 0.030188817530870438,
  "provenance": {
    "md5sum": "48e90d6be0ce07504e98be5e9a379fa4",
    "settings": {
      "fd_thres": 0.2,
      "testing": false
    },
    "software": "mriqc",
    "version": "22.0.6",
    "webapi_port": null,
    "webapi_url": "https://mriqc.nimh.nih.gov/api/v1"
  },
  "size_t": 241,
  "size_x": 96,
  "size_y": 96,
  "size_z": 66,
  "snr": 4.899107496823232,
  "spacing_tr": 2.0,
  "spacing_x": 2.0,
  "spacing_y": 2.0,
  "spacing_z": 2.0,
  "summary_bg_k": 19.170283210635297,
  "summary_bg_mad": 13.300952889645343,
  "summary_bg_mean": 39.94734191894531,
  "summary_bg_median": 15.163723945617676,
  "summary_bg_n": 384735.0,
  "summary_bg_p05": 4.550940036773682,
  "summary_bg_p95": 160.35239105224605,
  "summary_bg_stdv": 65.45384979248047,
  "summary_fg_k": 1.8800032369127484,
  "summary_fg_mad": 139.89832362038266,
  "summary_fg_mean": 762.3663940429688,
  "summary_fg_median": 765.861083984375,
  "summary_fg_n": 136181.0,
  "summary_fg_p05": 511.2242736816406,
  "summary_fg_p95": 1001.1934814453125,
  "summary_fg_stdv": 156.32608032226562,
  "tsnr": 61.87847900390625
}