{
  "aor": 0.0008827800829875518,
  "aqi": 0.0113624410373444,
  "bids_meta": {
    "BandwidthPerPixelPhaseEncode": 10.965,
    "DeviceSerialNumber": "40482",
    "EchoTime": 0.03,
    "EffectiveEchoSpacing": 0.000949,
    "FlipAngle": 79,
    "ImageType": [
      "ORIGINAL",
      "PRIMARY",
      "M",
      "MB",
      "ND",
      "MOSAIC"
    ],
    "InstitutionAddress": "Frew_4805_Pittsburgh_PA_District_US_15213",
    "InstitutionName": "SIBR",
    "MagneticFieldStrength": 3,
    "Manufacturer": "Siemens",
    "ManufacturersModelName": "Verio",
    "MultibandAccellerationFactor": 3,
    "PhaseEncodingDirection": "j-",
    "PhaseEncodingLines": 96,
    "RepetitionTime": 2.0,
    "ScanningSequence": "EP",
    "SequenceName": "epfid2d1_96",
    "SequenceVariant": "SK_SS",
    "SliceTiming": [
      0,
      0.09,
      0.1825,
      0.2725,
      0.365,
      0.455,
      0.5475,
      0.6375,
      0.73,
      0.82,
      0.9125,
      1.0025,
      1.095,
      1.185,
      1.2775,
      1.3675,
      1.46,
      1.55,
      1.6425,
      1.7325,
      1.825,
      1.915,
      0,
      0.09,
      0.1825,
      0.2725,
      0.365,
      0.455,
      0.5475,
      0.6375,
      0.73,
      0.82,
      0.9125,
      1.0025,
      1.095,
      1.185,
      1.2775,
      1.3675,
      1.46,
      1.55,
      1.6425,
      1.7325,
      1.825,
      1.915,
      0,
      0.09,
      0.1825,
      0.2725,
      0.365,
      0.455,
      0.5475,
      0.6375,
      0.73,
      0.82,
      0.9125,
      1.0025,
      1.095,
      1.185,
      1.2775,
      1.3675,
      1.46,
      1.55,
      1.6425,
      1.7325,
      1.825,
      1.915
    ],
    "SoftwareVersions": "syngo_MR_B17",
    "TaskName": "cuedMFM",
    "TotalReadoutTime": 0.03039,
    "dataset": "ds001597",
    "modality": "bold",
    "run_id": 1,
    "session_id": "post",
    "subject_id": "15",
    "task_id": "cuedMFM"
  },
  "dummy_trs": 0,
  "dvars_nstd": 33.623235480125,
  "dvars_std": 1.2402981859999995,
  "dvars_vstd": 0.9963096537500001,
  "efc": 0.5886342693807727,
  "fber": 1741.6849365234375,
  "fd_mean": 0.18621675257829443,
  "fd_num": 81,
  "fd_perc": 33.60995850622407,
  "fwhm_avg": 2.176693333333333,
  "fwhm_x": 2.08184,
  "fwhm_y": 2.35865,
  "fwhm_z": 2.08959,
  "gcor": 0.0154908,
  "gsr_x": 0.009883999824523926,
  "gsr_y": 0.04255775734782219,
  "provenance": {
    "md5sum": "543b1f022715bf64af7c584b2a693b0e",
    "settings": {
      "fd_thres": 0.2,
      "testing": false
    },
    "software": "mriqc",
    "version": "22.0.6",
    "webapi_port": null,
    "webapi_url": "https://mriqc.nimh.nih.gov/api/v1"
  },
  "size_t": 241,
  "size_x": 96,
  "size_y": 96,
  "size_z": 66,
  "snr": 5.497033187509376,
  "spacing_tr": 2.0,
  "spacing_x": 2.0,
  "spacing_y": 2.0,
  "spacing_z": 2.0,
  "summary_bg_k": 15.888687391567874,
  "summary_bg_mad": 13.160147700579524,
  "summary_bg_mean": 44.42861557006836,
  "summary_bg_median": 14.162076950073242,
  "summary_bg_n": 360809.0,
  "summary_bg_p05": 4.484343338012695,
  "summary_bg_p95": 188.89026184082022,
  "summary_bg_stdv": 71.38423156738281,
  "summary_fg_k": 3.6286613804433374,
  "summary_fg_mad": 91.30174664218937,
  "summary_fg_mean": 624.0345458984375,
  "summary_fg_median": 627.303955078125,
  "summary_fg_n": 155715.0,
  "summary_fg_p05": 442.2479125976563,
  "summary_fg_p95": 789.5384582519531,
  "summary_fg_stdv": 114.116455078125,
  "tsnr": 51.12661361694336
}