{
  "aor": 0.0016374273858921161,
  "aqi": 0.008996335850622405,
  "bids_meta": {
    "BandwidthPerPixelPhaseEncode": 10.965,
    "DeviceSerialNumber": "40482",
    "EchoTime": 0.03,
    "EffectiveEchoSpacing": 0.000949,
    "FlipAngle": 79,
    "ImageType": [
      "ORIGINAL",
      "PRIMARY",
      "M",
      "MB",
      "ND",
      "MOSAIC"
    ],
    "InstitutionAddress": "Frew_4805_Pittsburgh_PA_District_US_15213",
    "InstitutionName": "SIBR",
    "MagneticFieldStrength": 3,
    "Manufacturer": "Siemens",
    "ManufacturersModelName": "Verio",
    "MultibandAccellerationFactor": 3,
    "PhaseEncodingDirection": "j-",
    "PhaseEncodingLines": 96,
    "RepetitionTime": 2.0,
    "ScanningSequence": "EP",
    "SequenceName": "epfid2d1_96",
    "SequenceVariant": "SK_SS",
    "SliceTiming": [
      0,
      0.09,
      0.1825,
      0.2725,
      0.365,
      0.455,
      0.5475,
      0.6375,
      0.73,
      0.82,
      0.9125,
      1.0025,
      1.095,
      1.185,
      1.2775,
      1.3675,
      1.46,
      1.55,
      1.6425,
      1.7325,
      1.825,
      1.915,
      0,
      0.09,
      0.1825,
      0.2725,
      0.365,
      0.455,
      0.5475,
      0.6375,
      0.73,
      0.82,
      0.9125,
      1.0025,
      1.095,
      1.185,
      1.2775,
      1.3675,
      1.46,
      1.55,
      1.6425,
      1.7325,
      1.825,
      1.915,
      0,
      0.09,
      0.1825,
      0.2725,
      0.365,
      0.455,
      0.5475,
      0.6375,
      0.73,
      0.82,
      0.9125,
      1.0025,
      1.095,
      1.185,
      1.2775,
      1.3675,
      1.46,
      1.55,
      1.6425,
      1.7325,
      1.825,
      1.915
    ],
    "SoftwareVersions": "syngo_MR_B17",
    "TaskName": "cuedMFM",
    "TotalReadoutTime": 0.03039,
    "dataset": "ds001597",
    "modality": "bold",
    "run_id": 7,
    "session_id": "post",
    "subject_id": "05",
    "task_id": "cuedMFM"
  },
  "dummy_trs": 0,
  "dvars_nstd": 32.74193413287498,
  "dvars_std": 1.215047670166667,
  "dvars_vstd": 1.0209868949166665,
  "efc": 0.6126885654508251,
  "fber": 1780.78662109375,
  "fd_mean": 0.07559384676468114,
  "fd_num": 11,
  "fd_perc": 4.564315352697095,
  "fwhm_avg": 2.1400233333333336,
  "fwhm_x": 1.961405,
  "fwhm_y": 2.402835,
  "fwhm_z": 2.05583,
  "gcor": 0.0096932,
  "gsr_x": -0.014127830043435097,
  "gsr_y": 0.051976751536130905,
  "provenance": {
    "md5sum": "2b68e8bd9e69be70e25097234aff0b6d",
    "settings": {
      "fd_thres": 0.2,
      "testing": false
    },
    "software": "mriqc",
    "version": "22.0.6",
    "webapi_port": null,
    "webapi_url": "https://mriqc.nimh.nih.gov/api/v1"
  },
  "size_t": 241,
  "size_x": 96,
  "size_y": 96,
  "size_z": 66,
  "snr": 5.350728597883486,
  "spacing_tr": 2.0,
  "spacing_x": 2.0,
  "spacing_y": 2.0,
  "spacing_z": 2.0,
  "summary_bg_k": 9.634812602687115,
  "summary_bg_mad": 10.93007614831643,
  "summary_bg_mean": 43.0018196105957,
  "summary_bg_median": 12.669426918029785,
  "summary_bg_n": 343024.0,
  "summary_bg_p05": 4.477961778640747,
  "summary_bg_p95": 190.66564636230467,
  "summary_bg_stdv": 66.529052734375,
  "summary_fg_k": 2.0765078920625077,
  "summary_fg_mad": 95.34962895049637,
  "summary_fg_mean": 577.5897827148438,
  "summary_fg_median": 573.4847412109375,
  "summary_fg_n": 173812.0,
  "summary_fg_p05": 413.5945739746094,
  "summary_fg_p95": 748.1218231201171,
  "summary_fg_stdv": 107.17850494384766,
  "tsnr": 51.9002799987793
}