{
  "aor": 0.0005253941908713694,
  "aqi": 0.010011777593360995,
  "bids_meta": {
    "BandwidthPerPixelPhaseEncode": 10.965,
    "DeviceSerialNumber": "40482",
    "EchoTime": 0.03,
    "EffectiveEchoSpacing": 0.000949,
    "FlipAngle": 79,
    "ImageType": [
      "ORIGINAL",
      "PRIMARY",
      "M",
      "MB",
      "ND",
      "MOSAIC"
    ],
    "InstitutionAddress": "Frew_4805_Pittsburgh_PA_District_US_15213",
    "InstitutionName": "SIBR",
    "MagneticFieldStrength": 3,
    "Manufacturer": "Siemens",
    "ManufacturersModelName": "Verio",
    "MultibandAccellerationFactor": 3,
    "PhaseEncodingDirection": "j-",
    "PhaseEncodingLines": 96,
    "RepetitionTime": 2.0,
    "ScanningSequence": "EP",
    "SequenceName": "epfid2d1_96",
    "SequenceVariant": "SK_SS",
    "SliceTiming": [
      0,
      0.09,
      0.1825,
      0.2725,
      0.365,
      0.455,
      0.5475,
      0.6375,
      0.73,
      0.82,
      0.9125,
      1.0025,
      1.095,
      1.185,
      1.2775,
      1.3675,
      1.46,
      1.55,
      1.6425,
      1.7325,
      1.825,
      1.915,
      0,
      0.09,
      0.1825,
      0.2725,
      0.365,
      0.455,
      0.5475,
      0.6375,
      0.73,
      0.82,
      0.9125,
      1.0025,
      1.095,
      1.185,
      1.2775,
      1.3675,
      1.46,
      1.55,
      1.6425,
      1.7325,
      1.825,
      1.915,
      0,
      0.09,
      0.1825,
      0.2725,
      0.365,
      0.455,
      0.5475,
      0.6375,
      0.73,
      0.82,
      0.9125,
      1.0025,
      1.095,
      1.185,
      1.2775,
      1.3675,
      1.46,
      1.55,
      1.6425,
      1.7325,
      1.825,
      1.915
    ],
    "SoftwareVersions": "syngo_MR_B17",
    "TaskName": "cuedMFM",
    "TotalReadoutTime": 0.03039,
    "dataset": "ds001597",
    "modality": "bold",
    "run_id": 4,
    "session_id": "post",
    "subject_id": "05",
    "task_id": "cuedMFM"
  },
  "dummy_trs": 0,
  "dvars_nstd": 34.57480568070834,
  "dvars_std": 1.1914583391666667,
  "dvars_vstd": 0.9929867448750003,
  "efc": 0.61274027479999,
  "fber": 1775.3802490234375,
  "fd_mean": 0.08035938062442252,
  "fd_num": 14,
  "fd_perc": 5.809128630705394,
  "fwhm_avg": 2.0920916666666667,
  "fwhm_x": 1.935825,
  "fwhm_y": 2.3317,
  "fwhm_z": 2.00875,
  "gcor": 0.0152941,
  "gsr_x": -0.012668702751398087,
  "gsr_y": 0.053511735051870346,
  "provenance": {
    "md5sum": "3cd5bc23432a6b34ab24e6d55233e8cd",
    "settings": {
      "fd_thres": 0.2,
      "testing": false
    },
    "software": "mriqc",
    "version": "22.0.6",
    "webapi_port": null,
    "webapi_url": "https://mriqc.nimh.nih.gov/api/v1"
  },
  "size_t": 241,
  "size_x": 96,
  "size_y": 96,
  "size_z": 66,
  "snr": 5.364218283127659,
  "spacing_tr": 2.0,
  "spacing_x": 2.0,
  "spacing_y": 2.0,
  "spacing_z": 2.0,
  "summary_bg_k": 9.349853442398922,
  "summary_bg_mad": 10.053503224576401,
  "summary_bg_mean": 41.568519592285156,
  "summary_bg_median": 12.150147438049316,
  "summary_bg_n": 343977.0,
  "summary_bg_p05": 4.676738166809082,
  "summary_bg_p95": 182.27165222167977,
  "summary_bg_stdv": 63.95273971557617,
  "summary_fg_k": 2.195041928074274,
  "summary_fg_mad": 89.31755359744008,
  "summary_fg_mean": 548.9169921875,
  "summary_fg_median": 544.376708984375,
  "summary_fg_n": 172550.0,
  "summary_fg_p05": 396.98500061035156,
  "summary_fg_p95": 710.9395812988281,
  "summary_fg_stdv": 101.48265838623047,
  "tsnr": 48.77167510986328
}