{
  "aor": 0.000683402489626556,
  "aqi": 0.016539721161825727,
  "bids_meta": {
    "BandwidthPerPixelPhaseEncode": 10.965,
    "DeviceSerialNumber": "40482",
    "EchoTime": 0.03,
    "EffectiveEchoSpacing": 0.000949,
    "FlipAngle": 79,
    "ImageType": [
      "ORIGINAL",
      "PRIMARY",
      "M",
      "MB",
      "ND",
      "MOSAIC"
    ],
    "InstitutionAddress": "Frew_4805_Pittsburgh_PA_District_US_15213",
    "InstitutionName": "SIBR",
    "MagneticFieldStrength": 3,
    "Manufacturer": "Siemens",
    "ManufacturersModelName": "Verio",
    "MultibandAccellerationFactor": 3,
    "PhaseEncodingDirection": "j-",
    "PhaseEncodingLines": 96,
    "RepetitionTime": 2.0,
    "ScanningSequence": "EP",
    "SequenceName": "epfid2d1_96",
    "SequenceVariant": "SK_SS",
    "SliceTiming": [
      0,
      0.09,
      0.1825,
      0.2725,
      0.365,
      0.455,
      0.5475,
      0.6375,
      0.73,
      0.82,
      0.9125,
      1.0025,
      1.095,
      1.185,
      1.2775,
      1.3675,
      1.46,
      1.55,
      1.6425,
      1.7325,
      1.825,
      1.915,
      0,
      0.09,
      0.1825,
      0.2725,
      0.365,
      0.455,
      0.5475,
      0.6375,
      0.73,
      0.82,
      0.9125,
      1.0025,
      1.095,
      1.185,
      1.2775,
      1.3675,
      1.46,
      1.55,
      1.6425,
      1.7325,
      1.825,
      1.915,
      0,
      0.09,
      0.1825,
      0.2725,
      0.365,
      0.455,
      0.5475,
      0.6375,
      0.73,
      0.82,
      0.9125,
      1.0025,
      1.095,
      1.185,
      1.2775,
      1.3675,
      1.46,
      1.55,
      1.6425,
      1.7325,
      1.825,
      1.915
    ],
    "SoftwareVersions": "syngo_MR_B17",
    "TaskName": "cuedMFM",
    "TotalReadoutTime": 0.03039,
    "dataset": "ds001597",
    "modality": "bold",
    "run_id": 1,
    "session_id": "post",
    "subject_id": "18",
    "task_id": "cuedMFM"
  },
  "dummy_trs": 0,
  "dvars_nstd": 35.24254004962498,
  "dvars_std": 1.1680604349583332,
  "dvars_vstd": 0.958402480833333,
  "efc": 0.5779940836115988,
  "fber": 2131.261962890625,
  "fd_mean": 0.10540722219099607,
  "fd_num": 17,
  "fd_perc": 7.053941908713693,
  "fwhm_avg": 2.1359666666666666,
  "fwhm_x": 2.02044,
  "fwhm_y": 2.332195,
  "fwhm_z": 2.055265,
  "gcor": 0.0094634,
  "gsr_x": -0.003410625271499157,
  "gsr_y": 0.04216370731592178,
  "provenance": {
    "md5sum": "eeb814d74706e645b265d01a91961fe5",
    "settings": {
      "fd_thres": 0.2,
      "testing": false
    },
    "software": "mriqc",
    "version": "22.0.6",
    "webapi_port": null,
    "webapi_url": "https://mriqc.nimh.nih.gov/api/v1"
  },
  "size_t": 241,
  "size_x": 96,
  "size_y": 96,
  "size_z": 66,
  "snr": 5.340642932464843,
  "spacing_tr": 2.0,
  "spacing_x": 2.0,
  "spacing_y": 2.0,
  "spacing_z": 2.0,
  "summary_bg_k": 11.50656814767472,
  "summary_bg_mad": 8.75910573076596,
  "summary_bg_mean": 32.83705520629883,
  "summary_bg_median": 10.424513816833496,
  "summary_bg_n": 365113.0,
  "summary_bg_p05": 3.8533741474151615,
  "summary_bg_p95": 139.35949401855467,
  "summary_bg_stdv": 51.87925338745117,
  "summary_fg_k": 2.7124008350119198,
  "summary_fg_mad": 83.11164530604461,
  "summary_fg_mean": 510.2914733886719,
  "summary_fg_median": 504.4234924316406,
  "summary_fg_n": 152112.0,
  "summary_fg_p05": 375.4042694091797,
  "summary_fg_p95": 658.9292938232421,
  "summary_fg_stdv": 94.44964599609375,
  "tsnr": 41.429256439208984
}