{
  "aor": 0.00046037344398340254,
  "aqi": 0.009733877925311203,
  "bids_meta": {
    "BandwidthPerPixelPhaseEncode": 10.965,
    "DeviceSerialNumber": "40482",
    "EchoTime": 0.03,
    "EffectiveEchoSpacing": 0.000949,
    "FlipAngle": 79,
    "ImageType": [
      "ORIGINAL",
      "PRIMARY",
      "M",
      "MB",
      "ND",
      "MOSAIC"
    ],
    "InstitutionAddress": "Frew_4805_Pittsburgh_PA_District_US_15213",
    "InstitutionName": "SIBR",
    "MagneticFieldStrength": 3,
    "Manufacturer": "Siemens",
    "ManufacturersModelName": "Verio",
    "MultibandAccellerationFactor": 3,
    "PhaseEncodingDirection": "j-",
    "PhaseEncodingLines": 96,
    "RepetitionTime": 2.0,
    "ScanningSequence": "EP",
    "SequenceName": "epfid2d1_96",
    "SequenceVariant": "SK_SS",
    "SliceTiming": [
      0,
      0.09,
      0.1825,
      0.2725,
      0.365,
      0.455,
      0.5475,
      0.6375,
      0.73,
      0.82,
      0.9125,
      1.0025,
      1.095,
      1.185,
      1.2775,
      1.3675,
      1.46,
      1.55,
      1.6425,
      1.7325,
      1.825,
      1.915,
      0,
      0.09,
      0.1825,
      0.2725,
      0.365,
      0.455,
      0.5475,
      0.6375,
      0.73,
      0.82,
      0.9125,
      1.0025,
      1.095,
      1.185,
      1.2775,
      1.3675,
      1.46,
      1.55,
      1.6425,
      1.7325,
      1.825,
      1.915,
      0,
      0.09,
      0.1825,
      0.2725,
      0.365,
      0.455,
      0.5475,
      0.6375,
      0.73,
      0.82,
      0.9125,
      1.0025,
      1.095,
      1.185,
      1.2775,
      1.3675,
      1.46,
      1.55,
      1.6425,
      1.7325,
      1.825,
      1.915
    ],
    "SoftwareVersions": "syngo_MR_B17",
    "TaskName": "cuedMFM",
    "TotalReadoutTime": 0.03039,
    "dataset": "ds001597",
    "modality": "bold",
    "run_id": 5,
    "session_id": "post",
    "subject_id": "18",
    "task_id": "cuedMFM"
  },
  "dummy_trs": 0,
  "dvars_nstd": 32.53244311837499,
  "dvars_std": 1.1942386484999994,
  "dvars_vstd": 0.9915461720833336,
  "efc": 0.5771089135708932,
  "fber": 2229.287353515625,
  "fd_mean": 0.08937448937257031,
  "fd_num": 10,
  "fd_perc": 4.149377593360996,
  "fwhm_avg": 2.1653499999999997,
  "fwhm_x": 2.05544,
  "fwhm_y": 2.363725,
  "fwhm_z": 2.076885,
  "gcor": 0.00911888,
  "gsr_x": -0.00834930595010519,
  "gsr_y": 0.04972735419869423,
  "provenance": {
    "md5sum": "20090fe258574867512e35d67605e3aa",
    "settings": {
      "fd_thres": 0.2,
      "testing": false
    },
    "software": "mriqc",
    "version": "22.0.6",
    "webapi_port": null,
    "webapi_url": "https://mriqc.nimh.nih.gov/api/v1"
  },
  "size_t": 241,
  "size_x": 96,
  "size_y": 96,
  "size_z": 66,
  "snr": 5.227151627281837,
  "spacing_tr": 2.0,
  "spacing_x": 2.0,
  "spacing_y": 2.0,
  "spacing_z": 2.0,
  "summary_bg_k": 23.20112738516106,
  "summary_bg_mad": 9.07208851173226,
  "summary_bg_mean": 36.08185958862305,
  "summary_bg_median": 10.89439582824707,
  "summary_bg_n": 366432.0,
  "summary_bg_p05": 4.080384016036987,
  "summary_bg_p95": 156.23374328613284,
  "summary_bg_stdv": 59.500892639160156,
  "summary_fg_k": 2.8138017171661103,
  "summary_fg_mad": 90.35783650173332,
  "summary_fg_mean": 549.3923950195312,
  "summary_fg_median": 543.981689453125,
  "summary_fg_n": 151798.0,
  "summary_fg_p05": 398.3425094604492,
  "summary_fg_p95": 712.7772186279296,
  "summary_fg_stdv": 104.06813049316406,
  "tsnr": 51.777950286865234
}