{
  "aor": 0.0004906639004149377,
  "aqi": 0.010696997717842324,
  "bids_meta": {
    "BandwidthPerPixelPhaseEncode": 10.965,
    "DeviceSerialNumber": "40482",
    "EchoTime": 0.03,
    "EffectiveEchoSpacing": 0.000949,
    "FlipAngle": 79,
    "ImageType": [
      "ORIGINAL",
      "PRIMARY",
      "M",
      "MB",
      "ND",
      "MOSAIC"
    ],
    "InstitutionAddress": "Frew_4805_Pittsburgh_PA_District_US_15213",
    "InstitutionName": "SIBR",
    "MagneticFieldStrength": 3,
    "Manufacturer": "Siemens",
    "ManufacturersModelName": "Verio",
    "MultibandAccellerationFactor": 3,
    "PhaseEncodingDirection": "j-",
    "PhaseEncodingLines": 96,
    "RepetitionTime": 2.0,
    "ScanningSequence": "EP",
    "SequenceName": "epfid2d1_96",
    "SequenceVariant": "SK_SS",
    "SliceTiming": [
      0,
      0.09,
      0.1825,
      0.2725,
      0.365,
      0.455,
      0.5475,
      0.6375,
      0.73,
      0.82,
      0.9125,
      1.0025,
      1.095,
      1.185,
      1.2775,
      1.3675,
      1.46,
      1.55,
      1.6425,
      1.7325,
      1.825,
      1.915,
      0,
      0.09,
      0.1825,
      0.2725,
      0.365,
      0.455,
      0.5475,
      0.6375,
      0.73,
      0.82,
      0.9125,
      1.0025,
      1.095,
      1.185,
      1.2775,
      1.3675,
      1.46,
      1.55,
      1.6425,
      1.7325,
      1.825,
      1.915,
      0,
      0.09,
      0.1825,
      0.2725,
      0.365,
      0.455,
      0.5475,
      0.6375,
      0.73,
      0.82,
      0.9125,
      1.0025,
      1.095,
      1.185,
      1.2775,
      1.3675,
      1.46,
      1.55,
      1.6425,
      1.7325,
      1.825,
      1.915
    ],
    "SoftwareVersions": "syngo_MR_B17",
    "TaskName": "cuedMFM",
    "TotalReadoutTime": 0.03039,
    "dataset": "ds001597",
    "modality": "bold",
    "run_id": 3,
    "session_id": "post",
    "subject_id": "18",
    "task_id": "cuedMFM"
  },
  "dummy_trs": 0,
  "dvars_nstd": 35.635022513166675,
  "dvars_std": 1.2284226324583338,
  "dvars_vstd": 0.9891384910833343,
  "efc": 0.5812042000077593,
  "fber": 2046.02783203125,
  "fd_mean": 0.10271634220004762,
  "fd_num": 11,
  "fd_perc": 4.564315352697095,
  "fwhm_avg": 2.0813666666666664,
  "fwhm_x": 1.972265,
  "fwhm_y": 2.272795,
  "fwhm_z": 1.99904,
  "gcor": 0.00821515,
  "gsr_x": -0.0061296080239117146,
  "gsr_y": 0.04524936154484749,
  "provenance": {
    "md5sum": "0492172e56046a335b603b84e2ac035b",
    "settings": {
      "fd_thres": 0.2,
      "testing": false
    },
    "software": "mriqc",
    "version": "22.0.6",
    "webapi_port": null,
    "webapi_url": "https://mriqc.nimh.nih.gov/api/v1"
  },
  "size_t": 241,
  "size_x": 96,
  "size_y": 96,
  "size_z": 66,
  "snr": 5.351430991627912,
  "spacing_tr": 2.0,
  "spacing_x": 2.0,
  "spacing_y": 2.0,
  "spacing_z": 2.0,
  "summary_bg_k": 17.489126700021828,
  "summary_bg_mad": 8.785712163915994,
  "summary_bg_mean": 35.01166534423828,
  "summary_bg_median": 10.59956169128418,
  "summary_bg_n": 365694.0,
  "summary_bg_p05": 4.0594795703887945,
  "summary_bg_p95": 150.72572937011714,
  "summary_bg_stdv": 56.15221405029297,
  "summary_fg_k": 2.776606474446279,
  "summary_fg_mad": 82.23784295787294,
  "summary_fg_mean": 510.90899658203125,
  "summary_fg_median": 505.37603759765625,
  "summary_fg_n": 152086.0,
  "summary_fg_p05": 375.1624221801758,
  "summary_fg_p95": 659.41357421875,
  "summary_fg_stdv": 94.43724060058594,
  "tsnr": 50.146827697753906
}