{
  "aor": 0.0005560165975103734,
  "aqi": 0.0069615762655601664,
  "bids_meta": {
    "BandwidthPerPixelPhaseEncode": 10.965,
    "DeviceSerialNumber": "40482",
    "EchoTime": 0.03,
    "EffectiveEchoSpacing": 0.000949,
    "FlipAngle": 79,
    "ImageType": [
      "ORIGINAL",
      "PRIMARY",
      "M",
      "MB",
      "ND",
      "MOSAIC"
    ],
    "InstitutionAddress": "Frew_4805_Pittsburgh_PA_District_US_15213",
    "InstitutionName": "SIBR",
    "MagneticFieldStrength": 3,
    "Manufacturer": "Siemens",
    "ManufacturersModelName": "Verio",
    "MultibandAccellerationFactor": 3,
    "PhaseEncodingDirection": "j-",
    "PhaseEncodingLines": 96,
    "RepetitionTime": 2.0,
    "ScanningSequence": "EP",
    "SequenceName": "epfid2d1_96",
    "SequenceVariant": "SK_SS",
    "SliceTiming": [
      0,
      0.09,
      0.1825,
      0.2725,
      0.365,
      0.455,
      0.5475,
      0.6375,
      0.73,
      0.82,
      0.9125,
      1.0025,
      1.095,
      1.185,
      1.2775,
      1.3675,
      1.46,
      1.55,
      1.6425,
      1.7325,
      1.825,
      1.915,
      0,
      0.09,
      0.1825,
      0.2725,
      0.365,
      0.455,
      0.5475,
      0.6375,
      0.73,
      0.82,
      0.9125,
      1.0025,
      1.095,
      1.185,
      1.2775,
      1.3675,
      1.46,
      1.55,
      1.6425,
      1.7325,
      1.825,
      1.915,
      0,
      0.09,
      0.1825,
      0.2725,
      0.365,
      0.455,
      0.5475,
      0.6375,
      0.73,
      0.82,
      0.9125,
      1.0025,
      1.095,
      1.185,
      1.2775,
      1.3675,
      1.46,
      1.55,
      1.6425,
      1.7325,
      1.825,
      1.915
    ],
    "SoftwareVersions": "syngo_MR_B17",
    "TaskName": "cuedMFM",
    "TotalReadoutTime": 0.03039,
    "dataset": "ds001597",
    "modality": "bold",
    "run_id": 1,
    "session_id": "pre",
    "subject_id": "19",
    "task_id": "cuedMFM"
  },
  "dummy_trs": 0,
  "dvars_nstd": 26.05692451029166,
  "dvars_std": 1.171363823791667,
  "dvars_vstd": 0.9984393820833335,
  "efc": 0.5994327797753899,
  "fber": 1591.37841796875,
  "fd_mean": 0.10247327161084238,
  "fd_num": 5,
  "fd_perc": 2.074688796680498,
  "fwhm_avg": 2.1537466666666667,
  "fwhm_x": 2.106785,
  "fwhm_y": 2.22045,
  "fwhm_z": 2.134005,
  "gcor": 0.0150453,
  "gsr_x": 0.020097218453884125,
  "gsr_y": 0.035230427980422974,
  "provenance": {
    "md5sum": "a5f6aef850a70c5074943285b82e8d18",
    "settings": {
      "fd_thres": 0.2,
      "testing": false
    },
    "software": "mriqc",
    "version": "22.0.6",
    "webapi_port": null,
    "webapi_url": "https://mriqc.nimh.nih.gov/api/v1"
  },
  "size_t": 241,
  "size_x": 96,
  "size_y": 96,
  "size_z": 66,
  "snr": 5.1771367192879545,
  "spacing_tr": 2.0,
  "spacing_x": 2.0,
  "spacing_y": 2.0,
  "spacing_z": 2.0,
  "summary_bg_k": 15.39365310742334,
  "summary_bg_mad": 13.701224000651088,
  "summary_bg_mean": 45.87309646606445,
  "summary_bg_median": 15.114791870117188,
  "summary_bg_n": 350192.0,
  "summary_bg_p05": 4.733685111999511,
  "summary_bg_p95": 194.9602767944336,
  "summary_bg_stdv": 70.03699493408203,
  "summary_fg_k": 2.6365346025826977,
  "summary_fg_mad": 100.68347684273787,
  "summary_fg_mean": 638.0540161132812,
  "summary_fg_median": 632.680908203125,
  "summary_fg_n": 165215.0,
  "summary_fg_p05": 458.02943725585936,
  "summary_fg_p95": 837.7022583007811,
  "summary_fg_stdv": 122.20635223388672,
  "tsnr": 62.758148193359375
}