{
  "aor": 0.0008034439834024896,
  "aqi": 0.007257415352697096,
  "bids_meta": {
    "BandwidthPerPixelPhaseEncode": 10.965,
    "DeviceSerialNumber": "40482",
    "EchoTime": 0.03,
    "EffectiveEchoSpacing": 0.000949,
    "FlipAngle": 79,
    "ImageType": [
      "ORIGINAL",
      "PRIMARY",
      "M",
      "MB",
      "ND",
      "MOSAIC"
    ],
    "InstitutionAddress": "Frew_4805_Pittsburgh_PA_District_US_15213",
    "InstitutionName": "SIBR",
    "MagneticFieldStrength": 3,
    "Manufacturer": "Siemens",
    "ManufacturersModelName": "Verio",
    "MultibandAccellerationFactor": 3,
    "PhaseEncodingDirection": "j-",
    "PhaseEncodingLines": 96,
    "RepetitionTime": 2.0,
    "ScanningSequence": "EP",
    "SequenceName": "epfid2d1_96",
    "SequenceVariant": "SK_SS",
    "SliceTiming": [
      0,
      0.09,
      0.1825,
      0.2725,
      0.365,
      0.455,
      0.5475,
      0.6375,
      0.73,
      0.82,
      0.9125,
      1.0025,
      1.095,
      1.185,
      1.2775,
      1.3675,
      1.46,
      1.55,
      1.6425,
      1.7325,
      1.825,
      1.915,
      0,
      0.09,
      0.1825,
      0.2725,
      0.365,
      0.455,
      0.5475,
      0.6375,
      0.73,
      0.82,
      0.9125,
      1.0025,
      1.095,
      1.185,
      1.2775,
      1.3675,
      1.46,
      1.55,
      1.6425,
      1.7325,
      1.825,
      1.915,
      0,
      0.09,
      0.1825,
      0.2725,
      0.365,
      0.455,
      0.5475,
      0.6375,
      0.73,
      0.82,
      0.9125,
      1.0025,
      1.095,
      1.185,
      1.2775,
      1.3675,
      1.46,
      1.55,
      1.6425,
      1.7325,
      1.825,
      1.915
    ],
    "SoftwareVersions": "syngo_MR_B17",
    "TaskName": "cuedMFM",
    "TotalReadoutTime": 0.03039,
    "dataset": "ds001597",
    "modality": "bold",
    "run_id": 2,
    "session_id": "pre",
    "subject_id": "19",
    "task_id": "cuedMFM"
  },
  "dummy_trs": 0,
  "dvars_nstd": 25.194369109500013,
  "dvars_std": 1.1434425427500008,
  "dvars_vstd": 1.002234795083334,
  "efc": 0.6019905122190856,
  "fber": 1547.875732421875,
  "fd_mean": 0.10788086525530693,
  "fd_num": 11,
  "fd_perc": 4.564315352697095,
  "fwhm_avg": 2.1558283333333335,
  "fwhm_x": 2.10766,
  "fwhm_y": 2.225335,
  "fwhm_z": 2.13449,
  "gcor": 0.0189157,
  "gsr_x": 0.02164584770798683,
  "gsr_y": 0.035311635583639145,
  "provenance": {
    "md5sum": "8b08462b14127d12c199e82c362a814b",
    "settings": {
      "fd_thres": 0.2,
      "testing": false
    },
    "software": "mriqc",
    "version": "22.0.6",
    "webapi_port": null,
    "webapi_url": "https://mriqc.nimh.nih.gov/api/v1"
  },
  "size_t": 241,
  "size_x": 96,
  "size_y": 96,
  "size_z": 66,
  "snr": 5.193637864490969,
  "spacing_tr": 2.0,
  "spacing_x": 2.0,
  "spacing_y": 2.0,
  "spacing_z": 2.0,
  "summary_bg_k": 13.500096266238735,
  "summary_bg_mad": 14.044782440725196,
  "summary_bg_mean": 46.66353988647461,
  "summary_bg_median": 15.277637481689453,
  "summary_bg_n": 349162.0,
  "summary_bg_p05": 4.689212298393249,
  "summary_bg_p95": 199.24026947021486,
  "summary_bg_stdv": 70.36741638183594,
  "summary_fg_k": 2.606005313497028,
  "summary_fg_mad": 100.32680712568222,
  "summary_fg_mean": 635.9024658203125,
  "summary_fg_median": 630.90673828125,
  "summary_fg_n": 166072.0,
  "summary_fg_p05": 456.42225494384763,
  "summary_fg_p95": 833.4496185302733,
  "summary_fg_stdv": 121.47647857666016,
  "tsnr": 61.012245178222656
}