{
  "aor": 0.0006092946058091287,
  "aqi": 0.008632091784232365,
  "bids_meta": {
    "BandwidthPerPixelPhaseEncode": 10.965,
    "DeviceSerialNumber": "40482",
    "EchoTime": 0.03,
    "EffectiveEchoSpacing": 0.000949,
    "FlipAngle": 79,
    "ImageType": [
      "ORIGINAL",
      "PRIMARY",
      "M",
      "MB",
      "ND",
      "MOSAIC"
    ],
    "InstitutionAddress": "Frew_4805_Pittsburgh_PA_District_US_15213",
    "InstitutionName": "SIBR",
    "MagneticFieldStrength": 3,
    "Manufacturer": "Siemens",
    "ManufacturersModelName": "Verio",
    "MultibandAccellerationFactor": 3,
    "PhaseEncodingDirection": "j-",
    "PhaseEncodingLines": 96,
    "RepetitionTime": 2.0,
    "ScanningSequence": "EP",
    "SequenceName": "epfid2d1_96",
    "SequenceVariant": "SK_SS",
    "SliceTiming": [
      0,
      0.09,
      0.1825,
      0.2725,
      0.365,
      0.455,
      0.5475,
      0.6375,
      0.73,
      0.82,
      0.9125,
      1.0025,
      1.095,
      1.185,
      1.2775,
      1.3675,
      1.46,
      1.55,
      1.6425,
      1.7325,
      1.825,
      1.915,
      0,
      0.09,
      0.1825,
      0.2725,
      0.365,
      0.455,
      0.5475,
      0.6375,
      0.73,
      0.82,
      0.9125,
      1.0025,
      1.095,
      1.185,
      1.2775,
      1.3675,
      1.46,
      1.55,
      1.6425,
      1.7325,
      1.825,
      1.915,
      0,
      0.09,
      0.1825,
      0.2725,
      0.365,
      0.455,
      0.5475,
      0.6375,
      0.73,
      0.82,
      0.9125,
      1.0025,
      1.095,
      1.185,
      1.2775,
      1.3675,
      1.46,
      1.55,
      1.6425,
      1.7325,
      1.825,
      1.915
    ],
    "SoftwareVersions": "syngo_MR_B17",
    "TaskName": "cuedMFM",
    "TotalReadoutTime": 0.03039,
    "dataset": "ds001597",
    "modality": "bold",
    "run_id": 8,
    "session_id": "pre",
    "subject_id": "11",
    "task_id": "cuedMFM"
  },
  "dummy_trs": 0,
  "dvars_nstd": 33.19669239533335,
  "dvars_std": 1.3075978940833337,
  "dvars_vstd": 1.006502844875001,
  "efc": 0.5591567437787989,
  "fber": 2609.012451171875,
  "fd_mean": 0.12605140481009508,
  "fd_num": 27,
  "fd_perc": 11.203319502074688,
  "fwhm_avg": 2.059955,
  "fwhm_x": 1.947165,
  "fwhm_y": 2.286535,
  "fwhm_z": 1.946165,
  "gcor": 0.0141786,
  "gsr_x": -0.015451334416866302,
  "gsr_y": 0.05259794369339943,
  "provenance": {
    "md5sum": "995fc2c42ab0a01f34214b10f389e2f5",
    "settings": {
      "fd_thres": 0.2,
      "testing": false
    },
    "software": "mriqc",
    "version": "22.0.6",
    "webapi_port": null,
    "webapi_url": "https://mriqc.nimh.nih.gov/api/v1"
  },
  "size_t": 241,
  "size_x": 96,
  "size_y": 96,
  "size_z": 66,
  "snr": 6.025247841065911,
  "spacing_tr": 2.0,
  "spacing_x": 2.0,
  "spacing_y": 2.0,
  "spacing_z": 2.0,
  "summary_bg_k": 22.937262651278605,
  "summary_bg_mad": 9.411539515202097,
  "summary_bg_mean": 34.20337677001953,
  "summary_bg_median": 11.869912147521973,
  "summary_bg_n": 373866.0,
  "summary_bg_p05": 4.3579429388046265,
  "summary_bg_p95": 135.86786651611328,
  "summary_bg_stdv": 56.05428695678711,
  "summary_fg_k": 2.6599531884238337,
  "summary_fg_mad": 95.1219087061806,
  "summary_fg_mean": 636.6261596679688,
  "summary_fg_median": 634.115478515625,
  "summary_fg_n": 145337.0,
  "summary_fg_p05": 482.07672119140625,
  "summary_fg_p95": 798.3116088867188,
  "summary_fg_stdv": 105.24269104003906,
  "tsnr": 60.61566162109375
}