{
  "aor": 0.00045564315352697096,
  "aqi": 0.007882291908713692,
  "bids_meta": {
    "BandwidthPerPixelPhaseEncode": 10.965,
    "DeviceSerialNumber": "40482",
    "EchoTime": 0.03,
    "EffectiveEchoSpacing": 0.000949,
    "FlipAngle": 79,
    "ImageType": [
      "ORIGINAL",
      "PRIMARY",
      "M",
      "MB",
      "ND",
      "MOSAIC"
    ],
    "InstitutionAddress": "Frew_4805_Pittsburgh_PA_District_US_15213",
    "InstitutionName": "SIBR",
    "MagneticFieldStrength": 3,
    "Manufacturer": "Siemens",
    "ManufacturersModelName": "Verio",
    "MultibandAccellerationFactor": 3,
    "PhaseEncodingDirection": "j-",
    "PhaseEncodingLines": 96,
    "RepetitionTime": 2.0,
    "ScanningSequence": "EP",
    "SequenceName": "epfid2d1_96",
    "SequenceVariant": "SK_SS",
    "SliceTiming": [
      0,
      0.09,
      0.1825,
      0.2725,
      0.365,
      0.455,
      0.5475,
      0.6375,
      0.73,
      0.82,
      0.9125,
      1.0025,
      1.095,
      1.185,
      1.2775,
      1.3675,
      1.46,
      1.55,
      1.6425,
      1.7325,
      1.825,
      1.915,
      0,
      0.09,
      0.1825,
      0.2725,
      0.365,
      0.455,
      0.5475,
      0.6375,
      0.73,
      0.82,
      0.9125,
      1.0025,
      1.095,
      1.185,
      1.2775,
      1.3675,
      1.46,
      1.55,
      1.6425,
      1.7325,
      1.825,
      1.915,
      0,
      0.09,
      0.1825,
      0.2725,
      0.365,
      0.455,
      0.5475,
      0.6375,
      0.73,
      0.82,
      0.9125,
      1.0025,
      1.095,
      1.185,
      1.2775,
      1.3675,
      1.46,
      1.55,
      1.6425,
      1.7325,
      1.825,
      1.915
    ],
    "SoftwareVersions": "syngo_MR_B17",
    "TaskName": "cuedMFM",
    "TotalReadoutTime": 0.03039,
    "dataset": "ds001597",
    "modality": "bold",
    "run_id": 2,
    "session_id": "pre",
    "subject_id": "11",
    "task_id": "cuedMFM"
  },
  "dummy_trs": 0,
  "dvars_nstd": 30.517530782749986,
  "dvars_std": 1.268952645374999,
  "dvars_vstd": 0.9892157134583327,
  "efc": 0.5530360491436407,
  "fber": 2810.40234375,
  "fd_mean": 0.0822743652371968,
  "fd_num": 6,
  "fd_perc": 2.4896265560165975,
  "fwhm_avg": 2.0971283333333335,
  "fwhm_x": 1.983175,
  "fwhm_y": 2.328825,
  "fwhm_z": 1.979385,
  "gcor": 0.0122611,
  "gsr_x": -0.011130250059068203,
  "gsr_y": 0.050086233764886856,
  "provenance": {
    "md5sum": "77538304fa6d7ef6ea2ec12fb06c42bf",
    "settings": {
      "fd_thres": 0.2,
      "testing": false
    },
    "software": "mriqc",
    "version": "22.0.6",
    "webapi_port": null,
    "webapi_url": "https://mriqc.nimh.nih.gov/api/v1"
  },
  "size_t": 241,
  "size_x": 96,
  "size_y": 96,
  "size_z": 66,
  "snr": 5.787665198095459,
  "spacing_tr": 2.0,
  "spacing_x": 2.0,
  "spacing_y": 2.0,
  "spacing_z": 2.0,
  "summary_bg_k": 24.209751402369946,
  "summary_bg_mad": 9.87737549463352,
  "summary_bg_mean": 34.62157440185547,
  "summary_bg_median": 12.200074195861816,
  "summary_bg_n": 375927.0,
  "summary_bg_p05": 4.221319675445557,
  "summary_bg_p95": 137.28309783935558,
  "summary_bg_stdv": 57.318626403808594,
  "summary_fg_k": 2.350991850659506,
  "summary_fg_mad": 106.04687000013699,
  "summary_fg_mean": 674.3726806640625,
  "summary_fg_median": 672.8173217773438,
  "summary_fg_n": 143372.0,
  "summary_fg_p05": 498.3609817504883,
  "summary_fg_p95": 852.4256347656244,
  "summary_fg_stdv": 116.24980926513672,
  "tsnr": 61.18539047241211
}