{
  "bids_meta": {
    "AccelFactPE": 2,
    "DeviceSerialNumber": "40482",
    "EchoTime": 0.00197,
    "FlipAngle": 9,
    "InstitutionAddress": "Frew_4805_Pittsburgh_PA_District_US_15213",
    "InstitutionName": "SIBR",
    "InversionTime": 0.9,
    "MagneticFieldStrength": 3,
    "Manufacturer": "Siemens",
    "ManufacturersModelName": "Verio",
    "PhaseEncodingDirection": "i-",
    "PhaseEncodingLines": 256,
    "RepetitionTime": 2.3,
    "ScanningSequence": "GR_IR",
    "SequenceName": "_tfl3d1_ns",
    "SequenceVariant": "SP_MP",
    "SoftwareVersions": "syngo_MR_B17",
    "dataset": "ds001597",
    "modality": "T1w",
    "session_id": "pre",
    "subject_id": "13"
  },
  "cjv": 0.3533612991957141,
  "cnr": 3.8174062387510683,
  "efc": 0.5335035495844199,
  "fber": -1.0,
  "fwhm_avg": 3.7427733333333335,
  "fwhm_x": 3.7445,
  "fwhm_y": 3.7818,
  "fwhm_z": 3.70202,
  "icvs_csf": 0.2069564025001154,
  "icvs_gm": 0.44344480257219443,
  "icvs_wm": 0.34959879492769014,
  "inu_med": 0.5577648878097534,
  "inu_range": 0.17852365076541904,
  "provenance": {
    "md5sum": "6cb1c3cbcba460057cd3b02cdebb18e2",
    "settings": {
      "testing": false
    },
    "software": "mriqc",
    "version": "22.0.6",
    "warnings": {
      "large_rot_frame": true,
      "small_air_mask": false
    },
    "webapi_port": null,
    "webapi_url": "https://mriqc.nimh.nih.gov/api/v1"
  },
  "qi_1": 0.0,
  "qi_2": 0.018963752975591275,
  "rpve_csf": 22.10112574489299,
  "rpve_gm": 11.184944220530035,
  "rpve_wm": 16.551213323584744,
  "size_x": 176,
  "size_y": 256,
  "size_z": 256,
  "snr_csf": 1.9308716832472184,
  "snr_gm": 9.395670518484119,
  "snr_total": 11.10366150948128,
  "snr_wm": 21.984442326712504,
  "snrd_csf": 23.114076220956065,
  "snrd_gm": 68.66955089076002,
  "snrd_total": 64.52498784325475,
  "snrd_wm": 101.79133641804818,
  "spacing_x": 1.0,
  "spacing_y": 1.0,
  "spacing_z": 1.0,
  "summary_bg_k": 237.09499290310623,
  "summary_bg_mad": 0.0,
  "summary_bg_mean": 3.133171200630581,
  "summary_bg_median": 0.0,
  "summary_bg_n": 3576460.0,
  "summary_bg_p05": 0.0,
  "summary_bg_p95": 15.433809764683247,
  "summary_bg_stdv": 6.436072435899903,
  "summary_csf_k": 3.874180293403348,
  "summary_csf_mad": 107.078585114666,
  "summary_csf_mean": 243.00892827421504,
  "summary_csf_median": 227.07312377542257,
  "summary_csf_n": 27845.0,
  "summary_csf_p05": 80.0000017747283,
  "summary_csf_p95": 458.4864736117422,
  "summary_csf_stdv": 117.59924196937892,
  "summary_gm_k": -0.028435885220571055,
  "summary_gm_mad": 72.05996873123921,
  "summary_gm_mean": 674.4257271425332,
  "summary_gm_median": 674.6109721176326,
  "summary_gm_n": 31816.0,
  "summary_gm_p05": 556.4272133670747,
  "summary_gm_p95": 792.6348502421752,
  "summary_gm_stdv": 71.79906627745665,
  "summary_wm_k": 0.5524024988358489,
  "summary_wm_mad": 42.91992874430827,
  "summary_wm_mean": 1000.7081843872447,
  "summary_wm_median": 1000.0000221841037,
  "summary_wm_n": 212367.0,
  "summary_wm_p05": 927.4056910064072,
  "summary_wm_p95": 1075.9326608330011,
  "summary_wm_stdv": 45.48660606921357,
  "tpm_overlap_csf": 0.1613009951443342,
  "tpm_overlap_gm": 0.4600671562474728,
  "tpm_overlap_wm": 0.49355929243985824,
  "wm2max": 0.4087815621128494
}