{
  "bids_meta": {
    "AccelFactPE": 2,
    "DeviceSerialNumber": "40482",
    "EchoTime": 0.418,
    "EchoTrainLength": 147,
    "FlipAngle": 120,
    "InstitutionAddress": "Frew_4805_Pittsburgh_PA_District_US_15213",
    "InstitutionName": "SIBR",
    "MagneticFieldStrength": 3,
    "Manufacturer": "Siemens",
    "ManufacturersModelName": "Verio",
    "PhaseEncodingDirection": "i-",
    "PhaseEncodingLines": 258,
    "RepetitionTime": 3,
    "ScanningSequence": "SE",
    "SequenceName": "_spc3d1_294ns",
    "SequenceVariant": "SK_SP",
    "SoftwareVersions": "syngo_MR_B17",
    "dataset": "ds001597",
    "modality": "T2w",
    "session_id": "pre",
    "subject_id": "10"
  },
  "cjv": 0.34135822220203826,
  "cnr": 2.092584425313703,
  "efc": 0.5627149292299403,
  "fber": -1.0,
  "fwhm_avg": 2.2090131603886265,
  "fwhm_x": 2.2412499666027728,
  "fwhm_y": 2.155035339805825,
  "fwhm_z": 2.2307541747572817,
  "icvs_csf": 0.3402225818265302,
  "icvs_gm": 0.5102048366469686,
  "icvs_wm": 0.14957258152650124,
  "inu_med": 0.9259935617446899,
  "inu_range": 0.2273881435394287,
  "provenance": {
    "md5sum": "8d2354c8aaf3b0dff42e76e2b6fce65c",
    "settings": {
      "testing": false
    },
    "software": "mriqc",
    "version": "22.0.6",
    "warnings": {
      "large_rot_frame": true,
      "small_air_mask": false
    },
    "webapi_port": null,
    "webapi_url": "https://mriqc.nimh.nih.gov/api/v1"
  },
  "qi_1": 0.0,
  "qi_2": 0.024085943812368758,
  "rpve_csf": 10.719174158342788,
  "rpve_gm": 8.31664619093828,
  "rpve_wm": 30.377262874034123,
  "size_x": 224,
  "size_y": 256,
  "size_z": 256,
  "snr_csf": 9.688763023817607,
  "snr_gm": 9.755503204542325,
  "snr_total": 7.691274176295081,
  "snr_wm": 3.6295563005253086,
  "snrd_csf": 91.6770992403729,
  "snrd_gm": 60.098701710641215,
  "snrd_total": 98.68921172380489,
  "snrd_wm": 144.29183422040057,
  "spacing_x": 0.800000011920929,
  "spacing_y": 0.8046875,
  "spacing_z": 0.8046875,
  "summary_bg_k": 8.215174426632773,
  "summary_bg_mad": 0.0,
  "summary_bg_mean": 2.321403606518838,
  "summary_bg_median": 0.0,
  "summary_bg_n": 3044178.0,
  "summary_bg_p05": 0.0,
  "summary_bg_p95": 12.767058340832591,
  "summary_bg_stdv": 4.539276391804171,
  "summary_csf_k": 0.9394489149884424,
  "summary_csf_mad": 60.77357719358093,
  "summary_csf_mean": 638.0541132246651,
  "summary_csf_median": 635.207709800452,
  "summary_csf_n": 94201.0,
  "summary_csf_p05": 537.333826571703,
  "summary_csf_p95": 749.842236880213,
  "summary_csf_stdv": 65.5609324611382,
  "summary_gm_k": 0.23141942996447895,
  "summary_gm_mad": 42.274603418856394,
  "summary_gm_mean": 416.3614169592091,
  "summary_gm_median": 416.4088850095868,
  "summary_gm_n": 409864.0,
  "summary_gm_p05": 346.6142532695085,
  "summary_gm_p95": 485.68621292710304,
  "summary_gm_stdv": 42.684459047809526,
  "summary_wm_k": 2.5349250616913377,
  "summary_wm_mad": 156.85779918767253,
  "summary_wm_mean": 907.8274619058346,
  "summary_wm_median": 999.762059636414,
  "summary_wm_n": 42967.0,
  "summary_wm_p05": 179.13817532267421,
  "summary_wm_p95": 1149.525654698722,
  "summary_wm_stdv": 275.4470085931239,
  "tpm_overlap_csf": 0.11348952673286833,
  "tpm_overlap_gm": 0.31563712998763993,
  "tpm_overlap_wm": 0.028163803853394228,
  "wm2max": 0.8606499422945192
}