{
  "bids_meta": {
    "AccelFactPE": 2,
    "DeviceSerialNumber": "40482",
    "EchoTime": 0.00197,
    "FlipAngle": 9,
    "InstitutionAddress": "Frew_4805_Pittsburgh_PA_District_US_15213",
    "InstitutionName": "SIBR",
    "InversionTime": 0.9,
    "MagneticFieldStrength": 3,
    "Manufacturer": "Siemens",
    "ManufacturersModelName": "Verio",
    "PhaseEncodingDirection": "i-",
    "PhaseEncodingLines": 256,
    "RepetitionTime": 2.3,
    "ScanningSequence": "GR_IR",
    "SequenceName": "_tfl3d1_ns",
    "SequenceVariant": "SP_MP",
    "SoftwareVersions": "syngo_MR_B17",
    "dataset": "ds001597",
    "modality": "T1w",
    "session_id": "pre",
    "subject_id": "10"
  },
  "cjv": 0.318845269171178,
  "cnr": 4.146048856675752,
  "efc": 0.5156513931775968,
  "fber": -1.0,
  "fwhm_avg": 4.117803333333334,
  "fwhm_x": 4.00005,
  "fwhm_y": 4.15974,
  "fwhm_z": 4.19362,
  "icvs_csf": 0.21914309794816528,
  "icvs_gm": 0.4429235229315294,
  "icvs_wm": 0.3379333791203053,
  "inu_med": 0.5720608830451965,
  "inu_range": 0.19926081597805012,
  "provenance": {
    "md5sum": "83741f5a4c4906e4ee22b5831ca940d1",
    "settings": {
      "testing": false
    },
    "software": "mriqc",
    "version": "22.0.6",
    "warnings": {
      "large_rot_frame": true,
      "small_air_mask": false
    },
    "webapi_port": null,
    "webapi_url": "https://mriqc.nimh.nih.gov/api/v1"
  },
  "qi_1": 0.0,
  "qi_2": 0.02391458996581705,
  "rpve_csf": 25.269971734520734,
  "rpve_gm": 13.18243858263522,
  "rpve_wm": 19.91141924760894,
  "size_x": 176,
  "size_y": 256,
  "size_z": 256,
  "snr_csf": 1.9183928607779526,
  "snr_gm": 9.80875303892779,
  "snr_total": 11.34772451093248,
  "snr_wm": 22.316027633091693,
  "snrd_csf": 24.751190224915387,
  "snrd_gm": 77.78370792340333,
  "snrd_total": 73.28638682266866,
  "snrd_wm": 117.32426231968729,
  "spacing_x": 1.0,
  "spacing_y": 1.0,
  "spacing_z": 1.0,
  "summary_bg_k": 17.087691765282898,
  "summary_bg_mad": 0.0,
  "summary_bg_mean": 2.5826568003665744,
  "summary_bg_median": 0.0,
  "summary_bg_n": 2865650.0,
  "summary_bg_p05": 0.0,
  "summary_bg_p95": 14.187132705003023,
  "summary_bg_stdv": 5.583980444198006,
  "summary_csf_k": 0.14884588223122464,
  "summary_csf_mad": 109.04570546617282,
  "summary_csf_mean": 224.12944184545694,
  "summary_csf_median": 210.9639491662383,
  "summary_csf_n": 34567.0,
  "summary_csf_p05": 68.19253212586045,
  "summary_csf_p95": 431.17310837618993,
  "summary_csf_stdv": 109.96751600515503,
  "summary_gm_k": 0.17158422660877726,
  "summary_gm_mad": 65.198656065439,
  "summary_gm_mean": 662.8735754559569,
  "summary_gm_median": 662.9805700331926,
  "summary_gm_n": 35989.0,
  "summary_gm_p05": 550.0407069586217,
  "summary_gm_p95": 773.7345002740622,
  "summary_gm_stdv": 67.58976971488423,
  "summary_wm_k": 0.5778857182494903,
  "summary_wm_mad": 42.25838819056231,
  "summary_wm_mean": 999.6760303792229,
  "summary_wm_median": 999.9999792762101,
  "summary_wm_n": 179865.0,
  "summary_wm_p05": 925.6782629303634,
  "summary_wm_p95": 1072.3072085008025,
  "summary_wm_stdv": 44.81071702594895,
  "tpm_overlap_csf": 0.15467672114517053,
  "tpm_overlap_gm": 0.48194514653903203,
  "tpm_overlap_wm": 0.5212044511262284,
  "wm2max": 0.4421359900278138
}