{
  "aor": 0.00086875,
  "aqi": 0.00991589541666667,
  "bids_meta": {
    "BandwidthPerPixelPhaseEncode": 10.965,
    "DeviceSerialNumber": "40482",
    "EchoTime": 0.03,
    "EffectiveEchoSpacing": 0.000949,
    "FlipAngle": 79,
    "ImageType": [
      "ORIGINAL",
      "PRIMARY",
      "M",
      "MB",
      "ND",
      "MOSAIC"
    ],
    "InstitutionAddress": "Frew_4805_Pittsburgh_PA_District_US_15213",
    "InstitutionName": "SIBR",
    "MagneticFieldStrength": 3,
    "Manufacturer": "Siemens",
    "ManufacturersModelName": "Verio",
    "MultibandAccellerationFactor": 3,
    "PhaseEncodingDirection": "j-",
    "PhaseEncodingLines": 96,
    "RepetitionTime": 2.0,
    "ScanningSequence": "EP",
    "SequenceName": "epfid2d1_96",
    "SequenceVariant": "SK_SS",
    "SliceTiming": [
      0,
      0.09,
      0.1825,
      0.2725,
      0.365,
      0.455,
      0.5475,
      0.6375,
      0.73,
      0.82,
      0.9125,
      1.0025,
      1.095,
      1.185,
      1.2775,
      1.3675,
      1.46,
      1.55,
      1.6425,
      1.7325,
      1.825,
      1.915,
      0,
      0.09,
      0.1825,
      0.2725,
      0.365,
      0.455,
      0.5475,
      0.6375,
      0.73,
      0.82,
      0.9125,
      1.0025,
      1.095,
      1.185,
      1.2775,
      1.3675,
      1.46,
      1.55,
      1.6425,
      1.7325,
      1.825,
      1.915,
      0,
      0.09,
      0.1825,
      0.2725,
      0.365,
      0.455,
      0.5475,
      0.6375,
      0.73,
      0.82,
      0.9125,
      1.0025,
      1.095,
      1.185,
      1.2775,
      1.3675,
      1.46,
      1.55,
      1.6425,
      1.7325,
      1.825,
      1.915
    ],
    "SoftwareVersions": "syngo_MR_B17",
    "TaskName": "cuedMFM",
    "TotalReadoutTime": 0.03039,
    "dataset": "ds001597",
    "modality": "bold",
    "run_id": 4,
    "session_id": "pre",
    "subject_id": "04",
    "task_id": "cuedMFM"
  },
  "dummy_trs": 1,
  "dvars_nstd": 29.53496162075313,
  "dvars_std": 1.1147639492050216,
  "dvars_vstd": 1.0004550772803347,
  "efc": 0.5949459125398473,
  "fber": 1586.949462890625,
  "fd_mean": 0.10294360902842618,
  "fd_num": 13,
  "fd_perc": 5.416666666666667,
  "fwhm_avg": 2.0106699999999997,
  "fwhm_x": 1.872445,
  "fwhm_y": 2.21898,
  "fwhm_z": 1.940585,
  "gcor": 0.0132322,
  "gsr_x": -0.012016132473945618,
  "gsr_y": 0.06891187280416489,
  "provenance": {
    "md5sum": "c8d87ee83cd96d65f7a63b9ff1091a80",
    "settings": {
      "fd_thres": 0.2,
      "testing": false
    },
    "software": "mriqc",
    "version": "22.0.6",
    "webapi_port": null,
    "webapi_url": "https://mriqc.nimh.nih.gov/api/v1"
  },
  "size_t": 240,
  "size_x": 96,
  "size_y": 96,
  "size_z": 66,
  "snr": 5.903195280075386,
  "spacing_tr": 2.0,
  "spacing_x": 2.0,
  "spacing_y": 2.0,
  "spacing_z": 2.0,
  "summary_bg_k": 9.638711769107058,
  "summary_bg_mad": 12.227122620604701,
  "summary_bg_mean": 41.22941207885742,
  "summary_bg_median": 12.963287353515625,
  "summary_bg_n": 360550.0,
  "summary_bg_p05": 3.990834581851959,
  "summary_bg_p95": 177.73900451660157,
  "summary_bg_stdv": 62.87684631347656,
  "summary_fg_k": 2.9789422542225052,
  "summary_fg_mad": 79.00969471004493,
  "summary_fg_mean": 551.8729858398438,
  "summary_fg_median": 550.432373046875,
  "summary_fg_n": 157382.0,
  "summary_fg_p05": 414.67671356201174,
  "summary_fg_p95": 696.8000274658202,
  "summary_fg_stdv": 93.24282836914062,
  "tsnr": 52.72733688354492
}