{
  "aor": 0.0008136514522821578,
  "aqi": 0.015858103443983404,
  "bids_meta": {
    "BandwidthPerPixelPhaseEncode": 10.965,
    "DeviceSerialNumber": "40482",
    "EchoTime": 0.03,
    "EffectiveEchoSpacing": 0.000949,
    "FlipAngle": 79,
    "ImageType": [
      "ORIGINAL",
      "PRIMARY",
      "M",
      "MB",
      "ND",
      "MOSAIC"
    ],
    "InstitutionAddress": "Frew_4805_Pittsburgh_PA_District_US_15213",
    "InstitutionName": "SIBR",
    "MagneticFieldStrength": 3,
    "Manufacturer": "Siemens",
    "ManufacturersModelName": "Verio",
    "MultibandAccellerationFactor": 3,
    "PhaseEncodingDirection": "j-",
    "PhaseEncodingLines": 96,
    "RepetitionTime": 2.0,
    "ScanningSequence": "EP",
    "SequenceName": "epfid2d1_96",
    "SequenceVariant": "SK_SS",
    "SliceTiming": [
      0,
      0.09,
      0.1825,
      0.2725,
      0.365,
      0.455,
      0.5475,
      0.6375,
      0.73,
      0.82,
      0.9125,
      1.0025,
      1.095,
      1.185,
      1.2775,
      1.3675,
      1.46,
      1.55,
      1.6425,
      1.7325,
      1.825,
      1.915,
      0,
      0.09,
      0.1825,
      0.2725,
      0.365,
      0.455,
      0.5475,
      0.6375,
      0.73,
      0.82,
      0.9125,
      1.0025,
      1.095,
      1.185,
      1.2775,
      1.3675,
      1.46,
      1.55,
      1.6425,
      1.7325,
      1.825,
      1.915,
      0,
      0.09,
      0.1825,
      0.2725,
      0.365,
      0.455,
      0.5475,
      0.6375,
      0.73,
      0.82,
      0.9125,
      1.0025,
      1.095,
      1.185,
      1.2775,
      1.3675,
      1.46,
      1.55,
      1.6425,
      1.7325,
      1.825,
      1.915
    ],
    "SoftwareVersions": "syngo_MR_B17",
    "TaskName": "cuedMFM",
    "TotalReadoutTime": 0.03039,
    "dataset": "ds001597",
    "modality": "bold",
    "run_id": 5,
    "session_id": "pre",
    "subject_id": "14",
    "task_id": "cuedMFM"
  },
  "dummy_trs": 0,
  "dvars_nstd": 36.60214310479169,
  "dvars_std": 1.2806128602083335,
  "dvars_vstd": 0.9793055450416669,
  "efc": 0.5929293419394125,
  "fber": 1868.6383056640625,
  "fd_mean": 0.1918259775979108,
  "fd_num": 101,
  "fd_perc": 41.90871369294606,
  "fwhm_avg": 2.3153616666666665,
  "fwhm_x": 2.14437,
  "fwhm_y": 2.51069,
  "fwhm_z": 2.291025,
  "gcor": 0.0094053,
  "gsr_x": 0.003088691271841526,
  "gsr_y": 0.049820754677057266,
  "provenance": {
    "md5sum": "0bc695a8a79d632b26d5d704b035685d",
    "settings": {
      "fd_thres": 0.2,
      "testing": false
    },
    "software": "mriqc",
    "version": "22.0.6",
    "webapi_port": null,
    "webapi_url": "https://mriqc.nimh.nih.gov/api/v1"
  },
  "size_t": 241,
  "size_x": 96,
  "size_y": 96,
  "size_z": 66,
  "snr": 5.19959877228842,
  "spacing_tr": 2.0,
  "spacing_x": 2.0,
  "spacing_y": 2.0,
  "spacing_z": 2.0,
  "summary_bg_k": 20.2216501935605,
  "summary_bg_mad": 11.444518797284559,
  "summary_bg_mean": 38.326072692871094,
  "summary_bg_median": 13.023326873779297,
  "summary_bg_n": 349706.0,
  "summary_bg_p05": 4.324260592460632,
  "summary_bg_p95": 152.4854621887207,
  "summary_bg_stdv": 62.98866271972656,
  "summary_fg_k": 4.621300746656975,
  "summary_fg_mad": 83.2185150094171,
  "summary_fg_mean": 593.9601440429688,
  "summary_fg_median": 597.854248046875,
  "summary_fg_n": 163806.0,
  "summary_fg_p05": 411.6713638305664,
  "summary_fg_p95": 758.0264129638672,
  "summary_fg_stdv": 114.9804916381836,
  "tsnr": 46.543670654296875
}