{
  "aor": 0.0004371369294605809,
  "aqi": 0.01004214112033195,
  "bids_meta": {
    "BandwidthPerPixelPhaseEncode": 10.965,
    "DeviceSerialNumber": "40482",
    "EchoTime": 0.03,
    "EffectiveEchoSpacing": 0.000949,
    "FlipAngle": 79,
    "ImageType": [
      "ORIGINAL",
      "PRIMARY",
      "M",
      "MB",
      "ND",
      "MOSAIC"
    ],
    "InstitutionAddress": "Frew_4805_Pittsburgh_PA_District_US_15213",
    "InstitutionName": "SIBR",
    "MagneticFieldStrength": 3,
    "Manufacturer": "Siemens",
    "ManufacturersModelName": "Verio",
    "MultibandAccellerationFactor": 3,
    "PhaseEncodingDirection": "j-",
    "PhaseEncodingLines": 96,
    "RepetitionTime": 2.0,
    "ScanningSequence": "EP",
    "SequenceName": "epfid2d1_96",
    "SequenceVariant": "SK_SS",
    "SliceTiming": [
      0,
      0.09,
      0.1825,
      0.2725,
      0.365,
      0.455,
      0.5475,
      0.6375,
      0.73,
      0.82,
      0.9125,
      1.0025,
      1.095,
      1.185,
      1.2775,
      1.3675,
      1.46,
      1.55,
      1.6425,
      1.7325,
      1.825,
      1.915,
      0,
      0.09,
      0.1825,
      0.2725,
      0.365,
      0.455,
      0.5475,
      0.6375,
      0.73,
      0.82,
      0.9125,
      1.0025,
      1.095,
      1.185,
      1.2775,
      1.3675,
      1.46,
      1.55,
      1.6425,
      1.7325,
      1.825,
      1.915,
      0,
      0.09,
      0.1825,
      0.2725,
      0.365,
      0.455,
      0.5475,
      0.6375,
      0.73,
      0.82,
      0.9125,
      1.0025,
      1.095,
      1.185,
      1.2775,
      1.3675,
      1.46,
      1.55,
      1.6425,
      1.7325,
      1.825,
      1.915
    ],
    "SoftwareVersions": "syngo_MR_B17",
    "TaskName": "cuedMFM",
    "TotalReadoutTime": 0.03039,
    "dataset": "ds001597",
    "modality": "bold",
    "run_id": 8,
    "session_id": "pre",
    "subject_id": "03",
    "task_id": "cuedMFM"
  },
  "dummy_trs": 0,
  "dvars_nstd": 35.088935701083344,
  "dvars_std": 1.2433470137083342,
  "dvars_vstd": 1.0026503774583333,
  "efc": 0.5579416680904209,
  "fber": 3094.3486328125,
  "fd_mean": 0.28002102690379793,
  "fd_num": 160,
  "fd_perc": 66.39004149377594,
  "fwhm_avg": 2.083335,
  "fwhm_x": 1.96041,
  "fwhm_y": 2.24187,
  "fwhm_z": 2.047725,
  "gcor": 0.0153022,
  "gsr_x": -0.0015299459919333458,
  "gsr_y": 0.03805939853191376,
  "provenance": {
    "md5sum": "169900dfbaef5fb8724cdce85173348e",
    "settings": {
      "fd_thres": 0.2,
      "testing": false
    },
    "software": "mriqc",
    "version": "22.0.6",
    "webapi_port": null,
    "webapi_url": "https://mriqc.nimh.nih.gov/api/v1"
  },
  "size_t": 241,
  "size_x": 96,
  "size_y": 96,
  "size_z": 66,
  "snr": 6.1144353251248535,
  "spacing_tr": 2.0,
  "spacing_x": 2.0,
  "spacing_y": 2.0,
  "spacing_z": 2.0,
  "summary_bg_k": 23.283730147018936,
  "summary_bg_mad": 6.83132419206132,
  "summary_bg_mean": 29.915390014648438,
  "summary_bg_median": 9.589738845825195,
  "summary_bg_n": 375204.0,
  "summary_bg_p05": 4.204514598846435,
  "summary_bg_p95": 121.58945808410625,
  "summary_bg_stdv": 51.03732681274414,
  "summary_fg_k": 3.519683520387108,
  "summary_fg_mad": 73.35691178856007,
  "summary_fg_mean": 549.4522705078125,
  "summary_fg_median": 548.9495849609375,
  "summary_fg_n": 145486.0,
  "summary_fg_p05": 409.0727767944336,
  "summary_fg_p95": 685.1968231201172,
  "summary_fg_stdv": 89.77896881103516,
  "tsnr": 57.855796813964844
}