{
  "aor": 0.0006918672199170124,
  "aqi": 0.011400262738589214,
  "bids_meta": {
    "BandwidthPerPixelPhaseEncode": 10.965,
    "DeviceSerialNumber": "40482",
    "EchoTime": 0.03,
    "EffectiveEchoSpacing": 0.000949,
    "FlipAngle": 79,
    "ImageType": [
      "ORIGINAL",
      "PRIMARY",
      "M",
      "MB",
      "ND",
      "MOSAIC"
    ],
    "InstitutionAddress": "Frew_4805_Pittsburgh_PA_District_US_15213",
    "InstitutionName": "SIBR",
    "MagneticFieldStrength": 3,
    "Manufacturer": "Siemens",
    "ManufacturersModelName": "Verio",
    "MultibandAccellerationFactor": 3,
    "PhaseEncodingDirection": "j-",
    "PhaseEncodingLines": 96,
    "RepetitionTime": 2.0,
    "ScanningSequence": "EP",
    "SequenceName": "epfid2d1_96",
    "SequenceVariant": "SK_SS",
    "SliceTiming": [
      0,
      0.09,
      0.1825,
      0.2725,
      0.365,
      0.455,
      0.5475,
      0.6375,
      0.73,
      0.82,
      0.9125,
      1.0025,
      1.095,
      1.185,
      1.2775,
      1.3675,
      1.46,
      1.55,
      1.6425,
      1.7325,
      1.825,
      1.915,
      0,
      0.09,
      0.1825,
      0.2725,
      0.365,
      0.455,
      0.5475,
      0.6375,
      0.73,
      0.82,
      0.9125,
      1.0025,
      1.095,
      1.185,
      1.2775,
      1.3675,
      1.46,
      1.55,
      1.6425,
      1.7325,
      1.825,
      1.915,
      0,
      0.09,
      0.1825,
      0.2725,
      0.365,
      0.455,
      0.5475,
      0.6375,
      0.73,
      0.82,
      0.9125,
      1.0025,
      1.095,
      1.185,
      1.2775,
      1.3675,
      1.46,
      1.55,
      1.6425,
      1.7325,
      1.825,
      1.915
    ],
    "SoftwareVersions": "syngo_MR_B17",
    "TaskName": "cuedMFM",
    "TotalReadoutTime": 0.03039,
    "dataset": "ds001597",
    "modality": "bold",
    "run_id": 1,
    "session_id": "pre",
    "subject_id": "03",
    "task_id": "cuedMFM"
  },
  "dummy_trs": 0,
  "dvars_nstd": 34.41199247070833,
  "dvars_std": 1.2646499524166666,
  "dvars_vstd": 1.0029364077499998,
  "efc": 0.5556692302286179,
  "fber": 3173.712158203125,
  "fd_mean": 0.24133394527025753,
  "fd_num": 141,
  "fd_perc": 58.50622406639004,
  "fwhm_avg": 2.0783533333333337,
  "fwhm_x": 1.951935,
  "fwhm_y": 2.231405,
  "fwhm_z": 2.05172,
  "gcor": 0.0211015,
  "gsr_x": -0.0016682340065017343,
  "gsr_y": 0.04141760990023613,
  "provenance": {
    "md5sum": "747b3979a536076f085a83e44354f95a",
    "settings": {
      "fd_thres": 0.2,
      "testing": false
    },
    "software": "mriqc",
    "version": "22.0.6",
    "webapi_port": null,
    "webapi_url": "https://mriqc.nimh.nih.gov/api/v1"
  },
  "size_t": 241,
  "size_x": 96,
  "size_y": 96,
  "size_z": 66,
  "snr": 6.147058960556348,
  "spacing_tr": 2.0,
  "spacing_x": 2.0,
  "spacing_y": 2.0,
  "spacing_z": 2.0,
  "summary_bg_k": 22.34409624195095,
  "summary_bg_mad": 6.730624480593078,
  "summary_bg_mean": 28.78702735900879,
  "summary_bg_median": 9.473332405090332,
  "summary_bg_n": 375833.0,
  "summary_bg_p05": 4.203446865081787,
  "summary_bg_p95": 114.44378814697261,
  "summary_bg_stdv": 48.81442642211914,
  "summary_fg_k": 3.4173265414586425,
  "summary_fg_mad": 74.02627266565271,
  "summary_fg_mean": 548.9697265625,
  "summary_fg_median": 547.5737915039062,
  "summary_fg_n": 145519.0,
  "summary_fg_p05": 412.8256439208985,
  "summary_fg_p95": 685.9100524902345,
  "summary_fg_stdv": 89.07868194580078,
  "tsnr": 54.557071685791016
}