{
  "aor": 0.0005653526970954357,
  "aqi": 0.011684570000000002,
  "bids_meta": {
    "BandwidthPerPixelPhaseEncode": 10.965,
    "DeviceSerialNumber": "40482",
    "EchoTime": 0.03,
    "EffectiveEchoSpacing": 0.000949,
    "FlipAngle": 79,
    "ImageType": [
      "ORIGINAL",
      "PRIMARY",
      "M",
      "MB",
      "ND",
      "MOSAIC"
    ],
    "InstitutionAddress": "Frew_4805_Pittsburgh_PA_District_US_15213",
    "InstitutionName": "SIBR",
    "MagneticFieldStrength": 3,
    "Manufacturer": "Siemens",
    "ManufacturersModelName": "Verio",
    "MultibandAccellerationFactor": 3,
    "PhaseEncodingDirection": "j-",
    "PhaseEncodingLines": 96,
    "RepetitionTime": 2.0,
    "ScanningSequence": "EP",
    "SequenceName": "epfid2d1_96",
    "SequenceVariant": "SK_SS",
    "SliceTiming": [
      0,
      0.09,
      0.1825,
      0.2725,
      0.365,
      0.455,
      0.5475,
      0.6375,
      0.73,
      0.82,
      0.9125,
      1.0025,
      1.095,
      1.185,
      1.2775,
      1.3675,
      1.46,
      1.55,
      1.6425,
      1.7325,
      1.825,
      1.915,
      0,
      0.09,
      0.1825,
      0.2725,
      0.365,
      0.455,
      0.5475,
      0.6375,
      0.73,
      0.82,
      0.9125,
      1.0025,
      1.095,
      1.185,
      1.2775,
      1.3675,
      1.46,
      1.55,
      1.6425,
      1.7325,
      1.825,
      1.915,
      0,
      0.09,
      0.1825,
      0.2725,
      0.365,
      0.455,
      0.5475,
      0.6375,
      0.73,
      0.82,
      0.9125,
      1.0025,
      1.095,
      1.185,
      1.2775,
      1.3675,
      1.46,
      1.55,
      1.6425,
      1.7325,
      1.825,
      1.915
    ],
    "SoftwareVersions": "syngo_MR_B17",
    "TaskName": "cuedMFM",
    "TotalReadoutTime": 0.03039,
    "dataset": "ds001597",
    "modality": "bold",
    "run_id": 2,
    "session_id": "pre",
    "subject_id": "03",
    "task_id": "cuedMFM"
  },
  "dummy_trs": 0,
  "dvars_nstd": 33.71795820395833,
  "dvars_std": 1.2552371004166665,
  "dvars_vstd": 1.0005442753749991,
  "efc": 0.5568118188111666,
  "fber": 3111.196533203125,
  "fd_mean": 0.22863303395258683,
  "fd_num": 132,
  "fd_perc": 54.77178423236514,
  "fwhm_avg": 2.085688333333333,
  "fwhm_x": 1.958155,
  "fwhm_y": 2.235975,
  "fwhm_z": 2.062935,
  "gcor": 0.0216476,
  "gsr_x": -0.0015509509248659015,
  "gsr_y": 0.041619520634412766,
  "provenance": {
    "md5sum": "9e7c2187383753b49ff338def5d2048a",
    "settings": {
      "fd_thres": 0.2,
      "testing": false
    },
    "software": "mriqc",
    "version": "22.0.6",
    "webapi_port": null,
    "webapi_url": "https://mriqc.nimh.nih.gov/api/v1"
  },
  "size_t": 241,
  "size_x": 96,
  "size_y": 96,
  "size_z": 66,
  "snr": 6.173763831677921,
  "spacing_tr": 2.0,
  "spacing_x": 2.0,
  "spacing_y": 2.0,
  "spacing_z": 2.0,
  "summary_bg_k": 22.31951431361915,
  "summary_bg_mad": 6.702375072801337,
  "summary_bg_mean": 28.946359634399414,
  "summary_bg_median": 9.481521606445312,
  "summary_bg_n": 375647.0,
  "summary_bg_p05": 4.226534605026245,
  "summary_bg_p95": 115.86192855834965,
  "summary_bg_stdv": 48.87276840209961,
  "summary_fg_k": 3.3811887394190583,
  "summary_fg_mad": 73.16403052459859,
  "summary_fg_mean": 544.5947875976562,
  "summary_fg_median": 543.6353759765625,
  "summary_fg_n": 145515.0,
  "summary_fg_p05": 408.65517578125,
  "summary_fg_p95": 679.7327880859374,
  "summary_fg_stdv": 88.0554428100586,
  "tsnr": 54.8278923034668
}