{
  "aor": 0.00036680497925311206,
  "aqi": 0.011370254896265562,
  "bids_meta": {
    "BandwidthPerPixelPhaseEncode": 10.965,
    "DeviceSerialNumber": "40482",
    "EchoTime": 0.03,
    "EffectiveEchoSpacing": 0.000949,
    "FlipAngle": 79,
    "ImageType": [
      "ORIGINAL",
      "PRIMARY",
      "M",
      "MB",
      "ND",
      "MOSAIC"
    ],
    "InstitutionAddress": "Frew_4805_Pittsburgh_PA_District_US_15213",
    "InstitutionName": "SIBR",
    "MagneticFieldStrength": 3,
    "Manufacturer": "Siemens",
    "ManufacturersModelName": "Verio",
    "MultibandAccellerationFactor": 3,
    "PhaseEncodingDirection": "j-",
    "PhaseEncodingLines": 96,
    "RepetitionTime": 2.0,
    "ScanningSequence": "EP",
    "SequenceName": "epfid2d1_96",
    "SequenceVariant": "SK_SS",
    "SliceTiming": [
      0,
      0.09,
      0.1825,
      0.2725,
      0.365,
      0.455,
      0.5475,
      0.6375,
      0.73,
      0.82,
      0.9125,
      1.0025,
      1.095,
      1.185,
      1.2775,
      1.3675,
      1.46,
      1.55,
      1.6425,
      1.7325,
      1.825,
      1.915,
      0,
      0.09,
      0.1825,
      0.2725,
      0.365,
      0.455,
      0.5475,
      0.6375,
      0.73,
      0.82,
      0.9125,
      1.0025,
      1.095,
      1.185,
      1.2775,
      1.3675,
      1.46,
      1.55,
      1.6425,
      1.7325,
      1.825,
      1.915,
      0,
      0.09,
      0.1825,
      0.2725,
      0.365,
      0.455,
      0.5475,
      0.6375,
      0.73,
      0.82,
      0.9125,
      1.0025,
      1.095,
      1.185,
      1.2775,
      1.3675,
      1.46,
      1.55,
      1.6425,
      1.7325,
      1.825,
      1.915
    ],
    "SoftwareVersions": "syngo_MR_B17",
    "TaskName": "cuedMFM",
    "TotalReadoutTime": 0.03039,
    "dataset": "ds001597",
    "modality": "bold",
    "run_id": 4,
    "session_id": "pre",
    "subject_id": "03",
    "task_id": "cuedMFM"
  },
  "dummy_trs": 0,
  "dvars_nstd": 32.51892835320835,
  "dvars_std": 1.207370943708333,
  "dvars_vstd": 0.994695972125,
  "efc": 0.5589338764838979,
  "fber": 2965.46630859375,
  "fd_mean": 0.239496394940155,
  "fd_num": 134,
  "fd_perc": 55.601659751037346,
  "fwhm_avg": 2.078015,
  "fwhm_x": 1.952965,
  "fwhm_y": 2.231225,
  "fwhm_z": 2.049855,
  "gcor": 0.0202519,
  "gsr_x": -0.0014631247613579035,
  "gsr_y": 0.04248934984207153,
  "provenance": {
    "md5sum": "6ebe770e8ec581c3f2d134512efd0b99",
    "settings": {
      "fd_thres": 0.2,
      "testing": false
    },
    "software": "mriqc",
    "version": "22.0.6",
    "webapi_port": null,
    "webapi_url": "https://mriqc.nimh.nih.gov/api/v1"
  },
  "size_t": 241,
  "size_x": 96,
  "size_y": 96,
  "size_z": 66,
  "snr": 6.172090948416884,
  "spacing_tr": 2.0,
  "spacing_x": 2.0,
  "spacing_y": 2.0,
  "spacing_z": 2.0,
  "summary_bg_k": 22.517015185119245,
  "summary_bg_mad": 7.042591006805739,
  "summary_bg_mean": 29.213573455810547,
  "summary_bg_median": 9.649317741394043,
  "summary_bg_n": 374757.0,
  "summary_bg_p05": 4.163826656341553,
  "summary_bg_p95": 116.54967346191411,
  "summary_bg_stdv": 48.83201599121094,
  "summary_fg_k": 3.522346091177547,
  "summary_fg_mad": 71.79191764378801,
  "summary_fg_mean": 539.9698486328125,
  "summary_fg_median": 539.965576171875,
  "summary_fg_n": 146419.0,
  "summary_fg_p05": 403.06396484375,
  "summary_fg_p95": 673.1286071777344,
  "summary_fg_stdv": 87.48473358154297,
  "tsnr": 55.162506103515625
}