{
  "aor": 0.0013582157676348548,
  "aqi": 0.012852120207468877,
  "bids_meta": {
    "BandwidthPerPixelPhaseEncode": 10.965,
    "DeviceSerialNumber": "40482",
    "EchoTime": 0.03,
    "EffectiveEchoSpacing": 0.000949,
    "FlipAngle": 79,
    "ImageType": [
      "ORIGINAL",
      "PRIMARY",
      "M",
      "MB",
      "ND",
      "MOSAIC"
    ],
    "InstitutionAddress": "Frew_4805_Pittsburgh_PA_District_US_15213",
    "InstitutionName": "SIBR",
    "MagneticFieldStrength": 3,
    "Manufacturer": "Siemens",
    "ManufacturersModelName": "Verio",
    "MultibandAccellerationFactor": 3,
    "PhaseEncodingDirection": "j-",
    "PhaseEncodingLines": 96,
    "RepetitionTime": 2.0,
    "ScanningSequence": "EP",
    "SequenceName": "epfid2d1_96",
    "SequenceVariant": "SK_SS",
    "SliceTiming": [
      0,
      0.09,
      0.1825,
      0.2725,
      0.365,
      0.455,
      0.5475,
      0.6375,
      0.73,
      0.82,
      0.9125,
      1.0025,
      1.095,
      1.185,
      1.2775,
      1.3675,
      1.46,
      1.55,
      1.6425,
      1.7325,
      1.825,
      1.915,
      0,
      0.09,
      0.1825,
      0.2725,
      0.365,
      0.455,
      0.5475,
      0.6375,
      0.73,
      0.82,
      0.9125,
      1.0025,
      1.095,
      1.185,
      1.2775,
      1.3675,
      1.46,
      1.55,
      1.6425,
      1.7325,
      1.825,
      1.915,
      0,
      0.09,
      0.1825,
      0.2725,
      0.365,
      0.455,
      0.5475,
      0.6375,
      0.73,
      0.82,
      0.9125,
      1.0025,
      1.095,
      1.185,
      1.2775,
      1.3675,
      1.46,
      1.55,
      1.6425,
      1.7325,
      1.825,
      1.915
    ],
    "SoftwareVersions": "syngo_MR_B17",
    "TaskName": "cuedMFM",
    "TotalReadoutTime": 0.03039,
    "dataset": "ds001597",
    "modality": "bold",
    "run_id": 3,
    "session_id": "pre",
    "subject_id": "08",
    "task_id": "cuedMFM"
  },
  "dummy_trs": 0,
  "dvars_nstd": 36.75670831220835,
  "dvars_std": 1.2566748393750002,
  "dvars_vstd": 1.007777608041667,
  "efc": 0.5397270968555641,
  "fber": 3227.386474609375,
  "fd_mean": 0.20903098575053256,
  "fd_num": 108,
  "fd_perc": 44.81327800829875,
  "fwhm_avg": 2.136616666666667,
  "fwhm_x": 2.012825,
  "fwhm_y": 2.294365,
  "fwhm_z": 2.10266,
  "gcor": 0.0150979,
  "gsr_x": -0.00908332597464323,
  "gsr_y": 0.03630547970533371,
  "provenance": {
    "md5sum": "f4d69f15a8d69f9cc3e04e5d32e01b78",
    "settings": {
      "fd_thres": 0.2,
      "testing": false
    },
    "software": "mriqc",
    "version": "22.0.6",
    "webapi_port": null,
    "webapi_url": "https://mriqc.nimh.nih.gov/api/v1"
  },
  "size_t": 241,
  "size_x": 96,
  "size_y": 96,
  "size_z": 66,
  "snr": 5.610591634905507,
  "spacing_tr": 2.0,
  "spacing_x": 2.0,
  "spacing_y": 2.0,
  "spacing_z": 2.0,
  "summary_bg_k": 26.338171540226085,
  "summary_bg_mad": 7.08307011267274,
  "summary_bg_mean": 29.413909912109375,
  "summary_bg_median": 10.081019401550293,
  "summary_bg_n": 385215.0,
  "summary_bg_p05": 4.027143239974976,
  "summary_bg_p95": 121.50078964233391,
  "summary_bg_stdv": 49.995731353759766,
  "summary_fg_k": 3.704673607851282,
  "summary_fg_mad": 81.94625879047915,
  "summary_fg_mean": 592.6876220703125,
  "summary_fg_median": 592.9664916992188,
  "summary_fg_n": 135869.0,
  "summary_fg_p05": 431.75330200195316,
  "summary_fg_p95": 753.4811279296874,
  "summary_fg_stdv": 105.68659210205078,
  "tsnr": 50.776302337646484
}