{
  "aor": 0.0007785477178423238,
  "aqi": 0.010480181659751037,
  "bids_meta": {
    "BandwidthPerPixelPhaseEncode": 10.965,
    "DeviceSerialNumber": "40482",
    "EchoTime": 0.03,
    "EffectiveEchoSpacing": 0.000949,
    "FlipAngle": 79,
    "ImageType": [
      "ORIGINAL",
      "PRIMARY",
      "M",
      "MB",
      "ND",
      "MOSAIC"
    ],
    "InstitutionAddress": "Frew_4805_Pittsburgh_PA_District_US_15213",
    "InstitutionName": "SIBR",
    "MagneticFieldStrength": 3,
    "Manufacturer": "Siemens",
    "ManufacturersModelName": "Verio",
    "MultibandAccellerationFactor": 3,
    "PhaseEncodingDirection": "j-",
    "PhaseEncodingLines": 96,
    "RepetitionTime": 2.0,
    "ScanningSequence": "EP",
    "SequenceName": "epfid2d1_96",
    "SequenceVariant": "SK_SS",
    "SliceTiming": [
      0,
      0.09,
      0.1825,
      0.2725,
      0.365,
      0.455,
      0.5475,
      0.6375,
      0.73,
      0.82,
      0.9125,
      1.0025,
      1.095,
      1.185,
      1.2775,
      1.3675,
      1.46,
      1.55,
      1.6425,
      1.7325,
      1.825,
      1.915,
      0,
      0.09,
      0.1825,
      0.2725,
      0.365,
      0.455,
      0.5475,
      0.6375,
      0.73,
      0.82,
      0.9125,
      1.0025,
      1.095,
      1.185,
      1.2775,
      1.3675,
      1.46,
      1.55,
      1.6425,
      1.7325,
      1.825,
      1.915,
      0,
      0.09,
      0.1825,
      0.2725,
      0.365,
      0.455,
      0.5475,
      0.6375,
      0.73,
      0.82,
      0.9125,
      1.0025,
      1.095,
      1.185,
      1.2775,
      1.3675,
      1.46,
      1.55,
      1.6425,
      1.7325,
      1.825,
      1.915
    ],
    "SoftwareVersions": "syngo_MR_B17",
    "TaskName": "cuedMFM",
    "TotalReadoutTime": 0.03039,
    "dataset": "ds001597",
    "modality": "bold",
    "run_id": 1,
    "session_id": "pre",
    "subject_id": "08",
    "task_id": "cuedMFM"
  },
  "dummy_trs": 0,
  "dvars_nstd": 35.78078040291669,
  "dvars_std": 1.260043376875001,
  "dvars_vstd": 1.0001969635833332,
  "efc": 0.539864690732842,
  "fber": 3264.244140625,
  "fd_mean": 0.20473830398765175,
  "fd_num": 110,
  "fd_perc": 45.643153526970956,
  "fwhm_avg": 2.130856666666667,
  "fwhm_x": 2.017015,
  "fwhm_y": 2.29008,
  "fwhm_z": 2.085475,
  "gcor": 0.02037,
  "gsr_x": -0.010338705033063889,
  "gsr_y": 0.0382038913667202,
  "provenance": {
    "md5sum": "2f04f632397f0d188ee45eb9183922d1",
    "settings": {
      "fd_thres": 0.2,
      "testing": false
    },
    "software": "mriqc",
    "version": "22.0.6",
    "webapi_port": null,
    "webapi_url": "https://mriqc.nimh.nih.gov/api/v1"
  },
  "size_t": 241,
  "size_x": 96,
  "size_y": 96,
  "size_z": 66,
  "snr": 5.603751175654843,
  "spacing_tr": 2.0,
  "spacing_x": 2.0,
  "spacing_y": 2.0,
  "spacing_z": 2.0,
  "summary_bg_k": 27.51621176861864,
  "summary_bg_mad": 6.954043581311523,
  "summary_bg_mean": 29.263015747070312,
  "summary_bg_median": 10.051794052124023,
  "summary_bg_n": 384695.0,
  "summary_bg_p05": 4.123183631896973,
  "summary_bg_p95": 119.94237136840817,
  "summary_bg_stdv": 49.95309829711914,
  "summary_fg_k": 3.5822610193056628,
  "summary_fg_mad": 83.27425737798397,
  "summary_fg_mean": 593.7569580078125,
  "summary_fg_median": 593.675048828125,
  "summary_fg_n": 136306.0,
  "summary_fg_p05": 432.3637161254883,
  "summary_fg_p95": 755.240478515625,
  "summary_fg_stdv": 105.94204711914062,
  "tsnr": 55.72942352294922
}