{
  "aor": 0.003170622406639004,
  "aqi": 0.013408611452282159,
  "bids_meta": {
    "BandwidthPerPixelPhaseEncode": 10.965,
    "DeviceSerialNumber": "40482",
    "EchoTime": 0.03,
    "EffectiveEchoSpacing": 0.000949,
    "FlipAngle": 79,
    "ImageType": [
      "ORIGINAL",
      "PRIMARY",
      "M",
      "MB",
      "ND",
      "MOSAIC"
    ],
    "InstitutionAddress": "Frew_4805_Pittsburgh_PA_District_US_15213",
    "InstitutionName": "SIBR",
    "MagneticFieldStrength": 3,
    "Manufacturer": "Siemens",
    "ManufacturersModelName": "Verio",
    "MultibandAccellerationFactor": 3,
    "PhaseEncodingDirection": "j-",
    "PhaseEncodingLines": 96,
    "RepetitionTime": 2.0,
    "ScanningSequence": "EP",
    "SequenceName": "epfid2d1_96",
    "SequenceVariant": "SK_SS",
    "SliceTiming": [
      0,
      0.09,
      0.1825,
      0.2725,
      0.365,
      0.455,
      0.5475,
      0.6375,
      0.73,
      0.82,
      0.9125,
      1.0025,
      1.095,
      1.185,
      1.2775,
      1.3675,
      1.46,
      1.55,
      1.6425,
      1.7325,
      1.825,
      1.915,
      0,
      0.09,
      0.1825,
      0.2725,
      0.365,
      0.455,
      0.5475,
      0.6375,
      0.73,
      0.82,
      0.9125,
      1.0025,
      1.095,
      1.185,
      1.2775,
      1.3675,
      1.46,
      1.55,
      1.6425,
      1.7325,
      1.825,
      1.915,
      0,
      0.09,
      0.1825,
      0.2725,
      0.365,
      0.455,
      0.5475,
      0.6375,
      0.73,
      0.82,
      0.9125,
      1.0025,
      1.095,
      1.185,
      1.2775,
      1.3675,
      1.46,
      1.55,
      1.6425,
      1.7325,
      1.825,
      1.915
    ],
    "SoftwareVersions": "syngo_MR_B17",
    "TaskName": "cuedMFM",
    "TotalReadoutTime": 0.03039,
    "dataset": "ds001597",
    "modality": "bold",
    "run_id": 6,
    "session_id": "pre",
    "subject_id": "08",
    "task_id": "cuedMFM"
  },
  "dummy_trs": 0,
  "dvars_nstd": 39.43139601558334,
  "dvars_std": 1.272993951375001,
  "dvars_vstd": 1.0354768029166665,
  "efc": 0.5426350896271035,
  "fber": 3525.333740234375,
  "fd_mean": 0.2352785990545512,
  "fd_num": 134,
  "fd_perc": 55.601659751037346,
  "fwhm_avg": 2.10267,
  "fwhm_x": 2.007405,
  "fwhm_y": 2.25714,
  "fwhm_z": 2.043465,
  "gcor": 0.0201736,
  "gsr_x": -0.011204374954104424,
  "gsr_y": 0.037976402789354324,
  "provenance": {
    "md5sum": "41a76eb9df2a935ed6542e8ec70b2664",
    "settings": {
      "fd_thres": 0.2,
      "testing": false
    },
    "software": "mriqc",
    "version": "22.0.6",
    "webapi_port": null,
    "webapi_url": "https://mriqc.nimh.nih.gov/api/v1"
  },
  "size_t": 241,
  "size_x": 96,
  "size_y": 96,
  "size_z": 66,
  "snr": 5.743772145548826,
  "spacing_tr": 2.0,
  "spacing_x": 2.0,
  "spacing_y": 2.0,
  "spacing_z": 2.0,
  "summary_bg_k": 27.331874416842737,
  "summary_bg_mad": 6.0727683142714435,
  "summary_bg_mean": 28.026723861694336,
  "summary_bg_median": 9.114837646484375,
  "summary_bg_n": 383322.0,
  "summary_bg_p05": 4.020583629608154,
  "summary_bg_p95": 116.75695304870607,
  "summary_bg_stdv": 49.46733856201172,
  "summary_fg_k": 3.7832469507834974,
  "summary_fg_mad": 75.55090788772861,
  "summary_fg_mean": 556.6210327148438,
  "summary_fg_median": 556.8007202148438,
  "summary_fg_n": 137831.0,
  "summary_fg_p05": 409.1790466308594,
  "summary_fg_p95": 703.2804260253906,
  "summary_fg_stdv": 96.9395523071289,
  "tsnr": 49.04032516479492
}