{
  "bids_meta": {
    "AccelFactPE": 2,
    "DeviceSerialNumber": "40482",
    "EchoTime": 0.00197,
    "FlipAngle": 9,
    "InstitutionAddress": "Frew_4805_Pittsburgh_PA_District_US_15213",
    "InstitutionName": "SIBR",
    "InversionTime": 0.9,
    "MagneticFieldStrength": 3,
    "Manufacturer": "Siemens",
    "ManufacturersModelName": "Verio",
    "PhaseEncodingDirection": "i-",
    "PhaseEncodingLines": 256,
    "RepetitionTime": 2.3,
    "ScanningSequence": "GR_IR",
    "SequenceName": "_tfl3d1_ns",
    "SequenceVariant": "SP_MP",
    "SoftwareVersions": "syngo_MR_B17",
    "dataset": "ds001597",
    "modality": "T1w",
    "session_id": "pre",
    "subject_id": "18"
  },
  "cjv": 0.33006058034454683,
  "cnr": 4.095506993633594,
  "efc": 0.5231983183420365,
  "fber": -1.0,
  "fwhm_avg": 3.9238,
  "fwhm_x": 3.80978,
  "fwhm_y": 4.05002,
  "fwhm_z": 3.9116,
  "icvs_csf": 0.2042802425531891,
  "icvs_gm": 0.4376549071403771,
  "icvs_wm": 0.3580648503064338,
  "inu_med": 0.47592073678970337,
  "inu_range": 0.1278431296348571,
  "provenance": {
    "md5sum": "eeb7e3afe3071188e97c38040913180b",
    "settings": {
      "testing": false
    },
    "software": "mriqc",
    "version": "22.0.6",
    "warnings": {
      "large_rot_frame": true,
      "small_air_mask": false
    },
    "webapi_port": null,
    "webapi_url": "https://mriqc.nimh.nih.gov/api/v1"
  },
  "qi_1": 0.0,
  "qi_2": 0.026634278039539293,
  "rpve_csf": 23.68448891207499,
  "rpve_gm": 12.107360173110386,
  "rpve_wm": 17.41498904544999,
  "size_x": 176,
  "size_y": 256,
  "size_z": 256,
  "snr_csf": 1.9403914999604357,
  "snr_gm": 9.239040619189543,
  "snr_total": 11.419073914733465,
  "snr_wm": 23.07778962505041,
  "snrd_csf": 24.91405419172655,
  "snrd_gm": 84.84760802539525,
  "snrd_total": 79.57243838786131,
  "snrd_wm": 128.95565294646215,
  "spacing_x": 1.0,
  "spacing_y": 1.0,
  "spacing_z": 1.0,
  "summary_bg_k": 12.38046012178799,
  "summary_bg_mad": 0.0,
  "summary_bg_mean": 2.5170915145522765,
  "summary_bg_median": 0.0,
  "summary_bg_n": 3145347.0,
  "summary_bg_p05": 0.0,
  "summary_bg_p95": 13.430813156068325,
  "summary_bg_stdv": 5.080532021520234,
  "summary_csf_k": 5.025477333170739,
  "summary_csf_mad": 72.34285448699417,
  "summary_csf_mean": 211.1667182042177,
  "summary_csf_median": 193.20655989646912,
  "summary_csf_n": 31881.0,
  "summary_csf_p05": 75.24541193246841,
  "summary_csf_p95": 411.71397882699966,
  "summary_csf_stdv": 99.56935482137857,
  "summary_gm_k": -0.03731345958337995,
  "summary_gm_mad": 71.73390790040331,
  "summary_gm_mean": 657.9204719048997,
  "summary_gm_median": 657.9866261780262,
  "summary_gm_n": 46106.0,
  "summary_gm_p05": 540.487547473982,
  "summary_gm_p95": 773.935205809772,
  "summary_gm_stdv": 71.217296002253,
  "summary_wm_k": 0.5006185158633305,
  "summary_wm_mad": 41.16478925354214,
  "summary_wm_mean": 999.6991822186928,
  "summary_wm_median": 1000.0410970151424,
  "summary_wm_n": 221701.0,
  "summary_wm_p05": 928.4100935161114,
  "summary_wm_p95": 1070.0291875898838,
  "summary_wm_stdv": 43.33338928372118,
  "tpm_overlap_csf": 0.16095410093804896,
  "tpm_overlap_gm": 0.46064143712699285,
  "tpm_overlap_wm": 0.5056687087059685,
  "wm2max": 0.4388054859696866
}