{
  "bids_meta": {
    "AccelFactPE": 2,
    "DeviceSerialNumber": "40482",
    "EchoTime": 0.418,
    "EchoTrainLength": 147,
    "FlipAngle": 120,
    "InstitutionAddress": "Frew_4805_Pittsburgh_PA_District_US_15213",
    "InstitutionName": "SIBR",
    "MagneticFieldStrength": 3,
    "Manufacturer": "Siemens",
    "ManufacturersModelName": "Verio",
    "PhaseEncodingDirection": "i-",
    "PhaseEncodingLines": 258,
    "RepetitionTime": 3,
    "ScanningSequence": "SE",
    "SequenceName": "_spc3d1_294ns",
    "SequenceVariant": "SK_SP",
    "SoftwareVersions": "syngo_MR_B17",
    "dataset": "ds001597",
    "modality": "T2w",
    "session_id": "pre",
    "subject_id": "18"
  },
  "cjv": 0.14577967246151619,
  "cnr": 2.928728550974096,
  "efc": 0.5972899293374259,
  "fber": -1.0,
  "fwhm_avg": 2.3900773019673616,
  "fwhm_x": 2.405549964154512,
  "fwhm_y": 2.3784636893203883,
  "fwhm_z": 2.3862182524271844,
  "icvs_csf": 0.38887886769125596,
  "icvs_gm": 0.465583089240815,
  "icvs_wm": 0.145538043067929,
  "inu_med": 0.9351599216461182,
  "inu_range": 0.1969543695449829,
  "provenance": {
    "md5sum": "5803487b8272f628c79e077440990109",
    "settings": {
      "testing": false
    },
    "software": "mriqc",
    "version": "22.0.6",
    "warnings": {
      "large_rot_frame": true,
      "small_air_mask": false
    },
    "webapi_port": null,
    "webapi_url": "https://mriqc.nimh.nih.gov/api/v1"
  },
  "qi_1": 0.0,
  "qi_2": 0.022306498119899796,
  "rpve_csf": 8.869664100014978,
  "rpve_gm": 8.151546701337539,
  "rpve_wm": 26.7904941091983,
  "size_x": 224,
  "size_y": 256,
  "size_z": 256,
  "snr_csf": 9.018857520152679,
  "snr_gm": 8.627505327173392,
  "snr_total": 7.29553924372181,
  "snr_wm": 4.240254883839358,
  "snrd_csf": 68.7851198500947,
  "snrd_gm": 41.98896850753346,
  "snrd_total": 83.3275640494346,
  "snrd_wm": 139.20860379067565,
  "spacing_x": 0.800000011920929,
  "spacing_y": 0.8046875,
  "spacing_z": 0.8046875,
  "summary_bg_k": 473.6597110547732,
  "summary_bg_mad": 0.0,
  "summary_bg_mean": 2.239847786624025,
  "summary_bg_median": 0.0,
  "summary_bg_n": 3055164.0,
  "summary_bg_p05": 0.0,
  "summary_bg_p95": 11.637526124715805,
  "summary_bg_stdv": 4.706148884371649,
  "summary_csf_k": 0.5527529804472491,
  "summary_csf_mad": 52.43043501912934,
  "summary_csf_mean": 495.5728887416703,
  "summary_csf_median": 494.1154468655586,
  "summary_csf_n": 109345.0,
  "summary_csf_p05": 409.3250707387924,
  "summary_csf_p95": 587.3660600781441,
  "summary_csf_stdv": 54.7866718509626,
  "summary_gm_k": 0.21675824100617236,
  "summary_gm_mad": 34.71669687204975,
  "summary_gm_mean": 301.6204556100428,
  "summary_gm_median": 301.62625263631344,
  "summary_gm_n": 386202.0,
  "summary_gm_p05": 244.50085178017616,
  "summary_gm_p95": 358.4696455895901,
  "summary_gm_stdv": 34.960959245406464,
  "summary_wm_k": 4.361807185458123,
  "summary_wm_mad": 67.09200270656264,
  "summary_wm_mean": 897.3119653203612,
  "summary_wm_median": 1000.0000235438347,
  "summary_wm_n": 50422.0,
  "summary_wm_p05": 274.5064926445484,
  "summary_wm_p95": 1062.4741742908955,
  "summary_wm_stdv": 235.83254652904603,
  "tpm_overlap_csf": 0.10791545471649826,
  "tpm_overlap_gm": 0.297010971067221,
  "tpm_overlap_wm": 0.03394980743668336,
  "wm2max": 0.9453311058187893
}