{
  "bids_meta": {
    "AccelFactPE": 2,
    "DeviceSerialNumber": "40482",
    "EchoTime": 0.418,
    "EchoTrainLength": 147,
    "FlipAngle": 120,
    "InstitutionAddress": "Frew_4805_Pittsburgh_PA_District_US_15213",
    "InstitutionName": "SIBR",
    "MagneticFieldStrength": 3,
    "Manufacturer": "Siemens",
    "ManufacturersModelName": "Verio",
    "PhaseEncodingDirection": "i-",
    "PhaseEncodingLines": 258,
    "RepetitionTime": 3,
    "ScanningSequence": "SE",
    "SequenceName": "_spc3d1_294ns",
    "SequenceVariant": "SK_SP",
    "SoftwareVersions": "syngo_MR_B17",
    "dataset": "ds001597",
    "modality": "T2w",
    "session_id": "pre",
    "subject_id": "14"
  },
  "cjv": 0.3897542596555926,
  "cnr": 2.077750549960517,
  "efc": 0.626860723614816,
  "fber": 1972.7846181870716,
  "fwhm_avg": 2.24146375900112,
  "fwhm_x": 2.2599749663237487,
  "fwhm_y": 2.2144,
  "fwhm_z": 2.2500163106796114,
  "icvs_csf": 0.35664053310259203,
  "icvs_gm": 0.4916737752833849,
  "icvs_wm": 0.15168569161402312,
  "inu_med": 0.9633705914020538,
  "inu_range": 0.30504010021686556,
  "provenance": {
    "md5sum": "f8376acbddc1601ae0dc87f7b3ffe099",
    "settings": {
      "testing": false
    },
    "software": "mriqc",
    "version": "22.0.6",
    "warnings": {
      "large_rot_frame": true,
      "small_air_mask": false
    },
    "webapi_port": null,
    "webapi_url": "https://mriqc.nimh.nih.gov/api/v1"
  },
  "qi_1": 0.0,
  "qi_2": 0.026404449181162932,
  "rpve_csf": 8.929380348914782,
  "rpve_gm": 7.376083698751735,
  "rpve_wm": 25.5651344243388,
  "size_x": 224,
  "size_y": 256,
  "size_z": 256,
  "snr_csf": 10.045345965749185,
  "snr_gm": 9.965696152035234,
  "snr_total": 7.8364693227113955,
  "snr_wm": 3.4983658503497694,
  "snrd_csf": 36.56272279962888,
  "snrd_gm": 24.641623938318133,
  "snrd_total": 40.94348657357569,
  "snrd_wm": 61.62611298278007,
  "spacing_x": 0.800000011920929,
  "spacing_y": 0.8046875,
  "spacing_z": 0.8046875,
  "summary_bg_k": 2.680286603169626,
  "summary_bg_mad": 0.0,
  "summary_bg_mean": 7.454319765539775,
  "summary_bg_median": 0.0,
  "summary_bg_n": 2638891.0,
  "summary_bg_p05": 0.0,
  "summary_bg_p95": 28.920998979359865,
  "summary_bg_stdv": 10.631538168503656,
  "summary_csf_k": 0.5420211818430309,
  "summary_csf_mad": 56.67368782456998,
  "summary_csf_mean": 593.870287889433,
  "summary_csf_median": 593.3390099965036,
  "summary_csf_n": 98034.0,
  "summary_csf_p05": 498.3448238670826,
  "summary_csf_p95": 691.539557459019,
  "summary_csf_stdv": 59.06575899146653,
  "summary_gm_k": 0.1453159730116984,
  "summary_gm_mad": 39.62847100664782,
  "summary_gm_mean": 399.8277521383492,
  "summary_gm_median": 399.8836966380477,
  "summary_gm_n": 402006.0,
  "summary_gm_p05": 333.8608360523358,
  "summary_gm_p95": 464.97271986305714,
  "summary_gm_stdv": 40.12596743637564,
  "summary_wm_k": 1.6139130739789227,
  "summary_wm_mad": 194.29557458405824,
  "summary_wm_mean": 906.1688952789597,
  "summary_wm_median": 1000.0671193860471,
  "summary_wm_n": 47956.0,
  "summary_wm_p05": 194.33882415480912,
  "summary_wm_p95": 1167.3973540067673,
  "summary_wm_stdv": 285.863953396373,
  "tpm_overlap_csf": 0.10416519257730637,
  "tpm_overlap_gm": 0.3179019137622568,
  "tpm_overlap_wm": 0.032369881019018124,
  "wm2max": 0.8487120593762457
}