{
  "aor": 0.000534896265560166,
  "aqi": 0.011251965269709547,
  "bids_meta": {
    "BandwidthPerPixelPhaseEncode": 10.965,
    "DeviceSerialNumber": "40482",
    "EchoTime": 0.03,
    "EffectiveEchoSpacing": 0.000949,
    "FlipAngle": 79,
    "ImageType": [
      "ORIGINAL",
      "PRIMARY",
      "M",
      "MB",
      "ND",
      "MOSAIC"
    ],
    "InstitutionAddress": "Frew_4805_Pittsburgh_PA_District_US_15213",
    "InstitutionName": "SIBR",
    "MagneticFieldStrength": 3,
    "Manufacturer": "Siemens",
    "ManufacturersModelName": "Verio",
    "MultibandAccellerationFactor": 3,
    "PhaseEncodingDirection": "j-",
    "PhaseEncodingLines": 96,
    "RepetitionTime": 2.0,
    "ScanningSequence": "EP",
    "SequenceName": "epfid2d1_96",
    "SequenceVariant": "SK_SS",
    "SliceTiming": [
      0,
      0.09,
      0.1825,
      0.2725,
      0.365,
      0.455,
      0.5475,
      0.6375,
      0.73,
      0.82,
      0.9125,
      1.0025,
      1.095,
      1.185,
      1.2775,
      1.3675,
      1.46,
      1.55,
      1.6425,
      1.7325,
      1.825,
      1.915,
      0,
      0.09,
      0.1825,
      0.2725,
      0.365,
      0.455,
      0.5475,
      0.6375,
      0.73,
      0.82,
      0.9125,
      1.0025,
      1.095,
      1.185,
      1.2775,
      1.3675,
      1.46,
      1.55,
      1.6425,
      1.7325,
      1.825,
      1.915,
      0,
      0.09,
      0.1825,
      0.2725,
      0.365,
      0.455,
      0.5475,
      0.6375,
      0.73,
      0.82,
      0.9125,
      1.0025,
      1.095,
      1.185,
      1.2775,
      1.3675,
      1.46,
      1.55,
      1.6425,
      1.7325,
      1.825,
      1.915
    ],
    "SoftwareVersions": "syngo_MR_B17",
    "TaskName": "cuedMFM",
    "TotalReadoutTime": 0.03039,
    "dataset": "ds001597",
    "modality": "bold",
    "run_id": 6,
    "session_id": "pre",
    "subject_id": "15",
    "task_id": "cuedMFM"
  },
  "dummy_trs": 0,
  "dvars_nstd": 31.111113643583337,
  "dvars_std": 1.160963697625,
  "dvars_vstd": 0.9779105552499999,
  "efc": 0.5946166650111643,
  "fber": 1288.83056640625,
  "fd_mean": 0.13945837552145518,
  "fd_num": 30,
  "fd_perc": 12.448132780082988,
  "fwhm_avg": 2.1630783333333334,
  "fwhm_x": 2.07787,
  "fwhm_y": 2.337705,
  "fwhm_z": 2.07366,
  "gcor": 0.0118549,
  "gsr_x": 0.009000875987112522,
  "gsr_y": 0.044996507465839386,
  "provenance": {
    "md5sum": "bcd9347c34554969d672c6434b3a8cd6",
    "settings": {
      "fd_thres": 0.2,
      "testing": false
    },
    "software": "mriqc",
    "version": "22.0.6",
    "webapi_port": null,
    "webapi_url": "https://mriqc.nimh.nih.gov/api/v1"
  },
  "size_t": 241,
  "size_x": 96,
  "size_y": 96,
  "size_z": 66,
  "snr": 5.50307717668039,
  "spacing_tr": 2.0,
  "spacing_x": 2.0,
  "spacing_y": 2.0,
  "spacing_z": 2.0,
  "summary_bg_k": 18.756794744513297,
  "summary_bg_mad": 14.934450734850627,
  "summary_bg_mean": 45.12825393676758,
  "summary_bg_median": 15.72746467590332,
  "summary_bg_n": 359527.0,
  "summary_bg_p05": 4.649147319793701,
  "summary_bg_p95": 188.6210937500001,
  "summary_bg_stdv": 70.54009246826172,
  "summary_fg_k": 3.558179054050954,
  "summary_fg_mad": 88.3593911468391,
  "summary_fg_mean": 598.2996826171875,
  "summary_fg_median": 602.4527587890625,
  "summary_fg_n": 156580.0,
  "summary_fg_p05": 422.6153060913086,
  "summary_fg_p95": 753.6922973632811,
  "summary_fg_stdv": 109.47526550292969,
  "tsnr": 49.807952880859375
}