{
  "aor": 0.0004450207468879668,
  "aqi": 0.008940555435684647,
  "bids_meta": {
    "BandwidthPerPixelPhaseEncode": 10.965,
    "DeviceSerialNumber": "40482",
    "EchoTime": 0.03,
    "EffectiveEchoSpacing": 0.000949,
    "FlipAngle": 79,
    "ImageType": [
      "ORIGINAL",
      "PRIMARY",
      "M",
      "MB",
      "ND",
      "MOSAIC"
    ],
    "InstitutionAddress": "Frew_4805_Pittsburgh_PA_District_US_15213",
    "InstitutionName": "SIBR",
    "MagneticFieldStrength": 3,
    "Manufacturer": "Siemens",
    "ManufacturersModelName": "Verio",
    "MultibandAccellerationFactor": 3,
    "PhaseEncodingDirection": "j-",
    "PhaseEncodingLines": 96,
    "RepetitionTime": 2.0,
    "ScanningSequence": "EP",
    "SequenceName": "epfid2d1_96",
    "SequenceVariant": "SK_SS",
    "SliceTiming": [
      0,
      0.09,
      0.1825,
      0.2725,
      0.365,
      0.455,
      0.5475,
      0.6375,
      0.73,
      0.82,
      0.9125,
      1.0025,
      1.095,
      1.185,
      1.2775,
      1.3675,
      1.46,
      1.55,
      1.6425,
      1.7325,
      1.825,
      1.915,
      0,
      0.09,
      0.1825,
      0.2725,
      0.365,
      0.455,
      0.5475,
      0.6375,
      0.73,
      0.82,
      0.9125,
      1.0025,
      1.095,
      1.185,
      1.2775,
      1.3675,
      1.46,
      1.55,
      1.6425,
      1.7325,
      1.825,
      1.915,
      0,
      0.09,
      0.1825,
      0.2725,
      0.365,
      0.455,
      0.5475,
      0.6375,
      0.73,
      0.82,
      0.9125,
      1.0025,
      1.095,
      1.185,
      1.2775,
      1.3675,
      1.46,
      1.55,
      1.6425,
      1.7325,
      1.825,
      1.915
    ],
    "SoftwareVersions": "syngo_MR_B17",
    "TaskName": "cuedMFM",
    "TotalReadoutTime": 0.03039,
    "dataset": "ds001597",
    "modality": "bold",
    "run_id": 7,
    "session_id": "pre",
    "subject_id": "15",
    "task_id": "cuedMFM"
  },
  "dummy_trs": 0,
  "dvars_nstd": 31.19340311729167,
  "dvars_std": 1.191735594125,
  "dvars_vstd": 0.9927125780000005,
  "efc": 0.5963359068539006,
  "fber": 1248.7305908203125,
  "fd_mean": 0.14424456745434275,
  "fd_num": 32,
  "fd_perc": 13.278008298755188,
  "fwhm_avg": 2.151908333333333,
  "fwhm_x": 2.0678,
  "fwhm_y": 2.325855,
  "fwhm_z": 2.06207,
  "gcor": 0.0137156,
  "gsr_x": 0.009235399775207043,
  "gsr_y": 0.0460878424346447,
  "provenance": {
    "md5sum": "0b4ed2a1ea6d296086f79c3ead6f83c0",
    "settings": {
      "fd_thres": 0.2,
      "testing": false
    },
    "software": "mriqc",
    "version": "22.0.6",
    "webapi_port": null,
    "webapi_url": "https://mriqc.nimh.nih.gov/api/v1"
  },
  "size_t": 241,
  "size_x": 96,
  "size_y": 96,
  "size_z": 66,
  "snr": 5.494975132856978,
  "spacing_tr": 2.0,
  "spacing_x": 2.0,
  "spacing_y": 2.0,
  "spacing_z": 2.0,
  "summary_bg_k": 17.64787171109216,
  "summary_bg_mad": 15.03550993539172,
  "summary_bg_mean": 46.010765075683594,
  "summary_bg_median": 15.936838150024414,
  "summary_bg_n": 359277.0,
  "summary_bg_p05": 4.836171817779541,
  "summary_bg_p95": 192.49129028320314,
  "summary_bg_stdv": 71.46672821044922,
  "summary_fg_k": 3.5393110472500844,
  "summary_fg_mad": 88.01674751278323,
  "summary_fg_mean": 597.19677734375,
  "summary_fg_median": 601.4024047851562,
  "summary_fg_n": 156745.0,
  "summary_fg_p05": 420.46864013671876,
  "summary_fg_p95": 752.9439819335937,
  "summary_fg_stdv": 109.4455337524414,
  "tsnr": 54.33445739746094
}