{
  "aor": 0.0007959583333333333,
  "aqi": 0.016612703833333336,
  "bids_meta": {
    "BandwidthPerPixelPhaseEncode": 10.965,
    "DeviceSerialNumber": "40482",
    "EchoTime": 0.03,
    "EffectiveEchoSpacing": 0.000949,
    "FlipAngle": 79,
    "ImageType": [
      "ORIGINAL",
      "PRIMARY",
      "M",
      "MB",
      "ND",
      "MOSAIC"
    ],
    "InstitutionAddress": "Frew_4805_Pittsburgh_PA_District_US_15213",
    "InstitutionName": "SIBR",
    "MagneticFieldStrength": 3,
    "Manufacturer": "Siemens",
    "ManufacturersModelName": "Verio",
    "MultibandAccellerationFactor": 3,
    "PhaseEncodingDirection": "j-",
    "PhaseEncodingLines": 96,
    "RepetitionTime": 2.0,
    "ScanningSequence": "EP",
    "SequenceName": "epfid2d1_96",
    "SequenceVariant": "SK_SS",
    "SliceTiming": [
      0,
      0.09,
      0.1825,
      0.2725,
      0.365,
      0.455,
      0.5475,
      0.6375,
      0.73,
      0.82,
      0.9125,
      1.0025,
      1.095,
      1.185,
      1.2775,
      1.3675,
      1.46,
      1.55,
      1.6425,
      1.7325,
      1.825,
      1.915,
      0,
      0.09,
      0.1825,
      0.2725,
      0.365,
      0.455,
      0.5475,
      0.6375,
      0.73,
      0.82,
      0.9125,
      1.0025,
      1.095,
      1.185,
      1.2775,
      1.3675,
      1.46,
      1.55,
      1.6425,
      1.7325,
      1.825,
      1.915,
      0,
      0.09,
      0.1825,
      0.2725,
      0.365,
      0.455,
      0.5475,
      0.6375,
      0.73,
      0.82,
      0.9125,
      1.0025,
      1.095,
      1.185,
      1.2775,
      1.3675,
      1.46,
      1.55,
      1.6425,
      1.7325,
      1.825,
      1.915
    ],
    "SoftwareVersions": "syngo_MR_B17",
    "TaskName": "cuedMFM",
    "TotalReadoutTime": 0.03039,
    "dataset": "ds001597",
    "modality": "bold",
    "run_id": 3,
    "session_id": "pre",
    "subject_id": "15",
    "task_id": "cuedMFM"
  },
  "dummy_trs": 1,
  "dvars_nstd": 31.94394043769874,
  "dvars_std": 1.145579805313808,
  "dvars_vstd": 0.9631021500836816,
  "efc": 0.5934169140935388,
  "fber": 1512.0789794921875,
  "fd_mean": 0.1396179513455309,
  "fd_num": 36,
  "fd_perc": 15.0,
  "fwhm_avg": 2.1387199999999997,
  "fwhm_x": 2.038175,
  "fwhm_y": 2.32094,
  "fwhm_z": 2.057045,
  "gcor": 0.00636886,
  "gsr_x": 0.005991396494209766,
  "gsr_y": 0.0423317514359951,
  "provenance": {
    "md5sum": "e612c9a02d1178bf594bd2a65d5b55a2",
    "settings": {
      "fd_thres": 0.2,
      "testing": false
    },
    "software": "mriqc",
    "version": "22.0.6",
    "webapi_port": null,
    "webapi_url": "https://mriqc.nimh.nih.gov/api/v1"
  },
  "size_t": 240,
  "size_x": 96,
  "size_y": 96,
  "size_z": 66,
  "snr": 5.673022152190794,
  "spacing_tr": 2.0,
  "spacing_x": 2.0,
  "spacing_y": 2.0,
  "spacing_z": 2.0,
  "summary_bg_k": 12.632505939650965,
  "summary_bg_mad": 12.875844865940595,
  "summary_bg_mean": 40.7857780456543,
  "summary_bg_median": 13.553688049316406,
  "summary_bg_n": 359106.0,
  "summary_bg_p05": 4.13299822807312,
  "summary_bg_p95": 175.07901000976562,
  "summary_bg_stdv": 62.720977783203125,
  "summary_fg_k": 3.818690985219771,
  "summary_fg_mad": 79.38984680476794,
  "summary_fg_mean": 558.6949462890625,
  "summary_fg_median": 560.9515380859375,
  "summary_fg_n": 157436.0,
  "summary_fg_p05": 401.8263168334961,
  "summary_fg_p95": 700.5010833740234,
  "summary_fg_stdv": 98.88023376464844,
  "tsnr": 44.74407958984375
}