{
  "bids_meta": {
    "AccelFactPE": 2,
    "DeviceSerialNumber": "40482",
    "EchoTime": 0.00197,
    "FlipAngle": 9,
    "InstitutionAddress": "Frew_4805_Pittsburgh_PA_District_US_15213",
    "InstitutionName": "SIBR",
    "InversionTime": 0.9,
    "MagneticFieldStrength": 3,
    "Manufacturer": "Siemens",
    "ManufacturersModelName": "Verio",
    "PhaseEncodingDirection": "i-",
    "PhaseEncodingLines": 256,
    "RepetitionTime": 2.3,
    "ScanningSequence": "GR_IR",
    "SequenceName": "_tfl3d1_ns",
    "SequenceVariant": "SP_MP",
    "SoftwareVersions": "syngo_MR_B17",
    "dataset": "ds001597",
    "modality": "T1w",
    "session_id": "pre",
    "subject_id": "14"
  },
  "cjv": 0.31839186412135856,
  "cnr": 4.2508135481900045,
  "efc": 0.5405620632667598,
  "fber": -1.0,
  "fwhm_avg": 3.9929666666666663,
  "fwhm_x": 3.86795,
  "fwhm_y": 4.14416,
  "fwhm_z": 3.96679,
  "icvs_csf": 0.20934027386186457,
  "icvs_gm": 0.43951840108251783,
  "icvs_wm": 0.35114132505561757,
  "inu_med": 0.510167270898819,
  "inu_range": 0.16395504027605057,
  "provenance": {
    "md5sum": "c9cec487878d0f454b50a77e2367a891",
    "settings": {
      "testing": false
    },
    "software": "mriqc",
    "version": "22.0.6",
    "warnings": {
      "large_rot_frame": true,
      "small_air_mask": false
    },
    "webapi_port": null,
    "webapi_url": "https://mriqc.nimh.nih.gov/api/v1"
  },
  "qi_1": 0.0,
  "qi_2": 0.015227829536150072,
  "rpve_csf": 22.435580487613517,
  "rpve_gm": 11.489544815808882,
  "rpve_wm": 16.873978092242414,
  "size_x": 176,
  "size_y": 256,
  "size_z": 256,
  "snr_csf": 1.770926348675234,
  "snr_gm": 9.964556364878979,
  "snr_total": 11.751257309214504,
  "snr_wm": 23.518289214089297,
  "snrd_csf": 23.359608418387975,
  "snrd_gm": 74.18480210434318,
  "snrd_total": 69.79463237770481,
  "snrd_wm": 111.83948661038326,
  "spacing_x": 1.0,
  "spacing_y": 1.0,
  "spacing_z": 1.0,
  "summary_bg_k": 9.613381885170734,
  "summary_bg_mad": 0.0,
  "summary_bg_mean": 3.2315492457111015,
  "summary_bg_median": 0.0,
  "summary_bg_n": 2954232.0,
  "summary_bg_p05": 0.0,
  "summary_bg_p95": 15.807689256966114,
  "summary_bg_stdv": 5.857827521557489,
  "summary_csf_k": 0.6301975414074286,
  "summary_csf_mad": 99.70919764113769,
  "summary_csf_mean": 235.70962873921965,
  "summary_csf_median": 208.86727876216173,
  "summary_csf_n": 32658.0,
  "summary_csf_p05": 82.07838652655482,
  "summary_csf_p95": 468.3846387825906,
  "summary_csf_stdv": 117.94058013614529,
  "summary_gm_k": -0.012467924073541248,
  "summary_gm_mad": 66.56525016376368,
  "summary_gm_mean": 661.0285529633134,
  "summary_gm_median": 663.3149607442319,
  "summary_gm_n": 55833.0,
  "summary_gm_p05": 547.8439998701215,
  "summary_gm_p95": 766.3455507829785,
  "summary_gm_stdv": 66.56683913054961,
  "summary_wm_k": 0.5456797843084402,
  "summary_wm_mad": 40.63253812079741,
  "summary_wm_mean": 1000.1431380152742,
  "summary_wm_median": 1000.0000345930457,
  "summary_wm_n": 224910.0,
  "summary_wm_p05": 931.1570801958442,
  "summary_wm_p95": 1069.6848185956478,
  "summary_wm_stdv": 42.52000655217531,
  "tpm_overlap_csf": 0.1705409493345773,
  "tpm_overlap_gm": 0.46483602581318323,
  "tpm_overlap_wm": 0.5034529247059883,
  "wm2max": 0.3930153478540575
}