{
  "aor": 0.0009222821576763485,
  "aqi": 0.014990953941908714,
  "bids_meta": {
    "BandwidthPerPixelPhaseEncode": 10.965,
    "DeviceSerialNumber": "40482",
    "EchoTime": 0.03,
    "EffectiveEchoSpacing": 0.000949,
    "FlipAngle": 79,
    "ImageType": [
      "ORIGINAL",
      "PRIMARY",
      "M",
      "MB",
      "ND",
      "MOSAIC"
    ],
    "InstitutionAddress": "Frew_4805_Pittsburgh_PA_District_US_15213",
    "InstitutionName": "SIBR",
    "MagneticFieldStrength": 3,
    "Manufacturer": "Siemens",
    "ManufacturersModelName": "Verio",
    "MultibandAccellerationFactor": 3,
    "PhaseEncodingDirection": "j-",
    "PhaseEncodingLines": 96,
    "RepetitionTime": 2.0,
    "ScanningSequence": "EP",
    "SequenceName": "epfid2d1_96",
    "SequenceVariant": "SK_SS",
    "SliceTiming": [
      0,
      0.09,
      0.1825,
      0.2725,
      0.365,
      0.455,
      0.5475,
      0.6375,
      0.73,
      0.82,
      0.9125,
      1.0025,
      1.095,
      1.185,
      1.2775,
      1.3675,
      1.46,
      1.55,
      1.6425,
      1.7325,
      1.825,
      1.915,
      0,
      0.09,
      0.1825,
      0.2725,
      0.365,
      0.455,
      0.5475,
      0.6375,
      0.73,
      0.82,
      0.9125,
      1.0025,
      1.095,
      1.185,
      1.2775,
      1.3675,
      1.46,
      1.55,
      1.6425,
      1.7325,
      1.825,
      1.915,
      0,
      0.09,
      0.1825,
      0.2725,
      0.365,
      0.455,
      0.5475,
      0.6375,
      0.73,
      0.82,
      0.9125,
      1.0025,
      1.095,
      1.185,
      1.2775,
      1.3675,
      1.46,
      1.55,
      1.6425,
      1.7325,
      1.825,
      1.915
    ],
    "SoftwareVersions": "syngo_MR_B17",
    "TaskName": "cuedMFM",
    "TotalReadoutTime": 0.03039,
    "dataset": "ds001597",
    "modality": "bold",
    "run_id": 6,
    "session_id": "post",
    "subject_id": "04",
    "task_id": "cuedMFM"
  },
  "dummy_trs": 0,
  "dvars_nstd": 32.67885796233333,
  "dvars_std": 1.1298855103749987,
  "dvars_vstd": 0.9857084031666667,
  "efc": 0.5984910115015983,
  "fber": 1458.6636962890625,
  "fd_mean": 0.09719529585284778,
  "fd_num": 15,
  "fd_perc": 6.224066390041494,
  "fwhm_avg": 1.9960783333333334,
  "fwhm_x": 1.847275,
  "fwhm_y": 2.21827,
  "fwhm_z": 1.92269,
  "gcor": 0.00757621,
  "gsr_x": -0.01501115970313549,
  "gsr_y": 0.06701599061489105,
  "provenance": {
    "md5sum": "e20d385f6ef01952cca8612a263b02c2",
    "settings": {
      "fd_thres": 0.2,
      "testing": false
    },
    "software": "mriqc",
    "version": "22.0.6",
    "webapi_port": null,
    "webapi_url": "https://mriqc.nimh.nih.gov/api/v1"
  },
  "size_t": 241,
  "size_x": 96,
  "size_y": 96,
  "size_z": 66,
  "snr": 5.986212290331908,
  "spacing_tr": 2.0,
  "spacing_x": 2.0,
  "spacing_y": 2.0,
  "spacing_z": 2.0,
  "summary_bg_k": 9.65939235607809,
  "summary_bg_mad": 12.245468935117163,
  "summary_bg_mean": 40.68771743774414,
  "summary_bg_median": 13.08134937286377,
  "summary_bg_n": 359746.0,
  "summary_bg_p05": 4.1480467319488525,
  "summary_bg_p95": 170.07313919067383,
  "summary_bg_stdv": 60.65433120727539,
  "summary_fg_k": 2.987901064783382,
  "summary_fg_mad": 75.49765401775849,
  "summary_fg_mean": 533.73779296875,
  "summary_fg_median": 531.6040649414062,
  "summary_fg_n": 158437.0,
  "summary_fg_p05": 403.1080322265625,
  "summary_fg_p95": 672.0969482421874,
  "summary_fg_stdv": 88.8044662475586,
  "tsnr": 45.6768798828125
}