{
  "aor": 0.000689585062240664,
  "aqi": 0.009194133029045641,
  "bids_meta": {
    "BandwidthPerPixelPhaseEncode": 10.965,
    "DeviceSerialNumber": "40482",
    "EchoTime": 0.03,
    "EffectiveEchoSpacing": 0.000949,
    "FlipAngle": 79,
    "ImageType": [
      "ORIGINAL",
      "PRIMARY",
      "M",
      "MB",
      "ND",
      "MOSAIC"
    ],
    "InstitutionAddress": "Frew_4805_Pittsburgh_PA_District_US_15213",
    "InstitutionName": "SIBR",
    "MagneticFieldStrength": 3,
    "Manufacturer": "Siemens",
    "ManufacturersModelName": "Verio",
    "MultibandAccellerationFactor": 3,
    "PhaseEncodingDirection": "j-",
    "PhaseEncodingLines": 96,
    "RepetitionTime": 2.0,
    "ScanningSequence": "EP",
    "SequenceName": "epfid2d1_96",
    "SequenceVariant": "SK_SS",
    "SliceTiming": [
      0,
      0.09,
      0.1825,
      0.2725,
      0.365,
      0.455,
      0.5475,
      0.6375,
      0.73,
      0.82,
      0.9125,
      1.0025,
      1.095,
      1.185,
      1.2775,
      1.3675,
      1.46,
      1.55,
      1.6425,
      1.7325,
      1.825,
      1.915,
      0,
      0.09,
      0.1825,
      0.2725,
      0.365,
      0.455,
      0.5475,
      0.6375,
      0.73,
      0.82,
      0.9125,
      1.0025,
      1.095,
      1.185,
      1.2775,
      1.3675,
      1.46,
      1.55,
      1.6425,
      1.7325,
      1.825,
      1.915,
      0,
      0.09,
      0.1825,
      0.2725,
      0.365,
      0.455,
      0.5475,
      0.6375,
      0.73,
      0.82,
      0.9125,
      1.0025,
      1.095,
      1.185,
      1.2775,
      1.3675,
      1.46,
      1.55,
      1.6425,
      1.7325,
      1.825,
      1.915
    ],
    "SoftwareVersions": "syngo_MR_B17",
    "TaskName": "cuedMFM",
    "TotalReadoutTime": 0.03039,
    "dataset": "ds001597",
    "modality": "bold",
    "run_id": 3,
    "session_id": "post",
    "subject_id": "04",
    "task_id": "cuedMFM"
  },
  "dummy_trs": 0,
  "dvars_nstd": 34.281281598125,
  "dvars_std": 1.228766240291667,
  "dvars_vstd": 1.0078086117499998,
  "efc": 0.5998740955662631,
  "fber": 1450.860595703125,
  "fd_mean": 0.10626141816412042,
  "fd_num": 11,
  "fd_perc": 4.564315352697095,
  "fwhm_avg": 2.01279,
  "fwhm_x": 1.867735,
  "fwhm_y": 2.232525,
  "fwhm_z": 1.93811,
  "gcor": 0.0141255,
  "gsr_x": -0.01417404506355524,
  "gsr_y": 0.0709773451089859,
  "provenance": {
    "md5sum": "feaf80e67964c9e68606f9f31476067e",
    "settings": {
      "fd_thres": 0.2,
      "testing": false
    },
    "software": "mriqc",
    "version": "22.0.6",
    "webapi_port": null,
    "webapi_url": "https://mriqc.nimh.nih.gov/api/v1"
  },
  "size_t": 241,
  "size_x": 96,
  "size_y": 96,
  "size_z": 66,
  "snr": 5.882547526238054,
  "spacing_tr": 2.0,
  "spacing_x": 2.0,
  "spacing_y": 2.0,
  "spacing_z": 2.0,
  "summary_bg_k": 9.310923242247863,
  "summary_bg_mad": 12.625289465680567,
  "summary_bg_mean": 44.60760498046875,
  "summary_bg_median": 13.980171203613281,
  "summary_bg_n": 359444.0,
  "summary_bg_p05": 4.670924544334412,
  "summary_bg_p95": 190.19353942871066,
  "summary_bg_stdv": 67.27033996582031,
  "summary_fg_k": 2.912586093675406,
  "summary_fg_mad": 81.52276157474391,
  "summary_fg_mean": 570.1304321289062,
  "summary_fg_median": 569.0728759765625,
  "summary_fg_n": 158660.0,
  "summary_fg_p05": 424.6789276123047,
  "summary_fg_p95": 719.7861206054687,
  "summary_fg_stdv": 96.73888397216797,
  "tsnr": 55.321998596191406
}