{
  "aor": 0.0006922083333333333,
  "aqi": 0.010534973958333332,
  "bids_meta": {
    "BandwidthPerPixelPhaseEncode": 10.965,
    "DeviceSerialNumber": "40482",
    "EchoTime": 0.03,
    "EffectiveEchoSpacing": 0.000949,
    "FlipAngle": 79,
    "ImageType": [
      "ORIGINAL",
      "PRIMARY",
      "M",
      "MB",
      "ND",
      "MOSAIC"
    ],
    "InstitutionAddress": "Frew_4805_Pittsburgh_PA_District_US_15213",
    "InstitutionName": "SIBR",
    "MagneticFieldStrength": 3,
    "Manufacturer": "Siemens",
    "ManufacturersModelName": "Verio",
    "MultibandAccellerationFactor": 3,
    "PhaseEncodingDirection": "j-",
    "PhaseEncodingLines": 96,
    "RepetitionTime": 2.0,
    "ScanningSequence": "EP",
    "SequenceName": "epfid2d1_96",
    "SequenceVariant": "SK_SS",
    "SliceTiming": [
      0,
      0.09,
      0.1825,
      0.2725,
      0.365,
      0.455,
      0.5475,
      0.6375,
      0.73,
      0.82,
      0.9125,
      1.0025,
      1.095,
      1.185,
      1.2775,
      1.3675,
      1.46,
      1.55,
      1.6425,
      1.7325,
      1.825,
      1.915,
      0,
      0.09,
      0.1825,
      0.2725,
      0.365,
      0.455,
      0.5475,
      0.6375,
      0.73,
      0.82,
      0.9125,
      1.0025,
      1.095,
      1.185,
      1.2775,
      1.3675,
      1.46,
      1.55,
      1.6425,
      1.7325,
      1.825,
      1.915,
      0,
      0.09,
      0.1825,
      0.2725,
      0.365,
      0.455,
      0.5475,
      0.6375,
      0.73,
      0.82,
      0.9125,
      1.0025,
      1.095,
      1.185,
      1.2775,
      1.3675,
      1.46,
      1.55,
      1.6425,
      1.7325,
      1.825,
      1.915
    ],
    "SoftwareVersions": "syngo_MR_B17",
    "TaskName": "cuedMFM",
    "TotalReadoutTime": 0.03039,
    "dataset": "ds001597",
    "modality": "bold",
    "run_id": 2,
    "session_id": "post",
    "subject_id": "04",
    "task_id": "cuedMFM"
  },
  "dummy_trs": 1,
  "dvars_nstd": 33.933286116276165,
  "dvars_std": 1.2045226156903759,
  "dvars_vstd": 0.9967188515481166,
  "efc": 0.5975106492499299,
  "fber": 1545.6473388671875,
  "fd_mean": 0.11585735931301605,
  "fd_num": 17,
  "fd_perc": 7.083333333333333,
  "fwhm_avg": 2.019556711179815,
  "fwhm_x": 1.8669,
  "fwhm_y": 2.240420133539446,
  "fwhm_z": 1.95135,
  "gcor": 0.00705673,
  "gsr_x": -0.013554399833083153,
  "gsr_y": 0.06952648609876633,
  "provenance": {
    "md5sum": "c46254f092e1f2b685ffd270c545e5c4",
    "settings": {
      "fd_thres": 0.2,
      "testing": false
    },
    "software": "mriqc",
    "version": "22.0.6",
    "webapi_port": null,
    "webapi_url": "https://mriqc.nimh.nih.gov/api/v1"
  },
  "size_t": 240,
  "size_x": 96,
  "size_y": 96,
  "size_z": 66,
  "snr": 5.855398046837738,
  "spacing_tr": 2.0,
  "spacing_x": 2.0,
  "spacing_y": 1.9999998807907104,
  "spacing_z": 2.0,
  "summary_bg_k": 9.579367678498029,
  "summary_bg_mad": 12.477413264408911,
  "summary_bg_mean": 43.939239501953125,
  "summary_bg_median": 13.720870971679688,
  "summary_bg_n": 359805.0,
  "summary_bg_p05": 4.553842639923095,
  "summary_bg_p95": 187.2026153564453,
  "summary_bg_stdv": 66.64421081542969,
  "summary_fg_k": 2.965147982076126,
  "summary_fg_mad": 82.04742756979368,
  "summary_fg_mean": 574.677001953125,
  "summary_fg_median": 573.145263671875,
  "summary_fg_n": 158405.0,
  "summary_fg_p05": 427.8721862792969,
  "summary_fg_p95": 726.1642944335937,
  "summary_fg_stdv": 97.88291931152344,
  "tsnr": 52.18790817260742
}