{
  "aor": 0.0008956846473029046,
  "aqi": 0.011533284605809128,
  "bids_meta": {
    "BandwidthPerPixelPhaseEncode": 10.965,
    "DeviceSerialNumber": "40482",
    "EchoTime": 0.03,
    "EffectiveEchoSpacing": 0.000949,
    "FlipAngle": 79,
    "ImageType": [
      "ORIGINAL",
      "PRIMARY",
      "M",
      "MB",
      "ND",
      "MOSAIC"
    ],
    "InstitutionAddress": "Frew_4805_Pittsburgh_PA_District_US_15213",
    "InstitutionName": "SIBR",
    "MagneticFieldStrength": 3,
    "Manufacturer": "Siemens",
    "ManufacturersModelName": "Verio",
    "MultibandAccellerationFactor": 3,
    "PhaseEncodingDirection": "j-",
    "PhaseEncodingLines": 96,
    "RepetitionTime": 2.0,
    "ScanningSequence": "EP",
    "SequenceName": "epfid2d1_96",
    "SequenceVariant": "SK_SS",
    "SliceTiming": [
      0,
      0.09,
      0.1825,
      0.2725,
      0.365,
      0.455,
      0.5475,
      0.6375,
      0.73,
      0.82,
      0.9125,
      1.0025,
      1.095,
      1.185,
      1.2775,
      1.3675,
      1.46,
      1.55,
      1.6425,
      1.7325,
      1.825,
      1.915,
      0,
      0.09,
      0.1825,
      0.2725,
      0.365,
      0.455,
      0.5475,
      0.6375,
      0.73,
      0.82,
      0.9125,
      1.0025,
      1.095,
      1.185,
      1.2775,
      1.3675,
      1.46,
      1.55,
      1.6425,
      1.7325,
      1.825,
      1.915,
      0,
      0.09,
      0.1825,
      0.2725,
      0.365,
      0.455,
      0.5475,
      0.6375,
      0.73,
      0.82,
      0.9125,
      1.0025,
      1.095,
      1.185,
      1.2775,
      1.3675,
      1.46,
      1.55,
      1.6425,
      1.7325,
      1.825,
      1.915
    ],
    "SoftwareVersions": "syngo_MR_B17",
    "TaskName": "cuedMFM",
    "TotalReadoutTime": 0.03039,
    "dataset": "ds001597",
    "modality": "bold",
    "run_id": 7,
    "session_id": "post",
    "subject_id": "11",
    "task_id": "cuedMFM"
  },
  "dummy_trs": 0,
  "dvars_nstd": 36.42203136312501,
  "dvars_std": 1.3184957368333334,
  "dvars_vstd": 0.9995225743749998,
  "efc": 0.557150138980203,
  "fber": 2719.017822265625,
  "fd_mean": 0.18087128562909532,
  "fd_num": 82,
  "fd_perc": 34.024896265560166,
  "fwhm_avg": 2.019061666666667,
  "fwhm_x": 1.91103,
  "fwhm_y": 2.23616,
  "fwhm_z": 1.909995,
  "gcor": 0.0148372,
  "gsr_x": -0.01155844982713461,
  "gsr_y": 0.04394955560564995,
  "provenance": {
    "md5sum": "84b5e885c6b8cfe5d6a2e76186aad320",
    "settings": {
      "fd_thres": 0.2,
      "testing": false
    },
    "software": "mriqc",
    "version": "22.0.6",
    "webapi_port": null,
    "webapi_url": "https://mriqc.nimh.nih.gov/api/v1"
  },
  "size_t": 241,
  "size_x": 96,
  "size_y": 96,
  "size_z": 66,
  "snr": 6.131825959239499,
  "spacing_tr": 2.0,
  "spacing_x": 2.0,
  "spacing_y": 2.0,
  "spacing_z": 2.0,
  "summary_bg_k": 25.18166188749861,
  "summary_bg_mad": 8.431040315336015,
  "summary_bg_mean": 30.119081497192383,
  "summary_bg_median": 10.556024551391602,
  "summary_bg_n": 374338.0,
  "summary_bg_p05": 3.9161461353302003,
  "summary_bg_p95": 118.3321899414062,
  "summary_bg_stdv": 49.33748245239258,
  "summary_fg_k": 3.1708413004239313,
  "summary_fg_mad": 83.95515583947966,
  "summary_fg_mean": 575.7359008789062,
  "summary_fg_median": 573.8325805664062,
  "summary_fg_n": 144853.0,
  "summary_fg_p05": 439.0709716796875,
  "summary_fg_p95": 717.4005249023437,
  "summary_fg_stdv": 93.58233642578125,
  "tsnr": 54.11880111694336
}