{
  "aor": 0.0006361410788381743,
  "aqi": 0.010950269834024898,
  "bids_meta": {
    "BandwidthPerPixelPhaseEncode": 10.965,
    "DeviceSerialNumber": "40482",
    "EchoTime": 0.03,
    "EffectiveEchoSpacing": 0.000949,
    "FlipAngle": 79,
    "ImageType": [
      "ORIGINAL",
      "PRIMARY",
      "M",
      "MB",
      "ND",
      "MOSAIC"
    ],
    "InstitutionAddress": "Frew_4805_Pittsburgh_PA_District_US_15213",
    "InstitutionName": "SIBR",
    "MagneticFieldStrength": 3,
    "Manufacturer": "Siemens",
    "ManufacturersModelName": "Verio",
    "MultibandAccellerationFactor": 3,
    "PhaseEncodingDirection": "j-",
    "PhaseEncodingLines": 96,
    "RepetitionTime": 2.0,
    "ScanningSequence": "EP",
    "SequenceName": "epfid2d1_96",
    "SequenceVariant": "SK_SS",
    "SliceTiming": [
      0,
      0.09,
      0.1825,
      0.2725,
      0.365,
      0.455,
      0.5475,
      0.6375,
      0.73,
      0.82,
      0.9125,
      1.0025,
      1.095,
      1.185,
      1.2775,
      1.3675,
      1.46,
      1.55,
      1.6425,
      1.7325,
      1.825,
      1.915,
      0,
      0.09,
      0.1825,
      0.2725,
      0.365,
      0.455,
      0.5475,
      0.6375,
      0.73,
      0.82,
      0.9125,
      1.0025,
      1.095,
      1.185,
      1.2775,
      1.3675,
      1.46,
      1.55,
      1.6425,
      1.7325,
      1.825,
      1.915,
      0,
      0.09,
      0.1825,
      0.2725,
      0.365,
      0.455,
      0.5475,
      0.6375,
      0.73,
      0.82,
      0.9125,
      1.0025,
      1.095,
      1.185,
      1.2775,
      1.3675,
      1.46,
      1.55,
      1.6425,
      1.7325,
      1.825,
      1.915
    ],
    "SoftwareVersions": "syngo_MR_B17",
    "TaskName": "cuedMFM",
    "TotalReadoutTime": 0.03039,
    "dataset": "ds001597",
    "modality": "bold",
    "run_id": 5,
    "session_id": "post",
    "subject_id": "11",
    "task_id": "cuedMFM"
  },
  "dummy_trs": 0,
  "dvars_nstd": 32.17193914229166,
  "dvars_std": 1.2750553455416658,
  "dvars_vstd": 0.9921651115833341,
  "efc": 0.5522479516538674,
  "fber": 3044.10400390625,
  "fd_mean": 0.09987346778013044,
  "fd_num": 9,
  "fd_perc": 3.7344398340248963,
  "fwhm_avg": 2.0117933333333338,
  "fwhm_x": 1.90083,
  "fwhm_y": 2.22481,
  "fwhm_z": 1.90974,
  "gcor": 0.0145531,
  "gsr_x": -0.011899595148861408,
  "gsr_y": 0.043038226664066315,
  "provenance": {
    "md5sum": "852a021df12e738810e8c93afad8dae5",
    "settings": {
      "fd_thres": 0.2,
      "testing": false
    },
    "software": "mriqc",
    "version": "22.0.6",
    "webapi_port": null,
    "webapi_url": "https://mriqc.nimh.nih.gov/api/v1"
  },
  "size_t": 241,
  "size_x": 96,
  "size_y": 96,
  "size_z": 66,
  "snr": 6.1550099242673575,
  "spacing_tr": 2.0,
  "spacing_x": 2.0,
  "spacing_y": 2.0,
  "spacing_z": 2.0,
  "summary_bg_k": 27.974829743737214,
  "summary_bg_mad": 7.855049743688413,
  "summary_bg_mean": 28.772722244262695,
  "summary_bg_median": 10.170856475830078,
  "summary_bg_n": 375306.0,
  "summary_bg_p05": 3.868399679660797,
  "summary_bg_p95": 112.30944633483887,
  "summary_bg_stdv": 47.41320037841797,
  "summary_fg_k": 3.085598554624556,
  "summary_fg_mad": 85.61190771432769,
  "summary_fg_mean": 585.7940673828125,
  "summary_fg_median": 583.447021484375,
  "summary_fg_n": 143972.0,
  "summary_fg_p05": 449.7385620117187,
  "summary_fg_p95": 729.6078491210936,
  "summary_fg_stdv": 94.79188537597656,
  "tsnr": 56.01421356201172
}