{
  "aor": 0.0014778423236514523,
  "aqi": 0.014841119087136931,
  "bids_meta": {
    "BandwidthPerPixelPhaseEncode": 10.965,
    "DeviceSerialNumber": "40482",
    "EchoTime": 0.03,
    "EffectiveEchoSpacing": 0.000949,
    "FlipAngle": 79,
    "ImageType": [
      "ORIGINAL",
      "PRIMARY",
      "M",
      "MB",
      "ND",
      "MOSAIC"
    ],
    "InstitutionAddress": "Frew_4805_Pittsburgh_PA_District_US_15213",
    "InstitutionName": "SIBR",
    "MagneticFieldStrength": 3,
    "Manufacturer": "Siemens",
    "ManufacturersModelName": "Verio",
    "MultibandAccellerationFactor": 3,
    "PhaseEncodingDirection": "j-",
    "PhaseEncodingLines": 96,
    "RepetitionTime": 2.0,
    "ScanningSequence": "EP",
    "SequenceName": "epfid2d1_96",
    "SequenceVariant": "SK_SS",
    "SliceTiming": [
      0,
      0.09,
      0.1825,
      0.2725,
      0.365,
      0.455,
      0.5475,
      0.6375,
      0.73,
      0.82,
      0.9125,
      1.0025,
      1.095,
      1.185,
      1.2775,
      1.3675,
      1.46,
      1.55,
      1.6425,
      1.7325,
      1.825,
      1.915,
      0,
      0.09,
      0.1825,
      0.2725,
      0.365,
      0.455,
      0.5475,
      0.6375,
      0.73,
      0.82,
      0.9125,
      1.0025,
      1.095,
      1.185,
      1.2775,
      1.3675,
      1.46,
      1.55,
      1.6425,
      1.7325,
      1.825,
      1.915,
      0,
      0.09,
      0.1825,
      0.2725,
      0.365,
      0.455,
      0.5475,
      0.6375,
      0.73,
      0.82,
      0.9125,
      1.0025,
      1.095,
      1.185,
      1.2775,
      1.3675,
      1.46,
      1.55,
      1.6425,
      1.7325,
      1.825,
      1.915
    ],
    "SoftwareVersions": "syngo_MR_B17",
    "TaskName": "cuedMFM",
    "TotalReadoutTime": 0.03039,
    "dataset": "ds001597",
    "modality": "bold",
    "run_id": 2,
    "session_id": "post",
    "subject_id": "12",
    "task_id": "cuedMFM"
  },
  "dummy_trs": 0,
  "dvars_nstd": 36.74459369962501,
  "dvars_std": 1.2523648012916664,
  "dvars_vstd": 0.99362119225,
  "efc": 0.6049042870360317,
  "fber": 1379.9415283203125,
  "fd_mean": 0.19000470051535057,
  "fd_num": 90,
  "fd_perc": 37.344398340248965,
  "fwhm_avg": 2.1040666666666668,
  "fwhm_x": 2.00924,
  "fwhm_y": 2.272805,
  "fwhm_z": 2.030155,
  "gcor": 0.0164051,
  "gsr_x": -0.006998700555413961,
  "gsr_y": 0.050100330263376236,
  "provenance": {
    "md5sum": "390536893a9aa4649bacf1e1cf4eb5fb",
    "settings": {
      "fd_thres": 0.2,
      "testing": false
    },
    "software": "mriqc",
    "version": "22.0.6",
    "webapi_port": null,
    "webapi_url": "https://mriqc.nimh.nih.gov/api/v1"
  },
  "size_t": 241,
  "size_x": 96,
  "size_y": 96,
  "size_z": 66,
  "snr": 5.583570478827703,
  "spacing_tr": 2.0,
  "spacing_x": 2.0,
  "spacing_y": 2.0,
  "spacing_z": 2.0,
  "summary_bg_k": 12.703471306159859,
  "summary_bg_mad": 14.146875923495557,
  "summary_bg_mean": 42.9935188293457,
  "summary_bg_median": 14.848100662231445,
  "summary_bg_n": 348220.0,
  "summary_bg_p05": 4.470657134056092,
  "summary_bg_p95": 179.69645385742163,
  "summary_bg_stdv": 64.8187255859375,
  "summary_fg_k": 2.635729169555167,
  "summary_fg_mad": 89.29737413609202,
  "summary_fg_mean": 587.3954467773438,
  "summary_fg_median": 586.1854858398438,
  "summary_fg_n": 167675.0,
  "summary_fg_p05": 427.62889709472654,
  "summary_fg_p95": 749.952587890625,
  "summary_fg_stdv": 104.98367309570312,
  "tsnr": 46.22555160522461
}