{
  "aor": 0.0008766666666666668,
  "aqi": 0.009618433874999999,
  "bids_meta": {
    "BandwidthPerPixelPhaseEncode": 10.965,
    "DeviceSerialNumber": "40482",
    "EchoTime": 0.03,
    "EffectiveEchoSpacing": 0.000949,
    "FlipAngle": 79,
    "ImageType": [
      "ORIGINAL",
      "PRIMARY",
      "M",
      "MB",
      "ND",
      "MOSAIC"
    ],
    "InstitutionAddress": "Frew_4805_Pittsburgh_PA_District_US_15213",
    "InstitutionName": "SIBR",
    "MagneticFieldStrength": 3,
    "Manufacturer": "Siemens",
    "ManufacturersModelName": "Verio",
    "MultibandAccellerationFactor": 3,
    "PhaseEncodingDirection": "j-",
    "PhaseEncodingLines": 96,
    "RepetitionTime": 2.0,
    "ScanningSequence": "EP",
    "SequenceName": "epfid2d1_96",
    "SequenceVariant": "SK_SS",
    "SliceTiming": [
      0,
      0.09,
      0.1825,
      0.2725,
      0.365,
      0.455,
      0.5475,
      0.6375,
      0.73,
      0.82,
      0.9125,
      1.0025,
      1.095,
      1.185,
      1.2775,
      1.3675,
      1.46,
      1.55,
      1.6425,
      1.7325,
      1.825,
      1.915,
      0,
      0.09,
      0.1825,
      0.2725,
      0.365,
      0.455,
      0.5475,
      0.6375,
      0.73,
      0.82,
      0.9125,
      1.0025,
      1.095,
      1.185,
      1.2775,
      1.3675,
      1.46,
      1.55,
      1.6425,
      1.7325,
      1.825,
      1.915,
      0,
      0.09,
      0.1825,
      0.2725,
      0.365,
      0.455,
      0.5475,
      0.6375,
      0.73,
      0.82,
      0.9125,
      1.0025,
      1.095,
      1.185,
      1.2775,
      1.3675,
      1.46,
      1.55,
      1.6425,
      1.7325,
      1.825,
      1.915
    ],
    "SoftwareVersions": "syngo_MR_B17",
    "TaskName": "cuedMFM",
    "TotalReadoutTime": 0.03039,
    "dataset": "ds001597",
    "modality": "bold",
    "run_id": 8,
    "session_id": "post",
    "subject_id": "12",
    "task_id": "cuedMFM"
  },
  "dummy_trs": 1,
  "dvars_nstd": 33.68138655648537,
  "dvars_std": 1.204543042635983,
  "dvars_vstd": 1.002265815313807,
  "efc": 0.6044264456412483,
  "fber": 1359.7379150390625,
  "fd_mean": 0.08476222666947326,
  "fd_num": 10,
  "fd_perc": 4.166666666666667,
  "fwhm_avg": 2.0974,
  "fwhm_x": 2.020505,
  "fwhm_y": 2.247615,
  "fwhm_z": 2.02408,
  "gcor": 0.00930623,
  "gsr_x": -0.004480978939682245,
  "gsr_y": 0.054020825773477554,
  "provenance": {
    "md5sum": "9edd45ba962851e37e7f5c98f4cc2d0c",
    "settings": {
      "fd_thres": 0.2,
      "testing": false
    },
    "software": "mriqc",
    "version": "22.0.6",
    "webapi_port": null,
    "webapi_url": "https://mriqc.nimh.nih.gov/api/v1"
  },
  "size_t": 240,
  "size_x": 96,
  "size_y": 96,
  "size_z": 66,
  "snr": 5.41647825367449,
  "spacing_tr": 2.0,
  "spacing_x": 2.0,
  "spacing_y": 2.0,
  "spacing_z": 2.0,
  "summary_bg_k": 12.231264616311657,
  "summary_bg_mad": 13.195633549176996,
  "summary_bg_mean": 40.550235748291016,
  "summary_bg_median": 14.076384544372559,
  "summary_bg_n": 348241.0,
  "summary_bg_p05": 4.412417411804199,
  "summary_bg_p95": 166.45030212402344,
  "summary_bg_stdv": 60.15536880493164,
  "summary_fg_k": 2.833175436138604,
  "summary_fg_mad": 84.32001497919003,
  "summary_fg_mean": 556.38525390625,
  "summary_fg_median": 556.6370849609375,
  "summary_fg_n": 166968.0,
  "summary_fg_p05": 393.9894683837891,
  "summary_fg_p95": 712.2137573242187,
  "summary_fg_stdv": 102.76703643798828,
  "tsnr": 53.70370864868164
}