{
  "aor": 0.0017427385892116187,
  "aqi": 0.012637252821576763,
  "bids_meta": {
    "BandwidthPerPixelPhaseEncode": 10.965,
    "DeviceSerialNumber": "40482",
    "EchoTime": 0.03,
    "EffectiveEchoSpacing": 0.000949,
    "FlipAngle": 79,
    "ImageType": [
      "ORIGINAL",
      "PRIMARY",
      "M",
      "MB",
      "ND",
      "MOSAIC"
    ],
    "InstitutionAddress": "Frew_4805_Pittsburgh_PA_District_US_15213",
    "InstitutionName": "SIBR",
    "MagneticFieldStrength": 3,
    "Manufacturer": "Siemens",
    "ManufacturersModelName": "Verio",
    "MultibandAccellerationFactor": 3,
    "PhaseEncodingDirection": "j-",
    "PhaseEncodingLines": 96,
    "RepetitionTime": 2.0,
    "ScanningSequence": "EP",
    "SequenceName": "epfid2d1_96",
    "SequenceVariant": "SK_SS",
    "SliceTiming": [
      0,
      0.09,
      0.1825,
      0.2725,
      0.365,
      0.455,
      0.5475,
      0.6375,
      0.73,
      0.82,
      0.9125,
      1.0025,
      1.095,
      1.185,
      1.2775,
      1.3675,
      1.46,
      1.55,
      1.6425,
      1.7325,
      1.825,
      1.915,
      0,
      0.09,
      0.1825,
      0.2725,
      0.365,
      0.455,
      0.5475,
      0.6375,
      0.73,
      0.82,
      0.9125,
      1.0025,
      1.095,
      1.185,
      1.2775,
      1.3675,
      1.46,
      1.55,
      1.6425,
      1.7325,
      1.825,
      1.915,
      0,
      0.09,
      0.1825,
      0.2725,
      0.365,
      0.455,
      0.5475,
      0.6375,
      0.73,
      0.82,
      0.9125,
      1.0025,
      1.095,
      1.185,
      1.2775,
      1.3675,
      1.46,
      1.55,
      1.6425,
      1.7325,
      1.825,
      1.915
    ],
    "SoftwareVersions": "syngo_MR_B17",
    "TaskName": "cuedMFM",
    "TotalReadoutTime": 0.03039,
    "dataset": "ds001597",
    "modality": "bold",
    "run_id": 3,
    "session_id": "post",
    "subject_id": "12",
    "task_id": "cuedMFM"
  },
  "dummy_trs": 0,
  "dvars_nstd": 36.09222977158335,
  "dvars_std": 1.2653319477083327,
  "dvars_vstd": 1.0133073833750001,
  "efc": 0.6058254185786566,
  "fber": 1314.2008056640625,
  "fd_mean": 0.1390305726048802,
  "fd_num": 40,
  "fd_perc": 16.597510373443985,
  "fwhm_avg": 2.1033283333333332,
  "fwhm_x": 2.00915,
  "fwhm_y": 2.266415,
  "fwhm_z": 2.03442,
  "gcor": 0.0139445,
  "gsr_x": -0.00477543706074357,
  "gsr_y": 0.05013539269566536,
  "provenance": {
    "md5sum": "fc2766071f800fe7c7c042c917c2a7a3",
    "settings": {
      "fd_thres": 0.2,
      "testing": false
    },
    "software": "mriqc",
    "version": "22.0.6",
    "webapi_port": null,
    "webapi_url": "https://mriqc.nimh.nih.gov/api/v1"
  },
  "size_t": 241,
  "size_x": 96,
  "size_y": 96,
  "size_z": 66,
  "snr": 5.587448534904661,
  "spacing_tr": 2.0,
  "spacing_x": 2.0,
  "spacing_y": 2.0,
  "spacing_z": 2.0,
  "summary_bg_k": 12.595972059805499,
  "summary_bg_mad": 14.432761641190762,
  "summary_bg_mean": 43.582611083984375,
  "summary_bg_median": 15.175370216369629,
  "summary_bg_n": 348137.0,
  "summary_bg_p05": 4.542546367645263,
  "summary_bg_p95": 182.5362304687501,
  "summary_bg_stdv": 65.87810516357422,
  "summary_fg_k": 2.6641604568505626,
  "summary_fg_mad": 89.29655971836945,
  "summary_fg_mean": 589.59765625,
  "summary_fg_median": 588.452392578125,
  "summary_fg_n": 167809.0,
  "summary_fg_p05": 428.69793701171875,
  "summary_fg_p95": 752.1054321289063,
  "summary_fg_stdv": 105.31652069091797,
  "tsnr": 49.08464431762695
}