{
  "aor": 0.00043215767634854777,
  "aqi": 0.009787637717842324,
  "bids_meta": {
    "BandwidthPerPixelPhaseEncode": 10.965,
    "DeviceSerialNumber": "40482",
    "EchoTime": 0.03,
    "EffectiveEchoSpacing": 0.000949,
    "FlipAngle": 79,
    "ImageType": [
      "ORIGINAL",
      "PRIMARY",
      "M",
      "MB",
      "ND",
      "MOSAIC"
    ],
    "InstitutionAddress": "Frew_4805_Pittsburgh_PA_District_US_15213",
    "InstitutionName": "SIBR",
    "MagneticFieldStrength": 3,
    "Manufacturer": "Siemens",
    "ManufacturersModelName": "Verio",
    "MultibandAccellerationFactor": 3,
    "PhaseEncodingDirection": "j-",
    "PhaseEncodingLines": 96,
    "RepetitionTime": 2.0,
    "ScanningSequence": "EP",
    "SequenceName": "epfid2d1_96",
    "SequenceVariant": "SK_SS",
    "SliceTiming": [
      0,
      0.09,
      0.1825,
      0.2725,
      0.365,
      0.455,
      0.5475,
      0.6375,
      0.73,
      0.82,
      0.9125,
      1.0025,
      1.095,
      1.185,
      1.2775,
      1.3675,
      1.46,
      1.55,
      1.6425,
      1.7325,
      1.825,
      1.915,
      0,
      0.09,
      0.1825,
      0.2725,
      0.365,
      0.455,
      0.5475,
      0.6375,
      0.73,
      0.82,
      0.9125,
      1.0025,
      1.095,
      1.185,
      1.2775,
      1.3675,
      1.46,
      1.55,
      1.6425,
      1.7325,
      1.825,
      1.915,
      0,
      0.09,
      0.1825,
      0.2725,
      0.365,
      0.455,
      0.5475,
      0.6375,
      0.73,
      0.82,
      0.9125,
      1.0025,
      1.095,
      1.185,
      1.2775,
      1.3675,
      1.46,
      1.55,
      1.6425,
      1.7325,
      1.825,
      1.915
    ],
    "SoftwareVersions": "syngo_MR_B17",
    "TaskName": "cuedMFM",
    "TotalReadoutTime": 0.03039,
    "dataset": "ds001597",
    "modality": "bold",
    "run_id": 1,
    "session_id": "pre",
    "subject_id": "12",
    "task_id": "cuedMFM"
  },
  "dummy_trs": 0,
  "dvars_nstd": 35.25005513083337,
  "dvars_std": 1.2375279760416662,
  "dvars_vstd": 0.9988075997083333,
  "efc": 0.6013566496153218,
  "fber": 1438.5673828125,
  "fd_mean": 0.1575100895647115,
  "fd_num": 66,
  "fd_perc": 27.38589211618257,
  "fwhm_avg": 2.0714666666666663,
  "fwhm_x": 1.990255,
  "fwhm_y": 2.22801,
  "fwhm_z": 1.996135,
  "gcor": 0.00940443,
  "gsr_x": -0.003082818118855357,
  "gsr_y": 0.04904986917972565,
  "provenance": {
    "md5sum": "2832f9e40473e10ed04da79cb246978a",
    "settings": {
      "fd_thres": 0.2,
      "testing": false
    },
    "software": "mriqc",
    "version": "22.0.6",
    "webapi_port": null,
    "webapi_url": "https://mriqc.nimh.nih.gov/api/v1"
  },
  "size_t": 241,
  "size_x": 96,
  "size_y": 96,
  "size_z": 66,
  "snr": 5.485614622987581,
  "spacing_tr": 2.0,
  "spacing_x": 2.0,
  "spacing_y": 2.0,
  "spacing_z": 2.0,
  "summary_bg_k": 15.713582457067268,
  "summary_bg_mad": 12.245572858211972,
  "summary_bg_mean": 38.297733306884766,
  "summary_bg_median": 13.562111854553223,
  "summary_bg_n": 348537.0,
  "summary_bg_p05": 4.429490947723389,
  "summary_bg_p95": 156.98202209472657,
  "summary_bg_stdv": 59.64748001098633,
  "summary_fg_k": 3.1662833718882384,
  "summary_fg_mad": 81.02748248585013,
  "summary_fg_mean": 546.9093017578125,
  "summary_fg_median": 545.3272705078125,
  "summary_fg_n": 167164.0,
  "summary_fg_p05": 392.7405731201172,
  "summary_fg_p95": 697.0519927978515,
  "summary_fg_stdv": 99.41012573242188,
  "tsnr": 53.417640686035156
}