{
  "aor": 0.0008269709543568464,
  "aqi": 0.019104776348547722,
  "bids_meta": {
    "BandwidthPerPixelPhaseEncode": 10.965,
    "DeviceSerialNumber": "40482",
    "EchoTime": 0.03,
    "EffectiveEchoSpacing": 0.000949,
    "FlipAngle": 79,
    "ImageType": [
      "ORIGINAL",
      "PRIMARY",
      "M",
      "MB",
      "ND",
      "MOSAIC"
    ],
    "InstitutionAddress": "Frew_4805_Pittsburgh_PA_District_US_15213",
    "InstitutionName": "SIBR",
    "MagneticFieldStrength": 3,
    "Manufacturer": "Siemens",
    "ManufacturersModelName": "Verio",
    "MultibandAccellerationFactor": 3,
    "PhaseEncodingDirection": "j-",
    "PhaseEncodingLines": 96,
    "RepetitionTime": 2.0,
    "ScanningSequence": "EP",
    "SequenceName": "epfid2d1_96",
    "SequenceVariant": "SK_SS",
    "SliceTiming": [
      0,
      0.09,
      0.1825,
      0.2725,
      0.365,
      0.455,
      0.5475,
      0.6375,
      0.73,
      0.82,
      0.9125,
      1.0025,
      1.095,
      1.185,
      1.2775,
      1.3675,
      1.46,
      1.55,
      1.6425,
      1.7325,
      1.825,
      1.915,
      0,
      0.09,
      0.1825,
      0.2725,
      0.365,
      0.455,
      0.5475,
      0.6375,
      0.73,
      0.82,
      0.9125,
      1.0025,
      1.095,
      1.185,
      1.2775,
      1.3675,
      1.46,
      1.55,
      1.6425,
      1.7325,
      1.825,
      1.915,
      0,
      0.09,
      0.1825,
      0.2725,
      0.365,
      0.455,
      0.5475,
      0.6375,
      0.73,
      0.82,
      0.9125,
      1.0025,
      1.095,
      1.185,
      1.2775,
      1.3675,
      1.46,
      1.55,
      1.6425,
      1.7325,
      1.825,
      1.915
    ],
    "SoftwareVersions": "syngo_MR_B17",
    "TaskName": "cuedMFM",
    "TotalReadoutTime": 0.03039,
    "dataset": "ds001597",
    "modality": "bold",
    "run_id": 6,
    "session_id": "post",
    "subject_id": "09",
    "task_id": "cuedMFM"
  },
  "dummy_trs": 0,
  "dvars_nstd": 29.414756846666656,
  "dvars_std": 1.1119687120416666,
  "dvars_vstd": 0.9624430662500002,
  "efc": 0.5370079842339744,
  "fber": 3635.80419921875,
  "fd_mean": 0.2643473158590374,
  "fd_num": 136,
  "fd_perc": 56.43153526970954,
  "fwhm_avg": 2.1301366666666666,
  "fwhm_x": 2.03827,
  "fwhm_y": 2.23191,
  "fwhm_z": 2.12023,
  "gcor": 0.0180045,
  "gsr_x": 0.0011523772263899446,
  "gsr_y": 0.018249468877911568,
  "provenance": {
    "md5sum": "df6be00ee74106678b83246274a8d19f",
    "settings": {
      "fd_thres": 0.2,
      "testing": false
    },
    "software": "mriqc",
    "version": "22.0.6",
    "webapi_port": null,
    "webapi_url": "https://mriqc.nimh.nih.gov/api/v1"
  },
  "size_t": 241,
  "size_x": 96,
  "size_y": 96,
  "size_z": 66,
  "snr": 6.206332071235729,
  "spacing_tr": 2.0,
  "spacing_x": 2.0,
  "spacing_y": 2.0,
  "spacing_z": 2.0,
  "summary_bg_k": 18.619869401433306,
  "summary_bg_mad": 7.762761086781152,
  "summary_bg_mean": 29.947357177734375,
  "summary_bg_median": 10.238912582397461,
  "summary_bg_n": 385592.0,
  "summary_bg_p05": 4.082011127471924,
  "summary_bg_p95": 122.32267761230473,
  "summary_bg_stdv": 51.358463287353516,
  "summary_fg_k": 2.8788712760328705,
  "summary_fg_mad": 85.02032372974026,
  "summary_fg_mean": 616.2681274414062,
  "summary_fg_median": 615.1646728515625,
  "summary_fg_n": 136445.0,
  "summary_fg_p05": 467.00001831054686,
  "summary_fg_p95": 771.1713989257811,
  "summary_fg_stdv": 99.11851501464844,
  "tsnr": 43.94810485839844
}