{
  "aor": 0.0008389166666666666,
  "aqi": 0.011237674791666668,
  "bids_meta": {
    "BandwidthPerPixelPhaseEncode": 10.965,
    "DeviceSerialNumber": "40482",
    "EchoTime": 0.03,
    "EffectiveEchoSpacing": 0.000949,
    "FlipAngle": 79,
    "ImageType": [
      "ORIGINAL",
      "PRIMARY",
      "M",
      "MB",
      "ND",
      "MOSAIC"
    ],
    "InstitutionAddress": "Frew_4805_Pittsburgh_PA_District_US_15213",
    "InstitutionName": "SIBR",
    "MagneticFieldStrength": 3,
    "Manufacturer": "Siemens",
    "ManufacturersModelName": "Verio",
    "MultibandAccellerationFactor": 3,
    "PhaseEncodingDirection": "j-",
    "PhaseEncodingLines": 96,
    "RepetitionTime": 2.0,
    "ScanningSequence": "EP",
    "SequenceName": "epfid2d1_96",
    "SequenceVariant": "SK_SS",
    "SliceTiming": [
      0,
      0.09,
      0.1825,
      0.2725,
      0.365,
      0.455,
      0.5475,
      0.6375,
      0.73,
      0.82,
      0.9125,
      1.0025,
      1.095,
      1.185,
      1.2775,
      1.3675,
      1.46,
      1.55,
      1.6425,
      1.7325,
      1.825,
      1.915,
      0,
      0.09,
      0.1825,
      0.2725,
      0.365,
      0.455,
      0.5475,
      0.6375,
      0.73,
      0.82,
      0.9125,
      1.0025,
      1.095,
      1.185,
      1.2775,
      1.3675,
      1.46,
      1.55,
      1.6425,
      1.7325,
      1.825,
      1.915,
      0,
      0.09,
      0.1825,
      0.2725,
      0.365,
      0.455,
      0.5475,
      0.6375,
      0.73,
      0.82,
      0.9125,
      1.0025,
      1.095,
      1.185,
      1.2775,
      1.3675,
      1.46,
      1.55,
      1.6425,
      1.7325,
      1.825,
      1.915
    ],
    "SoftwareVersions": "syngo_MR_B17",
    "TaskName": "cuedMFM",
    "TotalReadoutTime": 0.03039,
    "dataset": "ds001597",
    "modality": "bold",
    "run_id": 3,
    "session_id": "post",
    "subject_id": "01",
    "task_id": "cuedMFM"
  },
  "dummy_trs": 1,
  "dvars_nstd": 37.72571462376568,
  "dvars_std": 1.350840624811716,
  "dvars_vstd": 0.9970087741422597,
  "efc": 0.5238223352394066,
  "fber": 2880.376953125,
  "fd_mean": 0.13164101969416253,
  "fd_num": 34,
  "fd_perc": 14.166666666666666,
  "fwhm_avg": 2.087645,
  "fwhm_x": 1.99561,
  "fwhm_y": 2.22523,
  "fwhm_z": 2.042095,
  "gcor": 0.019431,
  "gsr_x": -0.012136725708842278,
  "gsr_y": 0.044710077345371246,
  "provenance": {
    "md5sum": "d4f4100ced1431895e383c9909307d2f",
    "settings": {
      "fd_thres": 0.2,
      "testing": false
    },
    "software": "mriqc",
    "version": "22.0.6",
    "webapi_port": null,
    "webapi_url": "https://mriqc.nimh.nih.gov/api/v1"
  },
  "size_t": 240,
  "size_x": 96,
  "size_y": 96,
  "size_z": 66,
  "snr": 5.563312024880758,
  "spacing_tr": 2.0,
  "spacing_x": 2.0,
  "spacing_y": 2.0,
  "spacing_z": 2.0,
  "summary_bg_k": 20.22895891268521,
  "summary_bg_mad": 8.053543561729278,
  "summary_bg_mean": 29.52300453186035,
  "summary_bg_median": 10.40199089050293,
  "summary_bg_n": 399300.0,
  "summary_bg_p05": 3.8393664240837095,
  "summary_bg_p95": 124.97576446533198,
  "summary_bg_stdv": 48.757774353027344,
  "summary_fg_k": 2.923976982646974,
  "summary_fg_mad": 85.64905421156257,
  "summary_fg_mean": 575.9400634765625,
  "summary_fg_median": 574.8104858398438,
  "summary_fg_n": 122801.0,
  "summary_fg_p05": 417.5787353515625,
  "summary_fg_p95": 734.8237915039062,
  "summary_fg_stdv": 103.32121276855469,
  "tsnr": 54.026668548583984
}