{
  "aor": 0.0005727499999999999,
  "aqi": 0.013835436208333333,
  "bids_meta": {
    "BandwidthPerPixelPhaseEncode": 10.965,
    "DeviceSerialNumber": "40482",
    "EchoTime": 0.03,
    "EffectiveEchoSpacing": 0.000949,
    "FlipAngle": 79,
    "ImageType": [
      "ORIGINAL",
      "PRIMARY",
      "M",
      "MB",
      "ND",
      "MOSAIC"
    ],
    "InstitutionAddress": "Frew_4805_Pittsburgh_PA_District_US_15213",
    "InstitutionName": "SIBR",
    "MagneticFieldStrength": 3,
    "Manufacturer": "Siemens",
    "ManufacturersModelName": "Verio",
    "MultibandAccellerationFactor": 3,
    "PhaseEncodingDirection": "j-",
    "PhaseEncodingLines": 96,
    "RepetitionTime": 2.0,
    "ScanningSequence": "EP",
    "SequenceName": "epfid2d1_96",
    "SequenceVariant": "SK_SS",
    "SliceTiming": [
      0,
      0.09,
      0.1825,
      0.2725,
      0.365,
      0.455,
      0.5475,
      0.6375,
      0.73,
      0.82,
      0.9125,
      1.0025,
      1.095,
      1.185,
      1.2775,
      1.3675,
      1.46,
      1.55,
      1.6425,
      1.7325,
      1.825,
      1.915,
      0,
      0.09,
      0.1825,
      0.2725,
      0.365,
      0.455,
      0.5475,
      0.6375,
      0.73,
      0.82,
      0.9125,
      1.0025,
      1.095,
      1.185,
      1.2775,
      1.3675,
      1.46,
      1.55,
      1.6425,
      1.7325,
      1.825,
      1.915,
      0,
      0.09,
      0.1825,
      0.2725,
      0.365,
      0.455,
      0.5475,
      0.6375,
      0.73,
      0.82,
      0.9125,
      1.0025,
      1.095,
      1.185,
      1.2775,
      1.3675,
      1.46,
      1.55,
      1.6425,
      1.7325,
      1.825,
      1.915
    ],
    "SoftwareVersions": "syngo_MR_B17",
    "TaskName": "cuedMFM",
    "TotalReadoutTime": 0.03039,
    "dataset": "ds001597",
    "modality": "bold",
    "run_id": 4,
    "session_id": "post",
    "subject_id": "01",
    "task_id": "cuedMFM"
  },
  "dummy_trs": 1,
  "dvars_nstd": 38.64273171029288,
  "dvars_std": 1.3479388887447696,
  "dvars_vstd": 0.980530394309623,
  "efc": 0.5254362310353441,
  "fber": 2936.759765625,
  "fd_mean": 0.12906292057360785,
  "fd_num": 31,
  "fd_perc": 12.916666666666666,
  "fwhm_avg": 2.04897,
  "fwhm_x": 1.952865,
  "fwhm_y": 2.189455,
  "fwhm_z": 2.00459,
  "gcor": 0.00542752,
  "gsr_x": -0.013125700876116753,
  "gsr_y": 0.04415745660662651,
  "provenance": {
    "md5sum": "e0fdbf1d6137bca99f7a681dab749e1e",
    "settings": {
      "fd_thres": 0.2,
      "testing": false
    },
    "software": "mriqc",
    "version": "22.0.6",
    "webapi_port": null,
    "webapi_url": "https://mriqc.nimh.nih.gov/api/v1"
  },
  "size_t": 240,
  "size_x": 96,
  "size_y": 96,
  "size_z": 66,
  "snr": 5.688888265895288,
  "spacing_tr": 2.0,
  "spacing_x": 2.0,
  "spacing_y": 2.0,
  "spacing_z": 2.0,
  "summary_bg_k": 18.968744903975253,
  "summary_bg_mad": 8.003736827883493,
  "summary_bg_mean": 30.324399948120117,
  "summary_bg_median": 10.357828140258789,
  "summary_bg_n": 399079.0,
  "summary_bg_p05": 3.861250925064087,
  "summary_bg_p95": 129.15828399658199,
  "summary_bg_stdv": 50.65909194946289,
  "summary_fg_k": 2.9096690548991946,
  "summary_fg_mad": 83.70042407403209,
  "summary_fg_mean": 580.4554443359375,
  "summary_fg_median": 577.9673461914062,
  "summary_fg_n": 123039.0,
  "summary_fg_p05": 424.95795288085935,
  "summary_fg_p95": 739.3391235351562,
  "summary_fg_stdv": 101.59542083740234,
  "tsnr": 51.11131286621094
}