{
  "aor": 0.0007139004149377592,
  "aqi": 0.018682392531120334,
  "bids_meta": {
    "BandwidthPerPixelPhaseEncode": 10.965,
    "DeviceSerialNumber": "40482",
    "EchoTime": 0.03,
    "EffectiveEchoSpacing": 0.000949,
    "FlipAngle": 79,
    "ImageType": [
      "ORIGINAL",
      "PRIMARY",
      "M",
      "MB",
      "ND",
      "MOSAIC"
    ],
    "InstitutionAddress": "Frew_4805_Pittsburgh_PA_District_US_15213",
    "InstitutionName": "SIBR",
    "MagneticFieldStrength": 3,
    "Manufacturer": "Siemens",
    "ManufacturersModelName": "Verio",
    "MultibandAccellerationFactor": 3,
    "PhaseEncodingDirection": "j-",
    "PhaseEncodingLines": 96,
    "RepetitionTime": 2.0,
    "ScanningSequence": "EP",
    "SequenceName": "epfid2d1_96",
    "SequenceVariant": "SK_SS",
    "SliceTiming": [
      0,
      0.09,
      0.1825,
      0.2725,
      0.365,
      0.455,
      0.5475,
      0.6375,
      0.73,
      0.82,
      0.9125,
      1.0025,
      1.095,
      1.185,
      1.2775,
      1.3675,
      1.46,
      1.55,
      1.6425,
      1.7325,
      1.825,
      1.915,
      0,
      0.09,
      0.1825,
      0.2725,
      0.365,
      0.455,
      0.5475,
      0.6375,
      0.73,
      0.82,
      0.9125,
      1.0025,
      1.095,
      1.185,
      1.2775,
      1.3675,
      1.46,
      1.55,
      1.6425,
      1.7325,
      1.825,
      1.915,
      0,
      0.09,
      0.1825,
      0.2725,
      0.365,
      0.455,
      0.5475,
      0.6375,
      0.73,
      0.82,
      0.9125,
      1.0025,
      1.095,
      1.185,
      1.2775,
      1.3675,
      1.46,
      1.55,
      1.6425,
      1.7325,
      1.825,
      1.915
    ],
    "SoftwareVersions": "syngo_MR_B17",
    "TaskName": "cuedMFM",
    "TotalReadoutTime": 0.03039,
    "dataset": "ds001597",
    "modality": "bold",
    "run_id": 8,
    "session_id": "post",
    "subject_id": "01",
    "task_id": "cuedMFM"
  },
  "dummy_trs": 0,
  "dvars_nstd": 40.61019620866666,
  "dvars_std": 1.3418981217916663,
  "dvars_vstd": 0.9657362740833332,
  "efc": 0.5280933394464351,
  "fber": 3204.31689453125,
  "fd_mean": 0.12234149707294345,
  "fd_num": 22,
  "fd_perc": 9.12863070539419,
  "fwhm_avg": 2.088938333333333,
  "fwhm_x": 1.97728,
  "fwhm_y": 2.233465,
  "fwhm_z": 2.05607,
  "gcor": 0.0183387,
  "gsr_x": -0.01223787385970354,
  "gsr_y": 0.043423570692539215,
  "provenance": {
    "md5sum": "35e850aa2bc160c7fc5717b006451c32",
    "settings": {
      "fd_thres": 0.2,
      "testing": false
    },
    "software": "mriqc",
    "version": "22.0.6",
    "webapi_port": null,
    "webapi_url": "https://mriqc.nimh.nih.gov/api/v1"
  },
  "size_t": 241,
  "size_x": 96,
  "size_y": 96,
  "size_z": 66,
  "snr": 5.768176293883121,
  "spacing_tr": 2.0,
  "spacing_x": 2.0,
  "spacing_y": 2.0,
  "spacing_z": 2.0,
  "summary_bg_k": 18.598285184370496,
  "summary_bg_mad": 6.797643918866137,
  "summary_bg_mean": 29.34096336364746,
  "summary_bg_median": 9.391885757446289,
  "summary_bg_n": 397806.0,
  "summary_bg_p05": 3.9777448177337646,
  "summary_bg_p95": 125.63420677185059,
  "summary_bg_stdv": 49.79390335083008,
  "summary_fg_k": 2.9503971644867644,
  "summary_fg_mad": 79.0138346668013,
  "summary_fg_mean": 547.7999877929688,
  "summary_fg_median": 544.5738525390625,
  "summary_fg_n": 123776.0,
  "summary_fg_p05": 405.76766204833984,
  "summary_fg_p95": 695.87109375,
  "summary_fg_stdv": 94.40967559814453,
  "tsnr": 46.656002044677734
}