{
  "bids_meta": {
    "AccelFactPE": 2,
    "DeviceSerialNumber": "40482",
    "EchoTime": 0.00197,
    "FlipAngle": 9,
    "InstitutionAddress": "Frew_4805_Pittsburgh_PA_District_US_15213",
    "InstitutionName": "SIBR",
    "InversionTime": 0.9,
    "MagneticFieldStrength": 3,
    "Manufacturer": "Siemens",
    "ManufacturersModelName": "Verio",
    "PhaseEncodingDirection": "i-",
    "PhaseEncodingLines": 256,
    "RepetitionTime": 2.3,
    "ScanningSequence": "GR_IR",
    "SequenceName": "_tfl3d1_ns",
    "SequenceVariant": "SP_MP",
    "SoftwareVersions": "syngo_MR_B17",
    "dataset": "ds001597",
    "modality": "T1w",
    "session_id": "pre",
    "subject_id": "09"
  },
  "cjv": 0.3391217317924784,
  "cnr": 4.002982760344316,
  "efc": 0.513547630140017,
  "fber": 11709.220214447434,
  "fwhm_avg": 3.8015266666666663,
  "fwhm_x": 3.79004,
  "fwhm_y": 3.73602,
  "fwhm_z": 3.87852,
  "icvs_csf": 0.22132550284599534,
  "icvs_gm": 0.4446777232433935,
  "icvs_wm": 0.33399677391061117,
  "inu_med": 0.5544694662094116,
  "inu_range": 0.16639674901962276,
  "provenance": {
    "md5sum": "9160f424bdd31bd8b8f2cf26f422a56f",
    "settings": {
      "testing": false
    },
    "software": "mriqc",
    "version": "22.0.6",
    "warnings": {
      "large_rot_frame": true,
      "small_air_mask": false
    },
    "webapi_port": null,
    "webapi_url": "https://mriqc.nimh.nih.gov/api/v1"
  },
  "qi_1": 0.0,
  "qi_2": 0.014693176535720037,
  "rpve_csf": 25.514684327064874,
  "rpve_gm": 13.38287762038861,
  "rpve_wm": 20.557097371025343,
  "size_x": 176,
  "size_y": 256,
  "size_z": 256,
  "snr_csf": 1.8869392594548609,
  "snr_gm": 9.727303692919158,
  "snr_total": 11.428929442636923,
  "snr_wm": 22.672545375536757,
  "snrd_csf": 23.463313096807244,
  "snrd_gm": 71.36861406787781,
  "snrd_total": 67.05166303681095,
  "snrd_wm": 106.32306194574777,
  "spacing_x": 1.0,
  "spacing_y": 1.0,
  "spacing_z": 1.0,
  "summary_bg_k": 8.489201127963959,
  "summary_bg_mad": 0.0,
  "summary_bg_mean": 4.627738693773342,
  "summary_bg_median": 0.0,
  "summary_bg_n": 2923507.0,
  "summary_bg_p05": 0.0,
  "summary_bg_p95": 15.601232647895813,
  "summary_bg_stdv": 6.161752627622533,
  "summary_csf_k": 0.37629496417813746,
  "summary_csf_mad": 115.59428462062381,
  "summary_csf_mean": 243.01297338303826,
  "summary_csf_median": 220.67943580448627,
  "summary_csf_n": 29526.0,
  "summary_csf_p05": 89.5608261693269,
  "summary_csf_p95": 459.72932305186987,
  "summary_csf_stdv": 116.94902081842082,
  "summary_gm_k": -0.059661247075424306,
  "summary_gm_mad": 69.0443100735492,
  "summary_gm_mean": 669.5587804429741,
  "summary_gm_median": 671.2430346757174,
  "summary_gm_n": 33402.0,
  "summary_gm_p05": 553.2626130841672,
  "summary_gm_p95": 781.348734088242,
  "summary_gm_stdv": 69.00504064064285,
  "summary_wm_k": 0.44085859041616393,
  "summary_wm_mad": 42.44432461807798,
  "summary_wm_mean": 999.4535846667214,
  "summary_wm_median": 1000.0000096485019,
  "summary_wm_n": 165169.0,
  "summary_wm_p05": 926.1281730607152,
  "summary_wm_p95": 1070.2445596456528,
  "summary_wm_stdv": 44.1060748088932,
  "tpm_overlap_csf": 0.152871526317985,
  "tpm_overlap_gm": 0.4756713077446481,
  "tpm_overlap_wm": 0.5117563567098423,
  "wm2max": 0.44767076407319456
}