{
  "bids_meta": {
    "AccelFactPE": 2,
    "DeviceSerialNumber": "40482",
    "EchoTime": 0.418,
    "EchoTrainLength": 147,
    "FlipAngle": 120,
    "InstitutionAddress": "Frew_4805_Pittsburgh_PA_District_US_15213",
    "InstitutionName": "SIBR",
    "MagneticFieldStrength": 3,
    "Manufacturer": "Siemens",
    "ManufacturersModelName": "Verio",
    "PhaseEncodingDirection": "i-",
    "PhaseEncodingLines": 258,
    "RepetitionTime": 3,
    "ScanningSequence": "SE",
    "SequenceName": "_spc3d1_294ns",
    "SequenceVariant": "SK_SP",
    "SoftwareVersions": "syngo_MR_B17",
    "dataset": "ds001597",
    "modality": "T2w",
    "session_id": "pre",
    "subject_id": "09"
  },
  "cjv": 0.38439096639454184,
  "cnr": 2.157273919860769,
  "efc": 0.5478909455414092,
  "fber": -1.0,
  "fwhm_avg": 2.1658140988843075,
  "fwhm_x": 2.2443999665558345,
  "fwhm_y": 2.0421219417475727,
  "fwhm_z": 2.2109203883495145,
  "icvs_csf": 0.3421542506177193,
  "icvs_gm": 0.5016855626121351,
  "icvs_wm": 0.1561601867701455,
  "inu_med": 0.88674595952034,
  "inu_range": 0.1964584827423097,
  "provenance": {
    "md5sum": "af63605975ce2b2f349e5a145cfea7aa",
    "settings": {
      "testing": false
    },
    "software": "mriqc",
    "version": "22.0.6",
    "warnings": {
      "large_rot_frame": true,
      "small_air_mask": false
    },
    "webapi_port": null,
    "webapi_url": "https://mriqc.nimh.nih.gov/api/v1"
  },
  "qi_1": 0.0030872409595252967,
  "qi_2": 0.01729241869946962,
  "rpve_csf": 10.798064987549617,
  "rpve_gm": 8.57155098187087,
  "rpve_wm": 29.1964019635808,
  "size_x": 224,
  "size_y": 256,
  "size_z": 256,
  "snr_csf": 9.432144603105035,
  "snr_gm": 10.091384264276423,
  "snr_total": 7.734131310226867,
  "snr_wm": 3.678865063299142,
  "snrd_csf": 107.18269847960838,
  "snrd_gm": 71.35965316256382,
  "snrd_total": 117.93879276291165,
  "snrd_wm": 175.2740266465628,
  "spacing_x": 0.800000011920929,
  "spacing_y": 0.8046875,
  "spacing_z": 0.8046875,
  "summary_bg_k": 12.966865223276695,
  "summary_bg_mad": 0.0,
  "summary_bg_mean": 1.8181474470860757,
  "summary_bg_median": 0.0,
  "summary_bg_n": 3274955.0,
  "summary_bg_p05": 0.0,
  "summary_bg_p95": 8.590165469795465,
  "summary_bg_stdv": 3.7377837712225603,
  "summary_csf_k": 0.7360981502801187,
  "summary_csf_mad": 61.69096484960503,
  "summary_csf_mean": 613.3793231387988,
  "summary_csf_median": 611.5150233339518,
  "summary_csf_n": 63813.0,
  "summary_csf_p05": 510.9053292218596,
  "summary_csf_p95": 721.888173809275,
  "summary_csf_stdv": 64.83257600320317,
  "summary_gm_k": 0.2424819259444133,
  "summary_gm_mad": 39.48097498683182,
  "summary_gm_mean": 406.80248100861576,
  "summary_gm_median": 407.13194002211094,
  "summary_gm_n": 345263.0,
  "summary_gm_p05": 340.694343181327,
  "summary_gm_p95": 472.71052031591535,
  "summary_gm_stdv": 40.34445025209307,
  "summary_wm_k": 1.97325162964591,
  "summary_wm_mad": 188.41215875895233,
  "summary_wm_mean": 917.9496942689905,
  "summary_wm_median": 1000.0000187996775,
  "summary_wm_n": 41164.0,
  "summary_wm_p05": 243.68099517384547,
  "summary_wm_p95": 1178.5466080893762,
  "summary_wm_stdv": 271.81966584365546,
  "tpm_overlap_csf": 0.10741508561775816,
  "tpm_overlap_gm": 0.315663671147671,
  "tpm_overlap_wm": 0.03183652878628902,
  "wm2max": 0.8506175259752989
}