{
  "aor": 0.0014878838174273862,
  "aqi": 0.012856943983402489,
  "bids_meta": {
    "BandwidthPerPixelPhaseEncode": 10.965,
    "DeviceSerialNumber": "40482",
    "EchoTime": 0.03,
    "EffectiveEchoSpacing": 0.000949,
    "FlipAngle": 79,
    "ImageType": [
      "ORIGINAL",
      "PRIMARY",
      "M",
      "MB",
      "ND",
      "MOSAIC"
    ],
    "InstitutionAddress": "Frew_4805_Pittsburgh_PA_District_US_15213",
    "InstitutionName": "SIBR",
    "MagneticFieldStrength": 3,
    "Manufacturer": "Siemens",
    "ManufacturersModelName": "Verio",
    "MultibandAccellerationFactor": 3,
    "PhaseEncodingDirection": "j-",
    "PhaseEncodingLines": 96,
    "RepetitionTime": 2.0,
    "ScanningSequence": "EP",
    "SequenceName": "epfid2d1_96",
    "SequenceVariant": "SK_SS",
    "SliceTiming": [
      0,
      0.09,
      0.1825,
      0.2725,
      0.365,
      0.455,
      0.5475,
      0.6375,
      0.73,
      0.82,
      0.9125,
      1.0025,
      1.095,
      1.185,
      1.2775,
      1.3675,
      1.46,
      1.55,
      1.6425,
      1.7325,
      1.825,
      1.915,
      0,
      0.09,
      0.1825,
      0.2725,
      0.365,
      0.455,
      0.5475,
      0.6375,
      0.73,
      0.82,
      0.9125,
      1.0025,
      1.095,
      1.185,
      1.2775,
      1.3675,
      1.46,
      1.55,
      1.6425,
      1.7325,
      1.825,
      1.915,
      0,
      0.09,
      0.1825,
      0.2725,
      0.365,
      0.455,
      0.5475,
      0.6375,
      0.73,
      0.82,
      0.9125,
      1.0025,
      1.095,
      1.185,
      1.2775,
      1.3675,
      1.46,
      1.55,
      1.6425,
      1.7325,
      1.825,
      1.915
    ],
    "SoftwareVersions": "syngo_MR_B17",
    "TaskName": "cuedMFM",
    "TotalReadoutTime": 0.03039,
    "dataset": "ds001597",
    "modality": "bold",
    "run_id": 7,
    "session_id": "pre",
    "subject_id": "02",
    "task_id": "cuedMFM"
  },
  "dummy_trs": 0,
  "dvars_nstd": 31.464014410916672,
  "dvars_std": 1.121596304708333,
  "dvars_vstd": 0.9902046242499999,
  "efc": 0.6069940968782838,
  "fber": 1360.4752197265625,
  "fd_mean": 0.12812243081986852,
  "fd_num": 31,
  "fd_perc": 12.863070539419088,
  "fwhm_avg": 2.01815,
  "fwhm_x": 1.89303,
  "fwhm_y": 2.180775,
  "fwhm_z": 1.980645,
  "gcor": 0.00661096,
  "gsr_x": 0.004628149326890707,
  "gsr_y": 0.05120701715350151,
  "provenance": {
    "md5sum": "fdce1a496a06f6916d4fa3090429b144",
    "settings": {
      "fd_thres": 0.2,
      "testing": false
    },
    "software": "mriqc",
    "version": "22.0.6",
    "webapi_port": null,
    "webapi_url": "https://mriqc.nimh.nih.gov/api/v1"
  },
  "size_t": 241,
  "size_x": 96,
  "size_y": 96,
  "size_z": 66,
  "snr": 5.673364516481805,
  "spacing_tr": 2.0,
  "spacing_x": 2.0,
  "spacing_y": 2.0,
  "spacing_z": 2.0,
  "summary_bg_k": 8.033697469152619,
  "summary_bg_mad": 12.80073886766789,
  "summary_bg_mean": 45.529335021972656,
  "summary_bg_median": 13.68945026397705,
  "summary_bg_n": 356894.0,
  "summary_bg_p05": 4.357784724235534,
  "summary_bg_p95": 195.41728134155264,
  "summary_bg_stdv": 68.22836303710938,
  "summary_fg_k": 3.597217895770096,
  "summary_fg_mad": 74.14825434232175,
  "summary_fg_mean": 537.0184936523438,
  "summary_fg_median": 529.4984130859375,
  "summary_fg_n": 160691.0,
  "summary_fg_p05": 410.0132751464844,
  "summary_fg_p95": 692.2947998046875,
  "summary_fg_stdv": 93.33029174804688,
  "tsnr": 48.169677734375
}