{
  "aor": 0.0015005809128630706,
  "aqi": 0.0112399544813278,
  "bids_meta": {
    "BandwidthPerPixelPhaseEncode": 10.965,
    "DeviceSerialNumber": "40482",
    "EchoTime": 0.03,
    "EffectiveEchoSpacing": 0.000949,
    "FlipAngle": 79,
    "ImageType": [
      "ORIGINAL",
      "PRIMARY",
      "M",
      "MB",
      "ND",
      "MOSAIC"
    ],
    "InstitutionAddress": "Frew_4805_Pittsburgh_PA_District_US_15213",
    "InstitutionName": "SIBR",
    "MagneticFieldStrength": 3,
    "Manufacturer": "Siemens",
    "ManufacturersModelName": "Verio",
    "MultibandAccellerationFactor": 3,
    "PhaseEncodingDirection": "j-",
    "PhaseEncodingLines": 96,
    "RepetitionTime": 2.0,
    "ScanningSequence": "EP",
    "SequenceName": "epfid2d1_96",
    "SequenceVariant": "SK_SS",
    "SliceTiming": [
      0,
      0.09,
      0.1825,
      0.2725,
      0.365,
      0.455,
      0.5475,
      0.6375,
      0.73,
      0.82,
      0.9125,
      1.0025,
      1.095,
      1.185,
      1.2775,
      1.3675,
      1.46,
      1.55,
      1.6425,
      1.7325,
      1.825,
      1.915,
      0,
      0.09,
      0.1825,
      0.2725,
      0.365,
      0.455,
      0.5475,
      0.6375,
      0.73,
      0.82,
      0.9125,
      1.0025,
      1.095,
      1.185,
      1.2775,
      1.3675,
      1.46,
      1.55,
      1.6425,
      1.7325,
      1.825,
      1.915,
      0,
      0.09,
      0.1825,
      0.2725,
      0.365,
      0.455,
      0.5475,
      0.6375,
      0.73,
      0.82,
      0.9125,
      1.0025,
      1.095,
      1.185,
      1.2775,
      1.3675,
      1.46,
      1.55,
      1.6425,
      1.7325,
      1.825,
      1.915
    ],
    "SoftwareVersions": "syngo_MR_B17",
    "TaskName": "cuedMFM",
    "TotalReadoutTime": 0.03039,
    "dataset": "ds001597",
    "modality": "bold",
    "run_id": 1,
    "session_id": "pre",
    "subject_id": "02",
    "task_id": "cuedMFM"
  },
  "dummy_trs": 0,
  "dvars_nstd": 31.919471661041673,
  "dvars_std": 1.195197976375,
  "dvars_vstd": 1.0101523405000001,
  "efc": 0.6027204601952979,
  "fber": 1540.535888671875,
  "fd_mean": 0.1429840109857075,
  "fd_num": 51,
  "fd_perc": 21.16182572614108,
  "fwhm_avg": 2.102206666666667,
  "fwhm_x": 1.971265,
  "fwhm_y": 2.27528,
  "fwhm_z": 2.060075,
  "gcor": 0.0132242,
  "gsr_x": 0.0074232169426977634,
  "gsr_y": 0.060302719473838806,
  "provenance": {
    "md5sum": "b684b5127a0b128e33c613b81c450cdd",
    "settings": {
      "fd_thres": 0.2,
      "testing": false
    },
    "software": "mriqc",
    "version": "22.0.6",
    "webapi_port": null,
    "webapi_url": "https://mriqc.nimh.nih.gov/api/v1"
  },
  "size_t": 241,
  "size_x": 96,
  "size_y": 96,
  "size_z": 66,
  "snr": 5.363490525317336,
  "spacing_tr": 2.0,
  "spacing_x": 2.0,
  "spacing_y": 2.0,
  "spacing_z": 2.0,
  "summary_bg_k": 9.420023369837502,
  "summary_bg_mad": 14.371666879761436,
  "summary_bg_mean": 50.795379638671875,
  "summary_bg_median": 14.775622367858887,
  "summary_bg_n": 356763.0,
  "summary_bg_p05": 4.297880601882935,
  "summary_bg_p95": 219.71850585937477,
  "summary_bg_stdv": 77.05863952636719,
  "summary_fg_k": 3.795633145773662,
  "summary_fg_mad": 85.97735504461545,
  "summary_fg_mean": 619.4428100585938,
  "summary_fg_median": 610.7872924804688,
  "summary_fg_n": 158499.0,
  "summary_fg_p05": 462.67730712890625,
  "summary_fg_p95": 808.3080444335939,
  "summary_fg_stdv": 113.87833404541016,
  "tsnr": 49.9503059387207
}