{
  "aor": 0.00033153526970954364,
  "aqi": 0.00753274846473029,
  "bids_meta": {
    "BandwidthPerPixelPhaseEncode": 10.965,
    "DeviceSerialNumber": "40482",
    "EchoTime": 0.03,
    "EffectiveEchoSpacing": 0.000949,
    "FlipAngle": 79,
    "ImageType": [
      "ORIGINAL",
      "PRIMARY",
      "M",
      "MB",
      "ND",
      "MOSAIC"
    ],
    "InstitutionAddress": "Frew_4805_Pittsburgh_PA_District_US_15213",
    "InstitutionName": "SIBR",
    "MagneticFieldStrength": 3,
    "Manufacturer": "Siemens",
    "ManufacturersModelName": "Verio",
    "MultibandAccellerationFactor": 3,
    "PhaseEncodingDirection": "j-",
    "PhaseEncodingLines": 96,
    "RepetitionTime": 2.0,
    "ScanningSequence": "EP",
    "SequenceName": "epfid2d1_96",
    "SequenceVariant": "SK_SS",
    "SliceTiming": [
      0,
      0.09,
      0.1825,
      0.2725,
      0.365,
      0.455,
      0.5475,
      0.6375,
      0.73,
      0.82,
      0.9125,
      1.0025,
      1.095,
      1.185,
      1.2775,
      1.3675,
      1.46,
      1.55,
      1.6425,
      1.7325,
      1.825,
      1.915,
      0,
      0.09,
      0.1825,
      0.2725,
      0.365,
      0.455,
      0.5475,
      0.6375,
      0.73,
      0.82,
      0.9125,
      1.0025,
      1.095,
      1.185,
      1.2775,
      1.3675,
      1.46,
      1.55,
      1.6425,
      1.7325,
      1.825,
      1.915,
      0,
      0.09,
      0.1825,
      0.2725,
      0.365,
      0.455,
      0.5475,
      0.6375,
      0.73,
      0.82,
      0.9125,
      1.0025,
      1.095,
      1.185,
      1.2775,
      1.3675,
      1.46,
      1.55,
      1.6425,
      1.7325,
      1.825,
      1.915
    ],
    "SoftwareVersions": "syngo_MR_B17",
    "TaskName": "cuedMFM",
    "TotalReadoutTime": 0.03039,
    "dataset": "ds001597",
    "modality": "bold",
    "run_id": 1,
    "session_id": "pre",
    "subject_id": "16",
    "task_id": "cuedMFM"
  },
  "dummy_trs": 0,
  "dvars_nstd": 32.87537524687501,
  "dvars_std": 1.2699080425000002,
  "dvars_vstd": 0.9875412876249992,
  "efc": 0.5677914999618581,
  "fber": 3070.667724609375,
  "fd_mean": 0.12291903857714157,
  "fd_num": 14,
  "fd_perc": 5.809128630705394,
  "fwhm_avg": 2.1387,
  "fwhm_x": 2.018495,
  "fwhm_y": 2.35833,
  "fwhm_z": 2.039275,
  "gcor": 0.00608335,
  "gsr_x": -0.006812472827732563,
  "gsr_y": 0.04312334209680557,
  "provenance": {
    "md5sum": "4ffc5bc1ff01a5e4129261351c19fed2",
    "settings": {
      "fd_thres": 0.2,
      "testing": false
    },
    "software": "mriqc",
    "version": "22.0.6",
    "webapi_port": null,
    "webapi_url": "https://mriqc.nimh.nih.gov/api/v1"
  },
  "size_t": 241,
  "size_x": 96,
  "size_y": 96,
  "size_z": 66,
  "snr": 5.678071781537516,
  "spacing_tr": 2.0,
  "spacing_x": 2.0,
  "spacing_y": 2.0,
  "spacing_z": 2.0,
  "summary_bg_k": 15.295459475537363,
  "summary_bg_mad": 9.102659222121266,
  "summary_bg_mean": 33.84851837158203,
  "summary_bg_median": 11.141972541809082,
  "summary_bg_n": 363691.0,
  "summary_bg_p05": 3.996838688850403,
  "summary_bg_p95": 135.45143127441406,
  "summary_bg_stdv": 54.92228317260742,
  "summary_fg_k": 2.607134619477092,
  "summary_fg_mad": 105.19250056373437,
  "summary_fg_mean": 652.1785278320312,
  "summary_fg_median": 649.2510375976562,
  "summary_fg_n": 155096.0,
  "summary_fg_p05": 485.57310485839844,
  "summary_fg_p95": 827.846435546875,
  "summary_fg_stdv": 114.34320831298828,
  "tsnr": 61.729610443115234
}